{
  "bids_meta": {
    "AcquisitionMatrixPE": 256,
    "AcquisitionNumber": 1,
    "AcquisitionTime": "09:41:34.380000",
    "BaseResolution": 256,
    "CoilString": "T:HEA;HEP",
    "ConversionSoftware": "dcm2niix",
    "ConversionSoftwareVersion": "v1.0.20190720  GCC7.4.0",
    "Dcm2bidsVersion": "2.1.4",
    "DeviceSerialNumber": "40296",
    "DwellTime": 9.8e-06,
    "EchoTime": 0.00226,
    "FlipAngle": 9,
    "ImageOrientationPatientDICOM": [
      -0.0712637,
      0.997458,
      -7.94663e-09,
      0.0173405,
      0.00123889,
      -0.999849
    ],
    "ImageType": [
      "ORIGINAL",
      "PRIMARY",
      "M",
      "ND",
      "NORM",
      "FM",
      "FIL"
    ],
    "ImagingFrequency": 123.196,
    "InPlanePhaseEncodingDirectionDICOM": "ROW",
    "InstitutionAddress": "Henri_le_Guilloux_2_Rennes_2A6CA1_District_FR_35000",
    "InstitutionName": "CHU_PONTCHAILLOU",
    "InstitutionalDepartmentName": "Department",
    "Interpolation2D": 1,
    "InversionTime": 0.9,
    "MRAcquisitionType": "3D",
    "MagneticFieldStrength": 3,
    "Manufacturer": "Siemens",
    "ManufacturersModelName": "Verio",
    "Modality": "MR",
    "ParallelReductionFactorInPlane": 2,
    "PartialFourier": 1,
    "PatientPosition": "HFS",
    "PercentPhaseFOV": 100,
    "PhaseEncodingSteps": 255,
    "PhaseResolution": 1,
    "PixelBandwidth": 199,
    "ProcedureStepDescription": "OSS-IRM",
    "ProtocolName": "T1_3D_MPRAGE",
    "PulseSequenceDetails": "%SiemensSeq%_tfl",
    "ReceiveCoilName": "HeadMatrix",
    "ReconMatrixPE": 512,
    "RefLinesPE": 24,
    "RepetitionTime": 1.9,
    "SAR": 0.030824,
    "ScanOptions": "IR",
    "ScanningSequence": "GR_IR",
    "SequenceName": "_tfl3d1_ns",
    "SequenceVariant": "SP_MP",
    "SeriesDescription": "T1_3D_MPRAGE",
    "SeriesNumber": 9,
    "ShimSetting": [
      936,
      13482,
      -6965,
      33,
      -607,
      -326,
      728,
      -255
    ],
    "SliceThickness": 1,
    "SoftwareVersions": "syngo_MR_B17",
    "StationName": "MRC40296",
    "TxRefAmp": 458.895,
    "dataset": "ds002338",
    "modality": "T1w",
    "subject_id": "xp205"
  },
  "cjv": 0.37163685200433133,
  "cnr": 3.5722750541244004,
  "efc": 0.591814414240808,
  "fber": 1649.092712985471,
  "fwhm_avg": 6.773906666666666,
  "fwhm_x": 4.06926,
  "fwhm_y": 8.34676,
  "fwhm_z": 7.9057,
  "icvs_csf": 0.23482476552634518,
  "icvs_gm": 0.41498924323248537,
  "icvs_wm": 0.35018599124116945,
  "inu_med": 1.129042625427246,
  "inu_range": 0.42403741776943193,
  "provenance": {
    "md5sum": "a834c60eba5f4217aec76be5ebf70f6d",
    "settings": {
      "testing": false
    },
    "software": "mriqc",
    "version": "21.0.0rc2",
    "warnings": {
      "large_rot_frame": true,
      "small_air_mask": false
    },
    "webapi_port": null,
    "webapi_url": "https://mriqc.nimh.nih.gov/api/v1"
  },
  "qi_1": 0.0,
  "qi_2": 0.003034030205469172,
  "rpve_csf": 24.485182352532185,
  "rpve_gm": 14.465338088565726,
  "rpve_wm": 20.034159055011457,
  "size_x": 176,
  "size_y": 512,
  "size_z": 512,
  "snr_csf": 3.137279352329644,
  "snr_gm": 14.398599112741804,
  "snr_total": 12.91091420726773,
  "snr_wm": 21.19686415673174,
  "snrd_csf": 33.03626071519767,
  "snrd_gm": 61.20076387299619,
  "snrd_total": 58.731743886423146,
  "snrd_wm": 81.95820707107559,
  "spacing_x": 1.0,
  "spacing_y": 0.5,
  "spacing_z": 0.5,
  "summary_bg_k": 43.02184122986986,
  "summary_bg_mad": 7.9935417601949945,
  "summary_bg_mean": 16.473543486015068,
  "summary_bg_median": 13.276721388101578,
  "summary_bg_n": 7813999.0,
  "summary_bg_p05": 5.189378410577774,
  "summary_bg_p95": 35.98867624998093,
  "summary_bg_stdv": 10.55214721673544,
  "summary_csf_k": 66.70956634122153,
  "summary_csf_mad": 107.3132981306178,
  "summary_csf_mean": 402.3325746305137,
  "summary_csf_median": 403.0866529047489,
  "summary_csf_n": 211376.0,
  "summary_csf_p05": 245.45085936784744,
  "summary_csf_p95": 541.5150068700314,
  "summary_csf_stdv": 128.48256535451887,
  "summary_gm_k": 0.25407757919718055,
  "summary_gm_mad": 50.05955527322115,
  "summary_gm_mean": 749.8302848020545,
  "summary_gm_median": 746.7313349246979,
  "summary_gm_n": 195896.0,
  "summary_gm_p05": 670.0363656878471,
  "summary_gm_p95": 840.6119079887867,
  "summary_gm_stdv": 51.86125560807306,
  "summary_wm_k": 0.5620673988684972,
  "summary_wm_mad": 44.06439895307491,
  "summary_wm_mean": 999.386516653377,
  "summary_wm_median": 999.9999591708183,
  "summary_wm_n": 974277.0,
  "summary_wm_p05": 920.541814416647,
  "summary_wm_p95": 1075.818799585104,
  "summary_wm_stdv": 47.1767634389474,
  "tpm_overlap_csf": 0.16653816401958466,
  "tpm_overlap_gm": 0.43820512294769287,
  "tpm_overlap_wm": 0.4988563060760498,
  "wm2max": 0.3908542528251192
}