{
  "aor": 0.00015867069486404835,
  "aqi": 0.01786216586102719,
  "bids_meta": {
    "AcquisitionMatrixPE": 106,
    "AcquisitionNumber": 1,
    "AcquisitionTime": "15:11:41.165000",
    "BandwidthPerPixelPhaseEncode": 27.345,
    "BaseResolution": 106,
    "CoilString": "T:HEA;HEP",
    "ConversionSoftware": "dcm2niix",
    "ConversionSoftwareVersion": "v1.0.20190720  GCC7.4.0",
    "Dcm2bidsVersion": "2.1.4",
    "DerivedVendorReportedEchoSpacing": 0.000689995,
    "DeviceSerialNumber": "40296",
    "DwellTime": 2.8e-06,
    "EchoTime": 0.023,
    "EffectiveEchoSpacing": 0.000344998,
    "FlipAngle": 90,
    "ImageOrientationPatientDICOM": [
      0.999764,
      0.00983027,
      -0.0193814,
      -0.0122151,
      0.991822,
      -0.127045
    ],
    "ImageType": [
      "ORIGINAL",
      "PRIMARY",
      "M",
      "ND",
      "MOSAIC"
    ],
    "ImagingFrequency": 123.197,
    "InPlanePhaseEncodingDirectionDICOM": "COL",
    "InstitutionAddress": "Henri_le_Guilloux_2_Rennes_2A6CA1_District_FR_35000",
    "InstitutionName": "CHU_PONTCHAILLOU",
    "InstitutionalDepartmentName": "Department",
    "Instructions": "Try to move up the ball by feeling the movement of your right arm and hand. When the symbol + is displayed, rest",
    "MRAcquisitionType": "2D",
    "MagneticFieldStrength": 3,
    "Manufacturer": "Siemens",
    "ManufacturersModelName": "Verio",
    "Modality": "MR",
    "ParallelReductionFactorInPlane": 2,
    "PartialFourier": 1,
    "PatientPosition": "HFS",
    "PercentPhaseFOV": 100,
    "PhaseEncodingDirection": "j-",
    "PhaseEncodingSteps": 106,
    "PhaseResolution": 1,
    "PixelBandwidth": 1685,
    "ProcedureStepDescription": "OSS-IRM",
    "ProtocolName": "NF3_bold_eeg_2X8x20s_TR1s_16_coupe2",
    "PulseSequenceDetails": "%SiemensSeq%_ep2d_bold",
    "ReceiveCoilName": "HeadMatrix",
    "ReconMatrixPE": 106,
    "RefLinesPE": 24,
    "RepetitionTime": 1,
    "SAR": 0.055257,
    "ScanOptions": "FS",
    "ScanningSequence": "EP",
    "SequenceName": "_epfid2d1_106",
    "SequenceVariant": "SK",
    "SeriesDescription": "NF3_bold_eeg_2X8x20s_TR1s_16_coupe2",
    "SeriesNumber": 28,
    "ShimSetting": [
      979,
      13394,
      -6536,
      272,
      -831,
      -608,
      1035,
      102
    ],
    "SliceThickness": 4,
    "SliceTiming": [
      0.5025,
      0,
      0.565,
      0.0625,
      0.6275,
      0.125,
      0.69,
      0.1875,
      0.7525,
      0.25,
      0.815,
      0.3125,
      0.8775,
      0.375,
      0.94,
      0.4375
    ],
    "SoftwareVersions": "syngo_MR_B17",
    "SpacingBetweenSlices": 4,
    "StationName": "MRC40296",
    "TaskName": "2dNF",
    "TotalReadoutTime": 0.0362248,
    "TxRefAmp": 453.937,
    "dataset": "ds002338",
    "modality": "bold",
    "run_id": 3,
    "subject_id": "xp204",
    "task_id": "2dNF"
  },
  "dummy_trs": 1,
  "dvars_nstd": 36.424195330212136,
  "dvars_std": 0.990603367575757,
  "dvars_vstd": 0.9865609038181812,
  "efc": 0.5408247678712789,
  "fber": 490.1199035644531,
  "fd_mean": 0.07115877192091216,
  "fd_num": 1,
  "fd_perc": 0.3021148036253776,
  "fwhm_avg": 2.5353605811786633,
  "fwhm_x": 2.48066758013688,
  "fwhm_y": 3.0018241633991094,
  "fwhm_z": 2.12359,
  "gcor": 0.0296009,
  "gsr_x": -0.0007950053550302982,
  "gsr_y": 0.022065388038754463,
  "provenance": {
    "md5sum": "d9208c603b76f28c5827cc643730e0e4",
    "settings": {
      "fd_thres": 0.2,
      "testing": false
    },
    "software": "mriqc",
    "version": "21.0.0rc2",
    "webapi_port": null,
    "webapi_url": "https://mriqc.nimh.nih.gov/api/v1"
  },
  "size_t": 331,
  "size_x": 106,
  "size_y": 106,
  "size_z": 16,
  "snr": 6.041110477949706,
  "spacing_tr": 1.0,
  "spacing_x": 1.9811320304870605,
  "spacing_y": 1.9811320304870605,
  "spacing_z": 4.0,
  "summary_bg_k": 52.00012504811124,
  "summary_bg_mad": 5.218223198351405,
  "summary_bg_mean": 44.3702507019043,
  "summary_bg_median": 31.963747024536133,
  "summary_bg_n": 107922.0,
  "summary_bg_p05": 26.35966720581055,
  "summary_bg_p95": 112.73625335693355,
  "summary_bg_stdv": 42.1103515625,
  "summary_fg_k": 0.783415314037621,
  "summary_fg_mad": 101.47536234164795,
  "summary_fg_mean": 734.413818359375,
  "summary_fg_median": 714.7039184570312,
  "summary_fg_n": 30967.0,
  "summary_fg_p05": 572.1622192382813,
  "summary_fg_p95": 956.608166503906,
  "summary_fg_stdv": 118.30480194091797,
  "tsnr": 34.4474986003479
}