{
  "aor": 0.00017487951807228916,
  "aqi": 0.015415780120481929,
  "bids_meta": {
    "AcquisitionMatrixPE": 106,
    "AcquisitionNumber": 1,
    "AcquisitionTime": "14:24:46.032500",
    "BandwidthPerPixelPhaseEncode": 27.345,
    "BaseResolution": 106,
    "CoilString": "T:HEA;HEP",
    "ConversionSoftware": "dcm2niix",
    "ConversionSoftwareVersion": "v1.0.20190720  GCC7.4.0",
    "Dcm2bidsVersion": "2.1.4",
    "DerivedVendorReportedEchoSpacing": 0.000689995,
    "DeviceSerialNumber": "40296",
    "DwellTime": 2.8e-06,
    "EchoTime": 0.023,
    "EffectiveEchoSpacing": 0.000344998,
    "FlipAngle": 90,
    "ImageOrientationPatientDICOM": [
      0.999764,
      0.00983027,
      -0.0193814,
      -0.0122151,
      0.991822,
      -0.127045
    ],
    "ImageType": [
      "ORIGINAL",
      "PRIMARY",
      "FMRI",
      "NONE",
      "ND",
      "MOSAIC"
    ],
    "ImagingFrequency": 123.196,
    "InPlanePhaseEncodingDirectionDICOM": "COL",
    "InstitutionAddress": "Henri_le_Guilloux_2_Rennes_2A6CA1_District_FR_35000",
    "InstitutionName": "CHU_PONTCHAILLOU",
    "InstitutionalDepartmentName": "Department",
    "Instructions": "When demanded, try to feel the movement of your right arm and hand. When the symbol + is displayed, rest",
    "MRAcquisitionType": "2D",
    "MagneticFieldStrength": 3,
    "Manufacturer": "Siemens",
    "ManufacturersModelName": "Verio",
    "Modality": "MR",
    "ParallelReductionFactorInPlane": 2,
    "PartialFourier": 1,
    "PatientPosition": "HFS",
    "PercentPhaseFOV": 100,
    "PhaseEncodingDirection": "j-",
    "PhaseEncodingSteps": 106,
    "PhaseResolution": 1,
    "PixelBandwidth": 1685,
    "ProcedureStepDescription": "OSS-IRM",
    "ProtocolName": "MI_pre_bold_eeg_2X8x20s_avec_GLM_TR1s_16_coupes1",
    "PulseSequenceDetails": "%SiemensSeq%_ep2d_bold",
    "ReceiveCoilName": "HeadMatrix",
    "ReconMatrixPE": 106,
    "RefLinesPE": 24,
    "RepetitionTime": 1,
    "SAR": 0.055257,
    "ScanOptions": "FS",
    "ScanningSequence": "EP",
    "SequenceName": "_epfid2d1_106",
    "SequenceVariant": "SK",
    "SeriesDescription": "MI_pre_bold_eeg_2X8x20s_avec_GLM_TR1s_16_coupes1",
    "SeriesNumber": 9,
    "ShimSetting": [
      979,
      13394,
      -6536,
      272,
      -831,
      -608,
      1035,
      102
    ],
    "SliceThickness": 4,
    "SliceTiming": [
      0.5025,
      0,
      0.565,
      0.0625,
      0.6275,
      0.125,
      0.69,
      0.1875,
      0.7525,
      0.2525,
      0.815,
      0.315,
      0.8775,
      0.3775,
      0.94,
      0.44
    ],
    "SoftwareVersions": "syngo_MR_B17",
    "SpacingBetweenSlices": 4,
    "StationName": "MRC40296",
    "TaskName": "MIpre",
    "TotalReadoutTime": 0.0362248,
    "TxRefAmp": 453.937,
    "dataset": "ds002338",
    "modality": "bold",
    "subject_id": "xp204",
    "task_id": "MIpre"
  },
  "dummy_trs": 0,
  "dvars_nstd": 37.956858493746225,
  "dvars_std": 0.9987905020241685,
  "dvars_vstd": 0.9898020158610273,
  "efc": 0.536368234213301,
  "fber": 470.4664001464844,
  "fd_mean": 0.06894052169489481,
  "fd_num": 4,
  "fd_perc": 1.2048192771084338,
  "fwhm_avg": 2.5639931053472726,
  "fwhm_x": 2.5225628191834137,
  "fwhm_y": 3.0073714968584038,
  "fwhm_z": 2.162045,
  "gcor": 0.0908606,
  "gsr_x": -0.0007107454584911466,
  "gsr_y": 0.021627189591526985,
  "provenance": {
    "md5sum": "80fe53f5bf65f76e821f1f49e4bb0536",
    "settings": {
      "fd_thres": 0.2,
      "testing": false
    },
    "software": "mriqc",
    "version": "21.0.0rc2",
    "webapi_port": null,
    "webapi_url": "https://mriqc.nimh.nih.gov/api/v1"
  },
  "size_t": 332,
  "size_x": 106,
  "size_y": 106,
  "size_z": 16,
  "snr": 5.753592740431654,
  "spacing_tr": 1.0,
  "spacing_x": 1.9811320304870605,
  "spacing_y": 1.9811320304870605,
  "spacing_z": 4.0,
  "summary_bg_k": 56.8997782766035,
  "summary_bg_mad": 4.809524065748791,
  "summary_bg_mean": 42.928104400634766,
  "summary_bg_median": 31.79517936706543,
  "summary_bg_n": 108854.0,
  "summary_bg_p05": 26.506023406982422,
  "summary_bg_p95": 104.47002716064445,
  "summary_bg_stdv": 38.911415100097656,
  "summary_fg_k": 0.6931861873320688,
  "summary_fg_mad": 104.6573828745783,
  "summary_fg_mean": 715.1727294921875,
  "summary_fg_median": 694.4818725585938,
  "summary_fg_n": 30127.0,
  "summary_fg_p05": 550.9515014648438,
  "summary_fg_p95": 941.8764709472655,
  "summary_fg_stdv": 120.70203399658203,
  "tsnr": 33.79732386698015
}