{
  "aor": 0.00024262048192771088,
  "aqi": 0.01833827831325301,
  "bids_meta": {
    "AcquisitionMatrixPE": 106,
    "AcquisitionNumber": 1,
    "AcquisitionTime": "14:52:31.820000",
    "BandwidthPerPixelPhaseEncode": 27.345,
    "BaseResolution": 106,
    "CoilString": "T:HEA;HEP",
    "ConversionSoftware": "dcm2niix",
    "ConversionSoftwareVersion": "v1.0.20190720  GCC7.4.0",
    "Dcm2bidsVersion": "2.1.4",
    "DerivedVendorReportedEchoSpacing": 0.000689995,
    "DeviceSerialNumber": "40296",
    "DwellTime": 2.8e-06,
    "EchoTime": 0.023,
    "EffectiveEchoSpacing": 0.000344998,
    "FlipAngle": 90,
    "ImageOrientationPatientDICOM": [
      0.999764,
      0.00983027,
      -0.0193814,
      -0.0122151,
      0.991822,
      -0.127045
    ],
    "ImageType": [
      "ORIGINAL",
      "PRIMARY",
      "M",
      "ND",
      "MOSAIC"
    ],
    "ImagingFrequency": 123.196,
    "InPlanePhaseEncodingDirectionDICOM": "COL",
    "InstitutionAddress": "Henri_le_Guilloux_2_Rennes_2A6CA1_District_FR_35000",
    "InstitutionName": "CHU_PONTCHAILLOU",
    "InstitutionalDepartmentName": "Department",
    "Instructions": "Try to move up the ball by feeling the movement of your right arm and hand. When the symbol + is displayed, rest",
    "MRAcquisitionType": "2D",
    "MagneticFieldStrength": 3,
    "Manufacturer": "Siemens",
    "ManufacturersModelName": "Verio",
    "Modality": "MR",
    "ParallelReductionFactorInPlane": 2,
    "PartialFourier": 1,
    "PatientPosition": "HFS",
    "PercentPhaseFOV": 100,
    "PhaseEncodingDirection": "j-",
    "PhaseEncodingSteps": 106,
    "PhaseResolution": 1,
    "PixelBandwidth": 1685,
    "ProcedureStepDescription": "OSS-IRM",
    "ProtocolName": "NF1_bold_eeg_2X8x20s_TR1s_16_coupes",
    "PulseSequenceDetails": "%SiemensSeq%_ep2d_bold",
    "ReceiveCoilName": "HeadMatrix",
    "ReconMatrixPE": 106,
    "RefLinesPE": 24,
    "RepetitionTime": 1,
    "SAR": 0.055257,
    "ScanOptions": "FS",
    "ScanningSequence": "EP",
    "SequenceName": "_epfid2d1_106",
    "SequenceVariant": "SK",
    "SeriesDescription": "NF1_bold_eeg_2X8x20s_TR1s_16_coupes",
    "SeriesNumber": 24,
    "ShimSetting": [
      979,
      13394,
      -6536,
      272,
      -831,
      -608,
      1035,
      102
    ],
    "SliceThickness": 4,
    "SliceTiming": [
      0.5025,
      0,
      0.565,
      0.0625,
      0.6275,
      0.125,
      0.69,
      0.1875,
      0.7525,
      0.25,
      0.815,
      0.315,
      0.8775,
      0.3775,
      0.94,
      0.44
    ],
    "SoftwareVersions": "syngo_MR_B17",
    "SpacingBetweenSlices": 4,
    "StationName": "MRC40296",
    "TaskName": "2dNF",
    "TotalReadoutTime": 0.0362248,
    "TxRefAmp": 453.937,
    "dataset": "ds002338",
    "modality": "bold",
    "run_id": 1,
    "subject_id": "xp204",
    "task_id": "2dNF"
  },
  "dummy_trs": 0,
  "dvars_nstd": 40.84775209003023,
  "dvars_std": 0.9998394100302108,
  "dvars_vstd": 0.9935480688217516,
  "efc": 0.5431465473824744,
  "fber": 398.08123779296875,
  "fd_mean": 0.06306393341684485,
  "fd_num": 2,
  "fd_perc": 0.6024096385542169,
  "fwhm_avg": 2.5885460582207207,
  "fwhm_x": 2.53600462901244,
  "fwhm_y": 3.058998545649722,
  "fwhm_z": 2.170635,
  "gcor": 0.116867,
  "gsr_x": 0.0002686114748939872,
  "gsr_y": 0.020754920318722725,
  "provenance": {
    "md5sum": "ac88236ef42ab0736ef1249ddae7aff6",
    "settings": {
      "fd_thres": 0.2,
      "testing": false
    },
    "software": "mriqc",
    "version": "21.0.0rc2",
    "webapi_port": null,
    "webapi_url": "https://mriqc.nimh.nih.gov/api/v1"
  },
  "size_t": 332,
  "size_x": 106,
  "size_y": 106,
  "size_z": 16,
  "snr": 5.83527249539628,
  "spacing_tr": 1.0,
  "spacing_x": 1.9811320304870605,
  "spacing_y": 1.9811320304870605,
  "spacing_z": 4.0,
  "summary_bg_k": 55.2230144707198,
  "summary_bg_mad": 5.1489185124323384,
  "summary_bg_mean": 45.86330032348633,
  "summary_bg_median": 34.557228088378906,
  "summary_bg_n": 108825.0,
  "summary_bg_p05": 28.88252830505371,
  "summary_bg_p95": 108.28674468994109,
  "summary_bg_stdv": 39.60935974121094,
  "summary_fg_k": 0.6947500100060564,
  "summary_fg_mad": 101.54933861811452,
  "summary_fg_mean": 714.7418212890625,
  "summary_fg_median": 694.3629150390625,
  "summary_fg_n": 30134.0,
  "summary_fg_p05": 551.9558532714843,
  "summary_fg_p95": 939.3745208740235,
  "summary_fg_stdv": 118.99211120605469,
  "tsnr": 30.504856216022745
}