{
  "aor": 0.00019587349397590364,
  "aqi": 0.014654846385542167,
  "bids_meta": {
    "AcquisitionMatrixPE": 106,
    "AcquisitionNumber": 1,
    "AcquisitionTime": "15:00:44.447500",
    "BandwidthPerPixelPhaseEncode": 27.345,
    "BaseResolution": 106,
    "CoilString": "T:HEA;HEP",
    "ConversionSoftware": "dcm2niix",
    "ConversionSoftwareVersion": "v1.0.20190720  GCC7.4.0",
    "Dcm2bidsVersion": "2.1.4",
    "DerivedVendorReportedEchoSpacing": 0.000689995,
    "DeviceSerialNumber": "40296",
    "DwellTime": 2.8e-06,
    "EchoTime": 0.023,
    "EffectiveEchoSpacing": 0.000344998,
    "FlipAngle": 90,
    "ImageOrientationPatientDICOM": [
      0.999764,
      0.00983027,
      -0.0193814,
      -0.0122151,
      0.991822,
      -0.127045
    ],
    "ImageType": [
      "ORIGINAL",
      "PRIMARY",
      "M",
      "ND",
      "MOSAIC"
    ],
    "ImagingFrequency": 123.196,
    "InPlanePhaseEncodingDirectionDICOM": "COL",
    "InstitutionAddress": "Henri_le_Guilloux_2_Rennes_2A6CA1_District_FR_35000",
    "InstitutionName": "CHU_PONTCHAILLOU",
    "InstitutionalDepartmentName": "Department",
    "Instructions": "Try to move up the ball by feeling the movement of your right arm and hand. When the symbol + is displayed, rest",
    "MRAcquisitionType": "2D",
    "MagneticFieldStrength": 3,
    "Manufacturer": "Siemens",
    "ManufacturersModelName": "Verio",
    "Modality": "MR",
    "ParallelReductionFactorInPlane": 2,
    "PartialFourier": 1,
    "PatientPosition": "HFS",
    "PercentPhaseFOV": 100,
    "PhaseEncodingDirection": "j-",
    "PhaseEncodingSteps": 106,
    "PhaseResolution": 1,
    "PixelBandwidth": 1685,
    "ProcedureStepDescription": "OSS-IRM",
    "ProtocolName": "NF2_bold_eeg_2X8x20s_TR1s_16_coupes",
    "PulseSequenceDetails": "%SiemensSeq%_ep2d_bold",
    "ReceiveCoilName": "HeadMatrix",
    "ReconMatrixPE": 106,
    "RefLinesPE": 24,
    "RepetitionTime": 1,
    "SAR": 0.055257,
    "ScanOptions": "FS",
    "ScanningSequence": "EP",
    "SequenceName": "_epfid2d1_106",
    "SequenceVariant": "SK",
    "SeriesDescription": "NF2_bold_eeg_2X8x20s_TR1s_16_coupes",
    "SeriesNumber": 25,
    "ShimSetting": [
      979,
      13394,
      -6536,
      272,
      -831,
      -608,
      1035,
      102
    ],
    "SliceThickness": 4,
    "SliceTiming": [
      0.5025,
      0,
      0.565,
      0.0625,
      0.6275,
      0.125,
      0.69,
      0.1875,
      0.7525,
      0.25,
      0.815,
      0.3125,
      0.8775,
      0.3775,
      0.94,
      0.44
    ],
    "SoftwareVersions": "syngo_MR_B17",
    "SpacingBetweenSlices": 4,
    "StationName": "MRC40296",
    "TaskName": "2dNF",
    "TotalReadoutTime": 0.0362248,
    "TxRefAmp": 453.937,
    "dataset": "ds002338",
    "modality": "bold",
    "run_id": 2,
    "subject_id": "xp204",
    "task_id": "2dNF"
  },
  "dummy_trs": 0,
  "dvars_nstd": 36.20266181960724,
  "dvars_std": 1.000951198066465,
  "dvars_vstd": 0.9960623567673711,
  "efc": 0.5390795309274796,
  "fber": 485.97283935546875,
  "fd_mean": 0.0650983551203453,
  "fd_num": 4,
  "fd_perc": 1.2048192771084338,
  "fwhm_avg": 2.5201736681126072,
  "fwhm_x": 2.464727198822548,
  "fwhm_y": 2.969191305515274,
  "fwhm_z": 2.1266025,
  "gcor": 0.0970091,
  "gsr_x": -0.0004690521745942533,
  "gsr_y": 0.021844834089279175,
  "provenance": {
    "md5sum": "72dd9f68c02d0db12c9976b84f8fab44",
    "settings": {
      "fd_thres": 0.2,
      "testing": false
    },
    "software": "mriqc",
    "version": "21.0.0rc2",
    "webapi_port": null,
    "webapi_url": "https://mriqc.nimh.nih.gov/api/v1"
  },
  "size_t": 332,
  "size_x": 106,
  "size_y": 106,
  "size_z": 16,
  "snr": 5.932429392470039,
  "spacing_tr": 1.0,
  "spacing_x": 1.9811320304870605,
  "spacing_y": 1.9811320304870605,
  "spacing_z": 4.0,
  "summary_bg_k": 53.26799079349871,
  "summary_bg_mad": 4.974754716893357,
  "summary_bg_mean": 43.80900192260742,
  "summary_bg_median": 31.834335327148438,
  "summary_bg_n": 108218.0,
  "summary_bg_p05": 26.44277000427246,
  "summary_bg_p95": 110.25481300353997,
  "summary_bg_stdv": 41.30978775024414,
  "summary_fg_k": 0.7474651214058823,
  "summary_fg_mad": 101.7122674080571,
  "summary_fg_mean": 727.3025512695312,
  "summary_fg_median": 707.2213134765625,
  "summary_fg_n": 30688.0,
  "summary_fg_p05": 562.8276916503906,
  "summary_fg_p95": 950.0290283203122,
  "summary_fg_stdv": 119.21082305908203,
  "tsnr": 35.552105843205936
}