{
  "aor": 0.00015918674698795182,
  "aqi": 0.016970381325301206,
  "bids_meta": {
    "AcquisitionMatrixPE": 106,
    "AcquisitionNumber": 1,
    "AcquisitionTime": "15:27:58.432500",
    "BandwidthPerPixelPhaseEncode": 27.345,
    "BaseResolution": 106,
    "CoilString": "T:HEA;HEP",
    "ConversionSoftware": "dcm2niix",
    "ConversionSoftwareVersion": "v1.0.20190720  GCC7.4.0",
    "Dcm2bidsVersion": "2.1.4",
    "DerivedVendorReportedEchoSpacing": 0.000689995,
    "DeviceSerialNumber": "40296",
    "DwellTime": 2.8e-06,
    "EchoTime": 0.023,
    "EffectiveEchoSpacing": 0.000344998,
    "FlipAngle": 90,
    "ImageOrientationPatientDICOM": [
      0.999764,
      0.00983027,
      -0.0193814,
      -0.0122151,
      0.991822,
      -0.127045
    ],
    "ImageType": [
      "ORIGINAL",
      "PRIMARY",
      "M",
      "ND",
      "MOSAIC"
    ],
    "ImagingFrequency": 123.197,
    "InPlanePhaseEncodingDirectionDICOM": "COL",
    "InstitutionAddress": "Henri_le_Guilloux_2_Rennes_2A6CA1_District_FR_35000",
    "InstitutionName": "CHU_PONTCHAILLOU",
    "InstitutionalDepartmentName": "Department",
    "Instructions": "When demanded, try to feel the movement of your right arm and hand. When the symbol + is displayed, rest",
    "MRAcquisitionType": "2D",
    "MagneticFieldStrength": 3,
    "Manufacturer": "Siemens",
    "ManufacturersModelName": "Verio",
    "Modality": "MR",
    "ParallelReductionFactorInPlane": 2,
    "PartialFourier": 1,
    "PatientPosition": "HFS",
    "PercentPhaseFOV": 100,
    "PhaseEncodingDirection": "j-",
    "PhaseEncodingSteps": 106,
    "PhaseResolution": 1,
    "PixelBandwidth": 1685,
    "ProcedureStepDescription": "OSS-IRM",
    "ProtocolName": "MI_post_bold_eeg_2X8x20s_TR1s_16_coupes",
    "PulseSequenceDetails": "%SiemensSeq%_ep2d_bold",
    "ReceiveCoilName": "HeadMatrix",
    "ReconMatrixPE": 106,
    "RefLinesPE": 24,
    "RepetitionTime": 1,
    "SAR": 0.055257,
    "ScanOptions": "FS",
    "ScanningSequence": "EP",
    "SequenceName": "_epfid2d1_106",
    "SequenceVariant": "SK",
    "SeriesDescription": "MI_post_bold_eeg_2X8x20s_TR1s_16_coupes",
    "SeriesNumber": 36,
    "ShimSetting": [
      979,
      13394,
      -6536,
      272,
      -831,
      -608,
      1035,
      102
    ],
    "SliceThickness": 4,
    "SliceTiming": [
      0.5025,
      0,
      0.565,
      0.0625,
      0.6275,
      0.1275,
      0.69,
      0.19,
      0.7525,
      0.2525,
      0.8175,
      0.315,
      0.88,
      0.3775,
      0.9425,
      0.44
    ],
    "SoftwareVersions": "syngo_MR_B17",
    "SpacingBetweenSlices": 4,
    "StationName": "MRC40296",
    "TaskName": "MIpost",
    "TotalReadoutTime": 0.0362248,
    "TxRefAmp": 453.937,
    "dataset": "ds002338",
    "modality": "bold",
    "subject_id": "xp204",
    "task_id": "MIpost"
  },
  "dummy_trs": 0,
  "dvars_nstd": 37.3907982516314,
  "dvars_std": 0.9943222696676728,
  "dvars_vstd": 0.9878739084290037,
  "efc": 0.539830297377603,
  "fber": 479.1455078125,
  "fd_mean": 0.06570619566843688,
  "fd_num": 1,
  "fd_perc": 0.30120481927710846,
  "fwhm_avg": 2.518731811097659,
  "fwhm_x": 2.451446912806713,
  "fwhm_y": 2.9993710204862642,
  "fwhm_z": 2.1053775,
  "gcor": 0.0790502,
  "gsr_x": -0.0006995287258177996,
  "gsr_y": 0.022289881482720375,
  "provenance": {
    "md5sum": "ce148e11ce2260fb1363bad43875dc4c",
    "settings": {
      "fd_thres": 0.2,
      "testing": false
    },
    "software": "mriqc",
    "version": "21.0.0rc2",
    "webapi_port": null,
    "webapi_url": "https://mriqc.nimh.nih.gov/api/v1"
  },
  "size_t": 332,
  "size_x": 106,
  "size_y": 106,
  "size_z": 16,
  "snr": 6.002733068821895,
  "spacing_tr": 1.0,
  "spacing_x": 1.9811320304870605,
  "spacing_y": 1.9811320304870605,
  "spacing_z": 4.0,
  "summary_bg_k": 51.37896789729446,
  "summary_bg_mad": 4.974754716893357,
  "summary_bg_mean": 44.160179138183594,
  "summary_bg_median": 31.915660858154297,
  "summary_bg_n": 108325.0,
  "summary_bg_p05": 26.725902557373047,
  "summary_bg_p95": 111.24337005615232,
  "summary_bg_stdv": 41.0484504699707,
  "summary_fg_k": 0.6749970185377885,
  "summary_fg_mad": 99.8858451743408,
  "summary_fg_mean": 722.3402099609375,
  "summary_fg_median": 703.697265625,
  "summary_fg_n": 30588.0,
  "summary_fg_p05": 559.080532836914,
  "summary_fg_p95": 942.4743652343748,
  "summary_fg_stdv": 117.2275619506836,
  "tsnr": 34.17874221573584
}