{
  "aor": 0.0002621987951807229,
  "aqi": 0.016641485542168676,
  "bids_meta": {
    "AcquisitionMatrixPE": 106,
    "AcquisitionNumber": 1,
    "AcquisitionTime": "14:44:50.807500",
    "BandwidthPerPixelPhaseEncode": 27.345,
    "BaseResolution": 106,
    "CoilString": "T:HEA;HEP",
    "ConversionSoftware": "dcm2niix",
    "ConversionSoftwareVersion": "v1.0.20190720  GCC7.4.0",
    "Dcm2bidsVersion": "2.1.4",
    "DerivedVendorReportedEchoSpacing": 0.000689995,
    "DeviceSerialNumber": "40296",
    "DwellTime": 2.8e-06,
    "EchoTime": 0.023,
    "EffectiveEchoSpacing": 0.000344998,
    "FlipAngle": 90,
    "ImageOrientationPatientDICOM": [
      0.997542,
      0.0476915,
      -0.0513453,
      -0.0592649,
      0.965137,
      -0.254948
    ],
    "ImageType": [
      "ORIGINAL",
      "PRIMARY",
      "M",
      "ND",
      "MOSAIC"
    ],
    "ImagingFrequency": 123.197,
    "InPlanePhaseEncodingDirectionDICOM": "COL",
    "InstitutionAddress": "Henri_le_Guilloux_2_Rennes_2A6CA1_District_FR_35000",
    "InstitutionName": "CHU_PONTCHAILLOU",
    "InstitutionalDepartmentName": "Department",
    "Instructions": "Try to move up the ball by feeling the movement of your right arm and hand. When the symbol + is displayed, rest",
    "MRAcquisitionType": "2D",
    "MagneticFieldStrength": 3,
    "Manufacturer": "Siemens",
    "ManufacturersModelName": "Verio",
    "Modality": "MR",
    "ParallelReductionFactorInPlane": 2,
    "PartialFourier": 1,
    "PatientPosition": "HFS",
    "PercentPhaseFOV": 100,
    "PhaseEncodingDirection": "j-",
    "PhaseEncodingSteps": 106,
    "PhaseResolution": 1,
    "PixelBandwidth": 1685,
    "ProcedureStepDescription": "OSS-IRM",
    "ProtocolName": "NF2_bold_eeg_2X8x20s_TR1s_16_coupes",
    "PulseSequenceDetails": "%SiemensSeq%_ep2d_bold",
    "ReceiveCoilName": "HeadMatrix",
    "ReconMatrixPE": 106,
    "RefLinesPE": 24,
    "RepetitionTime": 1,
    "SAR": 0.0481234,
    "ScanOptions": "FS",
    "ScanningSequence": "EP",
    "SequenceName": "_epfid2d1_106",
    "SequenceVariant": "SK",
    "SeriesDescription": "NF2_bold_eeg_2X8x20s_TR1s_16_coupes",
    "SeriesNumber": 19,
    "ShimSetting": [
      979,
      13429,
      -6599,
      108,
      -408,
      -1092,
      990,
      102
    ],
    "SliceThickness": 4,
    "SliceTiming": [
      0.5,
      0,
      0.5625,
      0.0625,
      0.625,
      0.125,
      0.6875,
      0.1875,
      0.7525,
      0.25,
      0.815,
      0.3125,
      0.8775,
      0.375,
      0.94,
      0.4375
    ],
    "SoftwareVersions": "syngo_MR_B17",
    "SpacingBetweenSlices": 4,
    "StationName": "MRC40296",
    "TaskName": "2dNF",
    "TotalReadoutTime": 0.0362248,
    "TxRefAmp": 495.119,
    "dataset": "ds002338",
    "modality": "bold",
    "run_id": 2,
    "subject_id": "xp216",
    "task_id": "2dNF"
  },
  "dummy_trs": 0,
  "dvars_nstd": 38.27730975223566,
  "dvars_std": 1.010617972598187,
  "dvars_vstd": 1.0008328537764344,
  "efc": 0.5858844129650925,
  "fber": 377.6846008300781,
  "fd_mean": 0.09883471811096338,
  "fd_num": 1,
  "fd_perc": 0.30120481927710846,
  "fwhm_avg": 2.3098628382514144,
  "fwhm_x": 2.199989669001753,
  "fwhm_y": 2.7865987299406583,
  "fwhm_z": 1.9430001158118317,
  "gcor": 0.0462587,
  "gsr_x": 0.008481615222990513,
  "gsr_y": 0.025275127962231636,
  "provenance": {
    "md5sum": "9a09432f56b9887eb7a60b5afe614fc9",
    "settings": {
      "fd_thres": 0.2,
      "testing": false
    },
    "software": "mriqc",
    "version": "21.0.0rc2",
    "webapi_port": null,
    "webapi_url": "https://mriqc.nimh.nih.gov/api/v1"
  },
  "size_t": 332,
  "size_x": 106,
  "size_y": 106,
  "size_z": 16,
  "snr": 6.413350471508875,
  "spacing_tr": 1.0,
  "spacing_x": 1.9811320304870605,
  "spacing_y": 1.9811320304870605,
  "spacing_z": 3.999999761581421,
  "summary_bg_k": 28.996228853945386,
  "summary_bg_mad": 6.296591442531944,
  "summary_bg_mean": 56.488399505615234,
  "summary_bg_median": 36.65060043334961,
  "summary_bg_n": 102191.0,
  "summary_bg_p05": 30.493974685668945,
  "summary_bg_p95": 167.35240173339844,
  "summary_bg_stdv": 60.767486572265625,
  "summary_fg_k": 1.649139352380275,
  "summary_fg_mad": 101.14742347202733,
  "summary_fg_mean": 726.3130493164062,
  "summary_fg_median": 719.795166015625,
  "summary_fg_n": 36363.0,
  "summary_fg_p05": 566.5171630859375,
  "summary_fg_p95": 923.6132141113281,
  "summary_fg_stdv": 112.23233032226562,
  "tsnr": 35.59853335143998
}