{
  "aor": 0.00017102409638554216,
  "aqi": 0.017925877409638555,
  "bids_meta": {
    "AcquisitionMatrixPE": 106,
    "AcquisitionNumber": 1,
    "AcquisitionTime": "14:37:50.507500",
    "BandwidthPerPixelPhaseEncode": 27.345,
    "BaseResolution": 106,
    "CoilString": "T:HEA;HEP",
    "ConversionSoftware": "dcm2niix",
    "ConversionSoftwareVersion": "v1.0.20190720  GCC7.4.0",
    "Dcm2bidsVersion": "2.1.4",
    "DerivedVendorReportedEchoSpacing": 0.000689995,
    "DeviceSerialNumber": "40296",
    "DwellTime": 2.8e-06,
    "EchoTime": 0.023,
    "EffectiveEchoSpacing": 0.000344998,
    "FlipAngle": 90,
    "ImageOrientationPatientDICOM": [
      0.997542,
      0.0476915,
      -0.0513453,
      -0.0592649,
      0.965137,
      -0.254948
    ],
    "ImageType": [
      "ORIGINAL",
      "PRIMARY",
      "M",
      "ND",
      "MOSAIC"
    ],
    "ImagingFrequency": 123.197,
    "InPlanePhaseEncodingDirectionDICOM": "COL",
    "InstitutionAddress": "Henri_le_Guilloux_2_Rennes_2A6CA1_District_FR_35000",
    "InstitutionName": "CHU_PONTCHAILLOU",
    "InstitutionalDepartmentName": "Department",
    "Instructions": "Try to move up the ball by feeling the movement of your right arm and hand. When the symbol + is displayed, rest",
    "MRAcquisitionType": "2D",
    "MagneticFieldStrength": 3,
    "Manufacturer": "Siemens",
    "ManufacturersModelName": "Verio",
    "Modality": "MR",
    "ParallelReductionFactorInPlane": 2,
    "PartialFourier": 1,
    "PatientPosition": "HFS",
    "PercentPhaseFOV": 100,
    "PhaseEncodingDirection": "j-",
    "PhaseEncodingSteps": 106,
    "PhaseResolution": 1,
    "PixelBandwidth": 1685,
    "ProcedureStepDescription": "OSS-IRM",
    "ProtocolName": "NF1_bold_eeg_2X8x20s_TR1s_16_coupes",
    "PulseSequenceDetails": "%SiemensSeq%_ep2d_bold",
    "ReceiveCoilName": "HeadMatrix",
    "ReconMatrixPE": 106,
    "RefLinesPE": 24,
    "RepetitionTime": 1,
    "SAR": 0.0481234,
    "ScanOptions": "FS",
    "ScanningSequence": "EP",
    "SequenceName": "_epfid2d1_106",
    "SequenceVariant": "SK",
    "SeriesDescription": "NF1_bold_eeg_2X8x20s_TR1s_16_coupes",
    "SeriesNumber": 18,
    "ShimSetting": [
      979,
      13429,
      -6599,
      108,
      -408,
      -1092,
      990,
      102
    ],
    "SliceThickness": 4,
    "SliceTiming": [
      0.5,
      0,
      0.5625,
      0.0625,
      0.625,
      0.125,
      0.69,
      0.1875,
      0.7525,
      0.25,
      0.815,
      0.3125,
      0.8775,
      0.375,
      0.94,
      0.4375
    ],
    "SoftwareVersions": "syngo_MR_B17",
    "SpacingBetweenSlices": 4,
    "StationName": "MRC40296",
    "TaskName": "2dNF",
    "TotalReadoutTime": 0.0362248,
    "TxRefAmp": 495.119,
    "dataset": "ds002338",
    "modality": "bold",
    "run_id": 1,
    "subject_id": "xp216",
    "task_id": "2dNF"
  },
  "dummy_trs": 0,
  "dvars_nstd": 38.08920715694864,
  "dvars_std": 1.0025166319939571,
  "dvars_vstd": 0.9946632189728091,
  "efc": 0.5852434346869034,
  "fber": 371.8519287109375,
  "fd_mean": 0.08976787719564407,
  "fd_num": 1,
  "fd_perc": 0.30120481927710846,
  "fwhm_avg": 2.3136271717595775,
  "fwhm_x": 2.209060240636286,
  "fwhm_y": 2.781556158397587,
  "fwhm_z": 1.9502651162448594,
  "gcor": 0.0482016,
  "gsr_x": 0.009149570018053055,
  "gsr_y": 0.02514938823878765,
  "provenance": {
    "md5sum": "23c0b5590797ad22dcb980c9e8167323",
    "settings": {
      "fd_thres": 0.2,
      "testing": false
    },
    "software": "mriqc",
    "version": "21.0.0rc2",
    "webapi_port": null,
    "webapi_url": "https://mriqc.nimh.nih.gov/api/v1"
  },
  "size_t": 332,
  "size_x": 106,
  "size_y": 106,
  "size_z": 16,
  "snr": 6.324999286050429,
  "spacing_tr": 1.0,
  "spacing_x": 1.9811320304870605,
  "spacing_y": 1.9811320304870605,
  "spacing_z": 3.999999761581421,
  "summary_bg_k": 29.19788916982894,
  "summary_bg_mad": 6.336786350547841,
  "summary_bg_mean": 55.76079177856445,
  "summary_bg_median": 36.47891616821289,
  "summary_bg_n": 102367.0,
  "summary_bg_p05": 30.1295166015625,
  "summary_bg_p95": 166.02529144287107,
  "summary_bg_stdv": 59.5827751159668,
  "summary_fg_k": 1.7635851875863535,
  "summary_fg_mad": 98.28040161601457,
  "summary_fg_mean": 713.7208862304688,
  "summary_fg_median": 706.9005737304688,
  "summary_fg_n": 36211.0,
  "summary_fg_p05": 554.8810119628906,
  "summary_fg_p95": 911.3298034667969,
  "summary_fg_stdv": 111.76140594482422,
  "tsnr": 34.36267993529327
}