{
  "aor": 0.0002776204819277108,
  "aqi": 0.017887208433734942,
  "bids_meta": {
    "AcquisitionMatrixPE": 106,
    "AcquisitionNumber": 1,
    "AcquisitionTime": "15:06:11.075000",
    "BandwidthPerPixelPhaseEncode": 27.345,
    "BaseResolution": 106,
    "CoilString": "T:HEA;HEP",
    "ConversionSoftware": "dcm2niix",
    "ConversionSoftwareVersion": "v1.0.20190720  GCC7.4.0",
    "Dcm2bidsVersion": "2.1.4",
    "DerivedVendorReportedEchoSpacing": 0.000689995,
    "DeviceSerialNumber": "40296",
    "DwellTime": 2.8e-06,
    "EchoTime": 0.023,
    "EffectiveEchoSpacing": 0.000344998,
    "FlipAngle": 90,
    "ImageOrientationPatientDICOM": [
      0.997542,
      0.0476915,
      -0.0513453,
      -0.0592649,
      0.965137,
      -0.254948
    ],
    "ImageType": [
      "ORIGINAL",
      "PRIMARY",
      "M",
      "ND",
      "MOSAIC"
    ],
    "ImagingFrequency": 123.197,
    "InPlanePhaseEncodingDirectionDICOM": "COL",
    "InstitutionAddress": "Henri_le_Guilloux_2_Rennes_2A6CA1_District_FR_35000",
    "InstitutionName": "CHU_PONTCHAILLOU",
    "InstitutionalDepartmentName": "Department",
    "Instructions": "When demanded, try to feel the movement of your right arm and hand. When the symbol + is displayed, rest",
    "MRAcquisitionType": "2D",
    "MagneticFieldStrength": 3,
    "Manufacturer": "Siemens",
    "ManufacturersModelName": "Verio",
    "Modality": "MR",
    "ParallelReductionFactorInPlane": 2,
    "PartialFourier": 1,
    "PatientPosition": "HFS",
    "PercentPhaseFOV": 100,
    "PhaseEncodingDirection": "j-",
    "PhaseEncodingSteps": 106,
    "PhaseResolution": 1,
    "PixelBandwidth": 1685,
    "ProcedureStepDescription": "OSS-IRM",
    "ProtocolName": "MI_post_bold_eeg_2X8x20s_TR1s_16_coupes",
    "PulseSequenceDetails": "%SiemensSeq%_ep2d_bold",
    "ReceiveCoilName": "HeadMatrix",
    "ReconMatrixPE": 106,
    "RefLinesPE": 24,
    "RepetitionTime": 1,
    "SAR": 0.0481234,
    "ScanOptions": "FS",
    "ScanningSequence": "EP",
    "SequenceName": "_epfid2d1_106",
    "SequenceVariant": "SK",
    "SeriesDescription": "MI_post_bold_eeg_2X8x20s_TR1s_16_coupes",
    "SeriesNumber": 28,
    "ShimSetting": [
      979,
      13429,
      -6599,
      108,
      -408,
      -1092,
      990,
      102
    ],
    "SliceThickness": 4,
    "SliceTiming": [
      0.5,
      0,
      0.5625,
      0.0625,
      0.625,
      0.125,
      0.6875,
      0.1875,
      0.7525,
      0.25,
      0.815,
      0.3125,
      0.8775,
      0.375,
      0.94,
      0.4375
    ],
    "SoftwareVersions": "syngo_MR_B17",
    "SpacingBetweenSlices": 4,
    "StationName": "MRC40296",
    "TaskName": "MIpost",
    "TotalReadoutTime": 0.0362248,
    "TxRefAmp": 495.119,
    "dataset": "ds002338",
    "modality": "bold",
    "subject_id": "xp216",
    "task_id": "MIpost"
  },
  "dummy_trs": 0,
  "dvars_nstd": 38.731167093353484,
  "dvars_std": 1.0116866009365557,
  "dvars_vstd": 1.000694729214502,
  "efc": 0.5868213481749068,
  "fber": 377.3631896972656,
  "fd_mean": 0.10988239749837231,
  "fd_num": 12,
  "fd_perc": 3.6144578313253013,
  "fwhm_avg": 2.316783275023464,
  "fwhm_x": 2.1993233832723385,
  "fwhm_y": 2.7993288254678097,
  "fwhm_z": 1.9516976163302433,
  "gcor": 0.0291606,
  "gsr_x": 0.009238379076123238,
  "gsr_y": 0.025242267176508904,
  "provenance": {
    "md5sum": "10a24d8d34b41045321f8604cdaa8df3",
    "settings": {
      "fd_thres": 0.2,
      "testing": false
    },
    "software": "mriqc",
    "version": "21.0.0rc2",
    "webapi_port": null,
    "webapi_url": "https://mriqc.nimh.nih.gov/api/v1"
  },
  "size_t": 332,
  "size_x": 106,
  "size_y": 106,
  "size_z": 16,
  "snr": 6.460754549225899,
  "spacing_tr": 1.0,
  "spacing_x": 1.9811320304870605,
  "spacing_y": 1.9811320304870605,
  "spacing_z": 3.999999761581421,
  "summary_bg_k": 28.76509124694876,
  "summary_bg_mad": 6.564534873256741,
  "summary_bg_mean": 56.881263732910156,
  "summary_bg_median": 36.77710723876953,
  "summary_bg_n": 102078.0,
  "summary_bg_p05": 30.030118942260742,
  "summary_bg_p95": 170.19547424316397,
  "summary_bg_stdv": 61.950462341308594,
  "summary_fg_k": 1.676751443509378,
  "summary_fg_mad": 99.99746564776163,
  "summary_fg_mean": 726.505615234375,
  "summary_fg_median": 720.3795166015625,
  "summary_fg_n": 36494.0,
  "summary_fg_p05": 567.3927520751953,
  "summary_fg_p95": 921.1529693603516,
  "summary_fg_stdv": 111.49930572509766,
  "tsnr": 35.09094139083754
}