{
  "aor": 0.00019364457831325306,
  "aqi": 0.021278023493975902,
  "bids_meta": {
    "AcquisitionMatrixPE": 106,
    "AcquisitionNumber": 1,
    "AcquisitionTime": "10:16:0.735000",
    "BandwidthPerPixelPhaseEncode": 27.345,
    "BaseResolution": 106,
    "CoilString": "T:HEA;HEP",
    "ConversionSoftware": "dcm2niix",
    "ConversionSoftwareVersion": "v1.0.20190720  GCC7.4.0",
    "Dcm2bidsVersion": "2.1.4",
    "DerivedVendorReportedEchoSpacing": 0.000689995,
    "DeviceSerialNumber": "40296",
    "DwellTime": 2.8e-06,
    "EchoTime": 0.023,
    "EffectiveEchoSpacing": 0.000344998,
    "FlipAngle": 90,
    "ImageOrientationPatientDICOM": [
      0.998599,
      0.0517793,
      0.0108895,
      -0.0470927,
      0.963578,
      -0.263247
    ],
    "ImageType": [
      "ORIGINAL",
      "PRIMARY",
      "M",
      "ND",
      "MOSAIC"
    ],
    "ImagingFrequency": 123.196,
    "InPlanePhaseEncodingDirectionDICOM": "COL",
    "InstitutionAddress": "Henri_le_Guilloux_2_Rennes_2A6CA1_District_FR_35000",
    "InstitutionName": "CHU_PONTCHAILLOU",
    "InstitutionalDepartmentName": "Department",
    "Instructions": "Try to move up the ball by feeling the movement of your right arm and hand. When the symbol + is displayed, rest",
    "MRAcquisitionType": "2D",
    "MagneticFieldStrength": 3,
    "Manufacturer": "Siemens",
    "ManufacturersModelName": "Verio",
    "Modality": "MR",
    "ParallelReductionFactorInPlane": 2,
    "PartialFourier": 1,
    "PatientPosition": "HFS",
    "PercentPhaseFOV": 100,
    "PhaseEncodingDirection": "j-",
    "PhaseEncodingSteps": 106,
    "PhaseResolution": 1,
    "PixelBandwidth": 1685,
    "ProcedureStepDescription": "OSS-IRM",
    "ProtocolName": "NF2_bold_eeg_2X8x20s_TR1s_16_coupes1",
    "PulseSequenceDetails": "%SiemensSeq%_ep2d_bold",
    "ReceiveCoilName": "HeadMatrix",
    "ReconMatrixPE": 106,
    "RefLinesPE": 24,
    "RepetitionTime": 1,
    "SAR": 0.0424237,
    "ScanOptions": "FS",
    "ScanningSequence": "EP",
    "SequenceName": "_epfid2d1_106",
    "SequenceVariant": "SK",
    "SeriesDescription": "NF2_bold_eeg_2X8x20s_TR1s_16_coupes1",
    "SeriesNumber": 21,
    "ShimSetting": [
      969,
      13479,
      -6582,
      304,
      -422,
      -665,
      1122,
      48
    ],
    "SliceThickness": 4,
    "SliceTiming": [
      0.5025,
      0,
      0.565,
      0.0625,
      0.6275,
      0.125,
      0.69,
      0.1875,
      0.7525,
      0.25,
      0.815,
      0.315,
      0.8775,
      0.3775,
      0.94,
      0.44
    ],
    "SoftwareVersions": "syngo_MR_B17",
    "SpacingBetweenSlices": 4,
    "StationName": "MRC40296",
    "TaskName": "2dNF",
    "TotalReadoutTime": 0.0362248,
    "TxRefAmp": 458.895,
    "dataset": "ds002338",
    "modality": "bold",
    "run_id": 2,
    "subject_id": "xp205",
    "task_id": "2dNF"
  },
  "dummy_trs": 0,
  "dvars_nstd": 39.016439328126864,
  "dvars_std": 1.0130377022658619,
  "dvars_vstd": 0.9962507483987915,
  "efc": 0.5672587805921778,
  "fber": 435.04248046875,
  "fd_mean": 0.07612801016408659,
  "fd_num": 1,
  "fd_perc": 0.30120481927710846,
  "fwhm_avg": 2.3412346567629556,
  "fwhm_x": 2.298625195050948,
  "fwhm_y": 2.75452615778383,
  "fwhm_z": 1.9705526174540886,
  "gcor": 0.0439279,
  "gsr_x": -0.0006606955430470407,
  "gsr_y": 0.030061522498726845,
  "provenance": {
    "md5sum": "c471229dcea6192bb1eb9eadcd753f1e",
    "settings": {
      "fd_thres": 0.2,
      "testing": false
    },
    "software": "mriqc",
    "version": "21.0.0rc2",
    "webapi_port": null,
    "webapi_url": "https://mriqc.nimh.nih.gov/api/v1"
  },
  "size_t": 332,
  "size_x": 106,
  "size_y": 106,
  "size_z": 16,
  "snr": 6.456620921777696,
  "spacing_tr": 1.0,
  "spacing_x": 1.9811320304870605,
  "spacing_y": 1.9811320304870605,
  "spacing_z": 3.999999761581421,
  "summary_bg_k": 40.30789992445591,
  "summary_bg_mad": 5.448115223260674,
  "summary_bg_mean": 50.12889862060547,
  "summary_bg_median": 34.930721282958984,
  "summary_bg_n": 103049.0,
  "summary_bg_p05": 29.389758300781253,
  "summary_bg_p95": 131.1283111572264,
  "summary_bg_stdv": 48.01874542236328,
  "summary_fg_k": 1.8153163088065245,
  "summary_fg_mad": 91.38323365987517,
  "summary_fg_mean": 752.6152954101562,
  "summary_fg_median": 733.975830078125,
  "summary_fg_n": 34752.0,
  "summary_fg_p05": 603.776025390625,
  "summary_fg_p95": 972.5628997802734,
  "summary_fg_stdv": 113.67637634277344,
  "tsnr": 34.43871576152742
}