{
  "aor": 0.0002039457831325301,
  "aqi": 0.02074556656626506,
  "bids_meta": {
    "AcquisitionMatrixPE": 106,
    "AcquisitionNumber": 1,
    "AcquisitionTime": "10:36:56.272500",
    "BandwidthPerPixelPhaseEncode": 27.345,
    "BaseResolution": 106,
    "CoilString": "T:HEA;HEP",
    "ConversionSoftware": "dcm2niix",
    "ConversionSoftwareVersion": "v1.0.20190720  GCC7.4.0",
    "Dcm2bidsVersion": "2.1.4",
    "DerivedVendorReportedEchoSpacing": 0.000689995,
    "DeviceSerialNumber": "40296",
    "DwellTime": 2.8e-06,
    "EchoTime": 0.023,
    "EffectiveEchoSpacing": 0.000344998,
    "FlipAngle": 90,
    "ImageOrientationPatientDICOM": [
      0.998599,
      0.0517793,
      0.0108895,
      -0.0470927,
      0.963578,
      -0.263247
    ],
    "ImageType": [
      "ORIGINAL",
      "PRIMARY",
      "M",
      "ND",
      "MOSAIC"
    ],
    "ImagingFrequency": 123.197,
    "InPlanePhaseEncodingDirectionDICOM": "COL",
    "InstitutionAddress": "Henri_le_Guilloux_2_Rennes_2A6CA1_District_FR_35000",
    "InstitutionName": "CHU_PONTCHAILLOU",
    "InstitutionalDepartmentName": "Department",
    "Instructions": "When demanded, try to feel the movement of your right arm and hand. When the symbol + is displayed, rest",
    "MRAcquisitionType": "2D",
    "MagneticFieldStrength": 3,
    "Manufacturer": "Siemens",
    "ManufacturersModelName": "Verio",
    "Modality": "MR",
    "ParallelReductionFactorInPlane": 2,
    "PartialFourier": 1,
    "PatientPosition": "HFS",
    "PercentPhaseFOV": 100,
    "PhaseEncodingDirection": "j-",
    "PhaseEncodingSteps": 106,
    "PhaseResolution": 1,
    "PixelBandwidth": 1685,
    "ProcedureStepDescription": "OSS-IRM",
    "ProtocolName": "MI_post_bold_eeg_2X8x20s_TR1s_16_coupes",
    "PulseSequenceDetails": "%SiemensSeq%_ep2d_bold",
    "ReceiveCoilName": "HeadMatrix",
    "ReconMatrixPE": 106,
    "RefLinesPE": 24,
    "RepetitionTime": 1,
    "SAR": 0.0424237,
    "ScanOptions": "FS",
    "ScanningSequence": "EP",
    "SequenceName": "_epfid2d1_106",
    "SequenceVariant": "SK",
    "SeriesDescription": "MI_post_bold_eeg_2X8x20s_TR1s_16_coupes",
    "SeriesNumber": 30,
    "ShimSetting": [
      969,
      13479,
      -6582,
      304,
      -422,
      -665,
      1122,
      48
    ],
    "SliceThickness": 4,
    "SliceTiming": [
      0.5025,
      0,
      0.565,
      0.0625,
      0.6275,
      0.125,
      0.69,
      0.19,
      0.7525,
      0.2525,
      0.815,
      0.315,
      0.8775,
      0.3775,
      0.9425,
      0.44
    ],
    "SoftwareVersions": "syngo_MR_B17",
    "SpacingBetweenSlices": 4,
    "StationName": "MRC40296",
    "TaskName": "MIpost",
    "TotalReadoutTime": 0.0362248,
    "TxRefAmp": 458.895,
    "dataset": "ds002338",
    "modality": "bold",
    "subject_id": "xp205",
    "task_id": "MIpost"
  },
  "dummy_trs": 0,
  "dvars_nstd": 38.68101651280967,
  "dvars_std": 1.0153259617220551,
  "dvars_vstd": 0.9991369496374622,
  "efc": 0.5673313064586831,
  "fber": 434.1065673828125,
  "fd_mean": 0.07240104774023945,
  "fd_num": 0,
  "fd_perc": 0.0,
  "fwhm_avg": 2.317583759186489,
  "fwhm_x": 2.2801509089171756,
  "fwhm_y": 2.719450252225473,
  "fwhm_z": 1.9531501164168188,
  "gcor": 0.0342311,
  "gsr_x": -0.00011554688535397872,
  "gsr_y": 0.029650457203388214,
  "provenance": {
    "md5sum": "76c3e30b496f8765c9de0df3a3ccaa5c",
    "settings": {
      "fd_thres": 0.2,
      "testing": false
    },
    "software": "mriqc",
    "version": "21.0.0rc2",
    "webapi_port": null,
    "webapi_url": "https://mriqc.nimh.nih.gov/api/v1"
  },
  "size_t": 332,
  "size_x": 106,
  "size_y": 106,
  "size_z": 16,
  "snr": 6.575778867330787,
  "spacing_tr": 1.0,
  "spacing_x": 1.9811320304870605,
  "spacing_y": 1.9811320304870605,
  "spacing_z": 3.999999761581421,
  "summary_bg_k": 39.81650726499645,
  "summary_bg_mad": 6.073310905939907,
  "summary_bg_mean": 50.44999694824219,
  "summary_bg_median": 35.19276809692383,
  "summary_bg_n": 103162.0,
  "summary_bg_p05": 29.02108383178711,
  "summary_bg_p95": 132.5810134887695,
  "summary_bg_stdv": 48.533512115478516,
  "summary_fg_k": 1.7353213721812555,
  "summary_fg_mad": 91.4479346233903,
  "summary_fg_mean": 758.483642578125,
  "summary_fg_median": 740.8900146484375,
  "summary_fg_n": 34726.0,
  "summary_fg_p05": 609.1483306884766,
  "summary_fg_p95": 976.3154754638672,
  "summary_fg_stdv": 112.66792297363281,
  "tsnr": 35.261674011242576
}