{
  "aor": 0.00020126506024096383,
  "aqi": 0.021411096686746987,
  "bids_meta": {
    "AcquisitionMatrixPE": 106,
    "AcquisitionNumber": 1,
    "AcquisitionTime": "10:04:39.212500",
    "BandwidthPerPixelPhaseEncode": 27.345,
    "BaseResolution": 106,
    "CoilString": "T:HEA;HEP",
    "ConversionSoftware": "dcm2niix",
    "ConversionSoftwareVersion": "v1.0.20190720  GCC7.4.0",
    "Dcm2bidsVersion": "2.1.4",
    "DerivedVendorReportedEchoSpacing": 0.000689995,
    "DeviceSerialNumber": "40296",
    "DwellTime": 2.8e-06,
    "EchoTime": 0.023,
    "EffectiveEchoSpacing": 0.000344998,
    "FlipAngle": 90,
    "ImageOrientationPatientDICOM": [
      0.998599,
      0.0517793,
      0.0108895,
      -0.0470927,
      0.963578,
      -0.263247
    ],
    "ImageType": [
      "ORIGINAL",
      "PRIMARY",
      "M",
      "ND",
      "MOSAIC"
    ],
    "ImagingFrequency": 123.196,
    "InPlanePhaseEncodingDirectionDICOM": "COL",
    "InstitutionAddress": "Henri_le_Guilloux_2_Rennes_2A6CA1_District_FR_35000",
    "InstitutionName": "CHU_PONTCHAILLOU",
    "InstitutionalDepartmentName": "Department",
    "Instructions": "Try to move up the ball by feeling the movement of your right arm and hand. When the symbol + is displayed, rest",
    "MRAcquisitionType": "2D",
    "MagneticFieldStrength": 3,
    "Manufacturer": "Siemens",
    "ManufacturersModelName": "Verio",
    "Modality": "MR",
    "ParallelReductionFactorInPlane": 2,
    "PartialFourier": 1,
    "PatientPosition": "HFS",
    "PercentPhaseFOV": 100,
    "PhaseEncodingDirection": "j-",
    "PhaseEncodingSteps": 106,
    "PhaseResolution": 1,
    "PixelBandwidth": 1685,
    "ProcedureStepDescription": "OSS-IRM",
    "ProtocolName": "NF1_bold_eeg_2X8x20s_TR1s_16_coupes1",
    "PulseSequenceDetails": "%SiemensSeq%_ep2d_bold",
    "ReceiveCoilName": "HeadMatrix",
    "ReconMatrixPE": 106,
    "RefLinesPE": 24,
    "RepetitionTime": 1,
    "SAR": 0.0424237,
    "ScanOptions": "FS",
    "ScanningSequence": "EP",
    "SequenceName": "_epfid2d1_106",
    "SequenceVariant": "SK",
    "SeriesDescription": "NF1_bold_eeg_2X8x20s_TR1s_16_coupes1",
    "SeriesNumber": 19,
    "ShimSetting": [
      969,
      13479,
      -6582,
      304,
      -422,
      -665,
      1122,
      48
    ],
    "SliceThickness": 4,
    "SliceTiming": [
      0.5025,
      0,
      0.565,
      0.0625,
      0.6275,
      0.125,
      0.69,
      0.1875,
      0.7525,
      0.25,
      0.815,
      0.3125,
      0.8775,
      0.3775,
      0.94,
      0.44
    ],
    "SoftwareVersions": "syngo_MR_B17",
    "SpacingBetweenSlices": 4,
    "StationName": "MRC40296",
    "TaskName": "2dNF",
    "TotalReadoutTime": 0.0362248,
    "TxRefAmp": 458.895,
    "dataset": "ds002338",
    "modality": "bold",
    "run_id": 1,
    "subject_id": "xp205",
    "task_id": "2dNF"
  },
  "dummy_trs": 0,
  "dvars_nstd": 39.85821438688821,
  "dvars_std": 1.0141413397583077,
  "dvars_vstd": 0.9968304666163137,
  "efc": 0.5673242632642982,
  "fber": 413.75018310546875,
  "fd_mean": 0.08248669423718662,
  "fd_num": 4,
  "fd_perc": 1.2048192771084338,
  "fwhm_avg": 2.372920094124575,
  "fwhm_x": 2.345017862771031,
  "fwhm_y": 2.79227730149817,
  "fwhm_z": 1.9814651181045246,
  "gcor": 0.0430905,
  "gsr_x": -0.0005628185463137925,
  "gsr_y": 0.030966797843575478,
  "provenance": {
    "md5sum": "128f888c9d5979b87c3559b9c2992a51",
    "settings": {
      "fd_thres": 0.2,
      "testing": false
    },
    "software": "mriqc",
    "version": "21.0.0rc2",
    "webapi_port": null,
    "webapi_url": "https://mriqc.nimh.nih.gov/api/v1"
  },
  "size_t": 332,
  "size_x": 106,
  "size_y": 106,
  "size_z": 16,
  "snr": 6.350394890181889,
  "spacing_tr": 1.0,
  "spacing_x": 1.9811320304870605,
  "spacing_y": 1.9811320304870605,
  "spacing_z": 3.999999761581421,
  "summary_bg_k": 39.5462206849781,
  "summary_bg_mad": 6.0554446171510765,
  "summary_bg_mean": 50.084571838378906,
  "summary_bg_median": 35.289154052734375,
  "summary_bg_n": 103344.0,
  "summary_bg_p05": 29.183732986450195,
  "summary_bg_p95": 129.53012084960938,
  "summary_bg_stdv": 47.18423080444336,
  "summary_fg_k": 1.7687170456631565,
  "summary_fg_mad": 89.80909993843876,
  "summary_fg_mean": 744.496337890625,
  "summary_fg_median": 724.9969482421875,
  "summary_fg_n": 34507.0,
  "summary_fg_p05": 595.6382202148437,
  "summary_fg_p95": 968.034600830078,
  "summary_fg_stdv": 114.16399383544922,
  "tsnr": 34.00876576034352
}