{
  "aor": 0.00021731927710843372,
  "aqi": 0.02084591656626506,
  "bids_meta": {
    "AcquisitionMatrixPE": 106,
    "AcquisitionNumber": 1,
    "AcquisitionTime": "10:23:37.385000",
    "BandwidthPerPixelPhaseEncode": 27.345,
    "BaseResolution": 106,
    "CoilString": "T:HEA;HEP",
    "ConversionSoftware": "dcm2niix",
    "ConversionSoftwareVersion": "v1.0.20190720  GCC7.4.0",
    "Dcm2bidsVersion": "2.1.4",
    "DerivedVendorReportedEchoSpacing": 0.000689995,
    "DeviceSerialNumber": "40296",
    "DwellTime": 2.8e-06,
    "EchoTime": 0.023,
    "EffectiveEchoSpacing": 0.000344998,
    "FlipAngle": 90,
    "ImageOrientationPatientDICOM": [
      0.998599,
      0.0517793,
      0.0108895,
      -0.0470927,
      0.963578,
      -0.263247
    ],
    "ImageType": [
      "ORIGINAL",
      "PRIMARY",
      "M",
      "ND",
      "MOSAIC"
    ],
    "ImagingFrequency": 123.196,
    "InPlanePhaseEncodingDirectionDICOM": "COL",
    "InstitutionAddress": "Henri_le_Guilloux_2_Rennes_2A6CA1_District_FR_35000",
    "InstitutionName": "CHU_PONTCHAILLOU",
    "InstitutionalDepartmentName": "Department",
    "Instructions": "Try to move up the ball by feeling the movement of your right arm and hand. When the symbol + is displayed, rest",
    "MRAcquisitionType": "2D",
    "MagneticFieldStrength": 3,
    "Manufacturer": "Siemens",
    "ManufacturersModelName": "Verio",
    "Modality": "MR",
    "ParallelReductionFactorInPlane": 2,
    "PartialFourier": 1,
    "PatientPosition": "HFS",
    "PercentPhaseFOV": 100,
    "PhaseEncodingDirection": "j-",
    "PhaseEncodingSteps": 106,
    "PhaseResolution": 1,
    "PixelBandwidth": 1685,
    "ProcedureStepDescription": "OSS-IRM",
    "ProtocolName": "NF3_bold_eeg_2X8x20s_TR1s_16_coupes",
    "PulseSequenceDetails": "%SiemensSeq%_ep2d_bold",
    "ReceiveCoilName": "HeadMatrix",
    "ReconMatrixPE": 106,
    "RefLinesPE": 24,
    "RepetitionTime": 1,
    "SAR": 0.0424237,
    "ScanOptions": "FS",
    "ScanningSequence": "EP",
    "SequenceName": "_epfid2d1_106",
    "SequenceVariant": "SK",
    "SeriesDescription": "NF3_bold_eeg_2X8x20s_TR1s_16_coupes",
    "SeriesNumber": 22,
    "ShimSetting": [
      969,
      13479,
      -6582,
      304,
      -422,
      -665,
      1122,
      48
    ],
    "SliceThickness": 4,
    "SliceTiming": [
      0.5,
      0,
      0.5625,
      0.0625,
      0.6275,
      0.125,
      0.69,
      0.1875,
      0.7525,
      0.25,
      0.815,
      0.3125,
      0.8775,
      0.375,
      0.94,
      0.4375
    ],
    "SoftwareVersions": "syngo_MR_B17",
    "SpacingBetweenSlices": 4,
    "StationName": "MRC40296",
    "TaskName": "2dNF",
    "TotalReadoutTime": 0.0362248,
    "TxRefAmp": 458.895,
    "dataset": "ds002338",
    "modality": "bold",
    "run_id": 3,
    "subject_id": "xp205",
    "task_id": "2dNF"
  },
  "dummy_trs": 0,
  "dvars_nstd": 38.89647446377644,
  "dvars_std": 1.0161212874018128,
  "dvars_vstd": 1.0009155319033236,
  "efc": 0.5671946304162926,
  "fber": 435.5247497558594,
  "fd_mean": 0.08237982309230903,
  "fd_num": 2,
  "fd_perc": 0.6024096385542169,
  "fwhm_avg": 2.2990059171202937,
  "fwhm_x": 2.2708229087053686,
  "fwhm_y": 2.7034947280536543,
  "fwhm_z": 1.9227001146018574,
  "gcor": 0.0272571,
  "gsr_x": -0.0006643662927672267,
  "gsr_y": 0.030112581327557564,
  "provenance": {
    "md5sum": "9aac7648b04aa91409663c02c2c3d455",
    "settings": {
      "fd_thres": 0.2,
      "testing": false
    },
    "software": "mriqc",
    "version": "21.0.0rc2",
    "webapi_port": null,
    "webapi_url": "https://mriqc.nimh.nih.gov/api/v1"
  },
  "size_t": 332,
  "size_x": 106,
  "size_y": 106,
  "size_z": 16,
  "snr": 6.660375273261484,
  "spacing_tr": 1.0,
  "spacing_x": 1.9811320304870605,
  "spacing_y": 1.9811320304870605,
  "spacing_z": 3.999999761581421,
  "summary_bg_k": 41.095399622979464,
  "summary_bg_mad": 5.805370303054424,
  "summary_bg_mean": 50.42906951904297,
  "summary_bg_median": 35.2861442565918,
  "summary_bg_n": 103236.0,
  "summary_bg_p05": 29.451807022094727,
  "summary_bg_p95": 131.51128387451172,
  "summary_bg_stdv": 48.398616790771484,
  "summary_fg_k": 1.7977647361207811,
  "summary_fg_mad": 90.85408836735128,
  "summary_fg_mean": 760.477294921875,
  "summary_fg_median": 743.4367065429688,
  "summary_fg_n": 34635.0,
  "summary_fg_p05": 611.9367126464844,
  "summary_fg_p95": 976.0812927246093,
  "summary_fg_stdv": 111.61923217773438,
  "tsnr": 35.313736449112184
}