{
  "aor": 0.00023873493975903613,
  "aqi": 0.016410171686746987,
  "bids_meta": {
    "AcquisitionMatrixPE": 106,
    "AcquisitionNumber": 1,
    "AcquisitionTime": "16:44:32.610000",
    "BandwidthPerPixelPhaseEncode": 27.345,
    "BaseResolution": 106,
    "CoilString": "T:HEA;HEP",
    "ConversionSoftware": "dcm2niix",
    "ConversionSoftwareVersion": "v1.0.20190720  GCC7.4.0",
    "Dcm2bidsVersion": "2.1.4",
    "DerivedVendorReportedEchoSpacing": 0.000689995,
    "DeviceSerialNumber": "40296",
    "DwellTime": 2.8e-06,
    "EchoTime": 0.023,
    "EffectiveEchoSpacing": 0.000344998,
    "FlipAngle": 90,
    "ImageOrientationPatientDICOM": [
      0.999919,
      0.00755873,
      -0.0102477,
      -0.0104716,
      0.946003,
      -0.32399
    ],
    "ImageType": [
      "ORIGINAL",
      "PRIMARY",
      "M",
      "ND",
      "MOSAIC"
    ],
    "ImagingFrequency": 123.197,
    "InPlanePhaseEncodingDirectionDICOM": "COL",
    "InstitutionAddress": "Henri_le_Guilloux_2_Rennes_2A6CA1_District_FR_35000",
    "InstitutionName": "CHU_PONTCHAILLOU",
    "InstitutionalDepartmentName": "Department",
    "Instructions": "Try to move up the ball by feeling the movement of your right arm and hand. When the symbol + is displayed, rest",
    "MRAcquisitionType": "2D",
    "MagneticFieldStrength": 3,
    "Manufacturer": "Siemens",
    "ManufacturersModelName": "Verio",
    "Modality": "MR",
    "ParallelReductionFactorInPlane": 2,
    "PartialFourier": 1,
    "PatientPosition": "HFS",
    "PercentPhaseFOV": 100,
    "PhaseEncodingDirection": "j-",
    "PhaseEncodingSteps": 106,
    "PhaseResolution": 1,
    "PixelBandwidth": 1685,
    "ProcedureStepDescription": "OSS-IRM",
    "ProtocolName": "NF2_bold_eeg_2X8x20s_TR1s_16_coupes",
    "PulseSequenceDetails": "%SiemensSeq%_ep2d_bold",
    "ReceiveCoilName": "HeadMatrix",
    "ReconMatrixPE": 106,
    "RefLinesPE": 24,
    "RepetitionTime": 1,
    "SAR": 0.0517066,
    "ScanOptions": "FS",
    "ScanningSequence": "EP",
    "SequenceName": "_epfid2d1_106",
    "SequenceVariant": "SK",
    "SeriesDescription": "NF2_bold_eeg_2X8x20s_TR1s_16_coupes",
    "SeriesNumber": 25,
    "ShimSetting": [
      984,
      13455,
      -6658,
      276,
      -379,
      -1017,
      502,
      304
    ],
    "SliceThickness": 4,
    "SliceTiming": [
      0.5,
      0,
      0.5625,
      0.0625,
      0.625,
      0.125,
      0.69,
      0.1875,
      0.7525,
      0.25,
      0.815,
      0.3125,
      0.8775,
      0.375,
      0.94,
      0.4375
    ],
    "SoftwareVersions": "syngo_MR_B17",
    "SpacingBetweenSlices": 4,
    "StationName": "MRC40296",
    "TaskName": "2dNF",
    "TotalReadoutTime": 0.0362248,
    "TxRefAmp": 449.332,
    "dataset": "ds002338",
    "modality": "bold",
    "run_id": 2,
    "subject_id": "xp221",
    "task_id": "2dNF"
  },
  "dummy_trs": 0,
  "dvars_nstd": 37.95507005764352,
  "dvars_std": 0.998338080362537,
  "dvars_vstd": 0.9933551183685811,
  "efc": 0.5777108810595654,
  "fber": 359.0774230957031,
  "fd_mean": 0.10035014944324433,
  "fd_num": 2,
  "fd_perc": 0.6024096385542169,
  "fwhm_avg": 2.4863321116146193,
  "fwhm_x": 2.426637864624338,
  "fwhm_y": 2.8827659702195207,
  "fwhm_z": 2.1495925,
  "gcor": 0.0565934,
  "gsr_x": -0.005643226206302643,
  "gsr_y": 0.0307155754417181,
  "provenance": {
    "md5sum": "6f2fa7893d696267ea286532ffeac76b",
    "settings": {
      "fd_thres": 0.2,
      "testing": false
    },
    "software": "mriqc",
    "version": "21.0.0rc2",
    "webapi_port": null,
    "webapi_url": "https://mriqc.nimh.nih.gov/api/v1"
  },
  "size_t": 332,
  "size_x": 106,
  "size_y": 106,
  "size_z": 16,
  "snr": 5.684247009139941,
  "spacing_tr": 1.0,
  "spacing_x": 1.9811320304870605,
  "spacing_y": 1.9811320304870605,
  "spacing_z": 4.0,
  "summary_bg_k": 23.64734621076706,
  "summary_bg_mad": 6.774417107176811,
  "summary_bg_mean": 57.75653839111328,
  "summary_bg_median": 38.34035873413086,
  "summary_bg_n": 103439.0,
  "summary_bg_p05": 31.06626319885254,
  "summary_bg_p95": 172.7737945556633,
  "summary_bg_stdv": 58.96475601196289,
  "summary_fg_k": 1.0370154887074365,
  "summary_fg_mad": 107.71416405994935,
  "summary_fg_mean": 751.0322875976562,
  "summary_fg_median": 731.66259765625,
  "summary_fg_n": 34508.0,
  "summary_fg_p05": 573.7880828857421,
  "summary_fg_p95": 996.0156097412109,
  "summary_fg_stdv": 128.71572875976562,
  "tsnr": 34.061348251998425
}