{
  "aor": 0.00017843373493975904,
  "aqi": 0.015195612048192773,
  "bids_meta": {
    "AcquisitionMatrixPE": 106,
    "AcquisitionNumber": 1,
    "AcquisitionTime": "17:04:56.092500",
    "BandwidthPerPixelPhaseEncode": 27.345,
    "BaseResolution": 106,
    "CoilString": "T:HEA;HEP",
    "ConversionSoftware": "dcm2niix",
    "ConversionSoftwareVersion": "v1.0.20190720  GCC7.4.0",
    "Dcm2bidsVersion": "2.1.4",
    "DerivedVendorReportedEchoSpacing": 0.000689995,
    "DeviceSerialNumber": "40296",
    "DwellTime": 2.8e-06,
    "EchoTime": 0.023,
    "EffectiveEchoSpacing": 0.000344998,
    "FlipAngle": 90,
    "ImageOrientationPatientDICOM": [
      0.999919,
      0.00755873,
      -0.0102477,
      -0.0104716,
      0.946003,
      -0.32399
    ],
    "ImageType": [
      "ORIGINAL",
      "PRIMARY",
      "M",
      "ND",
      "MOSAIC"
    ],
    "ImagingFrequency": 123.197,
    "InPlanePhaseEncodingDirectionDICOM": "COL",
    "InstitutionAddress": "Henri_le_Guilloux_2_Rennes_2A6CA1_District_FR_35000",
    "InstitutionName": "CHU_PONTCHAILLOU",
    "InstitutionalDepartmentName": "Department",
    "Instructions": "When demanded, try to feel the movement of your right arm and hand. When the symbol + is displayed, rest",
    "MRAcquisitionType": "2D",
    "MagneticFieldStrength": 3,
    "Manufacturer": "Siemens",
    "ManufacturersModelName": "Verio",
    "Modality": "MR",
    "ParallelReductionFactorInPlane": 2,
    "PartialFourier": 1,
    "PatientPosition": "HFS",
    "PercentPhaseFOV": 100,
    "PhaseEncodingDirection": "j-",
    "PhaseEncodingSteps": 106,
    "PhaseResolution": 1,
    "PixelBandwidth": 1685,
    "ProcedureStepDescription": "OSS-IRM",
    "ProtocolName": "MI_post_bold_eeg_2X8x20s_TR1s_16_coupes",
    "PulseSequenceDetails": "%SiemensSeq%_ep2d_bold",
    "ReceiveCoilName": "HeadMatrix",
    "ReconMatrixPE": 106,
    "RefLinesPE": 24,
    "RepetitionTime": 1,
    "SAR": 0.0517066,
    "ScanOptions": "FS",
    "ScanningSequence": "EP",
    "SequenceName": "_epfid2d1_106",
    "SequenceVariant": "SK",
    "SeriesDescription": "MI_post_bold_eeg_2X8x20s_TR1s_16_coupes",
    "SeriesNumber": 34,
    "ShimSetting": [
      984,
      13455,
      -6658,
      276,
      -379,
      -1017,
      502,
      304
    ],
    "SliceThickness": 4,
    "SliceTiming": [
      0.5025,
      0,
      0.565,
      0.0625,
      0.6275,
      0.125,
      0.69,
      0.1875,
      0.7525,
      0.2525,
      0.815,
      0.315,
      0.8775,
      0.3775,
      0.9425,
      0.44
    ],
    "SoftwareVersions": "syngo_MR_B17",
    "SpacingBetweenSlices": 4,
    "StationName": "MRC40296",
    "TaskName": "MIpost",
    "TotalReadoutTime": 0.0362248,
    "TxRefAmp": 449.332,
    "dataset": "ds002338",
    "modality": "bold",
    "subject_id": "xp221",
    "task_id": "MIpost"
  },
  "dummy_trs": 0,
  "dvars_nstd": 37.079322284773404,
  "dvars_std": 0.9994892464350448,
  "dvars_vstd": 0.9948942905740175,
  "efc": 0.5773677632790514,
  "fber": 380.04290771484375,
  "fd_mean": 0.09776608786793534,
  "fd_num": 3,
  "fd_perc": 0.9036144578313253,
  "fwhm_avg": 2.4900218418649644,
  "fwhm_x": 2.405786149865154,
  "fwhm_y": 2.91572187572974,
  "fwhm_z": 2.1485575,
  "gcor": 0.0697102,
  "gsr_x": -0.006259147077798843,
  "gsr_y": 0.031220929697155952,
  "provenance": {
    "md5sum": "0bf97d820098e4b5790f13bb3934feb0",
    "settings": {
      "fd_thres": 0.2,
      "testing": false
    },
    "software": "mriqc",
    "version": "21.0.0rc2",
    "webapi_port": null,
    "webapi_url": "https://mriqc.nimh.nih.gov/api/v1"
  },
  "size_t": 332,
  "size_x": 106,
  "size_y": 106,
  "size_z": 16,
  "snr": 5.7732521768021385,
  "spacing_tr": 1.0,
  "spacing_x": 1.9811320304870605,
  "spacing_y": 1.9811320304870605,
  "spacing_z": 4.0,
  "summary_bg_k": 23.31203934582739,
  "summary_bg_mad": 5.841094397114142,
  "summary_bg_mean": 58.33885192871094,
  "summary_bg_median": 37.888553619384766,
  "summary_bg_n": 103376.0,
  "summary_bg_p05": 31.765058517456055,
  "summary_bg_p95": 178.46836471557617,
  "summary_bg_stdv": 60.77198028564453,
  "summary_fg_k": 1.0160439467916484,
  "summary_fg_mad": 108.24787914080544,
  "summary_fg_mean": 762.6589965820312,
  "summary_fg_median": 742.867431640625,
  "summary_fg_n": 34547.0,
  "summary_fg_p05": 585.2204650878906,
  "summary_fg_p95": 1006.1857971191405,
  "summary_fg_stdv": 128.67213439941406,
  "tsnr": 35.48102302546613
}