{
  "aor": 0.0008270180722891568,
  "aqi": 0.01690650361445783,
  "bids_meta": {
    "AcquisitionMatrixPE": 106,
    "AcquisitionNumber": 1,
    "AcquisitionTime": "16:30:34.210000",
    "BandwidthPerPixelPhaseEncode": 27.345,
    "BaseResolution": 106,
    "CoilString": "T:HEA;HEP",
    "ConversionSoftware": "dcm2niix",
    "ConversionSoftwareVersion": "v1.0.20190720  GCC7.4.0",
    "Dcm2bidsVersion": "2.1.4",
    "DerivedVendorReportedEchoSpacing": 0.000689995,
    "DeviceSerialNumber": "40296",
    "DwellTime": 2.8e-06,
    "EchoTime": 0.023,
    "EffectiveEchoSpacing": 0.000344998,
    "FlipAngle": 90,
    "ImageOrientationPatientDICOM": [
      0.999919,
      0.00755873,
      -0.0102477,
      -0.0104716,
      0.946003,
      -0.32399
    ],
    "ImageType": [
      "ORIGINAL",
      "PRIMARY",
      "M",
      "ND",
      "MOSAIC"
    ],
    "ImagingFrequency": 123.197,
    "InPlanePhaseEncodingDirectionDICOM": "COL",
    "InstitutionAddress": "Henri_le_Guilloux_2_Rennes_2A6CA1_District_FR_35000",
    "InstitutionName": "CHU_PONTCHAILLOU",
    "InstitutionalDepartmentName": "Department",
    "Instructions": "Try to move up the ball by feeling the movement of your right arm and hand. When the symbol + is displayed, rest",
    "MRAcquisitionType": "2D",
    "MagneticFieldStrength": 3,
    "Manufacturer": "Siemens",
    "ManufacturersModelName": "Verio",
    "Modality": "MR",
    "ParallelReductionFactorInPlane": 2,
    "PartialFourier": 1,
    "PatientPosition": "HFS",
    "PercentPhaseFOV": 100,
    "PhaseEncodingDirection": "j-",
    "PhaseEncodingSteps": 106,
    "PhaseResolution": 1,
    "PixelBandwidth": 1685,
    "ProcedureStepDescription": "OSS-IRM",
    "ProtocolName": "NF1_bold_eeg_2X8x20s_TR1s_16_coupes",
    "PulseSequenceDetails": "%SiemensSeq%_ep2d_bold",
    "ReceiveCoilName": "HeadMatrix",
    "ReconMatrixPE": 106,
    "RefLinesPE": 24,
    "RepetitionTime": 1,
    "SAR": 0.0517066,
    "ScanOptions": "FS",
    "ScanningSequence": "EP",
    "SequenceName": "_epfid2d1_106",
    "SequenceVariant": "SK",
    "SeriesDescription": "NF1_bold_eeg_2X8x20s_TR1s_16_coupes",
    "SeriesNumber": 24,
    "ShimSetting": [
      984,
      13455,
      -6658,
      276,
      -379,
      -1017,
      502,
      304
    ],
    "SliceThickness": 4,
    "SliceTiming": [
      0.5025,
      0,
      0.565,
      0.0625,
      0.6275,
      0.1275,
      0.69,
      0.19,
      0.7525,
      0.2525,
      0.8175,
      0.315,
      0.88,
      0.3775,
      0.9425,
      0.44
    ],
    "SoftwareVersions": "syngo_MR_B17",
    "SpacingBetweenSlices": 4,
    "StationName": "MRC40296",
    "TaskName": "2dNF",
    "TotalReadoutTime": 0.0362248,
    "TxRefAmp": 449.332,
    "dataset": "ds002338",
    "modality": "bold",
    "run_id": 1,
    "subject_id": "xp221",
    "task_id": "2dNF"
  },
  "dummy_trs": 0,
  "dvars_nstd": 39.090265176253794,
  "dvars_std": 1.0054012226586109,
  "dvars_vstd": 1.0001767526888217,
  "efc": 0.5783151681021407,
  "fber": 347.69293212890625,
  "fd_mean": 0.10052865751727105,
  "fd_num": 15,
  "fd_perc": 4.518072289156627,
  "fwhm_avg": 2.48661514337196,
  "fwhm_x": 2.429171769443779,
  "fwhm_y": 2.8817261606721005,
  "fwhm_z": 2.1489475,
  "gcor": 0.0749095,
  "gsr_x": -0.0060554491356015205,
  "gsr_y": 0.030650652945041656,
  "provenance": {
    "md5sum": "44d17ca7414664c6ac76fe1b1fe7d138",
    "settings": {
      "fd_thres": 0.2,
      "testing": false
    },
    "software": "mriqc",
    "version": "21.0.0rc2",
    "webapi_port": null,
    "webapi_url": "https://mriqc.nimh.nih.gov/api/v1"
  },
  "size_t": 332,
  "size_x": 106,
  "size_y": 106,
  "size_z": 16,
  "snr": 5.654260639035297,
  "spacing_tr": 1.0,
  "spacing_x": 1.9811320304870605,
  "spacing_y": 1.9811320304870605,
  "spacing_z": 4.0,
  "summary_bg_k": 24.10744269597285,
  "summary_bg_mad": 6.149227080176208,
  "summary_bg_mean": 57.62820053100586,
  "summary_bg_median": 38.61445617675781,
  "summary_bg_n": 103524.0,
  "summary_bg_p05": 31.96385383605957,
  "summary_bg_p95": 169.68192291259754,
  "summary_bg_stdv": 57.647216796875,
  "summary_fg_k": 1.0157179200433557,
  "summary_fg_mad": 107.22967600587958,
  "summary_fg_mean": 744.5963134765625,
  "summary_fg_median": 725.3644409179688,
  "summary_fg_n": 34451.0,
  "summary_fg_p05": 567.9035949707031,
  "summary_fg_p95": 988.456298828125,
  "summary_fg_stdv": 128.28448486328125,
  "tsnr": 32.511208551353775
}