{
  "aor": 0.00018162650602409638,
  "aqi": 0.01397687891566265,
  "bids_meta": {
    "AcquisitionMatrixPE": 106,
    "AcquisitionNumber": 1,
    "AcquisitionTime": "16:03:41.947500",
    "BandwidthPerPixelPhaseEncode": 27.345,
    "BaseResolution": 106,
    "CoilString": "T:HEA;HEP",
    "ConversionSoftware": "dcm2niix",
    "ConversionSoftwareVersion": "v1.0.20190720  GCC7.4.0",
    "Dcm2bidsVersion": "2.1.4",
    "DerivedVendorReportedEchoSpacing": 0.000689995,
    "DeviceSerialNumber": "40296",
    "DwellTime": 2.8e-06,
    "EchoTime": 0.023,
    "EffectiveEchoSpacing": 0.000344998,
    "FlipAngle": 90,
    "ImageOrientationPatientDICOM": [
      0.999919,
      0.00755873,
      -0.0102477,
      -0.0104716,
      0.946003,
      -0.32399
    ],
    "ImageType": [
      "ORIGINAL",
      "PRIMARY",
      "FMRI",
      "NONE",
      "ND",
      "MOSAIC"
    ],
    "ImagingFrequency": 123.197,
    "InPlanePhaseEncodingDirectionDICOM": "COL",
    "InstitutionAddress": "Henri_le_Guilloux_2_Rennes_2A6CA1_District_FR_35000",
    "InstitutionName": "CHU_PONTCHAILLOU",
    "InstitutionalDepartmentName": "Department",
    "Instructions": "When demanded, try to feel the movement of your right arm and hand. When the symbol + is displayed, rest",
    "MRAcquisitionType": "2D",
    "MagneticFieldStrength": 3,
    "Manufacturer": "Siemens",
    "ManufacturersModelName": "Verio",
    "Modality": "MR",
    "ParallelReductionFactorInPlane": 2,
    "PartialFourier": 1,
    "PatientPosition": "HFS",
    "PercentPhaseFOV": 100,
    "PhaseEncodingDirection": "j-",
    "PhaseEncodingSteps": 106,
    "PhaseResolution": 1,
    "PixelBandwidth": 1685,
    "ProcedureStepDescription": "OSS-IRM",
    "ProtocolName": "MI_pre_bold_eeg_2X8x20s_avec_GLM_TR1s_16_coupes",
    "PulseSequenceDetails": "%SiemensSeq%_ep2d_bold",
    "ReceiveCoilName": "HeadMatrix",
    "ReconMatrixPE": 106,
    "RefLinesPE": 24,
    "RepetitionTime": 1,
    "SAR": 0.0517066,
    "ScanOptions": "FS",
    "ScanningSequence": "EP",
    "SequenceName": "_epfid2d1_106",
    "SequenceVariant": "SK",
    "SeriesDescription": "MI_pre_bold_eeg_2X8x20s_avec_GLM_TR1s_16_coupes",
    "SeriesNumber": 9,
    "ShimSetting": [
      934,
      13428,
      -6595,
      365,
      -793,
      -1021,
      373,
      -81
    ],
    "SliceThickness": 4,
    "SliceTiming": [
      0.5025,
      0,
      0.565,
      0.0625,
      0.6275,
      0.125,
      0.69,
      0.19,
      0.7525,
      0.2525,
      0.815,
      0.315,
      0.88,
      0.3775,
      0.9425,
      0.44
    ],
    "SoftwareVersions": "syngo_MR_B17",
    "SpacingBetweenSlices": 4,
    "StationName": "MRC40296",
    "TaskName": "MIpre",
    "TotalReadoutTime": 0.0362248,
    "TxRefAmp": 449.332,
    "dataset": "ds002338",
    "modality": "bold",
    "subject_id": "xp221",
    "task_id": "MIpre"
  },
  "dummy_trs": 0,
  "dvars_nstd": 38.18154335616309,
  "dvars_std": 0.9994426647129908,
  "dvars_vstd": 0.9928044759818733,
  "efc": 0.5853156750185012,
  "fber": 334.5579528808594,
  "fd_mean": 0.10356330755949092,
  "fd_num": 4,
  "fd_perc": 1.2048192771084338,
  "fwhm_avg": 2.5978806849813125,
  "fwhm_x": 2.517449580972072,
  "fwhm_y": 3.048019973971866,
  "fwhm_z": 2.2281725,
  "gcor": 0.104616,
  "gsr_x": -0.006874296348541975,
  "gsr_y": 0.03250516206026077,
  "provenance": {
    "md5sum": "61243b2c0f2bad8bdf660ea679961a41",
    "settings": {
      "fd_thres": 0.2,
      "testing": false
    },
    "software": "mriqc",
    "version": "21.0.0rc2",
    "webapi_port": null,
    "webapi_url": "https://mriqc.nimh.nih.gov/api/v1"
  },
  "size_t": 332,
  "size_x": 106,
  "size_y": 106,
  "size_z": 16,
  "snr": 5.419265715305816,
  "spacing_tr": 1.0,
  "spacing_x": 1.9811320304870605,
  "spacing_y": 1.9811320304870605,
  "spacing_z": 4.0,
  "summary_bg_k": 25.12635777383081,
  "summary_bg_mad": 5.7562479063227405,
  "summary_bg_mean": 57.94961166381836,
  "summary_bg_median": 38.698795318603516,
  "summary_bg_n": 102159.0,
  "summary_bg_p05": 32.5933723449707,
  "summary_bg_p95": 169.55209808349602,
  "summary_bg_stdv": 57.906490325927734,
  "summary_fg_k": 0.8066445184308497,
  "summary_fg_mad": 111.93868452319549,
  "summary_fg_mean": 730.7770385742188,
  "summary_fg_median": 711.8192138671875,
  "summary_fg_n": 35742.0,
  "summary_fg_p05": 545.7047943115234,
  "summary_fg_p95": 980.7201293945311,
  "summary_fg_stdv": 131.34791564941406,
  "tsnr": 33.58242583030369
}