{
  "aor": 0.0001907831325301205,
  "aqi": 0.01459137018072289,
  "bids_meta": {
    "AcquisitionMatrixPE": 106,
    "AcquisitionNumber": 1,
    "AcquisitionTime": "16:51:51.155000",
    "BandwidthPerPixelPhaseEncode": 27.345,
    "BaseResolution": 106,
    "CoilString": "T:HEA;HEP",
    "ConversionSoftware": "dcm2niix",
    "ConversionSoftwareVersion": "v1.0.20190720  GCC7.4.0",
    "Dcm2bidsVersion": "2.1.4",
    "DerivedVendorReportedEchoSpacing": 0.000689995,
    "DeviceSerialNumber": "40296",
    "DwellTime": 2.8e-06,
    "EchoTime": 0.023,
    "EffectiveEchoSpacing": 0.000344998,
    "FlipAngle": 90,
    "ImageOrientationPatientDICOM": [
      0.999919,
      0.00755873,
      -0.0102477,
      -0.0104716,
      0.946003,
      -0.32399
    ],
    "ImageType": [
      "ORIGINAL",
      "PRIMARY",
      "M",
      "ND",
      "MOSAIC"
    ],
    "ImagingFrequency": 123.197,
    "InPlanePhaseEncodingDirectionDICOM": "COL",
    "InstitutionAddress": "Henri_le_Guilloux_2_Rennes_2A6CA1_District_FR_35000",
    "InstitutionName": "CHU_PONTCHAILLOU",
    "InstitutionalDepartmentName": "Department",
    "Instructions": "Try to move up the ball by feeling the movement of your right arm and hand. When the symbol + is displayed, rest",
    "MRAcquisitionType": "2D",
    "MagneticFieldStrength": 3,
    "Manufacturer": "Siemens",
    "ManufacturersModelName": "Verio",
    "Modality": "MR",
    "ParallelReductionFactorInPlane": 2,
    "PartialFourier": 1,
    "PatientPosition": "HFS",
    "PercentPhaseFOV": 100,
    "PhaseEncodingDirection": "j-",
    "PhaseEncodingSteps": 106,
    "PhaseResolution": 1,
    "PixelBandwidth": 1685,
    "ProcedureStepDescription": "OSS-IRM",
    "ProtocolName": "NF3_bold_eeg_2X8x20s_TR1s_16_coupes",
    "PulseSequenceDetails": "%SiemensSeq%_ep2d_bold",
    "ReceiveCoilName": "HeadMatrix",
    "ReconMatrixPE": 106,
    "RefLinesPE": 24,
    "RepetitionTime": 1,
    "SAR": 0.0517066,
    "ScanOptions": "FS",
    "ScanningSequence": "EP",
    "SequenceName": "_epfid2d1_106",
    "SequenceVariant": "SK",
    "SeriesDescription": "NF3_bold_eeg_2X8x20s_TR1s_16_coupes",
    "SeriesNumber": 26,
    "ShimSetting": [
      984,
      13455,
      -6658,
      276,
      -379,
      -1017,
      502,
      304
    ],
    "SliceThickness": 4,
    "SliceTiming": [
      0.5025,
      0,
      0.565,
      0.0625,
      0.6275,
      0.125,
      0.69,
      0.1875,
      0.7525,
      0.25,
      0.815,
      0.3125,
      0.8775,
      0.375,
      0.94,
      0.44
    ],
    "SoftwareVersions": "syngo_MR_B17",
    "SpacingBetweenSlices": 4,
    "StationName": "MRC40296",
    "TaskName": "2dNF",
    "TotalReadoutTime": 0.0362248,
    "TxRefAmp": 449.332,
    "dataset": "ds002338",
    "modality": "bold",
    "run_id": 3,
    "subject_id": "xp221",
    "task_id": "2dNF"
  },
  "dummy_trs": 0,
  "dvars_nstd": 36.795770766102734,
  "dvars_std": 1.0018784885800607,
  "dvars_vstd": 0.9973365689728096,
  "efc": 0.5786846978615986,
  "fber": 376.8666687011719,
  "fd_mean": 0.09352809836759404,
  "fd_num": 3,
  "fd_perc": 0.9036144578313253,
  "fwhm_avg": 2.4906135958113658,
  "fwhm_x": 2.4293030075419977,
  "fwhm_y": 2.889317779892099,
  "fwhm_z": 2.15322,
  "gcor": 0.0583815,
  "gsr_x": -0.0066879927180707455,
  "gsr_y": 0.03192085027694702,
  "provenance": {
    "md5sum": "0857b8756667fac961f72ea8ab614fb9",
    "settings": {
      "fd_thres": 0.2,
      "testing": false
    },
    "software": "mriqc",
    "version": "21.0.0rc2",
    "webapi_port": null,
    "webapi_url": "https://mriqc.nimh.nih.gov/api/v1"
  },
  "size_t": 332,
  "size_x": 106,
  "size_y": 106,
  "size_z": 16,
  "snr": 5.748474281606867,
  "spacing_tr": 1.0,
  "spacing_x": 1.9811320304870605,
  "spacing_y": 1.9811320304870605,
  "spacing_z": 4.0,
  "summary_bg_k": 23.28718992643696,
  "summary_bg_mad": 6.135828777504242,
  "summary_bg_mean": 58.17977523803711,
  "summary_bg_median": 37.92469787597656,
  "summary_bg_n": 103036.0,
  "summary_bg_p05": 31.454818725585938,
  "summary_bg_p95": 177.29668426513672,
  "summary_bg_stdv": 60.3841438293457,
  "summary_fg_k": 1.054466878633976,
  "summary_fg_mad": 107.03312986216656,
  "summary_fg_mean": 762.954345703125,
  "summary_fg_median": 742.1189575195312,
  "summary_fg_n": 34912.0,
  "summary_fg_p05": 585.6923065185547,
  "summary_fg_p95": 1009.4353698730467,
  "summary_fg_stdv": 129.09657287597656,
  "tsnr": 36.248859679326415
}