{
  "aor": 0.0009082831325301206,
  "aqi": 0.01478118343373494,
  "bids_meta": {
    "AcquisitionMatrixPE": 106,
    "AcquisitionNumber": 1,
    "AcquisitionTime": "14:33:45.322500",
    "BandwidthPerPixelPhaseEncode": 27.345,
    "BaseResolution": 106,
    "CoilString": "T:HEA;HEP",
    "ConversionSoftware": "dcm2niix",
    "ConversionSoftwareVersion": "v1.0.20190720  GCC7.4.0",
    "Dcm2bidsVersion": "2.1.4",
    "DerivedVendorReportedEchoSpacing": 0.000689995,
    "DeviceSerialNumber": "40296",
    "DwellTime": 2.8e-06,
    "EchoTime": 0.023,
    "EffectiveEchoSpacing": 0.000344998,
    "FlipAngle": 90,
    "ImageOrientationPatientDICOM": [
      0.998748,
      -0.00957986,
      0.049107,
      0.0296421,
      0.903995,
      -0.426515
    ],
    "ImageType": [
      "ORIGINAL",
      "PRIMARY",
      "FMRI",
      "NONE",
      "ND",
      "MOSAIC"
    ],
    "ImagingFrequency": 123.196,
    "InPlanePhaseEncodingDirectionDICOM": "COL",
    "InstitutionAddress": "Henri_le_Guilloux_2_Rennes_2A6CA1_District_FR_35000",
    "InstitutionName": "CHU_PONTCHAILLOU",
    "InstitutionalDepartmentName": "Department",
    "Instructions": "When demanded, try to feel the movement of your right arm and hand. When the symbol + is displayed, rest",
    "MRAcquisitionType": "2D",
    "MagneticFieldStrength": 3,
    "Manufacturer": "Siemens",
    "ManufacturersModelName": "Verio",
    "Modality": "MR",
    "ParallelReductionFactorInPlane": 2,
    "PartialFourier": 1,
    "PatientPosition": "HFS",
    "PercentPhaseFOV": 100,
    "PhaseEncodingDirection": "j-",
    "PhaseEncodingSteps": 106,
    "PhaseResolution": 1,
    "PixelBandwidth": 1685,
    "ProcedureStepDescription": "OSS-IRM",
    "ProtocolName": "MI_pre_bold_eeg_2X8x20s_avec_GLM_TR1s_16_coupes",
    "PulseSequenceDetails": "%SiemensSeq%_ep2d_bold",
    "ReceiveCoilName": "HeadMatrix",
    "ReconMatrixPE": 106,
    "RefLinesPE": 24,
    "RepetitionTime": 1,
    "SAR": 0.0434249,
    "ScanOptions": "FS",
    "ScanningSequence": "EP",
    "SequenceName": "_epfid2d1_106",
    "SequenceVariant": "SK",
    "SeriesDescription": "MI_pre_bold_eeg_2X8x20s_avec_GLM_TR1s_16_coupes",
    "SeriesNumber": 3,
    "ShimSetting": [
      1007,
      13492,
      -6521,
      408,
      -467,
      -661,
      716,
      -368
    ],
    "SliceThickness": 4,
    "SliceTiming": [
      0.5025,
      0,
      0.565,
      0.0625,
      0.6275,
      0.125,
      0.69,
      0.1875,
      0.7525,
      0.25,
      0.815,
      0.3125,
      0.8775,
      0.375,
      0.94,
      0.4375
    ],
    "SoftwareVersions": "syngo_MR_B17",
    "SpacingBetweenSlices": 4,
    "StationName": "MRC40296",
    "TaskName": "MIpre",
    "TotalReadoutTime": 0.0362248,
    "TxRefAmp": 463.966,
    "dataset": "ds002338",
    "modality": "bold",
    "subject_id": "xp220",
    "task_id": "MIpre"
  },
  "dummy_trs": 0,
  "dvars_nstd": 39.19388607972808,
  "dvars_std": 1.0131334942900294,
  "dvars_vstd": 1.0057411646223564,
  "efc": 0.5789010857323333,
  "fber": 383.2740783691406,
  "fd_mean": 0.1284959073358021,
  "fd_num": 23,
  "fd_perc": 6.927710843373494,
  "fwhm_avg": 2.62790693165589,
  "fwhm_x": 2.5844971063040125,
  "fwhm_y": 3.0659036886636573,
  "fwhm_z": 2.23332,
  "gcor": 0.123318,
  "gsr_x": 0.001697096275165677,
  "gsr_y": 0.029254203662276268,
  "provenance": {
    "md5sum": "1e64a9bcc9b63cb4e66d9fc8c4bb47b6",
    "settings": {
      "fd_thres": 0.2,
      "testing": false
    },
    "software": "mriqc",
    "version": "21.0.0rc2",
    "webapi_port": null,
    "webapi_url": "https://mriqc.nimh.nih.gov/api/v1"
  },
  "size_t": 332,
  "size_x": 106,
  "size_y": 106,
  "size_z": 16,
  "snr": 5.207793215102363,
  "spacing_tr": 1.0,
  "spacing_x": 1.9811320304870605,
  "spacing_y": 1.9811320304870605,
  "spacing_z": 4.0,
  "summary_bg_k": 26.31625732573279,
  "summary_bg_mad": 5.5017056061092235,
  "summary_bg_mean": 52.33517837524414,
  "summary_bg_median": 34.448795318603516,
  "summary_bg_n": 102083.0,
  "summary_bg_p05": 28.90060043334961,
  "summary_bg_p95": 152.02379150390624,
  "summary_bg_stdv": 54.353973388671875,
  "summary_fg_k": 0.5022094589873589,
  "summary_fg_mad": 117.75973519524867,
  "summary_fg_mean": 701.150634765625,
  "summary_fg_median": 683.1385498046875,
  "summary_fg_n": 36193.0,
  "summary_fg_p05": 515.2771118164062,
  "summary_fg_p95": 944.5776611328125,
  "summary_fg_stdv": 131.1743927001953,
  "tsnr": 31.122218464384787
}