{
  "aor": 0.0006733232628398792,
  "aqi": 0.015973633232628397,
  "bids_meta": {
    "AcquisitionMatrixPE": 106,
    "AcquisitionNumber": 1,
    "AcquisitionTime": "14:55:47.802500",
    "BandwidthPerPixelPhaseEncode": 27.345,
    "BaseResolution": 106,
    "CoilString": "T:HEA;HEP",
    "ConversionSoftware": "dcm2niix",
    "ConversionSoftwareVersion": "v1.0.20190720  GCC7.4.0",
    "Dcm2bidsVersion": "2.1.4",
    "DerivedVendorReportedEchoSpacing": 0.000689995,
    "DeviceSerialNumber": "40296",
    "DwellTime": 2.8e-06,
    "EchoTime": 0.023,
    "EffectiveEchoSpacing": 0.000344998,
    "FlipAngle": 90,
    "ImageOrientationPatientDICOM": [
      0.998748,
      -0.00957986,
      0.049107,
      0.0296421,
      0.903995,
      -0.426515
    ],
    "ImageType": [
      "ORIGINAL",
      "PRIMARY",
      "M",
      "ND",
      "MOSAIC"
    ],
    "ImagingFrequency": 123.196,
    "InPlanePhaseEncodingDirectionDICOM": "COL",
    "InstitutionAddress": "Henri_le_Guilloux_2_Rennes_2A6CA1_District_FR_35000",
    "InstitutionName": "CHU_PONTCHAILLOU",
    "InstitutionalDepartmentName": "Department",
    "Instructions": "Try to move up the ball by feeling the movement of your right arm and hand. When the symbol + is displayed, rest",
    "MRAcquisitionType": "2D",
    "MagneticFieldStrength": 3,
    "Manufacturer": "Siemens",
    "ManufacturersModelName": "Verio",
    "Modality": "MR",
    "ParallelReductionFactorInPlane": 2,
    "PartialFourier": 1,
    "PatientPosition": "HFS",
    "PercentPhaseFOV": 100,
    "PhaseEncodingDirection": "j-",
    "PhaseEncodingSteps": 106,
    "PhaseResolution": 1,
    "PixelBandwidth": 1685,
    "ProcedureStepDescription": "OSS-IRM",
    "ProtocolName": "NF1_bold_eeg_2X8x20s_TR1s_16_coupes",
    "PulseSequenceDetails": "%SiemensSeq%_ep2d_bold",
    "ReceiveCoilName": "HeadMatrix",
    "ReconMatrixPE": 106,
    "RefLinesPE": 24,
    "RepetitionTime": 1,
    "SAR": 0.0434249,
    "ScanOptions": "FS",
    "ScanningSequence": "EP",
    "SequenceName": "_epfid2d1_106",
    "SequenceVariant": "SK",
    "SeriesDescription": "NF1_bold_eeg_2X8x20s_TR1s_16_coupes",
    "SeriesNumber": 18,
    "ShimSetting": [
      1046,
      13489,
      -6565,
      327,
      -440,
      -779,
      789,
      37
    ],
    "SliceThickness": 4,
    "SliceTiming": [
      0.5,
      0,
      0.5625,
      0.0625,
      0.6275,
      0.125,
      0.69,
      0.1875,
      0.7525,
      0.25,
      0.815,
      0.3125,
      0.8775,
      0.375,
      0.94,
      0.4375
    ],
    "SoftwareVersions": "syngo_MR_B17",
    "SpacingBetweenSlices": 4,
    "StationName": "MRC40296",
    "TaskName": "1dNF",
    "TotalReadoutTime": 0.0362248,
    "TxRefAmp": 463.966,
    "dataset": "ds002338",
    "modality": "bold",
    "run_id": 1,
    "subject_id": "xp220",
    "task_id": "1dNF"
  },
  "dummy_trs": 1,
  "dvars_nstd": 38.917710286878766,
  "dvars_std": 1.010410714636363,
  "dvars_vstd": 1.0054116059696965,
  "efc": 0.5777059317878354,
  "fber": 393.5408935546875,
  "fd_mean": 0.14708854329327478,
  "fd_num": 56,
  "fd_perc": 16.91842900302115,
  "fwhm_avg": 2.549647700117055,
  "fwhm_x": 2.505612914036635,
  "fwhm_y": 2.96244768631453,
  "fwhm_z": 2.1808825,
  "gcor": 0.0926261,
  "gsr_x": 0.0013301483122631907,
  "gsr_y": 0.02891453541815281,
  "provenance": {
    "md5sum": "c85ffcf0a05442a7163c955df14da693",
    "settings": {
      "fd_thres": 0.2,
      "testing": false
    },
    "software": "mriqc",
    "version": "21.0.0rc2",
    "webapi_port": null,
    "webapi_url": "https://mriqc.nimh.nih.gov/api/v1"
  },
  "size_t": 331,
  "size_x": 106,
  "size_y": 106,
  "size_z": 16,
  "snr": 5.4176448080944075,
  "spacing_tr": 1.0,
  "spacing_x": 1.9811320304870605,
  "spacing_y": 1.9811320304870605,
  "spacing_z": 4.0,
  "summary_bg_k": 23.89047495407207,
  "summary_bg_mad": 5.769159820632617,
  "summary_bg_mean": 53.39491271972656,
  "summary_bg_median": 34.78247833251953,
  "summary_bg_n": 102553.0,
  "summary_bg_p05": 28.7824764251709,
  "summary_bg_p95": 159.7897216796875,
  "summary_bg_stdv": 56.03761672973633,
  "summary_fg_k": 0.6985821750097014,
  "summary_fg_mad": 114.24552272236872,
  "summary_fg_mean": 716.590576171875,
  "summary_fg_median": 697.4743041992188,
  "summary_fg_n": 35803.0,
  "summary_fg_p05": 538.6993896484375,
  "summary_fg_p95": 956.1005798339844,
  "summary_fg_stdv": 128.73944091796875,
  "tsnr": 31.81424009928014
}