{
  "aor": 0.0007410240963855421,
  "aqi": 0.01746245843373494,
  "bids_meta": {
    "AcquisitionMatrixPE": 106,
    "AcquisitionNumber": 1,
    "AcquisitionTime": "15:16:2.095000",
    "BandwidthPerPixelPhaseEncode": 27.345,
    "BaseResolution": 106,
    "CoilString": "T:HEA;HEP",
    "ConversionSoftware": "dcm2niix",
    "ConversionSoftwareVersion": "v1.0.20190720  GCC7.4.0",
    "Dcm2bidsVersion": "2.1.4",
    "DerivedVendorReportedEchoSpacing": 0.000689995,
    "DeviceSerialNumber": "40296",
    "DwellTime": 2.8e-06,
    "EchoTime": 0.023,
    "EffectiveEchoSpacing": 0.000344998,
    "FlipAngle": 90,
    "ImageOrientationPatientDICOM": [
      0.998748,
      -0.00957986,
      0.049107,
      0.0296421,
      0.903995,
      -0.426515
    ],
    "ImageType": [
      "ORIGINAL",
      "PRIMARY",
      "M",
      "ND",
      "MOSAIC"
    ],
    "ImagingFrequency": 123.196,
    "InPlanePhaseEncodingDirectionDICOM": "COL",
    "InstitutionAddress": "Henri_le_Guilloux_2_Rennes_2A6CA1_District_FR_35000",
    "InstitutionName": "CHU_PONTCHAILLOU",
    "InstitutionalDepartmentName": "Department",
    "Instructions": "Try to move up the ball by feeling the movement of your right arm and hand. When the symbol + is displayed, rest",
    "MRAcquisitionType": "2D",
    "MagneticFieldStrength": 3,
    "Manufacturer": "Siemens",
    "ManufacturersModelName": "Verio",
    "Modality": "MR",
    "ParallelReductionFactorInPlane": 2,
    "PartialFourier": 1,
    "PatientPosition": "HFS",
    "PercentPhaseFOV": 100,
    "PhaseEncodingDirection": "j-",
    "PhaseEncodingSteps": 106,
    "PhaseResolution": 1,
    "PixelBandwidth": 1685,
    "ProcedureStepDescription": "OSS-IRM",
    "ProtocolName": "NF3_bold_eeg_2X8x20s_TR1s_16_coupes",
    "PulseSequenceDetails": "%SiemensSeq%_ep2d_bold",
    "ReceiveCoilName": "HeadMatrix",
    "ReconMatrixPE": 106,
    "RefLinesPE": 24,
    "RepetitionTime": 1,
    "SAR": 0.0434249,
    "ScanOptions": "FS",
    "ScanningSequence": "EP",
    "SequenceName": "_epfid2d1_106",
    "SequenceVariant": "SK",
    "SeriesDescription": "NF3_bold_eeg_2X8x20s_TR1s_16_coupes",
    "SeriesNumber": 20,
    "ShimSetting": [
      1046,
      13489,
      -6565,
      327,
      -440,
      -779,
      789,
      37
    ],
    "SliceThickness": 4,
    "SliceTiming": [
      0.5,
      0,
      0.565,
      0.0625,
      0.6275,
      0.125,
      0.69,
      0.1875,
      0.7525,
      0.25,
      0.815,
      0.3125,
      0.8775,
      0.375,
      0.94,
      0.4375
    ],
    "SoftwareVersions": "syngo_MR_B17",
    "SpacingBetweenSlices": 4,
    "StationName": "MRC40296",
    "TaskName": "1dNF",
    "TotalReadoutTime": 0.0362248,
    "TxRefAmp": 463.966,
    "dataset": "ds002338",
    "modality": "bold",
    "run_id": 3,
    "subject_id": "xp220",
    "task_id": "1dNF"
  },
  "dummy_trs": 0,
  "dvars_nstd": 38.173687568942604,
  "dvars_std": 1.0014481963444106,
  "dvars_vstd": 0.997429074803625,
  "efc": 0.5805639934444696,
  "fber": 404.1441650390625,
  "fd_mean": 0.1438558388372423,
  "fd_num": 41,
  "fd_perc": 12.349397590361447,
  "fwhm_avg": 2.5445748112733626,
  "fwhm_x": 2.4908738660829153,
  "fwhm_y": 2.9831580677371723,
  "fwhm_z": 2.1596925,
  "gcor": 0.0395816,
  "gsr_x": 0.0014444595435634255,
  "gsr_y": 0.030327271670103073,
  "provenance": {
    "md5sum": "acf6910e3a104ad13249254c7ddb9a59",
    "settings": {
      "fd_thres": 0.2,
      "testing": false
    },
    "software": "mriqc",
    "version": "21.0.0rc2",
    "webapi_port": null,
    "webapi_url": "https://mriqc.nimh.nih.gov/api/v1"
  },
  "size_t": 332,
  "size_x": 106,
  "size_y": 106,
  "size_z": 16,
  "snr": 5.526043124890916,
  "spacing_tr": 1.0,
  "spacing_x": 1.9811320304870605,
  "spacing_y": 1.9811320304870605,
  "spacing_z": 4.0,
  "summary_bg_k": 22.303177280818378,
  "summary_bg_mad": 6.3591149697749065,
  "summary_bg_mean": 54.61410140991211,
  "summary_bg_median": 34.84638595581055,
  "summary_bg_n": 101963.0,
  "summary_bg_p05": 28.60542106628418,
  "summary_bg_p95": 165.44426422119133,
  "summary_bg_stdv": 58.10723876953125,
  "summary_fg_k": 0.8157620463354252,
  "summary_fg_mad": 113.81428853826907,
  "summary_fg_mean": 726.3849487304688,
  "summary_fg_median": 708.5767822265625,
  "summary_fg_n": 36396.0,
  "summary_fg_p05": 548.2597503662109,
  "summary_fg_p95": 964.8425750732422,
  "summary_fg_stdv": 128.2232208251953,
  "tsnr": 32.49198024906218
}