{
  "aor": 0.000732198795180723,
  "aqi": 0.014590665060240962,
  "bids_meta": {
    "AcquisitionMatrixPE": 106,
    "AcquisitionNumber": 1,
    "AcquisitionTime": "15:24:12.510000",
    "BandwidthPerPixelPhaseEncode": 27.345,
    "BaseResolution": 106,
    "CoilString": "T:HEA;HEP",
    "ConversionSoftware": "dcm2niix",
    "ConversionSoftwareVersion": "v1.0.20190720  GCC7.4.0",
    "Dcm2bidsVersion": "2.1.4",
    "DerivedVendorReportedEchoSpacing": 0.000689995,
    "DeviceSerialNumber": "40296",
    "DwellTime": 2.8e-06,
    "EchoTime": 0.023,
    "EffectiveEchoSpacing": 0.000344998,
    "FlipAngle": 90,
    "ImageOrientationPatientDICOM": [
      0.998748,
      -0.00957986,
      0.049107,
      0.0296421,
      0.903995,
      -0.426515
    ],
    "ImageType": [
      "ORIGINAL",
      "PRIMARY",
      "M",
      "ND",
      "MOSAIC"
    ],
    "ImagingFrequency": 123.196,
    "InPlanePhaseEncodingDirectionDICOM": "COL",
    "InstitutionAddress": "Henri_le_Guilloux_2_Rennes_2A6CA1_District_FR_35000",
    "InstitutionName": "CHU_PONTCHAILLOU",
    "InstitutionalDepartmentName": "Department",
    "Instructions": "Try to move up the ball by feeling the movement of your right arm and hand. When the symbol + is displayed, rest",
    "MRAcquisitionType": "2D",
    "MagneticFieldStrength": 3,
    "Manufacturer": "Siemens",
    "ManufacturersModelName": "Verio",
    "Modality": "MR",
    "ParallelReductionFactorInPlane": 2,
    "PartialFourier": 1,
    "PatientPosition": "HFS",
    "PercentPhaseFOV": 100,
    "PhaseEncodingDirection": "j-",
    "PhaseEncodingSteps": 106,
    "PhaseResolution": 1,
    "PixelBandwidth": 1685,
    "ProcedureStepDescription": "OSS-IRM",
    "ProtocolName": "NF4_YEUX_OUVERTS_bold_eeg_2X8x20s_TR1s_16_coupes",
    "PulseSequenceDetails": "%SiemensSeq%_ep2d_bold",
    "ReceiveCoilName": "HeadMatrix",
    "ReconMatrixPE": 106,
    "RefLinesPE": 24,
    "RepetitionTime": 1,
    "SAR": 0.0434249,
    "ScanOptions": "FS",
    "ScanningSequence": "EP",
    "SequenceName": "_epfid2d1_106",
    "SequenceVariant": "SK",
    "SeriesDescription": "NF4_YEUX_OUVERTS_bold_eeg_2X8x20s_TR1s_16_coupes",
    "SeriesNumber": 21,
    "ShimSetting": [
      1007,
      13492,
      -6521,
      408,
      -467,
      -661,
      716,
      -368
    ],
    "SliceThickness": 4,
    "SliceTiming": [
      0.5025,
      0,
      0.565,
      0.0625,
      0.6275,
      0.125,
      0.69,
      0.1875,
      0.7525,
      0.25,
      0.815,
      0.3125,
      0.8775,
      0.3775,
      0.94,
      0.44
    ],
    "SoftwareVersions": "syngo_MR_B17",
    "SpacingBetweenSlices": 4,
    "StationName": "MRC40296",
    "TaskName": "1dNF",
    "TotalReadoutTime": 0.0362248,
    "TxRefAmp": 463.966,
    "dataset": "ds002338",
    "modality": "bold",
    "run_id": 4,
    "subject_id": "xp220",
    "task_id": "1dNF"
  },
  "dummy_trs": 0,
  "dvars_nstd": 37.8289768183988,
  "dvars_std": 1.013274754320242,
  "dvars_vstd": 1.0065940840483387,
  "efc": 0.5821147335271092,
  "fber": 405.9082946777344,
  "fd_mean": 0.14713448746098817,
  "fd_num": 37,
  "fd_perc": 11.144578313253012,
  "fwhm_avg": 2.557336739787255,
  "fwhm_x": 2.4829995801898317,
  "fwhm_y": 2.9834306391719325,
  "fwhm_z": 2.20558,
  "gcor": 0.0359085,
  "gsr_x": 0.0019719963893294334,
  "gsr_y": 0.03089671954512596,
  "provenance": {
    "md5sum": "6912b861f562512137bb57499ce7b36f",
    "settings": {
      "fd_thres": 0.2,
      "testing": false
    },
    "software": "mriqc",
    "version": "21.0.0rc2",
    "webapi_port": null,
    "webapi_url": "https://mriqc.nimh.nih.gov/api/v1"
  },
  "size_t": 332,
  "size_x": 106,
  "size_y": 106,
  "size_z": 16,
  "snr": 5.452568904382491,
  "spacing_tr": 1.0,
  "spacing_x": 1.9811320304870605,
  "spacing_y": 1.9811320304870605,
  "spacing_z": 4.0,
  "summary_bg_k": 21.992945094851923,
  "summary_bg_mad": 6.327853206153425,
  "summary_bg_mean": 55.16508483886719,
  "summary_bg_median": 35.0933723449707,
  "summary_bg_n": 101567.0,
  "summary_bg_p05": 28.743974685668945,
  "summary_bg_p95": 169.5969818115234,
  "summary_bg_stdv": 59.26515197753906,
  "summary_fg_k": 0.677309108472048,
  "summary_fg_mad": 116.49815689756215,
  "summary_fg_mean": 729.4161376953125,
  "summary_fg_median": 711.7168579101562,
  "summary_fg_n": 36742.0,
  "summary_fg_p05": 544.313833618164,
  "summary_fg_p95": 971.962301635742,
  "summary_fg_stdv": 130.52694702148438,
  "tsnr": 34.17878713796381
}