{
  "aor": 0.0006499698795180722,
  "aqi": 0.015059240060240963,
  "bids_meta": {
    "AcquisitionMatrixPE": 106,
    "AcquisitionNumber": 1,
    "AcquisitionTime": "15:05:49.477500",
    "BandwidthPerPixelPhaseEncode": 27.345,
    "BaseResolution": 106,
    "CoilString": "T:HEA;HEP",
    "ConversionSoftware": "dcm2niix",
    "ConversionSoftwareVersion": "v1.0.20190720  GCC7.4.0",
    "Dcm2bidsVersion": "2.1.4",
    "DerivedVendorReportedEchoSpacing": 0.000689995,
    "DeviceSerialNumber": "40296",
    "DwellTime": 2.8e-06,
    "EchoTime": 0.023,
    "EffectiveEchoSpacing": 0.000344998,
    "FlipAngle": 90,
    "ImageOrientationPatientDICOM": [
      0.998748,
      -0.00957986,
      0.049107,
      0.0296421,
      0.903995,
      -0.426515
    ],
    "ImageType": [
      "ORIGINAL",
      "PRIMARY",
      "M",
      "ND",
      "MOSAIC"
    ],
    "ImagingFrequency": 123.196,
    "InPlanePhaseEncodingDirectionDICOM": "COL",
    "InstitutionAddress": "Henri_le_Guilloux_2_Rennes_2A6CA1_District_FR_35000",
    "InstitutionName": "CHU_PONTCHAILLOU",
    "InstitutionalDepartmentName": "Department",
    "Instructions": "Try to move up the ball by feeling the movement of your right arm and hand. When the symbol + is displayed, rest",
    "MRAcquisitionType": "2D",
    "MagneticFieldStrength": 3,
    "Manufacturer": "Siemens",
    "ManufacturersModelName": "Verio",
    "Modality": "MR",
    "ParallelReductionFactorInPlane": 2,
    "PartialFourier": 1,
    "PatientPosition": "HFS",
    "PercentPhaseFOV": 100,
    "PhaseEncodingDirection": "j-",
    "PhaseEncodingSteps": 106,
    "PhaseResolution": 1,
    "PixelBandwidth": 1685,
    "ProcedureStepDescription": "OSS-IRM",
    "ProtocolName": "NF2_bold_eeg_2X8x20s_TR1s_16_coupes",
    "PulseSequenceDetails": "%SiemensSeq%_ep2d_bold",
    "ReceiveCoilName": "HeadMatrix",
    "ReconMatrixPE": 106,
    "RefLinesPE": 24,
    "RepetitionTime": 1,
    "SAR": 0.0434249,
    "ScanOptions": "FS",
    "ScanningSequence": "EP",
    "SequenceName": "_epfid2d1_106",
    "SequenceVariant": "SK",
    "SeriesDescription": "NF2_bold_eeg_2X8x20s_TR1s_16_coupes",
    "SeriesNumber": 19,
    "ShimSetting": [
      1046,
      13489,
      -6565,
      327,
      -440,
      -779,
      789,
      37
    ],
    "SliceThickness": 4,
    "SliceTiming": [
      0.5,
      0,
      0.565,
      0.0625,
      0.6275,
      0.125,
      0.69,
      0.1875,
      0.7525,
      0.25,
      0.815,
      0.3125,
      0.8775,
      0.375,
      0.94,
      0.4375
    ],
    "SoftwareVersions": "syngo_MR_B17",
    "SpacingBetweenSlices": 4,
    "StationName": "MRC40296",
    "TaskName": "1dNF",
    "TotalReadoutTime": 0.0362248,
    "TxRefAmp": 463.966,
    "dataset": "ds002338",
    "modality": "bold",
    "run_id": 2,
    "subject_id": "xp220",
    "task_id": "1dNF"
  },
  "dummy_trs": 0,
  "dvars_nstd": 37.94340791697879,
  "dvars_std": 0.9991983335045318,
  "dvars_vstd": 0.996077445770392,
  "efc": 0.5780205436667505,
  "fber": 406.11151123046875,
  "fd_mean": 0.13864705395061389,
  "fd_num": 28,
  "fd_perc": 8.433734939759036,
  "fwhm_avg": 2.5630332800551656,
  "fwhm_x": 2.530936819373558,
  "fwhm_y": 3.01283302079194,
  "fwhm_z": 2.14533,
  "gcor": 0.0804533,
  "gsr_x": 0.002696259878575802,
  "gsr_y": 0.029936963692307472,
  "provenance": {
    "md5sum": "50500615ad0824f9a617f21286b07aa2",
    "settings": {
      "fd_thres": 0.2,
      "testing": false
    },
    "software": "mriqc",
    "version": "21.0.0rc2",
    "webapi_port": null,
    "webapi_url": "https://mriqc.nimh.nih.gov/api/v1"
  },
  "size_t": 332,
  "size_x": 106,
  "size_y": 106,
  "size_z": 16,
  "snr": 5.371046206510845,
  "spacing_tr": 1.0,
  "spacing_x": 1.9811320304870605,
  "spacing_y": 1.9811320304870605,
  "spacing_z": 4.0,
  "summary_bg_k": 23.708225639572696,
  "summary_bg_mad": 6.1135001582771755,
  "summary_bg_mean": 53.93854904174805,
  "summary_bg_median": 34.87349319458008,
  "summary_bg_n": 102299.0,
  "summary_bg_p05": 28.843372344970703,
  "summary_bg_p95": 161.06987762451166,
  "summary_bg_stdv": 57.21346664428711,
  "summary_fg_k": 0.7675331543367583,
  "summary_fg_mad": 116.42445209366976,
  "summary_fg_mean": 721.0225219726562,
  "summary_fg_median": 702.617431640625,
  "summary_fg_n": 36047.0,
  "summary_fg_p05": 537.9244018554688,
  "summary_fg_p95": 964.8409484863279,
  "summary_fg_stdv": 130.81393432617188,
  "tsnr": 32.58247321122326
}