{
  "aor": 0.0014579518072289155,
  "aqi": 0.016828836746987954,
  "bids_meta": {
    "AcquisitionMatrixPE": 106,
    "AcquisitionNumber": 1,
    "AcquisitionTime": "15:37:3.997500",
    "BandwidthPerPixelPhaseEncode": 27.345,
    "BaseResolution": 106,
    "CoilString": "T:HEA;HEP",
    "ConversionSoftware": "dcm2niix",
    "ConversionSoftwareVersion": "v1.0.20190720  GCC7.4.0",
    "Dcm2bidsVersion": "2.1.4",
    "DerivedVendorReportedEchoSpacing": 0.000689995,
    "DeviceSerialNumber": "40296",
    "DwellTime": 2.8e-06,
    "EchoTime": 0.023,
    "EffectiveEchoSpacing": 0.000344998,
    "FlipAngle": 90,
    "ImageOrientationPatientDICOM": [
      0.998748,
      -0.00957986,
      0.049107,
      0.0296421,
      0.903995,
      -0.426515
    ],
    "ImageType": [
      "ORIGINAL",
      "PRIMARY",
      "M",
      "ND",
      "MOSAIC"
    ],
    "ImagingFrequency": 123.197,
    "InPlanePhaseEncodingDirectionDICOM": "COL",
    "InstitutionAddress": "Henri_le_Guilloux_2_Rennes_2A6CA1_District_FR_35000",
    "InstitutionName": "CHU_PONTCHAILLOU",
    "InstitutionalDepartmentName": "Department",
    "Instructions": "When demanded, try to feel the movement of your right arm and hand. When the symbol + is displayed, rest",
    "MRAcquisitionType": "2D",
    "MagneticFieldStrength": 3,
    "Manufacturer": "Siemens",
    "ManufacturersModelName": "Verio",
    "Modality": "MR",
    "ParallelReductionFactorInPlane": 2,
    "PartialFourier": 1,
    "PatientPosition": "HFS",
    "PercentPhaseFOV": 100,
    "PhaseEncodingDirection": "j-",
    "PhaseEncodingSteps": 106,
    "PhaseResolution": 1,
    "PixelBandwidth": 1685,
    "ProcedureStepDescription": "OSS-IRM",
    "ProtocolName": "MI_post_bold_eeg_2X8x20s_TR1s_16_coupes",
    "PulseSequenceDetails": "%SiemensSeq%_ep2d_bold",
    "ReceiveCoilName": "HeadMatrix",
    "ReconMatrixPE": 106,
    "RefLinesPE": 24,
    "RepetitionTime": 1,
    "SAR": 0.0434249,
    "ScanOptions": "FS",
    "ScanningSequence": "EP",
    "SequenceName": "_epfid2d1_106",
    "SequenceVariant": "SK",
    "SeriesDescription": "MI_post_bold_eeg_2X8x20s_TR1s_16_coupes",
    "SeriesNumber": 29,
    "ShimSetting": [
      1046,
      13489,
      -6565,
      327,
      -440,
      -779,
      789,
      37
    ],
    "SliceThickness": 4,
    "SliceTiming": [
      0.5,
      0,
      0.565,
      0.0625,
      0.6275,
      0.125,
      0.69,
      0.1875,
      0.7525,
      0.25,
      0.815,
      0.3125,
      0.8775,
      0.375,
      0.94,
      0.4375
    ],
    "SoftwareVersions": "syngo_MR_B17",
    "SpacingBetweenSlices": 4,
    "StationName": "MRC40296",
    "TaskName": "MIpost",
    "TotalReadoutTime": 0.0362248,
    "TxRefAmp": 463.966,
    "dataset": "ds002338",
    "modality": "bold",
    "subject_id": "xp220",
    "task_id": "MIpost"
  },
  "dummy_trs": 0,
  "dvars_nstd": 38.817122030090644,
  "dvars_std": 1.0225136682779463,
  "dvars_vstd": 1.0127929898489418,
  "efc": 0.5812589854093277,
  "fber": 398.845703125,
  "fd_mean": 0.1477663956191299,
  "fd_num": 36,
  "fd_perc": 10.843373493975903,
  "fwhm_avg": 2.5379021999453637,
  "fwhm_x": 2.4866994850357482,
  "fwhm_y": 2.9586771148003423,
  "fwhm_z": 2.16833,
  "gcor": 0.0464757,
  "gsr_x": 0.0021543947514146566,
  "gsr_y": 0.030390368774533272,
  "provenance": {
    "md5sum": "b861ab14a0cad993347bb99da0ae190a",
    "settings": {
      "fd_thres": 0.2,
      "testing": false
    },
    "software": "mriqc",
    "version": "21.0.0rc2",
    "webapi_port": null,
    "webapi_url": "https://mriqc.nimh.nih.gov/api/v1"
  },
  "size_t": 332,
  "size_x": 106,
  "size_y": 106,
  "size_z": 16,
  "snr": 5.486211203686161,
  "spacing_tr": 1.0,
  "spacing_x": 1.9811320304870605,
  "spacing_y": 1.9811320304870605,
  "spacing_z": 4.0,
  "summary_bg_k": 21.898717318382637,
  "summary_bg_mad": 6.198346649068577,
  "summary_bg_mean": 55.46729278564453,
  "summary_bg_median": 35.28313064575195,
  "summary_bg_n": 101952.0,
  "summary_bg_p05": 28.85542106628418,
  "summary_bg_p95": 171.72394409179685,
  "summary_bg_stdv": 59.94355010986328,
  "summary_fg_k": 0.8407199237458842,
  "summary_fg_mad": 113.85668350527163,
  "summary_fg_mean": 727.7005004882812,
  "summary_fg_median": 709.7258911132812,
  "summary_fg_n": 36335.0,
  "summary_fg_p05": 546.166552734375,
  "summary_fg_p95": 967.6806762695311,
  "summary_fg_stdv": 129.36361694335938,
  "tsnr": 33.21491621318273
}