{
  "bids_meta": {
    "AcquisitionMatrixPE": 256,
    "AcquisitionNumber": 1,
    "AcquisitionTime": "16:10:22.472500",
    "BaseResolution": 256,
    "CoilString": "T:HEA;HEP",
    "ConversionSoftware": "dcm2niix",
    "ConversionSoftwareVersion": "v1.0.20190720  GCC7.4.0",
    "Dcm2bidsVersion": "2.1.4",
    "DeviceSerialNumber": "40296",
    "DwellTime": 9.8e-06,
    "EchoTime": 0.00226,
    "FlipAngle": 9,
    "ImageOrientationPatientDICOM": [
      0,
      1,
      -1e-16,
      0.00349062,
      0,
      -0.999994
    ],
    "ImageType": [
      "ORIGINAL",
      "PRIMARY",
      "M",
      "ND",
      "NORM",
      "FM",
      "FIL"
    ],
    "ImagingFrequency": 123.197,
    "InPlanePhaseEncodingDirectionDICOM": "ROW",
    "InstitutionAddress": "Henri_le_Guilloux_2_Rennes_2A6CA1_District_FR_35000",
    "InstitutionName": "CHU_PONTCHAILLOU",
    "InstitutionalDepartmentName": "Department",
    "Interpolation2D": 1,
    "InversionTime": 0.9,
    "MRAcquisitionType": "3D",
    "MagneticFieldStrength": 3,
    "Manufacturer": "Siemens",
    "ManufacturersModelName": "Verio",
    "Modality": "MR",
    "ParallelReductionFactorInPlane": 2,
    "PartialFourier": 1,
    "PatientPosition": "HFS",
    "PercentPhaseFOV": 100,
    "PhaseEncodingSteps": 255,
    "PhaseResolution": 1,
    "PixelBandwidth": 199,
    "ProcedureStepDescription": "OSS-IRM",
    "ProtocolName": "T1_3D_MPRAGE",
    "PulseSequenceDetails": "%SiemensSeq%_tfl",
    "ReceiveCoilName": "HeadMatrix",
    "ReconMatrixPE": 512,
    "RefLinesPE": 24,
    "RepetitionTime": 1.9,
    "SAR": 0.0375687,
    "ScanOptions": "IR",
    "ScanningSequence": "GR_IR",
    "SequenceName": "_tfl3d1_ns",
    "SequenceVariant": "SP_MP",
    "SeriesDescription": "T1_3D_MPRAGE",
    "SeriesNumber": 15,
    "ShimSetting": [
      936,
      13482,
      -6965,
      33,
      -607,
      -326,
      728,
      -255
    ],
    "SliceThickness": 1,
    "SoftwareVersions": "syngo_MR_B17",
    "StationName": "MRC40296",
    "TxRefAmp": 449.332,
    "dataset": "ds002338",
    "modality": "T1w",
    "subject_id": "xp221"
  },
  "cjv": 0.43582355566530767,
  "cnr": 3.0154865685100476,
  "efc": 0.5853972294180977,
  "fber": 1654.2064397194144,
  "fwhm_avg": 6.62234,
  "fwhm_x": 4.03238,
  "fwhm_y": 8.29478,
  "fwhm_z": 7.53986,
  "icvs_csf": 0.23934410248515953,
  "icvs_gm": 0.4191380914880678,
  "icvs_wm": 0.3415178060267727,
  "inu_med": 1.6355555057525635,
  "inu_range": 0.6696012139320373,
  "provenance": {
    "md5sum": "e78e8c0e7c5adb0da8722b7c6d03fc20",
    "settings": {
      "testing": false
    },
    "software": "mriqc",
    "version": "21.0.0rc2",
    "warnings": {
      "large_rot_frame": true,
      "small_air_mask": false
    },
    "webapi_port": null,
    "webapi_url": "https://mriqc.nimh.nih.gov/api/v1"
  },
  "qi_1": 0.0,
  "qi_2": 0.0069812578791098165,
  "rpve_csf": 21.326914604519498,
  "rpve_gm": 12.504635187766487,
  "rpve_wm": 17.52425745472859,
  "size_x": 176,
  "size_y": 512,
  "size_z": 512,
  "snr_csf": 3.917973326654832,
  "snr_gm": 12.590035912898173,
  "snr_total": 11.951282191787646,
  "snr_wm": 19.345837335809936,
  "snrd_csf": 32.941452647924955,
  "snrd_gm": 63.382938382290014,
  "snrd_total": 59.94876268666534,
  "snrd_wm": 83.52189702978107,
  "spacing_x": 1.0,
  "spacing_y": 0.5,
  "spacing_z": 0.5,
  "summary_bg_k": 23.88173656102345,
  "summary_bg_mad": 7.843887599139355,
  "summary_bg_mean": 17.07158656984503,
  "summary_bg_median": 15.726916819810867,
  "summary_bg_n": 12233645.0,
  "summary_bg_p05": 5.290621787309647,
  "summary_bg_p95": 34.42527875304222,
  "summary_bg_stdv": 9.416644042760733,
  "summary_csf_k": 1.3804280532150228,
  "summary_csf_mad": 120.88182943879143,
  "summary_csf_mean": 401.0745137232288,
  "summary_csf_median": 394.4049831032753,
  "summary_csf_n": 300830.0,
  "summary_csf_p05": 255.18190839886665,
  "summary_csf_p95": 566.3139540553093,
  "summary_csf_stdv": 100.66539373596557,
  "summary_gm_k": 0.05335871331396769,
  "summary_gm_mad": 57.48602555533637,
  "summary_gm_mean": 764.5188177863502,
  "summary_gm_median": 758.8780922591686,
  "summary_gm_n": 256480.0,
  "summary_gm_p05": 674.0831951200962,
  "summary_gm_p95": 875.7790914773941,
  "summary_gm_stdv": 60.27596887713372,
  "summary_wm_k": 0.9062077645390807,
  "summary_wm_mad": 47.60057817011965,
  "summary_wm_mean": 998.6661756355085,
  "summary_wm_median": 999.9999920725822,
  "summary_wm_n": 1062024.0,
  "summary_wm_p05": 910.4942673146725,
  "summary_wm_p95": 1080.3739586770535,
  "summary_wm_stdv": 51.690681768644964,
  "tpm_overlap_csf": 0.15423724055290222,
  "tpm_overlap_gm": 0.4214780330657959,
  "tpm_overlap_wm": 0.47915929555892944,
  "wm2max": 0.3976483472146171
}