{
  "aor": 0.0002647289156626506,
  "aqi": 0.016616594578313253,
  "bids_meta": {
    "AcquisitionMatrixPE": 106,
    "AcquisitionNumber": 1,
    "AcquisitionTime": "18:33:57.295000",
    "BandwidthPerPixelPhaseEncode": 27.345,
    "BaseResolution": 106,
    "CoilString": "T:HEA;HEP",
    "ConversionSoftware": "dcm2niix",
    "ConversionSoftwareVersion": "v1.0.20190720  GCC7.4.0",
    "Dcm2bidsVersion": "2.1.4",
    "DerivedVendorReportedEchoSpacing": 0.000689995,
    "DeviceSerialNumber": "40296",
    "DwellTime": 2.8e-06,
    "EchoTime": 0.023,
    "EffectiveEchoSpacing": 0.000344998,
    "FlipAngle": 90,
    "ImageOrientationPatientDICOM": [
      0.997703,
      0.0298631,
      0.0608021,
      -0.0348406,
      0.99598,
      0.0825232
    ],
    "ImageType": [
      "ORIGINAL",
      "PRIMARY",
      "FMRI",
      "NONE",
      "ND",
      "MOSAIC"
    ],
    "ImagingFrequency": 123.197,
    "InPlanePhaseEncodingDirectionDICOM": "COL",
    "InstitutionAddress": "Henri_le_Guilloux_2_Rennes_2A6CA1_District_FR_35000",
    "InstitutionName": "CHU_PONTCHAILLOU",
    "InstitutionalDepartmentName": "Department",
    "Instructions": "When demanded, try to feel the movement of your right arm and hand. When the symbol + is displayed, rest",
    "MRAcquisitionType": "2D",
    "MagneticFieldStrength": 3,
    "Manufacturer": "Siemens",
    "ManufacturersModelName": "Verio",
    "Modality": "MR",
    "ParallelReductionFactorInPlane": 2,
    "PartialFourier": 1,
    "PatientPosition": "HFS",
    "PercentPhaseFOV": 100,
    "PhaseEncodingDirection": "j-",
    "PhaseEncodingSteps": 106,
    "PhaseResolution": 1,
    "PixelBandwidth": 1685,
    "ProcedureStepDescription": "OSS-IRM",
    "ProtocolName": "MI_pre_bold_eeg_2X8x20s_avec_GLM_TR1s_16_coupes",
    "PulseSequenceDetails": "%SiemensSeq%_ep2d_bold",
    "ReceiveCoilName": "HeadMatrix",
    "ReconMatrixPE": 106,
    "RefLinesPE": 24,
    "RepetitionTime": 1,
    "SAR": 0.0481234,
    "ScanOptions": "FS",
    "ScanningSequence": "EP",
    "SequenceName": "_epfid2d1_106",
    "SequenceVariant": "SK",
    "SeriesDescription": "MI_pre_bold_eeg_2X8x20s_avec_GLM_TR1s_16_coupes",
    "SeriesNumber": 3,
    "ShimSetting": [
      964,
      13303,
      -6647,
      254,
      -396,
      -1116,
      1038,
      -3
    ],
    "SliceThickness": 4,
    "SliceTiming": [
      0.5025,
      0,
      0.565,
      0.0625,
      0.6275,
      0.125,
      0.69,
      0.1875,
      0.7525,
      0.25,
      0.815,
      0.3125,
      0.8775,
      0.375,
      0.94,
      0.4375
    ],
    "SoftwareVersions": "syngo_MR_B17",
    "SpacingBetweenSlices": 4,
    "StationName": "MRC40296",
    "TaskName": "MIpre",
    "TotalReadoutTime": 0.0362248,
    "TxRefAmp": 490.951,
    "dataset": "ds002338",
    "modality": "bold",
    "subject_id": "xp202",
    "task_id": "MIpre"
  },
  "dummy_trs": 0,
  "dvars_nstd": 35.781592516102705,
  "dvars_std": 1.0062687146223563,
  "dvars_vstd": 0.9935528499093662,
  "efc": 0.5746537539832515,
  "fber": 422.4190673828125,
  "fd_mean": 0.06606919263009747,
  "fd_num": 6,
  "fd_perc": 1.8072289156626506,
  "fwhm_avg": 2.2743930219103423,
  "fwhm_x": 2.228710622034859,
  "fwhm_y": 2.763248443696168,
  "fwhm_z": 1.83122,
  "gcor": 0.0701322,
  "gsr_x": 0.007893035188317299,
  "gsr_y": 0.03659871965646744,
  "provenance": {
    "md5sum": "4ccf9ced938a2d023fdadeb003542a1e",
    "settings": {
      "fd_thres": 0.2,
      "testing": false
    },
    "software": "mriqc",
    "version": "21.0.0rc2",
    "webapi_port": null,
    "webapi_url": "https://mriqc.nimh.nih.gov/api/v1"
  },
  "size_t": 332,
  "size_x": 106,
  "size_y": 106,
  "size_z": 16,
  "snr": 6.2738547287199316,
  "spacing_tr": 1.0,
  "spacing_x": 1.9811320304870605,
  "spacing_y": 1.9811320304870605,
  "spacing_z": 4.0,
  "summary_bg_k": 25.889556630583293,
  "summary_bg_mad": 4.813992051865656,
  "summary_bg_mean": 50.498779296875,
  "summary_bg_median": 31.95783042907715,
  "summary_bg_n": 103172.0,
  "summary_bg_p05": 26.56626319885254,
  "summary_bg_p95": 161.4832778930664,
  "summary_bg_stdv": 59.579715728759766,
  "summary_fg_k": 1.2648771345744514,
  "summary_fg_mad": 90.37620614592012,
  "summary_fg_mean": 672.9808349609375,
  "summary_fg_median": 659.4939575195312,
  "summary_fg_n": 34717.0,
  "summary_fg_p05": 530.07529296875,
  "summary_fg_p95": 871.1909179687494,
  "summary_fg_stdv": 105.1163101196289,
  "tsnr": 35.816929555730894
}