{
  "aor": 0.0002253313253012048,
  "aqi": 0.01612014548192771,
  "bids_meta": {
    "AcquisitionMatrixPE": 106,
    "AcquisitionNumber": 1,
    "AcquisitionTime": "19:34:7.840000",
    "BandwidthPerPixelPhaseEncode": 27.345,
    "BaseResolution": 106,
    "CoilString": "T:HEA;HEP",
    "ConversionSoftware": "dcm2niix",
    "ConversionSoftwareVersion": "v1.0.20190720  GCC7.4.0",
    "Dcm2bidsVersion": "2.1.4",
    "DerivedVendorReportedEchoSpacing": 0.000689995,
    "DeviceSerialNumber": "40296",
    "DwellTime": 2.8e-06,
    "EchoTime": 0.023,
    "EffectiveEchoSpacing": 0.000344998,
    "FlipAngle": 90,
    "ImageOrientationPatientDICOM": [
      0.997703,
      0.0298631,
      0.0608021,
      -0.0348406,
      0.99598,
      0.0825232
    ],
    "ImageType": [
      "ORIGINAL",
      "PRIMARY",
      "M",
      "ND",
      "MOSAIC"
    ],
    "ImagingFrequency": 123.197,
    "InPlanePhaseEncodingDirectionDICOM": "COL",
    "InstitutionAddress": "Henri_le_Guilloux_2_Rennes_2A6CA1_District_FR_35000",
    "InstitutionName": "CHU_PONTCHAILLOU",
    "InstitutionalDepartmentName": "Department",
    "Instructions": "When demanded, try to feel the movement of your right arm and hand. When the symbol + is displayed, rest",
    "MRAcquisitionType": "2D",
    "MagneticFieldStrength": 3,
    "Manufacturer": "Siemens",
    "ManufacturersModelName": "Verio",
    "Modality": "MR",
    "ParallelReductionFactorInPlane": 2,
    "PartialFourier": 1,
    "PatientPosition": "HFS",
    "PercentPhaseFOV": 100,
    "PhaseEncodingDirection": "j-",
    "PhaseEncodingSteps": 106,
    "PhaseResolution": 1,
    "PixelBandwidth": 1685,
    "ProcedureStepDescription": "OSS-IRM",
    "ProtocolName": "MI_post_bold_eeg_2X8x20s_TR1s_16_coupes",
    "PulseSequenceDetails": "%SiemensSeq%_ep2d_bold",
    "ReceiveCoilName": "HeadMatrix",
    "ReconMatrixPE": 106,
    "RefLinesPE": 24,
    "RepetitionTime": 1,
    "SAR": 0.0481234,
    "ScanOptions": "FS",
    "ScanningSequence": "EP",
    "SequenceName": "_epfid2d1_106",
    "SequenceVariant": "SK",
    "SeriesDescription": "MI_post_bold_eeg_2X8x20s_TR1s_16_coupes",
    "SeriesNumber": 28,
    "ShimSetting": [
      964,
      13303,
      -6647,
      254,
      -396,
      -1116,
      1038,
      -3
    ],
    "SliceThickness": 4,
    "SliceTiming": [
      0.5025,
      0,
      0.565,
      0.0625,
      0.6275,
      0.125,
      0.69,
      0.1875,
      0.7525,
      0.25,
      0.815,
      0.3125,
      0.8775,
      0.375,
      0.94,
      0.4375
    ],
    "SoftwareVersions": "syngo_MR_B17",
    "SpacingBetweenSlices": 4,
    "StationName": "MRC40296",
    "TaskName": "MIpost",
    "TotalReadoutTime": 0.0362248,
    "TxRefAmp": 490.951,
    "dataset": "ds002338",
    "modality": "bold",
    "subject_id": "xp202",
    "task_id": "MIpost"
  },
  "dummy_trs": 0,
  "dvars_nstd": 35.395422333323275,
  "dvars_std": 1.0024387761631415,
  "dvars_vstd": 0.9962657747432023,
  "efc": 0.5918249667156571,
  "fber": 406.97210693359375,
  "fd_mean": 0.06679249014970878,
  "fd_num": 4,
  "fd_perc": 1.2048192771084338,
  "fwhm_avg": 2.253186671754035,
  "fwhm_x": 2.1759529065512,
  "fwhm_y": 2.690497108710905,
  "fwhm_z": 1.89311,
  "gcor": 0.0105257,
  "gsr_x": 0.01024613156914711,
  "gsr_y": 0.03546644002199173,
  "provenance": {
    "md5sum": "73afa4ec83e6e12b1b2d34cfac6b2854",
    "settings": {
      "fd_thres": 0.2,
      "testing": false
    },
    "software": "mriqc",
    "version": "21.0.0rc2",
    "webapi_port": null,
    "webapi_url": "https://mriqc.nimh.nih.gov/api/v1"
  },
  "size_t": 332,
  "size_x": 106,
  "size_y": 106,
  "size_z": 16,
  "snr": 6.516334465293234,
  "spacing_tr": 1.0,
  "spacing_x": 1.9811320304870605,
  "spacing_y": 1.9811320304870605,
  "spacing_z": 4.0,
  "summary_bg_k": 21.48074061253786,
  "summary_bg_mad": 5.4570511954944045,
  "summary_bg_mean": 54.932674407958984,
  "summary_bg_median": 32.73794937133789,
  "summary_bg_n": 100405.0,
  "summary_bg_p05": 26.650602340698242,
  "summary_bg_p95": 189.4819274902342,
  "summary_bg_stdv": 68.78485870361328,
  "summary_fg_k": 1.4294693397807228,
  "summary_fg_mad": 89.85371193146386,
  "summary_fg_mean": 679.8396606445312,
  "summary_fg_median": 667.5029907226562,
  "summary_fg_n": 37301.0,
  "summary_fg_p05": 542.322265625,
  "summary_fg_p95": 871.5150146484375,
  "summary_fg_stdv": 102.43397521972656,
  "tsnr": 37.113598167314194
}