{
  "aor": 0.00024756024096385544,
  "aqi": 0.01839567289156626,
  "bids_meta": {
    "AcquisitionMatrixPE": 106,
    "AcquisitionNumber": 1,
    "AcquisitionTime": "19:21:15.120000",
    "BandwidthPerPixelPhaseEncode": 27.345,
    "BaseResolution": 106,
    "CoilString": "T:HEA;HEP",
    "ConversionSoftware": "dcm2niix",
    "ConversionSoftwareVersion": "v1.0.20190720  GCC7.4.0",
    "Dcm2bidsVersion": "2.1.4",
    "DerivedVendorReportedEchoSpacing": 0.000689995,
    "DeviceSerialNumber": "40296",
    "DwellTime": 2.8e-06,
    "EchoTime": 0.023,
    "EffectiveEchoSpacing": 0.000344998,
    "FlipAngle": 90,
    "ImageOrientationPatientDICOM": [
      0.997703,
      0.0298631,
      0.0608021,
      -0.0348406,
      0.99598,
      0.0825232
    ],
    "ImageType": [
      "ORIGINAL",
      "PRIMARY",
      "M",
      "ND",
      "MOSAIC"
    ],
    "ImagingFrequency": 123.197,
    "InPlanePhaseEncodingDirectionDICOM": "COL",
    "InstitutionAddress": "Henri_le_Guilloux_2_Rennes_2A6CA1_District_FR_35000",
    "InstitutionName": "CHU_PONTCHAILLOU",
    "InstitutionalDepartmentName": "Department",
    "Instructions": "Try to move up the ball by feeling the movement of your right arm and hand. When the symbol + is displayed, rest",
    "MRAcquisitionType": "2D",
    "MagneticFieldStrength": 3,
    "Manufacturer": "Siemens",
    "ManufacturersModelName": "Verio",
    "Modality": "MR",
    "ParallelReductionFactorInPlane": 2,
    "PartialFourier": 1,
    "PatientPosition": "HFS",
    "PercentPhaseFOV": 100,
    "PhaseEncodingDirection": "j-",
    "PhaseEncodingSteps": 106,
    "PhaseResolution": 1,
    "PixelBandwidth": 1685,
    "ProcedureStepDescription": "OSS-IRM",
    "ProtocolName": "NF3_bold_eeg_2X8x20s_TR1s_16_coupes",
    "PulseSequenceDetails": "%SiemensSeq%_ep2d_bold",
    "ReceiveCoilName": "HeadMatrix",
    "ReconMatrixPE": 106,
    "RefLinesPE": 24,
    "RepetitionTime": 1,
    "SAR": 0.0481234,
    "ScanOptions": "FS",
    "ScanningSequence": "EP",
    "SequenceName": "_epfid2d1_106",
    "SequenceVariant": "SK",
    "SeriesDescription": "NF3_bold_eeg_2X8x20s_TR1s_16_coupes",
    "SeriesNumber": 20,
    "ShimSetting": [
      964,
      13303,
      -6647,
      254,
      -396,
      -1116,
      1038,
      -3
    ],
    "SliceThickness": 4,
    "SliceTiming": [
      0.5,
      0,
      0.565,
      0.0625,
      0.6275,
      0.125,
      0.69,
      0.1875,
      0.7525,
      0.25,
      0.815,
      0.3125,
      0.8775,
      0.375,
      0.94,
      0.4375
    ],
    "SoftwareVersions": "syngo_MR_B17",
    "SpacingBetweenSlices": 4,
    "StationName": "MRC40296",
    "TaskName": "1dNF",
    "TotalReadoutTime": 0.0362248,
    "TxRefAmp": 490.951,
    "dataset": "ds002338",
    "modality": "bold",
    "run_id": 3,
    "subject_id": "xp202",
    "task_id": "1dNF"
  },
  "dummy_trs": 0,
  "dvars_nstd": 35.26806864223567,
  "dvars_std": 0.9957785149546834,
  "dvars_vstd": 0.9898382573716015,
  "efc": 0.59054496131448,
  "fber": 417.0101623535156,
  "fd_mean": 0.06394815836125245,
  "fd_num": 0,
  "fd_perc": 0.0,
  "fwhm_avg": 2.2567181004332006,
  "fwhm_x": 2.1811620495266246,
  "fwhm_y": 2.699522251772977,
  "fwhm_z": 1.88947,
  "gcor": 0.0386635,
  "gsr_x": 0.01005074754357338,
  "gsr_y": 0.03587277606129646,
  "provenance": {
    "md5sum": "29c35c5e68d287ac7f681f9872e95ec3",
    "settings": {
      "fd_thres": 0.2,
      "testing": false
    },
    "software": "mriqc",
    "version": "21.0.0rc2",
    "webapi_port": null,
    "webapi_url": "https://mriqc.nimh.nih.gov/api/v1"
  },
  "size_t": 332,
  "size_x": 106,
  "size_y": 106,
  "size_z": 16,
  "snr": 6.41078294827528,
  "spacing_tr": 1.0,
  "spacing_x": 1.9811320304870605,
  "spacing_y": 1.9811320304870605,
  "spacing_z": 4.0,
  "summary_bg_k": 21.902983266871527,
  "summary_bg_mad": 5.193570095207843,
  "summary_bg_mean": 54.575035095214844,
  "summary_bg_median": 32.59638595581055,
  "summary_bg_n": 100374.0,
  "summary_bg_p05": 26.87650489807129,
  "summary_bg_p95": 186.62394104003883,
  "summary_bg_stdv": 68.10111999511719,
  "summary_fg_k": 1.5058250084770588,
  "summary_fg_mad": 90.67545941353475,
  "summary_fg_mean": 682.3175048828125,
  "summary_fg_median": 669.8583984375,
  "summary_fg_n": 37395.0,
  "summary_fg_p05": 542.40361328125,
  "summary_fg_p95": 879.5337097167967,
  "summary_fg_stdv": 104.48793029785156,
  "tsnr": 36.32113595097326
}