{
  "aor": 0.00017117469879518075,
  "aqi": 0.02133826265060241,
  "bids_meta": {
    "AcquisitionMatrixPE": 106,
    "AcquisitionNumber": 1,
    "AcquisitionTime": "19:12:25.847500",
    "BandwidthPerPixelPhaseEncode": 27.345,
    "BaseResolution": 106,
    "CoilString": "T:HEA;HEP",
    "ConversionSoftware": "dcm2niix",
    "ConversionSoftwareVersion": "v1.0.20190720  GCC7.4.0",
    "Dcm2bidsVersion": "2.1.4",
    "DerivedVendorReportedEchoSpacing": 0.000689995,
    "DeviceSerialNumber": "40296",
    "DwellTime": 2.8e-06,
    "EchoTime": 0.023,
    "EffectiveEchoSpacing": 0.000344998,
    "FlipAngle": 90,
    "ImageOrientationPatientDICOM": [
      0.997703,
      0.0298631,
      0.0608021,
      -0.0348406,
      0.99598,
      0.0825232
    ],
    "ImageType": [
      "ORIGINAL",
      "PRIMARY",
      "M",
      "ND",
      "MOSAIC"
    ],
    "ImagingFrequency": 123.197,
    "InPlanePhaseEncodingDirectionDICOM": "COL",
    "InstitutionAddress": "Henri_le_Guilloux_2_Rennes_2A6CA1_District_FR_35000",
    "InstitutionName": "CHU_PONTCHAILLOU",
    "InstitutionalDepartmentName": "Department",
    "Instructions": "Try to move up the ball by feeling the movement of your right arm and hand. When the symbol + is displayed, rest",
    "MRAcquisitionType": "2D",
    "MagneticFieldStrength": 3,
    "Manufacturer": "Siemens",
    "ManufacturersModelName": "Verio",
    "Modality": "MR",
    "ParallelReductionFactorInPlane": 2,
    "PartialFourier": 1,
    "PatientPosition": "HFS",
    "PercentPhaseFOV": 100,
    "PhaseEncodingDirection": "j-",
    "PhaseEncodingSteps": 106,
    "PhaseResolution": 1,
    "PixelBandwidth": 1685,
    "ProcedureStepDescription": "OSS-IRM",
    "ProtocolName": "NF2_bold_eeg_2X8x20s_TR1s_16_coupes",
    "PulseSequenceDetails": "%SiemensSeq%_ep2d_bold",
    "ReceiveCoilName": "HeadMatrix",
    "ReconMatrixPE": 106,
    "RefLinesPE": 24,
    "RepetitionTime": 1,
    "SAR": 0.0481234,
    "ScanOptions": "FS",
    "ScanningSequence": "EP",
    "SequenceName": "_epfid2d1_106",
    "SequenceVariant": "SK",
    "SeriesDescription": "NF2_bold_eeg_2X8x20s_TR1s_16_coupes",
    "SeriesNumber": 19,
    "ShimSetting": [
      964,
      13303,
      -6647,
      254,
      -396,
      -1116,
      1038,
      -3
    ],
    "SliceThickness": 4,
    "SliceTiming": [
      0.5,
      0,
      0.5625,
      0.0625,
      0.625,
      0.125,
      0.69,
      0.1875,
      0.7525,
      0.25,
      0.815,
      0.3125,
      0.8775,
      0.375,
      0.94,
      0.4375
    ],
    "SoftwareVersions": "syngo_MR_B17",
    "SpacingBetweenSlices": 4,
    "StationName": "MRC40296",
    "TaskName": "1dNF",
    "TotalReadoutTime": 0.0362248,
    "TxRefAmp": 490.951,
    "dataset": "ds002338",
    "modality": "bold",
    "run_id": 2,
    "subject_id": "xp202",
    "task_id": "1dNF"
  },
  "dummy_trs": 0,
  "dvars_nstd": 35.19379149589126,
  "dvars_std": 0.9785384225981871,
  "dvars_vstd": 0.9744819475226584,
  "efc": 0.5878550321292128,
  "fber": 418.4179992675781,
  "fd_mean": 0.07544431544855147,
  "fd_num": 7,
  "fd_perc": 2.108433734939759,
  "fwhm_avg": 2.2712431962010413,
  "fwhm_x": 2.1998887166185086,
  "fwhm_y": 2.750785871984615,
  "fwhm_z": 1.863055,
  "gcor": 0.0473453,
  "gsr_x": 0.009881485253572464,
  "gsr_y": 0.03685722127556801,
  "provenance": {
    "md5sum": "0a0d7a78d4f31c050c39bfb73bad7aa9",
    "settings": {
      "fd_thres": 0.2,
      "testing": false
    },
    "software": "mriqc",
    "version": "21.0.0rc2",
    "webapi_port": null,
    "webapi_url": "https://mriqc.nimh.nih.gov/api/v1"
  },
  "size_t": 332,
  "size_x": 106,
  "size_y": 106,
  "size_z": 16,
  "snr": 6.333824682281706,
  "spacing_tr": 1.0,
  "spacing_x": 1.9811320304870605,
  "spacing_y": 1.9811320304870605,
  "spacing_z": 4.0,
  "summary_bg_k": 22.387587792396857,
  "summary_bg_mad": 5.113191590533306,
  "summary_bg_mean": 53.85306167602539,
  "summary_bg_median": 32.48192596435547,
  "summary_bg_n": 100824.0,
  "summary_bg_p05": 26.831323623657227,
  "summary_bg_p95": 181.0210723876953,
  "summary_bg_stdv": 66.35309600830078,
  "summary_fg_k": 1.4156111835994558,
  "summary_fg_mad": 91.2604828109126,
  "summary_fg_mean": 679.703857421875,
  "summary_fg_median": 666.903564453125,
  "summary_fg_n": 36965.0,
  "summary_fg_p05": 536.8650390625,
  "summary_fg_p95": 877.5005981445311,
  "summary_fg_stdv": 105.29096984863281,
  "tsnr": 34.52697605534922
}