{
  "aor": 0.00016851963746223564,
  "aqi": 0.0222196003021148,
  "bids_meta": {
    "AcquisitionMatrixPE": 106,
    "AcquisitionNumber": 1,
    "AcquisitionTime": "09:35:43.460000",
    "BandwidthPerPixelPhaseEncode": 27.345,
    "BaseResolution": 106,
    "CoilString": "T:HEA;HEP",
    "ConversionSoftware": "dcm2niix",
    "ConversionSoftwareVersion": "v1.0.20190720  GCC7.4.0",
    "Dcm2bidsVersion": "2.1.4",
    "DerivedVendorReportedEchoSpacing": 0.000689995,
    "DeviceSerialNumber": "40296",
    "DwellTime": 2.8e-06,
    "EchoTime": 0.023,
    "EffectiveEchoSpacing": 0.000344998,
    "FlipAngle": 90,
    "ImageOrientationPatientDICOM": [
      0.998599,
      0.0517793,
      0.0108895,
      -0.0470927,
      0.963578,
      -0.263247
    ],
    "ImageType": [
      "ORIGINAL",
      "PRIMARY",
      "FMRI",
      "NONE",
      "ND",
      "MOSAIC"
    ],
    "ImagingFrequency": 123.196,
    "InPlanePhaseEncodingDirectionDICOM": "COL",
    "InstitutionAddress": "Henri_le_Guilloux_2_Rennes_2A6CA1_District_FR_35000",
    "InstitutionName": "CHU_PONTCHAILLOU",
    "InstitutionalDepartmentName": "Department",
    "Instructions": "When demanded, try to feel the movement of your right arm and hand. When the symbol + is displayed, rest",
    "MRAcquisitionType": "2D",
    "MagneticFieldStrength": 3,
    "Manufacturer": "Siemens",
    "ManufacturersModelName": "Verio",
    "Modality": "MR",
    "ParallelReductionFactorInPlane": 2,
    "PartialFourier": 1,
    "PatientPosition": "HFS",
    "PercentPhaseFOV": 100,
    "PhaseEncodingDirection": "j-",
    "PhaseEncodingSteps": 106,
    "PhaseResolution": 1,
    "PixelBandwidth": 1685,
    "ProcedureStepDescription": "OSS-IRM",
    "ProtocolName": "MI_pre_bold_eeg_2X8x20s_avec_GLM_TR1s_16_coupes",
    "PulseSequenceDetails": "%SiemensSeq%_ep2d_bold",
    "ReceiveCoilName": "HeadMatrix",
    "ReconMatrixPE": 106,
    "RefLinesPE": 24,
    "RepetitionTime": 1,
    "SAR": 0.0424237,
    "ScanOptions": "FS",
    "ScanningSequence": "EP",
    "SequenceName": "_epfid2d1_106",
    "SequenceVariant": "SK",
    "SeriesDescription": "MI_pre_bold_eeg_2X8x20s_avec_GLM_TR1s_16_coupes",
    "SeriesNumber": 3,
    "ShimSetting": [
      969,
      13479,
      -6582,
      304,
      -422,
      -665,
      1122,
      48
    ],
    "SliceThickness": 4,
    "SliceTiming": [
      0.5025,
      0,
      0.565,
      0.0625,
      0.6275,
      0.1275,
      0.69,
      0.19,
      0.7525,
      0.2525,
      0.8175,
      0.315,
      0.88,
      0.3775,
      0.9425,
      0.44
    ],
    "SoftwareVersions": "syngo_MR_B17",
    "SpacingBetweenSlices": 4,
    "StationName": "MRC40296",
    "TaskName": "MIpre",
    "TotalReadoutTime": 0.0362248,
    "TxRefAmp": 458.895,
    "dataset": "ds002338",
    "modality": "bold",
    "subject_id": "xp205",
    "task_id": "MIpre"
  },
  "dummy_trs": 1,
  "dvars_nstd": 40.411959411000005,
  "dvars_std": 1.0142886163333338,
  "dvars_vstd": 0.998059355212121,
  "efc": 0.5619023836732098,
  "fber": 417.85498046875,
  "fd_mean": 0.08151475990055754,
  "fd_num": 0,
  "fd_perc": 0.0,
  "fwhm_avg": 2.3723466414654584,
  "fwhm_x": 2.3413785293550613,
  "fwhm_y": 2.815753778221716,
  "fwhm_z": 1.9599076168195972,
  "gcor": 0.0790162,
  "gsr_x": -0.00010306024341844022,
  "gsr_y": 0.030770253390073776,
  "provenance": {
    "md5sum": "995cc48c34247027af1783db730a9e85",
    "settings": {
      "fd_thres": 0.2,
      "testing": false
    },
    "software": "mriqc",
    "version": "21.0.0rc2",
    "webapi_port": null,
    "webapi_url": "https://mriqc.nimh.nih.gov/api/v1"
  },
  "size_t": 331,
  "size_x": 106,
  "size_y": 106,
  "size_z": 16,
  "snr": 6.268886384494326,
  "spacing_tr": 1.0,
  "spacing_x": 1.9811320304870605,
  "spacing_y": 1.9811320304870605,
  "spacing_z": 3.999999761581421,
  "summary_bg_k": 40.95022701802046,
  "summary_bg_mad": 5.818429265008653,
  "summary_bg_mean": 48.668758392333984,
  "summary_bg_median": 34.725074768066406,
  "summary_bg_n": 104219.0,
  "summary_bg_p05": 28.592145919799805,
  "summary_bg_p95": 124.9069458007812,
  "summary_bg_stdv": 44.9453239440918,
  "summary_fg_k": 1.7750706938250662,
  "summary_fg_mad": 88.90238154064664,
  "summary_fg_mean": 735.5209350585938,
  "summary_fg_median": 715.7522583007812,
  "summary_fg_n": 33605.0,
  "summary_fg_p05": 587.3311279296875,
  "summary_fg_p95": 959.1166137695311,
  "summary_fg_stdv": 114.17364501953125,
  "tsnr": 32.72350939165335
}