{
  "aor": 0.00017924698795180726,
  "aqi": 0.01715194277108434,
  "bids_meta": {
    "AcquisitionMatrixPE": 106,
    "AcquisitionNumber": 1,
    "AcquisitionTime": "11:21:11.917500",
    "BandwidthPerPixelPhaseEncode": 27.345,
    "BaseResolution": 106,
    "CoilString": "T:HEA;HEP",
    "ConversionSoftware": "dcm2niix",
    "ConversionSoftwareVersion": "v1.0.20190720  GCC7.4.0",
    "Dcm2bidsVersion": "2.1.4",
    "DerivedVendorReportedEchoSpacing": 0.000689995,
    "DeviceSerialNumber": "40296",
    "DwellTime": 2.8e-06,
    "EchoTime": 0.023,
    "EffectiveEchoSpacing": 0.000344998,
    "FlipAngle": 90,
    "ImageOrientationPatientDICOM": [
      0.999047,
      -0.0373796,
      0.0225295,
      0.0418725,
      0.966498,
      -0.253235
    ],
    "ImageType": [
      "ORIGINAL",
      "PRIMARY",
      "FMRI",
      "NONE",
      "ND",
      "MOSAIC"
    ],
    "ImagingFrequency": 123.196,
    "InPlanePhaseEncodingDirectionDICOM": "COL",
    "InstitutionAddress": "Henri_le_Guilloux_2_Rennes_2A6CA1_District_FR_35000",
    "InstitutionName": "CHU_PONTCHAILLOU",
    "InstitutionalDepartmentName": "Department",
    "Instructions": "When demanded, try to feel the movement of your right arm and hand. When the symbol + is displayed, rest",
    "MRAcquisitionType": "2D",
    "MagneticFieldStrength": 3,
    "Manufacturer": "Siemens",
    "ManufacturersModelName": "Verio",
    "Modality": "MR",
    "ParallelReductionFactorInPlane": 2,
    "PartialFourier": 1,
    "PatientPosition": "HFS",
    "PercentPhaseFOV": 100,
    "PhaseEncodingDirection": "j-",
    "PhaseEncodingSteps": 106,
    "PhaseResolution": 1,
    "PixelBandwidth": 1685,
    "ProcedureStepDescription": "OSS-IRM",
    "ProtocolName": "MI_pre_bold_eeg_2X8x20s_avec_GLM_TR1s_16_coupes",
    "PulseSequenceDetails": "%SiemensSeq%_ep2d_bold",
    "ReceiveCoilName": "HeadMatrix",
    "ReconMatrixPE": 106,
    "RefLinesPE": 24,
    "RepetitionTime": 1,
    "SAR": 0.037354,
    "ScanOptions": "FS",
    "ScanningSequence": "EP",
    "SequenceName": "_epfid2d1_106",
    "SequenceVariant": "SK",
    "SeriesDescription": "MI_pre_bold_eeg_2X8x20s_avec_GLM_TR1s_16_coupes",
    "SeriesNumber": 6,
    "ShimSetting": [
      998,
      13438,
      -6625,
      352,
      -425,
      -427,
      1057,
      171
    ],
    "SliceThickness": 4,
    "SliceTiming": [
      0.5025,
      0,
      0.565,
      0.0625,
      0.6275,
      0.125,
      0.69,
      0.1875,
      0.7525,
      0.2525,
      0.815,
      0.315,
      0.8775,
      0.3775,
      0.94,
      0.44
    ],
    "SoftwareVersions": "syngo_MR_B17",
    "SpacingBetweenSlices": 4,
    "StationName": "MRC40296",
    "TaskName": "MIpre",
    "TotalReadoutTime": 0.0362248,
    "TxRefAmp": 532.221,
    "dataset": "ds002338",
    "modality": "bold",
    "subject_id": "xp203",
    "task_id": "MIpre"
  },
  "dummy_trs": 0,
  "dvars_nstd": 40.22656851589123,
  "dvars_std": 0.9986771262235654,
  "dvars_vstd": 0.9919699049546824,
  "efc": 0.5594722912537686,
  "fber": 382.24676513671875,
  "fd_mean": 0.08892832529471986,
  "fd_num": 0,
  "fd_perc": 0.0,
  "fwhm_avg": 2.472928476584949,
  "fwhm_x": 2.295864147369206,
  "fwhm_y": 2.9991337823856394,
  "fwhm_z": 2.1237875,
  "gcor": 0.061606,
  "gsr_x": -0.009544785134494305,
  "gsr_y": 0.03730152174830437,
  "provenance": {
    "md5sum": "31023d8acbda3017e09605f7cc855d5a",
    "settings": {
      "fd_thres": 0.2,
      "testing": false
    },
    "software": "mriqc",
    "version": "21.0.0rc2",
    "webapi_port": null,
    "webapi_url": "https://mriqc.nimh.nih.gov/api/v1"
  },
  "size_t": 332,
  "size_x": 106,
  "size_y": 106,
  "size_z": 16,
  "snr": 5.3469196657368885,
  "spacing_tr": 1.0,
  "spacing_x": 1.9811320304870605,
  "spacing_y": 1.9811320304870605,
  "spacing_z": 4.0,
  "summary_bg_k": 26.63963296413578,
  "summary_bg_mad": 5.457045539815776,
  "summary_bg_mean": 51.301021575927734,
  "summary_bg_median": 35.11445617675781,
  "summary_bg_n": 106417.0,
  "summary_bg_p05": 29.060239791870117,
  "summary_bg_p95": 146.82228698730464,
  "summary_bg_stdv": 51.0438117980957,
  "summary_fg_k": 1.0283729140170843,
  "summary_fg_mad": 108.03794035009908,
  "summary_fg_mean": 712.4751586914062,
  "summary_fg_median": 691.4307250976562,
  "summary_fg_n": 32113.0,
  "summary_fg_p05": 543.4601928710938,
  "summary_fg_p95": 964.2686279296875,
  "summary_fg_stdv": 129.31182861328125,
  "tsnr": 31.751838362775743
}