{
  "aor": 0.0001995180722891566,
  "aqi": 0.0150185921686747,
  "bids_meta": {
    "AcquisitionMatrixPE": 106,
    "AcquisitionNumber": 1,
    "AcquisitionTime": "12:25:53.757500",
    "BandwidthPerPixelPhaseEncode": 27.345,
    "BaseResolution": 106,
    "CoilString": "T:HEA;HEP",
    "ConversionSoftware": "dcm2niix",
    "ConversionSoftwareVersion": "v1.0.20190720  GCC7.4.0",
    "Dcm2bidsVersion": "2.1.4",
    "DerivedVendorReportedEchoSpacing": 0.000689995,
    "DeviceSerialNumber": "40296",
    "DwellTime": 2.8e-06,
    "EchoTime": 0.023,
    "EffectiveEchoSpacing": 0.000344998,
    "FlipAngle": 90,
    "ImageOrientationPatientDICOM": [
      0.999047,
      -0.0373796,
      0.0225295,
      0.0418725,
      0.966498,
      -0.253235
    ],
    "ImageType": [
      "ORIGINAL",
      "PRIMARY",
      "M",
      "ND",
      "MOSAIC"
    ],
    "ImagingFrequency": 123.196,
    "InPlanePhaseEncodingDirectionDICOM": "COL",
    "InstitutionAddress": "Henri_le_Guilloux_2_Rennes_2A6CA1_District_FR_35000",
    "InstitutionName": "CHU_PONTCHAILLOU",
    "InstitutionalDepartmentName": "Department",
    "Instructions": "Try to move up the ball by feeling the movement of your right arm and hand. When the symbol + is displayed, rest",
    "MRAcquisitionType": "2D",
    "MagneticFieldStrength": 3,
    "Manufacturer": "Siemens",
    "ManufacturersModelName": "Verio",
    "Modality": "MR",
    "ParallelReductionFactorInPlane": 2,
    "PartialFourier": 1,
    "PatientPosition": "HFS",
    "PercentPhaseFOV": 100,
    "PhaseEncodingDirection": "j-",
    "PhaseEncodingSteps": 106,
    "PhaseResolution": 1,
    "PixelBandwidth": 1685,
    "ProcedureStepDescription": "OSS-IRM",
    "ProtocolName": "NF3_bold_eeg_2X8x20s_TR1s_16_coupes",
    "PulseSequenceDetails": "%SiemensSeq%_ep2d_bold",
    "ReceiveCoilName": "HeadMatrix",
    "ReconMatrixPE": 106,
    "RefLinesPE": 24,
    "RepetitionTime": 1,
    "SAR": 0.037354,
    "ScanOptions": "FS",
    "ScanningSequence": "EP",
    "SequenceName": "_epfid2d1_106",
    "SequenceVariant": "SK",
    "SeriesDescription": "NF3_bold_eeg_2X8x20s_TR1s_16_coupes",
    "SeriesNumber": 25,
    "ShimSetting": [
      998,
      13438,
      -6625,
      352,
      -425,
      -427,
      1057,
      171
    ],
    "SliceThickness": 4,
    "SliceTiming": [
      0.5025,
      0,
      0.565,
      0.0625,
      0.6275,
      0.125,
      0.69,
      0.1875,
      0.7525,
      0.2525,
      0.815,
      0.315,
      0.8775,
      0.3775,
      0.94,
      0.44
    ],
    "SoftwareVersions": "syngo_MR_B17",
    "SpacingBetweenSlices": 4,
    "StationName": "MRC40296",
    "TaskName": "1dNF",
    "TotalReadoutTime": 0.0362248,
    "TxRefAmp": 532.221,
    "dataset": "ds002338",
    "modality": "bold",
    "run_id": 3,
    "subject_id": "xp203",
    "task_id": "1dNF"
  },
  "dummy_trs": 0,
  "dvars_nstd": 38.59875933132929,
  "dvars_std": 1.006843131510573,
  "dvars_vstd": 0.9967592771601215,
  "efc": 0.5685923713776626,
  "fber": 386.7777404785156,
  "fd_mean": 0.08744792141227992,
  "fd_num": 0,
  "fd_perc": 0.0,
  "fwhm_avg": 2.391326141870059,
  "fwhm_x": 2.228039288686282,
  "fwhm_y": 2.8844266369238953,
  "fwhm_z": 2.0615125,
  "gcor": 0.0446089,
  "gsr_x": -0.00949365459382534,
  "gsr_y": 0.03920581191778183,
  "provenance": {
    "md5sum": "79757d90006e5b446f7f61298acda5bb",
    "settings": {
      "fd_thres": 0.2,
      "testing": false
    },
    "software": "mriqc",
    "version": "21.0.0rc2",
    "webapi_port": null,
    "webapi_url": "https://mriqc.nimh.nih.gov/api/v1"
  },
  "size_t": 332,
  "size_x": 106,
  "size_y": 106,
  "size_z": 16,
  "snr": 5.56391815840917,
  "spacing_tr": 1.0,
  "spacing_x": 1.9811320304870605,
  "spacing_y": 1.9811320304870605,
  "spacing_z": 4.0,
  "summary_bg_k": 26.516157766805485,
  "summary_bg_mad": 5.497240447831673,
  "summary_bg_mean": 53.39317321777344,
  "summary_bg_median": 35.71686553955078,
  "summary_bg_n": 104721.0,
  "summary_bg_p05": 29.85240936279297,
  "summary_bg_p95": 157.94879150390625,
  "summary_bg_stdv": 55.552852630615234,
  "summary_fg_k": 1.1437348979541309,
  "summary_fg_mad": 105.86539058429148,
  "summary_fg_mean": 724.1513061523438,
  "summary_fg_median": 707.0511474609375,
  "summary_fg_n": 33834.0,
  "summary_fg_p05": 553.7486114501953,
  "summary_fg_p95": 970.6181915283202,
  "summary_fg_stdv": 127.07604217529297,
  "tsnr": 34.335731922183186
}