{
  "aor": 0.000605301204819277,
  "aqi": 0.018213430421686747,
  "bids_meta": {
    "AcquisitionMatrixPE": 106,
    "AcquisitionNumber": 1,
    "AcquisitionTime": "12:05:44.602500",
    "BandwidthPerPixelPhaseEncode": 27.345,
    "BaseResolution": 106,
    "CoilString": "T:HEA;HEP",
    "ConversionSoftware": "dcm2niix",
    "ConversionSoftwareVersion": "v1.0.20190720  GCC7.4.0",
    "Dcm2bidsVersion": "2.1.4",
    "DerivedVendorReportedEchoSpacing": 0.000689995,
    "DeviceSerialNumber": "40296",
    "DwellTime": 2.8e-06,
    "EchoTime": 0.023,
    "EffectiveEchoSpacing": 0.000344998,
    "FlipAngle": 90,
    "ImageOrientationPatientDICOM": [
      0.999047,
      -0.0373796,
      0.0225295,
      0.0418725,
      0.966498,
      -0.253235
    ],
    "ImageType": [
      "ORIGINAL",
      "PRIMARY",
      "M",
      "ND",
      "MOSAIC"
    ],
    "ImagingFrequency": 123.196,
    "InPlanePhaseEncodingDirectionDICOM": "COL",
    "InstitutionAddress": "Henri_le_Guilloux_2_Rennes_2A6CA1_District_FR_35000",
    "InstitutionName": "CHU_PONTCHAILLOU",
    "InstitutionalDepartmentName": "Department",
    "Instructions": "Try to move up the ball by feeling the movement of your right arm and hand. When the symbol + is displayed, rest",
    "MRAcquisitionType": "2D",
    "MagneticFieldStrength": 3,
    "Manufacturer": "Siemens",
    "ManufacturersModelName": "Verio",
    "Modality": "MR",
    "ParallelReductionFactorInPlane": 2,
    "PartialFourier": 1,
    "PatientPosition": "HFS",
    "PercentPhaseFOV": 100,
    "PhaseEncodingDirection": "j-",
    "PhaseEncodingSteps": 106,
    "PhaseResolution": 1,
    "PixelBandwidth": 1685,
    "ProcedureStepDescription": "OSS-IRM",
    "ProtocolName": "NF1_bold_eeg_2X8x20s_TR1s_16_coupes3",
    "PulseSequenceDetails": "%SiemensSeq%_ep2d_bold",
    "ReceiveCoilName": "HeadMatrix",
    "ReconMatrixPE": 106,
    "RefLinesPE": 24,
    "RepetitionTime": 1,
    "SAR": 0.037354,
    "ScanOptions": "FS",
    "ScanningSequence": "EP",
    "SequenceName": "_epfid2d1_106",
    "SequenceVariant": "SK",
    "SeriesDescription": "NF1_bold_eeg_2X8x20s_TR1s_16_coupes3",
    "SeriesNumber": 23,
    "ShimSetting": [
      998,
      13438,
      -6625,
      352,
      -425,
      -427,
      1057,
      171
    ],
    "SliceThickness": 4,
    "SliceTiming": [
      0.5025,
      0,
      0.565,
      0.0625,
      0.6275,
      0.125,
      0.69,
      0.1875,
      0.7525,
      0.25,
      0.815,
      0.3125,
      0.8775,
      0.375,
      0.94,
      0.4375
    ],
    "SoftwareVersions": "syngo_MR_B17",
    "SpacingBetweenSlices": 4,
    "StationName": "MRC40296",
    "TaskName": "1dNF",
    "TotalReadoutTime": 0.0362248,
    "TxRefAmp": 532.221,
    "dataset": "ds002338",
    "modality": "bold",
    "run_id": 1,
    "subject_id": "xp203",
    "task_id": "1dNF"
  },
  "dummy_trs": 0,
  "dvars_nstd": 39.89141309797583,
  "dvars_std": 1.0083606233836848,
  "dvars_vstd": 1.0003571588519635,
  "efc": 0.5675997092717344,
  "fber": 366.5331726074219,
  "fd_mean": 0.09364448589710068,
  "fd_num": 9,
  "fd_perc": 2.710843373493976,
  "fwhm_avg": 2.4463234762078687,
  "fwhm_x": 2.274553099266259,
  "fwhm_y": 2.9706248293573476,
  "fwhm_z": 2.0937925,
  "gcor": 0.0586153,
  "gsr_x": -0.009518341161310673,
  "gsr_y": 0.0383407324552536,
  "provenance": {
    "md5sum": "e881b8899c76a2986c8d32f0bee7912f",
    "settings": {
      "fd_thres": 0.2,
      "testing": false
    },
    "software": "mriqc",
    "version": "21.0.0rc2",
    "webapi_port": null,
    "webapi_url": "https://mriqc.nimh.nih.gov/api/v1"
  },
  "size_t": 332,
  "size_x": 106,
  "size_y": 106,
  "size_z": 16,
  "snr": 5.348636881188216,
  "spacing_tr": 1.0,
  "spacing_x": 1.9811320304870605,
  "spacing_y": 1.9811320304870605,
  "spacing_z": 4.0,
  "summary_bg_k": 26.3030584084604,
  "summary_bg_mad": 5.68033173208644,
  "summary_bg_mean": 53.244468688964844,
  "summary_bg_median": 36.05421447753906,
  "summary_bg_n": 105179.0,
  "summary_bg_p05": 29.912649154663086,
  "summary_bg_p95": 154.4192733764648,
  "summary_bg_stdv": 53.83605194091797,
  "summary_fg_k": 1.0509116182411509,
  "summary_fg_mad": 108.14508152604577,
  "summary_fg_mean": 714.5767211914062,
  "summary_fg_median": 694.4879150390625,
  "summary_fg_n": 33409.0,
  "summary_fg_p05": 544.6770874023438,
  "summary_fg_p95": 965.6885253906249,
  "summary_fg_stdv": 129.8419647216797,
  "tsnr": 31.639661197550595
}