{
  "aor": 0.00021310240963855423,
  "aqi": 0.0156947171686747,
  "bids_meta": {
    "AcquisitionMatrixPE": 106,
    "AcquisitionNumber": 1,
    "AcquisitionTime": "12:16:59.730000",
    "BandwidthPerPixelPhaseEncode": 27.345,
    "BaseResolution": 106,
    "CoilString": "T:HEA;HEP",
    "ConversionSoftware": "dcm2niix",
    "ConversionSoftwareVersion": "v1.0.20190720  GCC7.4.0",
    "Dcm2bidsVersion": "2.1.4",
    "DerivedVendorReportedEchoSpacing": 0.000689995,
    "DeviceSerialNumber": "40296",
    "DwellTime": 2.8e-06,
    "EchoTime": 0.023,
    "EffectiveEchoSpacing": 0.000344998,
    "FlipAngle": 90,
    "ImageOrientationPatientDICOM": [
      0.999047,
      -0.0373796,
      0.0225295,
      0.0418725,
      0.966498,
      -0.253235
    ],
    "ImageType": [
      "ORIGINAL",
      "PRIMARY",
      "M",
      "ND",
      "MOSAIC"
    ],
    "ImagingFrequency": 123.196,
    "InPlanePhaseEncodingDirectionDICOM": "COL",
    "InstitutionAddress": "Henri_le_Guilloux_2_Rennes_2A6CA1_District_FR_35000",
    "InstitutionName": "CHU_PONTCHAILLOU",
    "InstitutionalDepartmentName": "Department",
    "Instructions": "Try to move up the ball by feeling the movement of your right arm and hand. When the symbol + is displayed, rest",
    "MRAcquisitionType": "2D",
    "MagneticFieldStrength": 3,
    "Manufacturer": "Siemens",
    "ManufacturersModelName": "Verio",
    "Modality": "MR",
    "ParallelReductionFactorInPlane": 2,
    "PartialFourier": 1,
    "PatientPosition": "HFS",
    "PercentPhaseFOV": 100,
    "PhaseEncodingDirection": "j-",
    "PhaseEncodingSteps": 106,
    "PhaseResolution": 1,
    "PixelBandwidth": 1685,
    "ProcedureStepDescription": "OSS-IRM",
    "ProtocolName": "NF2_bold_eeg_2X8x20s_TR1s_16_coupes",
    "PulseSequenceDetails": "%SiemensSeq%_ep2d_bold",
    "ReceiveCoilName": "HeadMatrix",
    "ReconMatrixPE": 106,
    "RefLinesPE": 24,
    "RepetitionTime": 1,
    "SAR": 0.037354,
    "ScanOptions": "FS",
    "ScanningSequence": "EP",
    "SequenceName": "_epfid2d1_106",
    "SequenceVariant": "SK",
    "SeriesDescription": "NF2_bold_eeg_2X8x20s_TR1s_16_coupes",
    "SeriesNumber": 24,
    "ShimSetting": [
      998,
      13438,
      -6625,
      352,
      -425,
      -427,
      1057,
      171
    ],
    "SliceThickness": 4,
    "SliceTiming": [
      0.5,
      0,
      0.5625,
      0.0625,
      0.625,
      0.125,
      0.69,
      0.1875,
      0.7525,
      0.25,
      0.815,
      0.3125,
      0.8775,
      0.375,
      0.94,
      0.4375
    ],
    "SoftwareVersions": "syngo_MR_B17",
    "SpacingBetweenSlices": 4,
    "StationName": "MRC40296",
    "TaskName": "1dNF",
    "TotalReadoutTime": 0.0362248,
    "TxRefAmp": 532.221,
    "dataset": "ds002338",
    "modality": "bold",
    "run_id": 2,
    "subject_id": "xp203",
    "task_id": "1dNF"
  },
  "dummy_trs": 0,
  "dvars_nstd": 39.16306049078547,
  "dvars_std": 1.007777592265861,
  "dvars_vstd": 0.9977218685498493,
  "efc": 0.5672631587940928,
  "fber": 383.55206298828125,
  "fd_mean": 0.08246266496512189,
  "fd_num": 3,
  "fd_perc": 0.9036144578313253,
  "fwhm_avg": 2.4245374042692656,
  "fwhm_x": 2.244857955734842,
  "fwhm_y": 2.932934257072954,
  "fwhm_z": 2.09582,
  "gcor": 0.0552822,
  "gsr_x": -0.00911058858036995,
  "gsr_y": 0.038184989243745804,
  "provenance": {
    "md5sum": "6039a061c8eed495306ea2f01f1dd2f0",
    "settings": {
      "fd_thres": 0.2,
      "testing": false
    },
    "software": "mriqc",
    "version": "21.0.0rc2",
    "webapi_port": null,
    "webapi_url": "https://mriqc.nimh.nih.gov/api/v1"
  },
  "size_t": 332,
  "size_x": 106,
  "size_y": 106,
  "size_z": 16,
  "snr": 5.458329353073885,
  "spacing_tr": 1.0,
  "spacing_x": 1.9811320304870605,
  "spacing_y": 1.9811320304870605,
  "spacing_z": 4.0,
  "summary_bg_k": 26.40654237271338,
  "summary_bg_mad": 5.323079480132006,
  "summary_bg_mean": 52.91000747680664,
  "summary_bg_median": 35.54216766357422,
  "summary_bg_n": 104916.0,
  "summary_bg_p05": 29.54819107055664,
  "summary_bg_p95": 155.15662002563477,
  "summary_bg_stdv": 54.35319900512695,
  "summary_fg_k": 1.153721963865424,
  "summary_fg_mad": 107.08231164352385,
  "summary_fg_mean": 719.160400390625,
  "summary_fg_median": 701.1024169921875,
  "summary_fg_n": 33616.0,
  "summary_fg_p05": 548.2891387939453,
  "summary_fg_p95": 968.0029754638672,
  "summary_fg_stdv": 128.44442749023438,
  "tsnr": 33.48230737494305
}