{
  "aor": 0.00022120481927710844,
  "aqi": 0.015659543674698795,
  "bids_meta": {
    "AcquisitionMatrixPE": 106,
    "AcquisitionNumber": 1,
    "AcquisitionTime": "12:39:32.125000",
    "BandwidthPerPixelPhaseEncode": 27.345,
    "BaseResolution": 106,
    "CoilString": "T:HEA;HEP",
    "ConversionSoftware": "dcm2niix",
    "ConversionSoftwareVersion": "v1.0.20190720  GCC7.4.0",
    "Dcm2bidsVersion": "2.1.4",
    "DerivedVendorReportedEchoSpacing": 0.000689995,
    "DeviceSerialNumber": "40296",
    "DwellTime": 2.8e-06,
    "EchoTime": 0.023,
    "EffectiveEchoSpacing": 0.000344998,
    "FlipAngle": 90,
    "ImageOrientationPatientDICOM": [
      0.999047,
      -0.0373796,
      0.0225295,
      0.0418725,
      0.966498,
      -0.253235
    ],
    "ImageType": [
      "ORIGINAL",
      "PRIMARY",
      "M",
      "ND",
      "MOSAIC"
    ],
    "ImagingFrequency": 123.197,
    "InPlanePhaseEncodingDirectionDICOM": "COL",
    "InstitutionAddress": "Henri_le_Guilloux_2_Rennes_2A6CA1_District_FR_35000",
    "InstitutionName": "CHU_PONTCHAILLOU",
    "InstitutionalDepartmentName": "Department",
    "Instructions": "When demanded, try to feel the movement of your right arm and hand. When the symbol + is displayed, rest",
    "MRAcquisitionType": "2D",
    "MagneticFieldStrength": 3,
    "Manufacturer": "Siemens",
    "ManufacturersModelName": "Verio",
    "Modality": "MR",
    "ParallelReductionFactorInPlane": 2,
    "PartialFourier": 1,
    "PatientPosition": "HFS",
    "PercentPhaseFOV": 100,
    "PhaseEncodingDirection": "j-",
    "PhaseEncodingSteps": 106,
    "PhaseResolution": 1,
    "PixelBandwidth": 1685,
    "ProcedureStepDescription": "OSS-IRM",
    "ProtocolName": "MI_post_bold_eeg_2X8x20s_TR1s_16_coupes",
    "PulseSequenceDetails": "%SiemensSeq%_ep2d_bold",
    "ReceiveCoilName": "HeadMatrix",
    "ReconMatrixPE": 106,
    "RefLinesPE": 24,
    "RepetitionTime": 1,
    "SAR": 0.037354,
    "ScanOptions": "FS",
    "ScanningSequence": "EP",
    "SequenceName": "_epfid2d1_106",
    "SequenceVariant": "SK",
    "SeriesDescription": "MI_post_bold_eeg_2X8x20s_TR1s_16_coupes",
    "SeriesNumber": 33,
    "ShimSetting": [
      998,
      13438,
      -6625,
      352,
      -425,
      -427,
      1057,
      171
    ],
    "SliceThickness": 4,
    "SliceTiming": [
      0.5025,
      0,
      0.565,
      0.0625,
      0.6275,
      0.125,
      0.69,
      0.1875,
      0.7525,
      0.25,
      0.815,
      0.3125,
      0.8775,
      0.375,
      0.94,
      0.4375
    ],
    "SoftwareVersions": "syngo_MR_B17",
    "SpacingBetweenSlices": 4,
    "StationName": "MRC40296",
    "TaskName": "MIpost",
    "TotalReadoutTime": 0.0362248,
    "TxRefAmp": 532.221,
    "dataset": "ds002338",
    "modality": "bold",
    "subject_id": "xp203",
    "task_id": "MIpost"
  },
  "dummy_trs": 0,
  "dvars_nstd": 40.11120212474321,
  "dvars_std": 1.0093321042296073,
  "dvars_vstd": 0.9994470804229605,
  "efc": 0.5711062682924554,
  "fber": 375.35809326171875,
  "fd_mean": 0.10004896362126812,
  "fd_num": 3,
  "fd_perc": 0.9036144578313253,
  "fwhm_avg": 2.40336245154344,
  "fwhm_x": 2.2291750029977844,
  "fwhm_y": 2.9030523516325353,
  "fwhm_z": 2.07786,
  "gcor": 0.0465659,
  "gsr_x": -0.008792029693722725,
  "gsr_y": 0.039195071905851364,
  "provenance": {
    "md5sum": "14575c0bca74ed37583e8bb2fd9c433b",
    "settings": {
      "fd_thres": 0.2,
      "testing": false
    },
    "software": "mriqc",
    "version": "21.0.0rc2",
    "webapi_port": null,
    "webapi_url": "https://mriqc.nimh.nih.gov/api/v1"
  },
  "size_t": 332,
  "size_x": 106,
  "size_y": 106,
  "size_z": 16,
  "snr": 5.611539197277728,
  "spacing_tr": 1.0,
  "spacing_x": 1.9811320304870605,
  "spacing_y": 1.9811320304870605,
  "spacing_z": 4.0,
  "summary_bg_k": 25.545667430075525,
  "summary_bg_mad": 5.979534098593406,
  "summary_bg_mean": 53.93764114379883,
  "summary_bg_median": 36.25602340698242,
  "summary_bg_n": 104354.0,
  "summary_bg_p05": 29.704818725585938,
  "summary_bg_p95": 159.8002967834472,
  "summary_bg_stdv": 55.55127716064453,
  "summary_fg_k": 1.1818892804973364,
  "summary_fg_mad": 105.65771406503669,
  "summary_fg_mean": 724.4298095703125,
  "summary_fg_median": 708.4111328125,
  "summary_fg_n": 34220.0,
  "summary_fg_p05": 555.7790374755859,
  "summary_fg_p95": 968.2693817138671,
  "summary_fg_stdv": 126.2400131225586,
  "tsnr": 33.48624918074347
}