{
  "bids_meta": {
    "AcquisitionMatrixPE": 256,
    "AcquisitionNumber": 1,
    "AcquisitionTime": "14:40:5.377500",
    "BaseResolution": 256,
    "CoilString": "T:HEA;HEP",
    "ConversionSoftware": "dcm2niix",
    "ConversionSoftwareVersion": "v1.0.20190720  GCC7.4.0",
    "Dcm2bidsVersion": "2.1.4",
    "DeviceSerialNumber": "40296",
    "DwellTime": 9.8e-06,
    "EchoTime": 0.00226,
    "FlipAngle": 9,
    "ImageOrientationPatientDICOM": [
      0.0316401,
      0.999499,
      -4.48958e-08,
      0.0226026,
      -0.000715552,
      -0.999744
    ],
    "ImageType": [
      "ORIGINAL",
      "PRIMARY",
      "M",
      "ND",
      "NORM",
      "FM",
      "FIL"
    ],
    "ImagingFrequency": 123.196,
    "InPlanePhaseEncodingDirectionDICOM": "ROW",
    "InstitutionAddress": "Henri_le_Guilloux_2_Rennes_2A6CA1_District_FR_35000",
    "InstitutionName": "CHU_PONTCHAILLOU",
    "InstitutionalDepartmentName": "Department",
    "Interpolation2D": 1,
    "InversionTime": 0.9,
    "MRAcquisitionType": "3D",
    "MagneticFieldStrength": 3,
    "Manufacturer": "Siemens",
    "ManufacturersModelName": "Verio",
    "Modality": "MR",
    "ParallelReductionFactorInPlane": 2,
    "PartialFourier": 1,
    "PatientPosition": "HFS",
    "PercentPhaseFOV": 100,
    "PhaseEncodingSteps": 255,
    "PhaseResolution": 1,
    "PixelBandwidth": 199,
    "ProcedureStepDescription": "OSS-IRM",
    "ProtocolName": "T1_3D_MPRAGE",
    "PulseSequenceDetails": "%SiemensSeq%_tfl",
    "ReceiveCoilName": "HeadMatrix",
    "ReconMatrixPE": 512,
    "RefLinesPE": 24,
    "RepetitionTime": 1.9,
    "SAR": 0.0315514,
    "ScanOptions": "IR",
    "ScanningSequence": "GR_IR",
    "SequenceName": "_tfl3d1_ns",
    "SequenceVariant": "SP_MP",
    "SeriesDescription": "T1_3D_MPRAGE",
    "SeriesNumber": 9,
    "ShimSetting": [
      936,
      13482,
      -6965,
      33,
      -607,
      -326,
      728,
      -255
    ],
    "SliceThickness": 1,
    "SoftwareVersions": "syngo_MR_B17",
    "StationName": "MRC40296",
    "TxRefAmp": 463.966,
    "dataset": "ds002338",
    "modality": "T1w",
    "subject_id": "xp220"
  },
  "cjv": 0.4016162971648087,
  "cnr": 3.3330394418541935,
  "efc": 0.5981366641004793,
  "fber": 1829.7963911784361,
  "fwhm_avg": 6.475103333333333,
  "fwhm_x": 3.92835,
  "fwhm_y": 7.97446,
  "fwhm_z": 7.5225,
  "icvs_csf": 0.241693917041481,
  "icvs_gm": 0.39534809172391805,
  "icvs_wm": 0.362957991234601,
  "inu_med": 1.2260597944259644,
  "inu_range": 0.4206242561340332,
  "provenance": {
    "md5sum": "2b8e56b0b87ea70c908a9f6017c1a979",
    "settings": {
      "testing": false
    },
    "software": "mriqc",
    "version": "21.0.0rc2",
    "warnings": {
      "large_rot_frame": true,
      "small_air_mask": false
    },
    "webapi_port": null,
    "webapi_url": "https://mriqc.nimh.nih.gov/api/v1"
  },
  "qi_1": 0.0,
  "qi_2": 0.003306000210475169,
  "rpve_csf": 23.36219039086718,
  "rpve_gm": 14.193247481633529,
  "rpve_wm": 18.173478814650153,
  "size_x": 176,
  "size_y": 512,
  "size_z": 512,
  "snr_csf": 4.011589600597528,
  "snr_gm": 15.156570863442905,
  "snr_total": 12.991877139413896,
  "snr_wm": 19.807470954201253,
  "snrd_csf": 30.632212475133628,
  "snrd_gm": 65.75065851325138,
  "snrd_total": 60.94736782032904,
  "snrd_wm": 86.4592324726021,
  "spacing_x": 1.0,
  "spacing_y": 0.5,
  "spacing_z": 0.5,
  "summary_bg_k": 120.15558645662624,
  "summary_bg_mad": 7.577401985858651,
  "summary_bg_mean": 15.628729671291618,
  "summary_bg_median": 12.820512473583221,
  "summary_bg_n": 8209064.0,
  "summary_bg_p05": 5.110879972577095,
  "summary_bg_p95": 33.0041571110487,
  "summary_bg_stdv": 9.887862865747064,
  "summary_csf_k": -0.06096149453048305,
  "summary_csf_mad": 91.8278376252362,
  "summary_csf_mean": 368.3727260356565,
  "summary_csf_median": 354.29659470915794,
  "summary_csf_n": 235709.0,
  "summary_csf_p05": 244.80248817801476,
  "summary_csf_p95": 525.3811361640692,
  "summary_csf_stdv": 88.31806800488866,
  "summary_gm_k": 0.3342563183146168,
  "summary_gm_mad": 47.77616167354946,
  "summary_gm_mean": 762.2932238850562,
  "summary_gm_median": 760.4816149026155,
  "summary_gm_n": 178809.0,
  "summary_gm_p05": 683.2120397239923,
  "summary_gm_p95": 848.1462001949549,
  "summary_gm_stdv": 50.17490402228718,
  "summary_wm_k": 0.341727774466412,
  "summary_wm_mad": 48.41831438421545,
  "summary_wm_mean": 998.9370671330391,
  "summary_wm_median": 999.9999729394913,
  "summary_wm_n": 1030916.0,
  "summary_wm_p05": 913.2016384899616,
  "summary_wm_p95": 1079.7816755622625,
  "summary_wm_stdv": 50.48597522853943,
  "tpm_overlap_csf": 0.1657741814851761,
  "tpm_overlap_gm": 0.4104536771774292,
  "tpm_overlap_wm": 0.49608173966407776,
  "wm2max": 0.41003054628116786
}