{
  "aor": 0.000317921686746988,
  "aqi": 0.017384094578313254,
  "bids_meta": {
    "AcquisitionMatrixPE": 106,
    "AcquisitionNumber": 1,
    "AcquisitionTime": "18:51:33.430000",
    "BandwidthPerPixelPhaseEncode": 27.345,
    "BaseResolution": 106,
    "CoilString": "T:HEA;HEP",
    "ConversionSoftware": "dcm2niix",
    "ConversionSoftwareVersion": "v1.0.20190720  GCC7.4.0",
    "Dcm2bidsVersion": "2.1.4",
    "DerivedVendorReportedEchoSpacing": 0.000689995,
    "DeviceSerialNumber": "40296",
    "DwellTime": 2.8e-06,
    "EchoTime": 0.023,
    "EffectiveEchoSpacing": 0.000344998,
    "FlipAngle": 90,
    "ImageOrientationPatientDICOM": [
      0.99759,
      0.0650084,
      0.0242646,
      -0.0540276,
      0.94713,
      -0.316267
    ],
    "ImageType": [
      "ORIGINAL",
      "PRIMARY",
      "M",
      "ND",
      "MOSAIC"
    ],
    "ImagingFrequency": 123.197,
    "InPlanePhaseEncodingDirectionDICOM": "COL",
    "InstitutionAddress": "Henri_le_Guilloux_2_Rennes_2A6CA1_District_FR_35000",
    "InstitutionName": "CHU_PONTCHAILLOU",
    "InstitutionalDepartmentName": "Department",
    "Instructions": "Try to move up the ball by feeling the movement of your right arm and hand. When the symbol + is displayed, rest",
    "MRAcquisitionType": "2D",
    "MagneticFieldStrength": 3,
    "Manufacturer": "Siemens",
    "ManufacturersModelName": "Verio",
    "Modality": "MR",
    "ParallelReductionFactorInPlane": 2,
    "PartialFourier": 1,
    "PatientPosition": "HFS",
    "PercentPhaseFOV": 100,
    "PhaseEncodingDirection": "j-",
    "PhaseEncodingSteps": 106,
    "PhaseResolution": 1,
    "PixelBandwidth": 1685,
    "ProcedureStepDescription": "OSS-IRM",
    "ProtocolName": "NF1_bold_eeg_2X8x20s_TR1s_16_coupes",
    "PulseSequenceDetails": "%SiemensSeq%_ep2d_bold",
    "ReceiveCoilName": "HeadMatrix",
    "ReconMatrixPE": 106,
    "RefLinesPE": 24,
    "RepetitionTime": 1,
    "SAR": 0.0532729,
    "ScanOptions": "FS",
    "ScanningSequence": "EP",
    "SequenceName": "_epfid2d1_106",
    "SequenceVariant": "SK",
    "SeriesDescription": "NF1_bold_eeg_2X8x20s_TR1s_16_coupes",
    "SeriesNumber": 18,
    "ShimSetting": [
      960,
      13487,
      -6595,
      323,
      -602,
      -453,
      412,
      -236
    ],
    "SliceThickness": 4,
    "SliceTiming": [
      0.5025,
      0,
      0.565,
      0.0625,
      0.6275,
      0.125,
      0.69,
      0.1875,
      0.7525,
      0.25,
      0.815,
      0.3125,
      0.8775,
      0.375,
      0.94,
      0.44
    ],
    "SoftwareVersions": "syngo_MR_B17",
    "SpacingBetweenSlices": 4,
    "StationName": "MRC40296",
    "TaskName": "1dNF",
    "TotalReadoutTime": 0.0362248,
    "TxRefAmp": 450.006,
    "dataset": "ds002338",
    "modality": "bold",
    "run_id": 1,
    "subject_id": "xp222",
    "task_id": "1dNF"
  },
  "dummy_trs": 0,
  "dvars_nstd": 44.293439686193345,
  "dvars_std": 1.0157492657401808,
  "dvars_vstd": 1.0008110034743194,
  "efc": 0.5509974248425251,
  "fber": 387.0518493652344,
  "fd_mean": 0.07434334175125427,
  "fd_num": 2,
  "fd_perc": 0.6024096385542169,
  "fwhm_avg": 2.615344487719032,
  "fwhm_x": 2.625423202471397,
  "fwhm_y": 3.0920402606856996,
  "fwhm_z": 2.12857,
  "gcor": 0.0302535,
  "gsr_x": -0.006419141311198473,
  "gsr_y": 0.03958684206008911,
  "provenance": {
    "md5sum": "cbca3629fa2cc4c71e39453f72e08834",
    "settings": {
      "fd_thres": 0.2,
      "testing": false
    },
    "software": "mriqc",
    "version": "21.0.0rc2",
    "webapi_port": null,
    "webapi_url": "https://mriqc.nimh.nih.gov/api/v1"
  },
  "size_t": 332,
  "size_x": 106,
  "size_y": 106,
  "size_z": 16,
  "snr": 5.528065020309087,
  "spacing_tr": 1.0,
  "spacing_x": 1.9811320304870605,
  "spacing_y": 1.9811320304870605,
  "spacing_z": 4.0,
  "summary_bg_k": 40.45000974871775,
  "summary_bg_mad": 6.10010185560521,
  "summary_bg_mean": 47.18124008178711,
  "summary_bg_median": 34.322288513183594,
  "summary_bg_n": 107558.0,
  "summary_bg_p05": 28.069276809692383,
  "summary_bg_p95": 116.95481872558594,
  "summary_bg_stdv": 41.865814208984375,
  "summary_fg_k": 0.4229061368582423,
  "summary_fg_mad": 111.86945901677723,
  "summary_fg_mean": 706.1504516601562,
  "summary_fg_median": 684.96533203125,
  "summary_fg_n": 30460.0,
  "summary_fg_p05": 542.1975860595703,
  "summary_fg_p95": 942.5460693359374,
  "summary_fg_stdv": 123.90485382080078,
  "tsnr": 30.556895240442827
}