{
  "aor": 0.0003709667673716012,
  "aqi": 0.014475214501510576,
  "bids_meta": {
    "AcquisitionMatrixPE": 106,
    "AcquisitionNumber": 1,
    "AcquisitionTime": "10:21:23.802500",
    "BandwidthPerPixelPhaseEncode": 27.345,
    "BaseResolution": 106,
    "CoilString": "T:HEA;HEP",
    "ConversionSoftware": "dcm2niix",
    "ConversionSoftwareVersion": "v1.0.20190720  GCC7.4.0",
    "Dcm2bidsVersion": "2.1.4",
    "DerivedVendorReportedEchoSpacing": 0.000689995,
    "DeviceSerialNumber": "40296",
    "DwellTime": 2.8e-06,
    "EchoTime": 0.023,
    "EffectiveEchoSpacing": 0.000344998,
    "FlipAngle": 90,
    "ImageOrientationPatientDICOM": [
      0.999297,
      -0.0255424,
      0.0274573,
      0.0331501,
      0.943978,
      -0.328339
    ],
    "ImageType": [
      "ORIGINAL",
      "PRIMARY",
      "M",
      "ND",
      "MOSAIC"
    ],
    "ImagingFrequency": 123.196,
    "InPlanePhaseEncodingDirectionDICOM": "COL",
    "InstitutionAddress": "Henri_le_Guilloux_2_Rennes_2A6CA1_District_FR_35000",
    "InstitutionName": "CHU_PONTCHAILLOU",
    "InstitutionalDepartmentName": "Department",
    "Instructions": "When demanded, try to feel the movement of your right arm and hand. When the symbol + is displayed, rest",
    "MRAcquisitionType": "2D",
    "MagneticFieldStrength": 3,
    "Manufacturer": "Siemens",
    "ManufacturersModelName": "Verio",
    "Modality": "MR",
    "ParallelReductionFactorInPlane": 2,
    "PartialFourier": 1,
    "PatientPosition": "HFS",
    "PercentPhaseFOV": 100,
    "PhaseEncodingDirection": "j-",
    "PhaseEncodingSteps": 106,
    "PhaseResolution": 1,
    "PixelBandwidth": 1685,
    "ProcedureStepDescription": "OSS-IRM",
    "ProtocolName": "MI_post_bold_eeg_2X8x20s_TR1s_16_coupes",
    "PulseSequenceDetails": "%SiemensSeq%_ep2d_bold",
    "ReceiveCoilName": "HeadMatrix",
    "ReconMatrixPE": 106,
    "RefLinesPE": 24,
    "RepetitionTime": 1,
    "SAR": 0.037354,
    "ScanOptions": "FS",
    "ScanningSequence": "EP",
    "SequenceName": "_epfid2d1_106",
    "SequenceVariant": "SK",
    "SeriesDescription": "MI_post_bold_eeg_2X8x20s_TR1s_16_coupes",
    "SeriesNumber": 31,
    "ShimSetting": [
      964,
      13536,
      -6677,
      433,
      -258,
      -532,
      697,
      173
    ],
    "SliceThickness": 4,
    "SliceTiming": [
      0.5025,
      0,
      0.565,
      0.0625,
      0.6275,
      0.125,
      0.69,
      0.19,
      0.7525,
      0.2525,
      0.815,
      0.315,
      0.88,
      0.3775,
      0.9425,
      0.44
    ],
    "SoftwareVersions": "syngo_MR_B17",
    "SpacingBetweenSlices": 4,
    "StationName": "MRC40296",
    "TaskName": "MIpost",
    "TotalReadoutTime": 0.0362248,
    "TxRefAmp": 519.077,
    "dataset": "ds002338",
    "modality": "bold",
    "subject_id": "xp207",
    "task_id": "MIpost"
  },
  "dummy_trs": 1,
  "dvars_nstd": 37.42436783518179,
  "dvars_std": 1.0091673983030307,
  "dvars_vstd": 1.0060642825757573,
  "efc": 0.5596924386674522,
  "fber": 403.5152587890625,
  "fd_mean": 0.06354260131298384,
  "fd_num": 0,
  "fd_perc": 0.0,
  "fwhm_avg": 2.6850887110104495,
  "fwhm_x": 2.682466346623792,
  "fwhm_y": 3.1762597864075564,
  "fwhm_z": 2.19654,
  "gcor": 0.0122571,
  "gsr_x": -0.010590585879981518,
  "gsr_y": 0.04213270545005798,
  "provenance": {
    "md5sum": "cbc4901976a1b0a5e281ccd94f6b3881",
    "settings": {
      "fd_thres": 0.2,
      "testing": false
    },
    "software": "mriqc",
    "version": "21.0.0rc2",
    "webapi_port": null,
    "webapi_url": "https://mriqc.nimh.nih.gov/api/v1"
  },
  "size_t": 331,
  "size_x": 106,
  "size_y": 106,
  "size_z": 16,
  "snr": 4.9612663819677465,
  "spacing_tr": 1.0,
  "spacing_x": 1.9811320304870605,
  "spacing_y": 1.9811320304870605,
  "spacing_z": 4.0,
  "summary_bg_k": 22.57185502390321,
  "summary_bg_mad": 5.464573248070899,
  "summary_bg_mean": 53.8635368347168,
  "summary_bg_median": 35.208457946777344,
  "summary_bg_n": 105604.0,
  "summary_bg_p05": 29.31722068786621,
  "summary_bg_p95": 169.76253051757803,
  "summary_bg_stdv": 55.566368103027344,
  "summary_fg_k": 0.8009084695129793,
  "summary_fg_mad": 121.04934935841602,
  "summary_fg_mean": 738.7740478515625,
  "summary_fg_median": 712.0543823242188,
  "summary_fg_n": 31747.0,
  "summary_fg_p05": 555.3501403808593,
  "summary_fg_p95": 1026.3870117187498,
  "summary_fg_stdv": 143.52044677734375,
  "tsnr": 33.304051764309406
}