{
  "aor": 0.0006194879518072289,
  "aqi": 0.014997335843373497,
  "bids_meta": {
    "AcquisitionMatrixPE": 106,
    "AcquisitionNumber": 1,
    "AcquisitionTime": "09:17:0.055000",
    "BandwidthPerPixelPhaseEncode": 27.345,
    "BaseResolution": 106,
    "CoilString": "T:HEA;HEP",
    "ConversionSoftware": "dcm2niix",
    "ConversionSoftwareVersion": "v1.0.20190720  GCC7.4.0",
    "Dcm2bidsVersion": "2.1.4",
    "DerivedVendorReportedEchoSpacing": 0.000689995,
    "DeviceSerialNumber": "40296",
    "DwellTime": 2.8e-06,
    "EchoTime": 0.023,
    "EffectiveEchoSpacing": 0.000344998,
    "FlipAngle": 90,
    "ImageOrientationPatientDICOM": [
      0.999297,
      -0.0255424,
      0.0274573,
      0.0331501,
      0.943978,
      -0.328339
    ],
    "ImageType": [
      "ORIGINAL",
      "PRIMARY",
      "FMRI",
      "NONE",
      "ND",
      "MOSAIC"
    ],
    "ImagingFrequency": 123.196,
    "InPlanePhaseEncodingDirectionDICOM": "COL",
    "InstitutionAddress": "Henri_le_Guilloux_2_Rennes_2A6CA1_District_FR_35000",
    "InstitutionName": "CHU_PONTCHAILLOU",
    "InstitutionalDepartmentName": "Department",
    "Instructions": "When demanded, try to feel the movement of your right arm and hand. When the symbol + is displayed, rest",
    "MRAcquisitionType": "2D",
    "MagneticFieldStrength": 3,
    "Manufacturer": "Siemens",
    "ManufacturersModelName": "Verio",
    "Modality": "MR",
    "ParallelReductionFactorInPlane": 2,
    "PartialFourier": 1,
    "PatientPosition": "HFS",
    "PercentPhaseFOV": 100,
    "PhaseEncodingDirection": "j-",
    "PhaseEncodingSteps": 106,
    "PhaseResolution": 1,
    "PixelBandwidth": 1685,
    "ProcedureStepDescription": "OSS-IRM",
    "ProtocolName": "MI_pre_bold_eeg_2X8x20s_avec_GLM_TR1s_16_coupes",
    "PulseSequenceDetails": "%SiemensSeq%_ep2d_bold",
    "ReceiveCoilName": "HeadMatrix",
    "ReconMatrixPE": 106,
    "RefLinesPE": 24,
    "RepetitionTime": 1,
    "SAR": 0.037354,
    "ScanOptions": "FS",
    "ScanningSequence": "EP",
    "SequenceName": "_epfid2d1_106",
    "SequenceVariant": "SK",
    "SeriesDescription": "MI_pre_bold_eeg_2X8x20s_avec_GLM_TR1s_16_coupes",
    "SeriesNumber": 6,
    "ShimSetting": [
      901,
      13486,
      -6613,
      541,
      -551,
      -567,
      1137,
      -370
    ],
    "SliceThickness": 4,
    "SliceTiming": [
      0.5,
      0,
      0.565,
      0.0625,
      0.6275,
      0.125,
      0.69,
      0.1875,
      0.7525,
      0.25,
      0.815,
      0.3125,
      0.8775,
      0.375,
      0.94,
      0.4375
    ],
    "SoftwareVersions": "syngo_MR_B17",
    "SpacingBetweenSlices": 4,
    "StationName": "MRC40296",
    "TaskName": "MIpre",
    "TotalReadoutTime": 0.0362248,
    "TxRefAmp": 519.077,
    "dataset": "ds002338",
    "modality": "bold",
    "subject_id": "xp207",
    "task_id": "MIpre"
  },
  "dummy_trs": 0,
  "dvars_nstd": 38.75596655513595,
  "dvars_std": 1.00725347918429,
  "dvars_vstd": 1.000141152688823,
  "efc": 0.5606160489149163,
  "fber": 389.4969177246094,
  "fd_mean": 0.08060466234871294,
  "fd_num": 8,
  "fd_perc": 2.4096385542168677,
  "fwhm_avg": 2.7750780693732575,
  "fwhm_x": 2.755742634001928,
  "fwhm_y": 3.264164074117844,
  "fwhm_z": 2.3053275,
  "gcor": 0.0575674,
  "gsr_x": -0.00974375382065773,
  "gsr_y": 0.04005841910839081,
  "provenance": {
    "md5sum": "a15449230eeb03f2bb529e18d9e3fa14",
    "settings": {
      "fd_thres": 0.2,
      "testing": false
    },
    "software": "mriqc",
    "version": "21.0.0rc2",
    "webapi_port": null,
    "webapi_url": "https://mriqc.nimh.nih.gov/api/v1"
  },
  "size_t": 332,
  "size_x": 106,
  "size_y": 106,
  "size_z": 16,
  "snr": 4.787729553030128,
  "spacing_tr": 1.0,
  "spacing_x": 1.9811320304870605,
  "spacing_y": 1.9811320304870605,
  "spacing_z": 4.0,
  "summary_bg_k": 23.505490265185518,
  "summary_bg_mad": 5.407925970923407,
  "summary_bg_mean": 51.81644821166992,
  "summary_bg_median": 35.67469787597656,
  "summary_bg_n": 104459.0,
  "summary_bg_p05": 29.749998092651367,
  "summary_bg_p95": 155.03583831787086,
  "summary_bg_stdv": 49.626502990722656,
  "summary_fg_k": 0.790507048457592,
  "summary_fg_mad": 117.61906715638959,
  "summary_fg_mean": 739.3845825195312,
  "summary_fg_median": 707.3177490234375,
  "summary_fg_n": 32820.0,
  "summary_fg_p05": 550.444384765625,
  "summary_fg_p95": 1035.2822204589843,
  "summary_fg_stdv": 147.7332763671875,
  "tsnr": 32.293567383661866
}