{
  "aor": 0.004819578313253012,
  "aqi": 0.029858840060240963,
  "bids_meta": {
    "AcquisitionMatrixPE": 106,
    "AcquisitionNumber": 1,
    "AcquisitionTime": "10:05:40.525000",
    "BandwidthPerPixelPhaseEncode": 27.345,
    "BaseResolution": 106,
    "CoilString": "T:HEA;HEP",
    "ConversionSoftware": "dcm2niix",
    "ConversionSoftwareVersion": "v1.0.20190720  GCC7.4.0",
    "Dcm2bidsVersion": "2.1.4",
    "DerivedVendorReportedEchoSpacing": 0.000689995,
    "DeviceSerialNumber": "40296",
    "DwellTime": 2.8e-06,
    "EchoTime": 0.023,
    "EffectiveEchoSpacing": 0.000344998,
    "FlipAngle": 90,
    "ImageOrientationPatientDICOM": [
      0.999297,
      -0.0255424,
      0.0274573,
      0.0331501,
      0.943978,
      -0.328339
    ],
    "ImageType": [
      "ORIGINAL",
      "PRIMARY",
      "M",
      "ND",
      "MOSAIC"
    ],
    "ImagingFrequency": 123.196,
    "InPlanePhaseEncodingDirectionDICOM": "COL",
    "InstitutionAddress": "Henri_le_Guilloux_2_Rennes_2A6CA1_District_FR_35000",
    "InstitutionName": "CHU_PONTCHAILLOU",
    "InstitutionalDepartmentName": "Department",
    "Instructions": "Try to move up the ball by feeling the movement of your right arm and hand. When the symbol + is displayed, rest",
    "MRAcquisitionType": "2D",
    "MagneticFieldStrength": 3,
    "Manufacturer": "Siemens",
    "ManufacturersModelName": "Verio",
    "Modality": "MR",
    "ParallelReductionFactorInPlane": 2,
    "PartialFourier": 1,
    "PatientPosition": "HFS",
    "PercentPhaseFOV": 100,
    "PhaseEncodingDirection": "j-",
    "PhaseEncodingSteps": 106,
    "PhaseResolution": 1,
    "PixelBandwidth": 1685,
    "ProcedureStepDescription": "OSS-IRM",
    "ProtocolName": "NF3_bold_eeg_2X8x20s_TR1s_16_coupes",
    "PulseSequenceDetails": "%SiemensSeq%_ep2d_bold",
    "ReceiveCoilName": "HeadMatrix",
    "ReconMatrixPE": 106,
    "RefLinesPE": 24,
    "RepetitionTime": 1,
    "SAR": 0.037354,
    "ScanOptions": "FS",
    "ScanningSequence": "EP",
    "SequenceName": "_epfid2d1_106",
    "SequenceVariant": "SK",
    "SeriesDescription": "NF3_bold_eeg_2X8x20s_TR1s_16_coupes",
    "SeriesNumber": 23,
    "ShimSetting": [
      964,
      13536,
      -6677,
      433,
      -258,
      -532,
      697,
      173
    ],
    "SliceThickness": 4,
    "SliceTiming": [
      0.5025,
      0,
      0.565,
      0.0625,
      0.6275,
      0.125,
      0.69,
      0.1875,
      0.7525,
      0.25,
      0.815,
      0.3125,
      0.8775,
      0.375,
      0.94,
      0.4375
    ],
    "SoftwareVersions": "syngo_MR_B17",
    "SpacingBetweenSlices": 4,
    "StationName": "MRC40296",
    "TaskName": "2dNF",
    "TotalReadoutTime": 0.0362248,
    "TxRefAmp": 519.077,
    "dataset": "ds002338",
    "modality": "bold",
    "run_id": 3,
    "subject_id": "xp207",
    "task_id": "2dNF"
  },
  "dummy_trs": 0,
  "dvars_nstd": 37.39169597332328,
  "dvars_std": 0.9717864669184291,
  "dvars_vstd": 0.9724716288519637,
  "efc": 0.5553330820563274,
  "fber": 409.7671813964844,
  "fd_mean": 0.06567614309501776,
  "fd_num": 1,
  "fd_perc": 0.30120481927710846,
  "fwhm_avg": 2.732366513717682,
  "fwhm_x": 2.719157490314063,
  "fwhm_y": 3.2875345508389824,
  "fwhm_z": 2.1904075,
  "gcor": 0.0111906,
  "gsr_x": -0.010878116823732853,
  "gsr_y": 0.04236799478530884,
  "provenance": {
    "md5sum": "9c07c5e371e6c3ed1bdce09a417a81d0",
    "settings": {
      "fd_thres": 0.2,
      "testing": false
    },
    "software": "mriqc",
    "version": "21.0.0rc2",
    "webapi_port": null,
    "webapi_url": "https://mriqc.nimh.nih.gov/api/v1"
  },
  "size_t": 332,
  "size_x": 106,
  "size_y": 106,
  "size_z": 16,
  "snr": 4.973823420304573,
  "spacing_tr": 1.0,
  "spacing_x": 1.9811320304870605,
  "spacing_y": 1.9811320304870605,
  "spacing_z": 4.0,
  "summary_bg_k": 23.497933696823964,
  "summary_bg_mad": 5.983999256870956,
  "summary_bg_mean": 52.926979064941406,
  "summary_bg_median": 34.91867446899414,
  "summary_bg_n": 106353.0,
  "summary_bg_p05": 28.498793411254884,
  "summary_bg_p95": 165.06324462890618,
  "summary_bg_stdv": 53.95924377441406,
  "summary_fg_k": 0.7436603909391923,
  "summary_fg_mad": 124.36439145269912,
  "summary_fg_mean": 742.7708740234375,
  "summary_fg_median": 716.0752563476562,
  "summary_fg_n": 31134.0,
  "summary_fg_p05": 560.5429016113281,
  "summary_fg_p95": 1030.286859130859,
  "summary_fg_stdv": 143.96646118164062,
  "tsnr": 29.44185439287685
}