{
  "aor": 0.0008740060240963857,
  "aqi": 0.015948175000000002,
  "bids_meta": {
    "AcquisitionMatrixPE": 106,
    "AcquisitionNumber": 1,
    "AcquisitionTime": "15:08:34.435000",
    "BandwidthPerPixelPhaseEncode": 27.345,
    "BaseResolution": 106,
    "CoilString": "T:HEA;HEP",
    "ConversionSoftware": "dcm2niix",
    "ConversionSoftwareVersion": "v1.0.20190720  GCC7.4.0",
    "Dcm2bidsVersion": "2.1.4",
    "DerivedVendorReportedEchoSpacing": 0.000689995,
    "DeviceSerialNumber": "40296",
    "DwellTime": 2.8e-06,
    "EchoTime": 0.023,
    "EffectiveEchoSpacing": 0.000344998,
    "FlipAngle": 90,
    "ImageOrientationPatientDICOM": [
      0.99949,
      -0.0105853,
      0.0301368,
      0.0209363,
      0.929662,
      -0.367817
    ],
    "ImageType": [
      "ORIGINAL",
      "PRIMARY",
      "M",
      "ND",
      "MOSAIC"
    ],
    "ImagingFrequency": 123.197,
    "InPlanePhaseEncodingDirectionDICOM": "COL",
    "InstitutionAddress": "Henri_le_Guilloux_2_Rennes_2A6CA1_District_FR_35000",
    "InstitutionName": "CHU_PONTCHAILLOU",
    "InstitutionalDepartmentName": "Department",
    "Instructions": "Try to move up the ball by feeling the movement of your right arm and hand. When the symbol + is displayed, rest",
    "MRAcquisitionType": "2D",
    "MagneticFieldStrength": 3,
    "Manufacturer": "Siemens",
    "ManufacturersModelName": "Verio",
    "Modality": "MR",
    "ParallelReductionFactorInPlane": 2,
    "PartialFourier": 1,
    "PatientPosition": "HFS",
    "PercentPhaseFOV": 100,
    "PhaseEncodingDirection": "j-",
    "PhaseEncodingSteps": 106,
    "PhaseResolution": 1,
    "PixelBandwidth": 1685,
    "ProcedureStepDescription": "OSS-IRM",
    "ProtocolName": "NF2_bold_eeg_2X8x20s_TR1s_16_coupes",
    "PulseSequenceDetails": "%SiemensSeq%_ep2d_bold",
    "ReceiveCoilName": "HeadMatrix",
    "ReconMatrixPE": 106,
    "RefLinesPE": 24,
    "RepetitionTime": 1,
    "SAR": 0.0476098,
    "ScanOptions": "FS",
    "ScanningSequence": "EP",
    "SequenceName": "_epfid2d1_106",
    "SequenceVariant": "SK",
    "SeriesDescription": "NF2_bold_eeg_2X8x20s_TR1s_16_coupes",
    "SeriesNumber": 20,
    "ShimSetting": [
      971,
      13454,
      -6534,
      300,
      -917,
      -933,
      1176,
      268
    ],
    "SliceThickness": 4,
    "SliceTiming": [
      0.5025,
      0,
      0.565,
      0.0625,
      0.6275,
      0.1275,
      0.69,
      0.19,
      0.7525,
      0.2525,
      0.8175,
      0.315,
      0.88,
      0.3775,
      0.9425,
      0.44
    ],
    "SoftwareVersions": "syngo_MR_B17",
    "SpacingBetweenSlices": 4,
    "StationName": "MRC40296",
    "TaskName": "2dNF",
    "TotalReadoutTime": 0.0362248,
    "TxRefAmp": 477.114,
    "dataset": "ds002338",
    "modality": "bold",
    "run_id": 2,
    "subject_id": "xp213",
    "task_id": "2dNF"
  },
  "dummy_trs": 0,
  "dvars_nstd": 39.1244384671299,
  "dvars_std": 1.0288966007250757,
  "dvars_vstd": 1.0167659258308166,
  "efc": 0.588191915730913,
  "fber": 391.0115051269531,
  "fd_mean": 0.10298886396347363,
  "fd_num": 20,
  "fd_perc": 6.024096385542169,
  "fwhm_avg": 2.197218825790451,
  "fwhm_x": 2.109495952661241,
  "fwhm_y": 2.699062918429214,
  "fwhm_z": 1.7830976062808994,
  "gcor": 0.0568802,
  "gsr_x": 0.0005780585343018174,
  "gsr_y": 0.029565095901489258,
  "provenance": {
    "md5sum": "933294c2a08f4b0b1e2776b646c47433",
    "settings": {
      "fd_thres": 0.2,
      "testing": false
    },
    "software": "mriqc",
    "version": "21.0.0rc2",
    "webapi_port": null,
    "webapi_url": "https://mriqc.nimh.nih.gov/api/v1"
  },
  "size_t": 332,
  "size_x": 106,
  "size_y": 106,
  "size_z": 16,
  "snr": 6.384722388619529,
  "spacing_tr": 1.0,
  "spacing_x": 1.9811320304870605,
  "spacing_y": 1.9811320304870605,
  "spacing_z": 3.999999761581421,
  "summary_bg_k": 20.080461413107592,
  "summary_bg_mad": 6.3859059194402095,
  "summary_bg_mean": 62.350589752197266,
  "summary_bg_median": 37.430721282958984,
  "summary_bg_n": 102385.0,
  "summary_bg_p05": 30.867467880249023,
  "summary_bg_p95": 209.13191833496037,
  "summary_bg_stdv": 72.47624206542969,
  "summary_fg_k": 1.0015465551166676,
  "summary_fg_mad": 110.47621652060893,
  "summary_fg_mean": 753.0365600585938,
  "summary_fg_median": 744.009033203125,
  "summary_fg_n": 35953.0,
  "summary_fg_p05": 584.8608276367188,
  "summary_fg_p95": 954.2523803710938,
  "summary_fg_stdv": 116.52796173095703,
  "tsnr": 34.17841938557103
}