{
  "aor": 0.00020788519637462234,
  "aqi": 0.02552199879154078,
  "bids_meta": {
    "AcquisitionMatrixPE": 106,
    "AcquisitionNumber": 1,
    "AcquisitionTime": "15:41:41.140000",
    "BandwidthPerPixelPhaseEncode": 27.345,
    "BaseResolution": 106,
    "CoilString": "T:HEA;HEP",
    "ConversionSoftware": "dcm2niix",
    "ConversionSoftwareVersion": "v1.0.20190720  GCC7.4.0",
    "Dcm2bidsVersion": "2.1.4",
    "DerivedVendorReportedEchoSpacing": 0.000689995,
    "DeviceSerialNumber": "40296",
    "DwellTime": 2.8e-06,
    "EchoTime": 0.023,
    "EffectiveEchoSpacing": 0.000344998,
    "FlipAngle": 90,
    "ImageOrientationPatientDICOM": [
      0.999925,
      0.0120185,
      -0.00219985,
      -0.0122171,
      0.985899,
      -0.166897
    ],
    "ImageType": [
      "ORIGINAL",
      "PRIMARY",
      "M",
      "ND",
      "MOSAIC"
    ],
    "ImagingFrequency": 123.197,
    "InPlanePhaseEncodingDirectionDICOM": "COL",
    "InstitutionAddress": "Henri_le_Guilloux_2_Rennes_2A6CA1_District_FR_35000",
    "InstitutionName": "CHU_PONTCHAILLOU",
    "InstitutionalDepartmentName": "Department",
    "Instructions": "When demanded, try to feel the movement of your right arm and hand. When the symbol + is displayed, rest",
    "MRAcquisitionType": "2D",
    "MagneticFieldStrength": 3,
    "Manufacturer": "Siemens",
    "ManufacturersModelName": "Verio",
    "Modality": "MR",
    "ParallelReductionFactorInPlane": 2,
    "PartialFourier": 1,
    "PatientPosition": "HFS",
    "PercentPhaseFOV": 100,
    "PhaseEncodingDirection": "j-",
    "PhaseEncodingSteps": 106,
    "PhaseResolution": 1,
    "PixelBandwidth": 1685,
    "ProcedureStepDescription": "OSS-IRM",
    "ProtocolName": "MI_post_bold_eeg_2X8x20s_TR1s_16_coupes",
    "PulseSequenceDetails": "%SiemensSeq%_ep2d_bold",
    "ReceiveCoilName": "HeadMatrix",
    "ReconMatrixPE": 106,
    "RefLinesPE": 24,
    "RepetitionTime": 1,
    "SAR": 0.0612752,
    "ScanOptions": "FS",
    "ScanningSequence": "EP",
    "SequenceName": "_epfid2d1_106",
    "SequenceVariant": "SK",
    "SeriesDescription": "MI_post_bold_eeg_2X8x20s_TR1s_16_coupes",
    "SeriesNumber": 29,
    "ShimSetting": [
      999,
      13396,
      -6601,
      206,
      -491,
      -619,
      1033,
      479
    ],
    "SliceThickness": 4,
    "SliceTiming": [
      0.5,
      0,
      0.565,
      0.0625,
      0.6275,
      0.125,
      0.69,
      0.1875,
      0.7525,
      0.25,
      0.815,
      0.3125,
      0.8775,
      0.375,
      0.94,
      0.4375
    ],
    "SoftwareVersions": "syngo_MR_B17",
    "SpacingBetweenSlices": 4,
    "StationName": "MRC40296",
    "TaskName": "MIpost",
    "TotalReadoutTime": 0.0362248,
    "TxRefAmp": 448.133,
    "dataset": "ds002338",
    "modality": "bold",
    "subject_id": "xp219",
    "task_id": "MIpost"
  },
  "dummy_trs": 1,
  "dvars_nstd": 38.10716189745456,
  "dvars_std": 0.9810284820909096,
  "dvars_vstd": 0.9712681000303028,
  "efc": 0.5628574503496503,
  "fber": 456.8785705566406,
  "fd_mean": 0.08936042402744158,
  "fd_num": 4,
  "fd_perc": 1.2084592145015105,
  "fwhm_avg": 2.4905540576342418,
  "fwhm_x": 2.553858057989258,
  "fwhm_y": 2.9636591149134666,
  "fwhm_z": 1.954145,
  "gcor": 0.02711,
  "gsr_x": -0.0034640401136130095,
  "gsr_y": 0.027628036215901375,
  "provenance": {
    "md5sum": "0675fc867cd3e3d42ef5693f7ed59274",
    "settings": {
      "fd_thres": 0.2,
      "testing": false
    },
    "software": "mriqc",
    "version": "21.0.0rc2",
    "webapi_port": null,
    "webapi_url": "https://mriqc.nimh.nih.gov/api/v1"
  },
  "size_t": 331,
  "size_x": 106,
  "size_y": 106,
  "size_z": 16,
  "snr": 5.846786629454278,
  "spacing_tr": 1.0,
  "spacing_x": 1.9811320304870605,
  "spacing_y": 1.9811320304870605,
  "spacing_z": 4.0,
  "summary_bg_k": 31.49319520638597,
  "summary_bg_mad": 4.747911102765087,
  "summary_bg_mean": 48.666343688964844,
  "summary_bg_median": 33.51359558105469,
  "summary_bg_n": 103592.0,
  "summary_bg_p05": 27.82477378845215,
  "summary_bg_p95": 137.0981903076171,
  "summary_bg_stdv": 50.6195068359375,
  "summary_fg_k": 0.14849529230218517,
  "summary_fg_mad": 120.73801556124998,
  "summary_fg_mean": 748.181396484375,
  "summary_fg_median": 723.466796875,
  "summary_fg_n": 34594.0,
  "summary_fg_p05": 584.1388061523437,
  "summary_fg_p95": 976.608609008789,
  "summary_fg_stdv": 123.7357177734375,
  "tsnr": 32.79019612725824
}