{
  "aor": 0.0019146686746987951,
  "aqi": 0.01760472530120482,
  "bids_meta": {
    "AcquisitionMatrixPE": 106,
    "AcquisitionNumber": 1,
    "AcquisitionTime": "14:27:4.137500",
    "BandwidthPerPixelPhaseEncode": 27.345,
    "BaseResolution": 106,
    "CoilString": "T:HEA;HEP",
    "ConversionSoftware": "dcm2niix",
    "ConversionSoftwareVersion": "v1.0.20190720  GCC7.4.0",
    "Dcm2bidsVersion": "2.1.4",
    "DerivedVendorReportedEchoSpacing": 0.000689995,
    "DeviceSerialNumber": "40296",
    "DwellTime": 2.8e-06,
    "EchoTime": 0.023,
    "EffectiveEchoSpacing": 0.000344998,
    "FlipAngle": 90,
    "ImageOrientationPatientDICOM": [
      0.99949,
      -0.0105853,
      0.0301368,
      0.0209363,
      0.929662,
      -0.367817
    ],
    "ImageType": [
      "ORIGINAL",
      "PRIMARY",
      "FMRI",
      "NONE",
      "ND",
      "MOSAIC"
    ],
    "ImagingFrequency": 123.196,
    "InPlanePhaseEncodingDirectionDICOM": "COL",
    "InstitutionAddress": "Henri_le_Guilloux_2_Rennes_2A6CA1_District_FR_35000",
    "InstitutionName": "CHU_PONTCHAILLOU",
    "InstitutionalDepartmentName": "Department",
    "Instructions": "When demanded, try to feel the movement of your right arm and hand. When the symbol + is displayed, rest",
    "MRAcquisitionType": "2D",
    "MagneticFieldStrength": 3,
    "Manufacturer": "Siemens",
    "ManufacturersModelName": "Verio",
    "Modality": "MR",
    "ParallelReductionFactorInPlane": 2,
    "PartialFourier": 1,
    "PatientPosition": "HFS",
    "PercentPhaseFOV": 100,
    "PhaseEncodingDirection": "j-",
    "PhaseEncodingSteps": 106,
    "PhaseResolution": 1,
    "PixelBandwidth": 1685,
    "ProcedureStepDescription": "OSS-IRM",
    "ProtocolName": "MI_pre_bold_eeg_2X8x20s_avec_GLM_TR1s_16_coupes",
    "PulseSequenceDetails": "%SiemensSeq%_ep2d_bold",
    "ReceiveCoilName": "HeadMatrix",
    "ReconMatrixPE": 106,
    "RefLinesPE": 24,
    "RepetitionTime": 1,
    "SAR": 0.0476098,
    "ScanOptions": "FS",
    "ScanningSequence": "EP",
    "SequenceName": "_epfid2d1_106",
    "SequenceVariant": "SK",
    "SeriesDescription": "MI_pre_bold_eeg_2X8x20s_avec_GLM_TR1s_16_coupes",
    "SeriesNumber": 3,
    "ShimSetting": [
      928,
      13469,
      -6537,
      245,
      -816,
      -648,
      734,
      -225
    ],
    "SliceThickness": 4,
    "SliceTiming": [
      0.5,
      0,
      0.5625,
      0.0625,
      0.625,
      0.125,
      0.69,
      0.1875,
      0.7525,
      0.25,
      0.815,
      0.3125,
      0.8775,
      0.375,
      0.94,
      0.4375
    ],
    "SoftwareVersions": "syngo_MR_B17",
    "SpacingBetweenSlices": 4,
    "StationName": "MRC40296",
    "TaskName": "MIpre",
    "TotalReadoutTime": 0.0362248,
    "TxRefAmp": 477.114,
    "dataset": "ds002338",
    "modality": "bold",
    "subject_id": "xp213",
    "task_id": "MIpre"
  },
  "dummy_trs": 0,
  "dvars_nstd": 41.33423840371602,
  "dvars_std": 1.0304078400604235,
  "dvars_vstd": 1.0176191382779458,
  "efc": 0.588191915730913,
  "fber": 367.14654541015625,
  "fd_mean": 0.12869384167382406,
  "fd_num": 24,
  "fd_perc": 7.228915662650603,
  "fwhm_avg": 2.268806463122954,
  "fwhm_x": 2.1782748113658275,
  "fwhm_y": 2.781111967911311,
  "fwhm_z": 1.8470326100917227,
  "gcor": 0.102537,
  "gsr_x": -0.0014601562870666385,
  "gsr_y": 0.03307114169001579,
  "provenance": {
    "md5sum": "7c24ea6839047bdd5cc98f845257cafe",
    "settings": {
      "fd_thres": 0.2,
      "testing": false
    },
    "software": "mriqc",
    "version": "21.0.0rc2",
    "webapi_port": null,
    "webapi_url": "https://mriqc.nimh.nih.gov/api/v1"
  },
  "size_t": 332,
  "size_x": 106,
  "size_y": 106,
  "size_z": 16,
  "snr": 6.188655853904813,
  "spacing_tr": 1.0,
  "spacing_x": 1.9811320304870605,
  "spacing_y": 1.9811320304870605,
  "spacing_z": 3.999999761581421,
  "summary_bg_k": 21.33371010505799,
  "summary_bg_mad": 6.4930810294586765,
  "summary_bg_mean": 60.376136779785156,
  "summary_bg_median": 36.82529830932617,
  "summary_bg_n": 102830.0,
  "summary_bg_p05": 30.265058517456055,
  "summary_bg_p95": 198.22484741210928,
  "summary_bg_stdv": 68.8772201538086,
  "summary_fg_k": 0.6503600175433029,
  "summary_fg_mad": 109.69473747037611,
  "summary_fg_mean": 716.5599975585938,
  "summary_fg_median": 710.822265625,
  "summary_fg_n": 35332.0,
  "summary_fg_p05": 543.4156494140625,
  "summary_fg_p95": 913.2236145019531,
  "summary_fg_stdv": 114.85728454589844,
  "tsnr": 30.50883024360519
}