{
  "aor": 0.002023283132530121,
  "aqi": 0.020322468373493975,
  "bids_meta": {
    "AcquisitionMatrixPE": 106,
    "AcquisitionNumber": 1,
    "AcquisitionTime": "15:23:56.367500",
    "BandwidthPerPixelPhaseEncode": 27.345,
    "BaseResolution": 106,
    "CoilString": "T:HEA;HEP",
    "ConversionSoftware": "dcm2niix",
    "ConversionSoftwareVersion": "v1.0.20190720  GCC7.4.0",
    "Dcm2bidsVersion": "2.1.4",
    "DerivedVendorReportedEchoSpacing": 0.000689995,
    "DeviceSerialNumber": "40296",
    "DwellTime": 2.8e-06,
    "EchoTime": 0.023,
    "EffectiveEchoSpacing": 0.000344998,
    "FlipAngle": 90,
    "ImageOrientationPatientDICOM": [
      0.99949,
      -0.0105853,
      0.0301368,
      0.0209363,
      0.929662,
      -0.367817
    ],
    "ImageType": [
      "ORIGINAL",
      "PRIMARY",
      "M",
      "ND",
      "MOSAIC"
    ],
    "ImagingFrequency": 123.197,
    "InPlanePhaseEncodingDirectionDICOM": "COL",
    "InstitutionAddress": "Henri_le_Guilloux_2_Rennes_2A6CA1_District_FR_35000",
    "InstitutionName": "CHU_PONTCHAILLOU",
    "InstitutionalDepartmentName": "Department",
    "Instructions": "Try to move up the ball by feeling the movement of your right arm and hand. When the symbol + is displayed, rest",
    "MRAcquisitionType": "2D",
    "MagneticFieldStrength": 3,
    "Manufacturer": "Siemens",
    "ManufacturersModelName": "Verio",
    "Modality": "MR",
    "ParallelReductionFactorInPlane": 2,
    "PartialFourier": 1,
    "PatientPosition": "HFS",
    "PercentPhaseFOV": 100,
    "PhaseEncodingDirection": "j-",
    "PhaseEncodingSteps": 106,
    "PhaseResolution": 1,
    "PixelBandwidth": 1685,
    "ProcedureStepDescription": "OSS-IRM",
    "ProtocolName": "NF3_bold_eeg_2X8x20s_TR1s_16_coupes",
    "PulseSequenceDetails": "%SiemensSeq%_ep2d_bold",
    "ReceiveCoilName": "HeadMatrix",
    "ReconMatrixPE": 106,
    "RefLinesPE": 24,
    "RepetitionTime": 1,
    "SAR": 0.0476098,
    "ScanOptions": "FS",
    "ScanningSequence": "EP",
    "SequenceName": "_epfid2d1_106",
    "SequenceVariant": "SK",
    "SeriesDescription": "NF3_bold_eeg_2X8x20s_TR1s_16_coupes",
    "SeriesNumber": 21,
    "ShimSetting": [
      971,
      13454,
      -6534,
      300,
      -917,
      -933,
      1176,
      268
    ],
    "SliceThickness": 4,
    "SliceTiming": [
      0.5025,
      0,
      0.565,
      0.0625,
      0.6275,
      0.125,
      0.69,
      0.1875,
      0.7525,
      0.2525,
      0.815,
      0.315,
      0.8775,
      0.3775,
      0.94,
      0.44
    ],
    "SoftwareVersions": "syngo_MR_B17",
    "SpacingBetweenSlices": 4,
    "StationName": "MRC40296",
    "TaskName": "2dNF",
    "TotalReadoutTime": 0.0362248,
    "TxRefAmp": 477.114,
    "dataset": "ds002338",
    "modality": "bold",
    "run_id": 3,
    "subject_id": "xp213",
    "task_id": "2dNF"
  },
  "dummy_trs": 0,
  "dvars_nstd": 39.09855639166163,
  "dvars_std": 1.0290506994561934,
  "dvars_vstd": 1.0188763763142001,
  "efc": 0.5915718876093085,
  "fber": 388.34259033203125,
  "fd_mean": 0.1111226290298868,
  "fd_num": 24,
  "fd_perc": 7.228915662650603,
  "fwhm_avg": 2.213207015531836,
  "fwhm_x": 2.16962319212176,
  "fwhm_y": 2.77616025351316,
  "fwhm_z": 1.6938376009605887,
  "gcor": 0.0308893,
  "gsr_x": -0.0005383630632422864,
  "gsr_y": 0.03027183562517166,
  "provenance": {
    "md5sum": "5ff78210e0ce770d9c5265441f2d5bdc",
    "settings": {
      "fd_thres": 0.2,
      "testing": false
    },
    "software": "mriqc",
    "version": "21.0.0rc2",
    "webapi_port": null,
    "webapi_url": "https://mriqc.nimh.nih.gov/api/v1"
  },
  "size_t": 332,
  "size_x": 106,
  "size_y": 106,
  "size_z": 16,
  "snr": 6.350315272684563,
  "spacing_tr": 1.0,
  "spacing_x": 1.9811320304870605,
  "spacing_y": 1.9811320304870605,
  "spacing_z": 3.999999761581421,
  "summary_bg_k": 19.426486921695577,
  "summary_bg_mad": 6.4930810294586765,
  "summary_bg_mean": 62.90532302856445,
  "summary_bg_median": 37.19276809692383,
  "summary_bg_n": 101714.0,
  "summary_bg_p05": 30.71084213256836,
  "summary_bg_p95": 212.7873405456542,
  "summary_bg_stdv": 73.58036804199219,
  "summary_fg_k": 1.0122731796366358,
  "summary_fg_mad": 110.65701725501899,
  "summary_fg_mean": 750.5065307617188,
  "summary_fg_median": 741.5496826171875,
  "summary_fg_n": 36658.0,
  "summary_fg_p05": 583.3817657470703,
  "summary_fg_p95": 952.5160888671876,
  "summary_fg_stdv": 116.77208709716797,
  "tsnr": 33.558134556165896
}