{
  "aor": 0.0004052710843373494,
  "aqi": 0.0222176156626506,
  "bids_meta": {
    "AcquisitionMatrixPE": 106,
    "AcquisitionNumber": 1,
    "AcquisitionTime": "15:00:56.282500",
    "BandwidthPerPixelPhaseEncode": 27.345,
    "BaseResolution": 106,
    "CoilString": "T:HEA;HEP",
    "ConversionSoftware": "dcm2niix",
    "ConversionSoftwareVersion": "v1.0.20190720  GCC7.4.0",
    "Dcm2bidsVersion": "2.1.4",
    "DerivedVendorReportedEchoSpacing": 0.000689995,
    "DeviceSerialNumber": "40296",
    "DwellTime": 2.8e-06,
    "EchoTime": 0.023,
    "EffectiveEchoSpacing": 0.000344998,
    "FlipAngle": 90,
    "ImageOrientationPatientDICOM": [
      0.99949,
      -0.0105853,
      0.0301368,
      0.0209363,
      0.929662,
      -0.367817
    ],
    "ImageType": [
      "ORIGINAL",
      "PRIMARY",
      "M",
      "ND",
      "MOSAIC"
    ],
    "ImagingFrequency": 123.197,
    "InPlanePhaseEncodingDirectionDICOM": "COL",
    "InstitutionAddress": "Henri_le_Guilloux_2_Rennes_2A6CA1_District_FR_35000",
    "InstitutionName": "CHU_PONTCHAILLOU",
    "InstitutionalDepartmentName": "Department",
    "Instructions": "Try to move up the ball by feeling the movement of your right arm and hand. When the symbol + is displayed, rest",
    "MRAcquisitionType": "2D",
    "MagneticFieldStrength": 3,
    "Manufacturer": "Siemens",
    "ManufacturersModelName": "Verio",
    "Modality": "MR",
    "ParallelReductionFactorInPlane": 2,
    "PartialFourier": 1,
    "PatientPosition": "HFS",
    "PercentPhaseFOV": 100,
    "PhaseEncodingDirection": "j-",
    "PhaseEncodingSteps": 106,
    "PhaseResolution": 1,
    "PixelBandwidth": 1685,
    "ProcedureStepDescription": "OSS-IRM",
    "ProtocolName": "NF1_bold_eeg_2X8x20s_TR1s_16_coupes",
    "PulseSequenceDetails": "%SiemensSeq%_ep2d_bold",
    "ReceiveCoilName": "HeadMatrix",
    "ReconMatrixPE": 106,
    "RefLinesPE": 24,
    "RepetitionTime": 1,
    "SAR": 0.0476098,
    "ScanOptions": "FS",
    "ScanningSequence": "EP",
    "SequenceName": "_epfid2d1_106",
    "SequenceVariant": "SK",
    "SeriesDescription": "NF1_bold_eeg_2X8x20s_TR1s_16_coupes",
    "SeriesNumber": 19,
    "ShimSetting": [
      928,
      13469,
      -6537,
      245,
      -816,
      -648,
      734,
      -225
    ],
    "SliceThickness": 4,
    "SliceTiming": [
      0.5025,
      0,
      0.565,
      0.065,
      0.6275,
      0.1275,
      0.69,
      0.19,
      0.7525,
      0.2525,
      0.8175,
      0.315,
      0.88,
      0.3775,
      0.9425,
      0.44
    ],
    "SoftwareVersions": "syngo_MR_B17",
    "SpacingBetweenSlices": 4,
    "StationName": "MRC40296",
    "TaskName": "2dNF",
    "TotalReadoutTime": 0.0362248,
    "TxRefAmp": 477.114,
    "dataset": "ds002338",
    "modality": "bold",
    "run_id": 1,
    "subject_id": "xp213",
    "task_id": "2dNF"
  },
  "dummy_trs": 0,
  "dvars_nstd": 38.412210931268895,
  "dvars_std": 0.9878879115105741,
  "dvars_vstd": 0.9841185520241688,
  "efc": 0.5928737364309093,
  "fber": 383.09124755859375,
  "fd_mean": 0.11347071584159388,
  "fd_num": 19,
  "fd_perc": 5.72289156626506,
  "fwhm_avg": 2.275114788410175,
  "fwhm_x": 2.1946492879281108,
  "fwhm_y": 2.8042199684360134,
  "fwhm_z": 1.8264751088664002,
  "gcor": 0.0640951,
  "gsr_x": -0.0016923225484788418,
  "gsr_y": 0.03206435590982437,
  "provenance": {
    "md5sum": "680b75fcdd0299c7e458464ea3e17814",
    "settings": {
      "fd_thres": 0.2,
      "testing": false
    },
    "software": "mriqc",
    "version": "21.0.0rc2",
    "webapi_port": null,
    "webapi_url": "https://mriqc.nimh.nih.gov/api/v1"
  },
  "size_t": 332,
  "size_x": 106,
  "size_y": 106,
  "size_z": 16,
  "snr": 6.2014742389038915,
  "spacing_tr": 1.0,
  "spacing_x": 1.9811320304870605,
  "spacing_y": 1.9811320304870605,
  "spacing_z": 3.999999761581421,
  "summary_bg_k": 19.05581125061192,
  "summary_bg_mad": 6.894990519867244,
  "summary_bg_mean": 62.27519989013672,
  "summary_bg_median": 36.84035873413086,
  "summary_bg_n": 101734.0,
  "summary_bg_p05": 29.8614444732666,
  "summary_bg_p95": 211.2740936279297,
  "summary_bg_stdv": 72.68025970458984,
  "summary_fg_k": 0.6633715065161914,
  "summary_fg_mad": 112.46792030657745,
  "summary_fg_mean": 730.726806640625,
  "summary_fg_median": 725.5571899414062,
  "summary_fg_n": 36563.0,
  "summary_fg_p05": 556.2764770507813,
  "summary_fg_p95": 930.2252868652344,
  "summary_fg_stdv": 116.99593353271484,
  "tsnr": 31.073511559632607
}