{
  "aor": 0.0008918373493975904,
  "aqi": 0.018028078012048192,
  "bids_meta": {
    "AcquisitionMatrixPE": 106,
    "AcquisitionNumber": 1,
    "AcquisitionTime": "15:36:35.447500",
    "BandwidthPerPixelPhaseEncode": 27.345,
    "BaseResolution": 106,
    "CoilString": "T:HEA;HEP",
    "ConversionSoftware": "dcm2niix",
    "ConversionSoftwareVersion": "v1.0.20190720  GCC7.4.0",
    "Dcm2bidsVersion": "2.1.4",
    "DerivedVendorReportedEchoSpacing": 0.000689995,
    "DeviceSerialNumber": "40296",
    "DwellTime": 2.8e-06,
    "EchoTime": 0.023,
    "EffectiveEchoSpacing": 0.000344998,
    "FlipAngle": 90,
    "ImageOrientationPatientDICOM": [
      0.99949,
      -0.0105853,
      0.0301368,
      0.0209363,
      0.929662,
      -0.367817
    ],
    "ImageType": [
      "ORIGINAL",
      "PRIMARY",
      "M",
      "ND",
      "MOSAIC"
    ],
    "ImagingFrequency": 123.197,
    "InPlanePhaseEncodingDirectionDICOM": "COL",
    "InstitutionAddress": "Henri_le_Guilloux_2_Rennes_2A6CA1_District_FR_35000",
    "InstitutionName": "CHU_PONTCHAILLOU",
    "InstitutionalDepartmentName": "Department",
    "Instructions": "When demanded, try to feel the movement of your right arm and hand. When the symbol + is displayed, rest",
    "MRAcquisitionType": "2D",
    "MagneticFieldStrength": 3,
    "Manufacturer": "Siemens",
    "ManufacturersModelName": "Verio",
    "Modality": "MR",
    "ParallelReductionFactorInPlane": 2,
    "PartialFourier": 1,
    "PatientPosition": "HFS",
    "PercentPhaseFOV": 100,
    "PhaseEncodingDirection": "j-",
    "PhaseEncodingSteps": 106,
    "PhaseResolution": 1,
    "PixelBandwidth": 1685,
    "ProcedureStepDescription": "OSS-IRM",
    "ProtocolName": "MI_post_bold_eeg_2X8x20s_TR1s_16_coupes",
    "PulseSequenceDetails": "%SiemensSeq%_ep2d_bold",
    "ReceiveCoilName": "HeadMatrix",
    "ReconMatrixPE": 106,
    "RefLinesPE": 24,
    "RepetitionTime": 1,
    "SAR": 0.0476098,
    "ScanOptions": "FS",
    "ScanningSequence": "EP",
    "SequenceName": "_epfid2d1_106",
    "SequenceVariant": "SK",
    "SeriesDescription": "MI_post_bold_eeg_2X8x20s_TR1s_16_coupes",
    "SeriesNumber": 29,
    "ShimSetting": [
      971,
      13454,
      -6534,
      300,
      -917,
      -933,
      1176,
      268
    ],
    "SliceThickness": 4,
    "SliceTiming": [
      0.5025,
      0,
      0.565,
      0.0625,
      0.6275,
      0.125,
      0.69,
      0.1875,
      0.7525,
      0.25,
      0.815,
      0.3125,
      0.8775,
      0.375,
      0.94,
      0.4375
    ],
    "SoftwareVersions": "syngo_MR_B17",
    "SpacingBetweenSlices": 4,
    "StationName": "MRC40296",
    "TaskName": "MIpost",
    "TotalReadoutTime": 0.0362248,
    "TxRefAmp": 477.114,
    "dataset": "ds002338",
    "modality": "bold",
    "subject_id": "xp213",
    "task_id": "MIpost"
  },
  "dummy_trs": 0,
  "dvars_nstd": 38.42747709598182,
  "dvars_std": 1.0151976886404837,
  "dvars_vstd": 1.0053610398489428,
  "efc": 0.5900545551108465,
  "fber": 388.3379211425781,
  "fd_mean": 0.10211843554845375,
  "fd_num": 18,
  "fd_perc": 5.421686746987952,
  "fwhm_avg": 2.1945003413357966,
  "fwhm_x": 2.113205952745482,
  "fwhm_y": 2.70881996626981,
  "fwhm_z": 1.7614751049920978,
  "gcor": 0.0343851,
  "gsr_x": 0.0006328047020360827,
  "gsr_y": 0.030090859159827232,
  "provenance": {
    "md5sum": "c0f6d6d8ca814efdd011e930c9b19c75",
    "settings": {
      "fd_thres": 0.2,
      "testing": false
    },
    "software": "mriqc",
    "version": "21.0.0rc2",
    "webapi_port": null,
    "webapi_url": "https://mriqc.nimh.nih.gov/api/v1"
  },
  "size_t": 332,
  "size_x": 106,
  "size_y": 106,
  "size_z": 16,
  "snr": 6.383382790128834,
  "spacing_tr": 1.0,
  "spacing_x": 1.9811320304870605,
  "spacing_y": 1.9811320304870605,
  "spacing_z": 3.999999761581421,
  "summary_bg_k": 20.038045934187366,
  "summary_bg_mad": 7.220983836039512,
  "summary_bg_mean": 63.036590576171875,
  "summary_bg_median": 37.52409362792969,
  "summary_bg_n": 102144.0,
  "summary_bg_p05": 30.081323623657227,
  "summary_bg_p95": 213.56204452514606,
  "summary_bg_stdv": 74.00828552246094,
  "summary_fg_k": 1.014746916099,
  "summary_fg_mad": 110.25740962581239,
  "summary_fg_mean": 754.2120971679688,
  "summary_fg_median": 744.7318725585938,
  "summary_fg_n": 36235.0,
  "summary_fg_p05": 585.7927429199219,
  "summary_fg_p95": 955.1068725585935,
  "summary_fg_stdv": 116.66566467285156,
  "tsnr": 34.25252661004197
}