{
  "bids_meta": {
    "AcquisitionMatrixPE": 256,
    "AcquisitionNumber": 1,
    "AcquisitionTime": "14:31:39.380000",
    "BaseResolution": 256,
    "CoilString": "T:HEA;HEP",
    "ConversionSoftware": "dcm2niix",
    "ConversionSoftwareVersion": "v1.0.20190720  GCC7.4.0",
    "Dcm2bidsVersion": "2.1.4",
    "DeviceSerialNumber": "40296",
    "DwellTime": 9.8e-06,
    "EchoTime": 0.00226,
    "FlipAngle": 9,
    "ImageOrientationPatientDICOM": [
      -0.0730418,
      0.997329,
      -2.19234e-09,
      0.0434068,
      0.003179,
      -0.999052
    ],
    "ImageType": [
      "ORIGINAL",
      "PRIMARY",
      "M",
      "ND",
      "NORM",
      "FM",
      "FIL"
    ],
    "ImagingFrequency": 123.197,
    "InPlanePhaseEncodingDirectionDICOM": "ROW",
    "InstitutionAddress": "Henri_le_Guilloux_2_Rennes_2A6CA1_District_FR_35000",
    "InstitutionName": "CHU_PONTCHAILLOU",
    "InstitutionalDepartmentName": "Department",
    "Interpolation2D": 1,
    "InversionTime": 0.9,
    "MRAcquisitionType": "3D",
    "MagneticFieldStrength": 3,
    "Manufacturer": "Siemens",
    "ManufacturersModelName": "Verio",
    "Modality": "MR",
    "ParallelReductionFactorInPlane": 2,
    "PartialFourier": 1,
    "PatientPosition": "HFS",
    "PercentPhaseFOV": 100,
    "PhaseEncodingSteps": 255,
    "PhaseResolution": 1,
    "PixelBandwidth": 199,
    "ProcedureStepDescription": "OSS-IRM",
    "ProtocolName": "T1_3D_MPRAGE",
    "PulseSequenceDetails": "%SiemensSeq%_tfl",
    "ReceiveCoilName": "HeadMatrix",
    "ReconMatrixPE": 512,
    "RefLinesPE": 24,
    "RepetitionTime": 1.9,
    "SAR": 0.0348234,
    "ScanOptions": "IR",
    "ScanningSequence": "GR_IR",
    "SequenceName": "_tfl3d1_ns",
    "SequenceVariant": "SP_MP",
    "SeriesDescription": "T1_3D_MPRAGE",
    "SeriesNumber": 9,
    "ShimSetting": [
      936,
      13482,
      -6965,
      33,
      -607,
      -326,
      728,
      -255
    ],
    "SliceThickness": 1,
    "SoftwareVersions": "syngo_MR_B17",
    "StationName": "MRC40296",
    "TxRefAmp": 451.234,
    "dataset": "ds002338",
    "modality": "T1w",
    "subject_id": "xp217"
  },
  "cjv": 0.42317340175197715,
  "cnr": 3.14382122703471,
  "efc": 0.5878798829652088,
  "fber": 1736.201593650861,
  "fwhm_avg": 6.546773333333333,
  "fwhm_x": 3.94444,
  "fwhm_y": 8.1695,
  "fwhm_z": 7.52638,
  "icvs_csf": 0.21515185135192263,
  "icvs_gm": 0.41437552884502926,
  "icvs_wm": 0.3704726198030481,
  "inu_med": 1.101881504058838,
  "inu_range": 0.38272595405578613,
  "provenance": {
    "md5sum": "6fea8f6aa89f9d911d4f0b7f4f2e74a3",
    "settings": {
      "testing": false
    },
    "software": "mriqc",
    "version": "21.0.0rc2",
    "warnings": {
      "large_rot_frame": true,
      "small_air_mask": false
    },
    "webapi_port": null,
    "webapi_url": "https://mriqc.nimh.nih.gov/api/v1"
  },
  "qi_1": 7.278973955831186e-07,
  "qi_2": 0.0041697336071255245,
  "rpve_csf": 24.92396029340024,
  "rpve_gm": 13.570590505895865,
  "rpve_wm": 17.75618550248815,
  "size_x": 176,
  "size_y": 512,
  "size_z": 512,
  "snr_csf": 4.227152737677672,
  "snr_gm": 14.6340677301828,
  "snr_total": 12.792728978698067,
  "snr_wm": 19.516966468233733,
  "snrd_csf": 34.67509979343085,
  "snrd_gm": 66.5363713628159,
  "snrd_total": 62.63053399044907,
  "snrd_wm": 86.68013081510045,
  "spacing_x": 1.0,
  "spacing_y": 0.5,
  "spacing_z": 0.5,
  "summary_bg_k": 50.61345935649824,
  "summary_bg_mad": 7.5580914996486745,
  "summary_bg_mean": 16.143846850865557,
  "summary_bg_median": 13.301300473511219,
  "summary_bg_n": 9070560.0,
  "summary_bg_p05": 5.1564512848854065,
  "summary_bg_p95": 33.69272146373987,
  "summary_bg_stdv": 9.35749791374273,
  "summary_csf_k": 2.6325550951586454,
  "summary_csf_mad": 107.89827175360521,
  "summary_csf_mean": 399.9249367856124,
  "summary_csf_median": 400.0351468399167,
  "summary_csf_n": 172909.0,
  "summary_csf_p05": 250.3222714662552,
  "summary_csf_p95": 549.0448697656393,
  "summary_csf_stdv": 94.63438273550348,
  "summary_gm_k": 0.18712872509907275,
  "summary_gm_mad": 51.082273583832425,
  "summary_gm_mean": 768.8862661686036,
  "summary_gm_median": 767.6080889999866,
  "summary_gm_n": 212980.0,
  "summary_gm_p05": 684.8704842925072,
  "summary_gm_p95": 857.4944102615118,
  "summary_gm_stdv": 52.453378041195684,
  "summary_wm_k": 0.6041128033570189,
  "summary_wm_mad": 47.25979052653884,
  "summary_wm_mean": 1000.0009662315333,
  "summary_wm_median": 999.9999730437994,
  "summary_wm_n": 1092052.0,
  "summary_wm_p05": 914.7427387312055,
  "summary_wm_p95": 1084.671246983111,
  "summary_wm_stdv": 51.23744598412229,
  "tpm_overlap_csf": 0.16326071321964264,
  "tpm_overlap_gm": 0.42595601081848145,
  "tpm_overlap_wm": 0.4906565546989441,
  "wm2max": 0.4244394292590125
}