{
  "aor": 0.00040542168674698794,
  "aqi": 0.021786179518072293,
  "bids_meta": {
    "AcquisitionMatrixPE": 106,
    "AcquisitionNumber": 1,
    "AcquisitionTime": "18:59:30.855000",
    "BandwidthPerPixelPhaseEncode": 27.345,
    "BaseResolution": 106,
    "CoilString": "T:HEA;HEP",
    "ConversionSoftware": "dcm2niix",
    "ConversionSoftwareVersion": "v1.0.20190720  GCC7.4.0",
    "Dcm2bidsVersion": "2.1.4",
    "DerivedVendorReportedEchoSpacing": 0.000689995,
    "DeviceSerialNumber": "40296",
    "DwellTime": 2.8e-06,
    "EchoTime": 0.023,
    "EffectiveEchoSpacing": 0.000344998,
    "FlipAngle": 90,
    "ImageOrientationPatientDICOM": [
      0.99759,
      0.0650084,
      0.0242646,
      -0.0540276,
      0.94713,
      -0.316267
    ],
    "ImageType": [
      "ORIGINAL",
      "PRIMARY",
      "M",
      "ND",
      "MOSAIC"
    ],
    "ImagingFrequency": 123.197,
    "InPlanePhaseEncodingDirectionDICOM": "COL",
    "InstitutionAddress": "Henri_le_Guilloux_2_Rennes_2A6CA1_District_FR_35000",
    "InstitutionName": "CHU_PONTCHAILLOU",
    "InstitutionalDepartmentName": "Department",
    "Instructions": "Try to move up the ball by feeling the movement of your right arm and hand. When the symbol + is displayed, rest",
    "MRAcquisitionType": "2D",
    "MagneticFieldStrength": 3,
    "Manufacturer": "Siemens",
    "ManufacturersModelName": "Verio",
    "Modality": "MR",
    "ParallelReductionFactorInPlane": 2,
    "PartialFourier": 1,
    "PatientPosition": "HFS",
    "PercentPhaseFOV": 100,
    "PhaseEncodingDirection": "j-",
    "PhaseEncodingSteps": 106,
    "PhaseResolution": 1,
    "PixelBandwidth": 1685,
    "ProcedureStepDescription": "OSS-IRM",
    "ProtocolName": "NF2_bold_eeg_2X8x20s_TR1s_16_coupes",
    "PulseSequenceDetails": "%SiemensSeq%_ep2d_bold",
    "ReceiveCoilName": "HeadMatrix",
    "ReconMatrixPE": 106,
    "RefLinesPE": 24,
    "RepetitionTime": 1,
    "SAR": 0.0532729,
    "ScanOptions": "FS",
    "ScanningSequence": "EP",
    "SequenceName": "_epfid2d1_106",
    "SequenceVariant": "SK",
    "SeriesDescription": "NF2_bold_eeg_2X8x20s_TR1s_16_coupes",
    "SeriesNumber": 19,
    "ShimSetting": [
      1016,
      13420,
      -6656,
      353,
      -595,
      -783,
      940,
      365
    ],
    "SliceThickness": 4,
    "SliceTiming": [
      0.5,
      0,
      0.565,
      0.0625,
      0.6275,
      0.125,
      0.69,
      0.1875,
      0.7525,
      0.25,
      0.815,
      0.3125,
      0.8775,
      0.375,
      0.94,
      0.4375
    ],
    "SoftwareVersions": "syngo_MR_B17",
    "SpacingBetweenSlices": 4,
    "StationName": "MRC40296",
    "TaskName": "1dNF",
    "TotalReadoutTime": 0.0362248,
    "TxRefAmp": 450.006,
    "dataset": "ds002338",
    "modality": "bold",
    "run_id": 2,
    "subject_id": "xp222",
    "task_id": "1dNF"
  },
  "dummy_trs": 0,
  "dvars_nstd": 45.11194566797584,
  "dvars_std": 1.0116176823564946,
  "dvars_vstd": 0.998314796827795,
  "efc": 0.5497246054031868,
  "fber": 387.40460205078125,
  "fd_mean": 0.08517654796631458,
  "fd_num": 8,
  "fd_perc": 2.4096385542168677,
  "fwhm_avg": 2.536223963178157,
  "fwhm_x": 2.587939582572655,
  "fwhm_y": 3.0328973069618157,
  "fwhm_z": 1.987835,
  "gcor": 0.0591038,
  "gsr_x": -0.005716792773455381,
  "gsr_y": 0.037992000579833984,
  "provenance": {
    "md5sum": "0cfe259694756771d7c6ef74a792d7d3",
    "settings": {
      "fd_thres": 0.2,
      "testing": false
    },
    "software": "mriqc",
    "version": "21.0.0rc2",
    "webapi_port": null,
    "webapi_url": "https://mriqc.nimh.nih.gov/api/v1"
  },
  "size_t": 332,
  "size_x": 106,
  "size_y": 106,
  "size_z": 16,
  "snr": 5.745328506741151,
  "spacing_tr": 1.0,
  "spacing_x": 1.9811320304870605,
  "spacing_y": 1.9811320304870605,
  "spacing_z": 4.0,
  "summary_bg_k": 40.22934111979749,
  "summary_bg_mad": 6.274262823304877,
  "summary_bg_mean": 47.70938491821289,
  "summary_bg_median": 34.870479583740234,
  "summary_bg_n": 108016.0,
  "summary_bg_p05": 28.29517936706543,
  "summary_bg_p95": 117.74321746826172,
  "summary_bg_stdv": 42.08578109741211,
  "summary_fg_k": 0.461121975481106,
  "summary_fg_mad": 105.11961017756455,
  "summary_fg_mean": 715.8807983398438,
  "summary_fg_median": 695.8011474609375,
  "summary_fg_n": 30030.0,
  "summary_fg_p05": 551.9749877929687,
  "summary_fg_p95": 948.8011474609375,
  "summary_fg_stdv": 121.10527038574219,
  "tsnr": 28.69269327900838
}