{
  "aor": 0.0002092168674698795,
  "aqi": 0.019806157530120484,
  "bids_meta": {
    "AcquisitionMatrixPE": 106,
    "AcquisitionNumber": 1,
    "AcquisitionTime": "18:28:36.345000",
    "BandwidthPerPixelPhaseEncode": 27.345,
    "BaseResolution": 106,
    "CoilString": "T:HEA;HEP",
    "ConversionSoftware": "dcm2niix",
    "ConversionSoftwareVersion": "v1.0.20190720  GCC7.4.0",
    "Dcm2bidsVersion": "2.1.4",
    "DerivedVendorReportedEchoSpacing": 0.000689995,
    "DeviceSerialNumber": "40296",
    "DwellTime": 2.8e-06,
    "EchoTime": 0.023,
    "EffectiveEchoSpacing": 0.000344998,
    "FlipAngle": 90,
    "ImageOrientationPatientDICOM": [
      0.99759,
      0.0650084,
      0.0242646,
      -0.0540276,
      0.94713,
      -0.316267
    ],
    "ImageType": [
      "ORIGINAL",
      "PRIMARY",
      "FMRI",
      "NONE",
      "ND",
      "MOSAIC"
    ],
    "ImagingFrequency": 123.197,
    "InPlanePhaseEncodingDirectionDICOM": "COL",
    "InstitutionAddress": "Henri_le_Guilloux_2_Rennes_2A6CA1_District_FR_35000",
    "InstitutionName": "CHU_PONTCHAILLOU",
    "InstitutionalDepartmentName": "Department",
    "Instructions": "When demanded, try to feel the movement of your right arm and hand. When the symbol + is displayed, rest",
    "MRAcquisitionType": "2D",
    "MagneticFieldStrength": 3,
    "Manufacturer": "Siemens",
    "ManufacturersModelName": "Verio",
    "Modality": "MR",
    "ParallelReductionFactorInPlane": 2,
    "PartialFourier": 1,
    "PatientPosition": "HFS",
    "PercentPhaseFOV": 100,
    "PhaseEncodingDirection": "j-",
    "PhaseEncodingSteps": 106,
    "PhaseResolution": 1,
    "PixelBandwidth": 1685,
    "ProcedureStepDescription": "OSS-IRM",
    "ProtocolName": "MI_pre_bold_eeg_2X8x20s_avec_GLM_TR1s_16_coupes",
    "PulseSequenceDetails": "%SiemensSeq%_ep2d_bold",
    "ReceiveCoilName": "HeadMatrix",
    "ReconMatrixPE": 106,
    "RefLinesPE": 24,
    "RepetitionTime": 1,
    "SAR": 0.0532729,
    "ScanOptions": "FS",
    "ScanningSequence": "EP",
    "SequenceName": "_epfid2d1_106",
    "SequenceVariant": "SK",
    "SeriesDescription": "MI_pre_bold_eeg_2X8x20s_avec_GLM_TR1s_16_coupes",
    "SeriesNumber": 3,
    "ShimSetting": [
      960,
      13487,
      -6595,
      323,
      -602,
      -453,
      412,
      -236
    ],
    "SliceThickness": 4,
    "SliceTiming": [
      0.5025,
      0,
      0.565,
      0.0625,
      0.6275,
      0.125,
      0.69,
      0.1875,
      0.7525,
      0.25,
      0.815,
      0.315,
      0.8775,
      0.3775,
      0.94,
      0.44
    ],
    "SoftwareVersions": "syngo_MR_B17",
    "SpacingBetweenSlices": 4,
    "StationName": "MRC40296",
    "TaskName": "MIpre",
    "TotalReadoutTime": 0.0362248,
    "TxRefAmp": 450.006,
    "dataset": "ds002338",
    "modality": "bold",
    "subject_id": "xp222",
    "task_id": "MIpre"
  },
  "dummy_trs": 0,
  "dvars_nstd": 44.86312415586102,
  "dvars_std": 0.9993427971601206,
  "dvars_vstd": 0.9856787769486411,
  "efc": 0.551396412286607,
  "fber": 383.76611328125,
  "fd_mean": 0.06611523436192572,
  "fd_num": 4,
  "fd_perc": 1.2048192771084338,
  "fwhm_avg": 2.6249205907498716,
  "fwhm_x": 2.598332630427693,
  "fwhm_y": 3.100136641821921,
  "fwhm_z": 2.1762925,
  "gcor": 0.0433642,
  "gsr_x": -0.007084714248776436,
  "gsr_y": 0.03955739364027977,
  "provenance": {
    "md5sum": "3589b6d7ae1a86a3db5097fbe2f71561",
    "settings": {
      "fd_thres": 0.2,
      "testing": false
    },
    "software": "mriqc",
    "version": "21.0.0rc2",
    "webapi_port": null,
    "webapi_url": "https://mriqc.nimh.nih.gov/api/v1"
  },
  "size_t": 332,
  "size_x": 106,
  "size_y": 106,
  "size_z": 16,
  "snr": 5.515363404306519,
  "spacing_tr": 1.0,
  "spacing_x": 1.9811320304870605,
  "spacing_y": 1.9811320304870605,
  "spacing_z": 4.0,
  "summary_bg_k": 39.234200040427346,
  "summary_bg_mad": 5.698195193035956,
  "summary_bg_mean": 46.44820022583008,
  "summary_bg_median": 34.16265106201172,
  "summary_bg_n": 107392.0,
  "summary_bg_p05": 28.453463459014895,
  "summary_bg_p95": 113.2105369567871,
  "summary_bg_stdv": 40.18017578125,
  "summary_fg_k": 0.46506207020917545,
  "summary_fg_mad": 109.1275407720367,
  "summary_fg_mean": 697.4987182617188,
  "summary_fg_median": 675.8102416992188,
  "summary_fg_n": 30593.0,
  "summary_fg_p05": 536.7921752929688,
  "summary_fg_p95": 931.4656005859374,
  "summary_fg_stdv": 122.53031158447266,
  "tsnr": 29.076507825928275
}