{
  "aor": 0.0006778313253012048,
  "aqi": 0.019949602108433735,
  "bids_meta": {
    "AcquisitionMatrixPE": 106,
    "AcquisitionNumber": 1,
    "AcquisitionTime": "19:20:37.075000",
    "BandwidthPerPixelPhaseEncode": 27.345,
    "BaseResolution": 106,
    "CoilString": "T:HEA;HEP",
    "ConversionSoftware": "dcm2niix",
    "ConversionSoftwareVersion": "v1.0.20190720  GCC7.4.0",
    "Dcm2bidsVersion": "2.1.4",
    "DerivedVendorReportedEchoSpacing": 0.000689995,
    "DeviceSerialNumber": "40296",
    "DwellTime": 2.8e-06,
    "EchoTime": 0.023,
    "EffectiveEchoSpacing": 0.000344998,
    "FlipAngle": 90,
    "ImageOrientationPatientDICOM": [
      0.99759,
      0.0650084,
      0.0242646,
      -0.0540276,
      0.94713,
      -0.316267
    ],
    "ImageType": [
      "ORIGINAL",
      "PRIMARY",
      "M",
      "ND",
      "MOSAIC"
    ],
    "ImagingFrequency": 123.197,
    "InPlanePhaseEncodingDirectionDICOM": "COL",
    "InstitutionAddress": "Henri_le_Guilloux_2_Rennes_2A6CA1_District_FR_35000",
    "InstitutionName": "CHU_PONTCHAILLOU",
    "InstitutionalDepartmentName": "Department",
    "Instructions": "When demanded, try to feel the movement of your right arm and hand. When the symbol + is displayed, rest",
    "MRAcquisitionType": "2D",
    "MagneticFieldStrength": 3,
    "Manufacturer": "Siemens",
    "ManufacturersModelName": "Verio",
    "Modality": "MR",
    "ParallelReductionFactorInPlane": 2,
    "PartialFourier": 1,
    "PatientPosition": "HFS",
    "PercentPhaseFOV": 100,
    "PhaseEncodingDirection": "j-",
    "PhaseEncodingSteps": 106,
    "PhaseResolution": 1,
    "PixelBandwidth": 1685,
    "ProcedureStepDescription": "OSS-IRM",
    "ProtocolName": "MI_post_bold_eeg_2X8x20s_TR1s_16_coupes",
    "PulseSequenceDetails": "%SiemensSeq%_ep2d_bold",
    "ReceiveCoilName": "HeadMatrix",
    "ReconMatrixPE": 106,
    "RefLinesPE": 24,
    "RepetitionTime": 1,
    "SAR": 0.0532729,
    "ScanOptions": "FS",
    "ScanningSequence": "EP",
    "SequenceName": "_epfid2d1_106",
    "SequenceVariant": "SK",
    "SeriesDescription": "MI_post_bold_eeg_2X8x20s_TR1s_16_coupes",
    "SeriesNumber": 28,
    "ShimSetting": [
      960,
      13487,
      -6595,
      323,
      -602,
      -453,
      412,
      -236
    ],
    "SliceThickness": 4,
    "SliceTiming": [
      0.5025,
      0,
      0.565,
      0.0625,
      0.6275,
      0.1275,
      0.69,
      0.19,
      0.7525,
      0.2525,
      0.8175,
      0.315,
      0.88,
      0.3775,
      0.9425,
      0.44
    ],
    "SoftwareVersions": "syngo_MR_B17",
    "SpacingBetweenSlices": 4,
    "StationName": "MRC40296",
    "TaskName": "MIpost",
    "TotalReadoutTime": 0.0362248,
    "TxRefAmp": 450.006,
    "dataset": "ds002338",
    "modality": "bold",
    "subject_id": "xp222",
    "task_id": "MIpost"
  },
  "dummy_trs": 0,
  "dvars_nstd": 43.33682679691845,
  "dvars_std": 1.0123498788217518,
  "dvars_vstd": 1.002028836042296,
  "efc": 0.5562847223138779,
  "fber": 398.1681823730469,
  "fd_mean": 0.0933583939268147,
  "fd_num": 15,
  "fd_perc": 4.518072289156627,
  "fwhm_avg": 2.5986532495606416,
  "fwhm_x": 2.59446110653026,
  "fwhm_y": 3.1146586421516655,
  "fwhm_z": 2.08684,
  "gcor": 0.0322484,
  "gsr_x": -0.0066360365599393845,
  "gsr_y": 0.03917432576417923,
  "provenance": {
    "md5sum": "46c7d02dd61ed20cf5b2a4447472fad8",
    "settings": {
      "fd_thres": 0.2,
      "testing": false
    },
    "software": "mriqc",
    "version": "21.0.0rc2",
    "webapi_port": null,
    "webapi_url": "https://mriqc.nimh.nih.gov/api/v1"
  },
  "size_t": 332,
  "size_x": 106,
  "size_y": 106,
  "size_z": 16,
  "snr": 5.681558026177714,
  "spacing_tr": 1.0,
  "spacing_x": 1.9811320304870605,
  "spacing_y": 1.9811320304870605,
  "spacing_z": 4.0,
  "summary_bg_k": 37.67228540258206,
  "summary_bg_mad": 6.256405018033989,
  "summary_bg_mean": 48.40351104736328,
  "summary_bg_median": 34.7138557434082,
  "summary_bg_n": 106164.0,
  "summary_bg_p05": 28.283130645751953,
  "summary_bg_p95": 123.44833946228025,
  "summary_bg_stdv": 43.70106506347656,
  "summary_fg_k": 0.5759205810511348,
  "summary_fg_mad": 111.26212962288683,
  "summary_fg_mean": 722.560791015625,
  "summary_fg_median": 701.8433227539062,
  "summary_fg_n": 31777.0,
  "summary_fg_p05": 556.4120483398438,
  "summary_fg_p95": 955.7547973632812,
  "summary_fg_stdv": 123.52813720703125,
  "tsnr": 30.400443055666983
}