{
  "aor": 0.00044620060790273553,
  "aqi": 0.02075194559270517,
  "bids_meta": {
    "AcquisitionMatrixPE": 106,
    "AcquisitionNumber": 1,
    "AcquisitionTime": "19:07:29.750000",
    "BandwidthPerPixelPhaseEncode": 27.345,
    "BaseResolution": 106,
    "CoilString": "T:HEA;HEP",
    "ConversionSoftware": "dcm2niix",
    "ConversionSoftwareVersion": "v1.0.20190720  GCC7.4.0",
    "Dcm2bidsVersion": "2.1.4",
    "DerivedVendorReportedEchoSpacing": 0.000689995,
    "DeviceSerialNumber": "40296",
    "DwellTime": 2.8e-06,
    "EchoTime": 0.023,
    "EffectiveEchoSpacing": 0.000344998,
    "FlipAngle": 90,
    "ImageOrientationPatientDICOM": [
      0.99759,
      0.0650084,
      0.0242646,
      -0.0540276,
      0.94713,
      -0.316267
    ],
    "ImageType": [
      "ORIGINAL",
      "PRIMARY",
      "M",
      "ND",
      "MOSAIC"
    ],
    "ImagingFrequency": 123.197,
    "InPlanePhaseEncodingDirectionDICOM": "COL",
    "InstitutionAddress": "Henri_le_Guilloux_2_Rennes_2A6CA1_District_FR_35000",
    "InstitutionName": "CHU_PONTCHAILLOU",
    "InstitutionalDepartmentName": "Department",
    "Instructions": "Try to move up the ball by feeling the movement of your right arm and hand. When the symbol + is displayed, rest",
    "MRAcquisitionType": "2D",
    "MagneticFieldStrength": 3,
    "Manufacturer": "Siemens",
    "ManufacturersModelName": "Verio",
    "Modality": "MR",
    "ParallelReductionFactorInPlane": 2,
    "PartialFourier": 1,
    "PatientPosition": "HFS",
    "PercentPhaseFOV": 100,
    "PhaseEncodingDirection": "j-",
    "PhaseEncodingSteps": 106,
    "PhaseResolution": 1,
    "PixelBandwidth": 1685,
    "ProcedureStepDescription": "OSS-IRM",
    "ProtocolName": "NF3_bold_eeg_2X8x20s_TR1s_16_coupes",
    "PulseSequenceDetails": "%SiemensSeq%_ep2d_bold",
    "ReceiveCoilName": "HeadMatrix",
    "ReconMatrixPE": 106,
    "RefLinesPE": 24,
    "RepetitionTime": 1,
    "SAR": 0.0532729,
    "ScanOptions": "FS",
    "ScanningSequence": "EP",
    "SequenceName": "_epfid2d1_106",
    "SequenceVariant": "SK",
    "SeriesDescription": "NF3_bold_eeg_2X8x20s_TR1s_16_coupes",
    "SeriesNumber": 20,
    "ShimSetting": [
      1016,
      13420,
      -6656,
      353,
      -595,
      -783,
      940,
      365
    ],
    "SliceThickness": 4,
    "SliceTiming": [
      0.5025,
      0,
      0.565,
      0.0625,
      0.6275,
      0.125,
      0.69,
      0.1875,
      0.7525,
      0.2525,
      0.815,
      0.315,
      0.8775,
      0.3775,
      0.94,
      0.44
    ],
    "SoftwareVersions": "syngo_MR_B17",
    "SpacingBetweenSlices": 4,
    "StationName": "MRC40296",
    "TaskName": "1dNF",
    "TotalReadoutTime": 0.0362248,
    "TxRefAmp": 450.006,
    "dataset": "ds002338",
    "modality": "bold",
    "run_id": 3,
    "subject_id": "xp222",
    "task_id": "1dNF"
  },
  "dummy_trs": 3,
  "dvars_nstd": 44.78303495283539,
  "dvars_std": 1.0219320525304876,
  "dvars_vstd": 1.008614451768293,
  "efc": 0.5514475706242009,
  "fber": 390.4565124511719,
  "fd_mean": 0.09337423984942654,
  "fd_num": 15,
  "fd_perc": 4.5592705167173255,
  "fwhm_avg": 2.534929216705759,
  "fwhm_x": 2.5496836769420916,
  "fwhm_y": 3.0129339731751847,
  "fwhm_z": 2.04217,
  "gcor": 0.0457983,
  "gsr_x": -0.00535328034311533,
  "gsr_y": 0.037661101669073105,
  "provenance": {
    "md5sum": "5dc474b71118716d9e0c34e8ec6e3bd6",
    "settings": {
      "fd_thres": 0.2,
      "testing": false
    },
    "software": "mriqc",
    "version": "21.0.0rc2",
    "webapi_port": null,
    "webapi_url": "https://mriqc.nimh.nih.gov/api/v1"
  },
  "size_t": 329,
  "size_x": 106,
  "size_y": 106,
  "size_z": 16,
  "snr": 5.8360834426066495,
  "spacing_tr": 1.0,
  "spacing_x": 1.9811320304870605,
  "spacing_y": 1.9811320304870605,
  "spacing_z": 4.0,
  "summary_bg_k": 40.54409364282613,
  "summary_bg_mad": 6.462161434394246,
  "summary_bg_mean": 48.03602600097656,
  "summary_bg_median": 35.15805435180664,
  "summary_bg_n": 107460.0,
  "summary_bg_p05": 28.59270477294922,
  "summary_bg_p95": 118.95745086669922,
  "summary_bg_stdv": 42.58076477050781,
  "summary_fg_k": 0.5406913375095841,
  "summary_fg_mad": 103.83626882851387,
  "summary_fg_mean": 724.3707275390625,
  "summary_fg_median": 704.0699462890625,
  "summary_fg_n": 30553.0,
  "summary_fg_p05": 561.4924194335938,
  "summary_fg_p95": 954.6717651367187,
  "summary_fg_stdv": 120.63885498046875,
  "tsnr": 29.804008975625038
}