{
  "bids_meta": {
    "AcquisitionMatrixPE": 256,
    "AcquisitionNumber": 1,
    "AcquisitionTime": "18:34:51.372500",
    "BaseResolution": 256,
    "CoilString": "T:HEA;HEP",
    "ConversionSoftware": "dcm2niix",
    "ConversionSoftwareVersion": "v1.0.20190720  GCC7.4.0",
    "Dcm2bidsVersion": "2.1.4",
    "DeviceSerialNumber": "40296",
    "DwellTime": 9.8e-06,
    "EchoTime": 0.00226,
    "FlipAngle": 9,
    "ImageOrientationPatientDICOM": [
      -0.0468739,
      0.998901,
      -6.44551e-09,
      0.0191068,
      0.00089659,
      -0.999817
    ],
    "ImageType": [
      "ORIGINAL",
      "PRIMARY",
      "M",
      "ND",
      "NORM",
      "FM",
      "FIL"
    ],
    "ImagingFrequency": 123.197,
    "InPlanePhaseEncodingDirectionDICOM": "ROW",
    "InstitutionAddress": "Henri_le_Guilloux_2_Rennes_2A6CA1_District_FR_35000",
    "InstitutionName": "CHU_PONTCHAILLOU",
    "InstitutionalDepartmentName": "Department",
    "Interpolation2D": 1,
    "InversionTime": 0.9,
    "MRAcquisitionType": "3D",
    "MagneticFieldStrength": 3,
    "Manufacturer": "Siemens",
    "ManufacturersModelName": "Verio",
    "Modality": "MR",
    "ParallelReductionFactorInPlane": 2,
    "PartialFourier": 1,
    "PatientPosition": "HFS",
    "PercentPhaseFOV": 100,
    "PhaseEncodingSteps": 255,
    "PhaseResolution": 1,
    "PixelBandwidth": 199,
    "ProcedureStepDescription": "OSS-IRM",
    "ProtocolName": "T1_3D_MPRAGE",
    "PulseSequenceDetails": "%SiemensSeq%_tfl",
    "ReceiveCoilName": "HeadMatrix",
    "ReconMatrixPE": 512,
    "RefLinesPE": 24,
    "RepetitionTime": 1.9,
    "SAR": 0.0387067,
    "ScanOptions": "IR",
    "ScanningSequence": "GR_IR",
    "SequenceName": "_tfl3d1_ns",
    "SequenceVariant": "SP_MP",
    "SeriesDescription": "T1_3D_MPRAGE",
    "SeriesNumber": 9,
    "ShimSetting": [
      936,
      13482,
      -6965,
      33,
      -607,
      -326,
      728,
      -255
    ],
    "SliceThickness": 1,
    "SoftwareVersions": "syngo_MR_B17",
    "StationName": "MRC40296",
    "TxRefAmp": 450.006,
    "dataset": "ds002338",
    "modality": "T1w",
    "subject_id": "xp222"
  },
  "cjv": 0.42597012634409614,
  "cnr": 3.097295964029948,
  "efc": 0.5636032712247026,
  "fber": 2070.2499999999995,
  "fwhm_avg": 6.792833333333334,
  "fwhm_x": 4.1362,
  "fwhm_y": 8.42066,
  "fwhm_z": 7.82164,
  "icvs_csf": 0.22003489296176365,
  "icvs_gm": 0.4251356277521384,
  "icvs_wm": 0.3548294792860979,
  "inu_med": 1.3061723709106445,
  "inu_range": 0.527284574508667,
  "provenance": {
    "md5sum": "4f43e203e0bc04f7df38a303f69732d5",
    "settings": {
      "testing": false
    },
    "software": "mriqc",
    "version": "21.0.0rc2",
    "warnings": {
      "large_rot_frame": true,
      "small_air_mask": false
    },
    "webapi_port": null,
    "webapi_url": "https://mriqc.nimh.nih.gov/api/v1"
  },
  "qi_1": 0.0,
  "qi_2": 0.004844502450155391,
  "rpve_csf": 24.540275234472496,
  "rpve_gm": 13.504492416494402,
  "rpve_wm": 18.53558338022392,
  "size_x": 176,
  "size_y": 512,
  "size_z": 512,
  "snr_csf": 3.699255692026389,
  "snr_gm": 14.051358788499579,
  "snr_total": 12.34871515895225,
  "snr_wm": 19.295530996330786,
  "snrd_csf": 34.738784047876756,
  "snrd_gm": 62.25205640114342,
  "snrd_total": 59.4469910412063,
  "snrd_wm": 81.35013267459874,
  "spacing_x": 1.0,
  "spacing_y": 0.5,
  "spacing_z": 0.5,
  "summary_bg_k": 24.134628055202942,
  "summary_bg_mad": 8.053772771361214,
  "summary_bg_mean": 16.072352156488016,
  "summary_bg_median": 13.670009508728981,
  "summary_bg_n": 12288317.0,
  "summary_bg_p05": 5.491881549358368,
  "summary_bg_p95": 33.84670476615429,
  "summary_bg_stdv": 9.662251743805328,
  "summary_csf_k": 58.551180722166684,
  "summary_csf_mad": 121.69162154529305,
  "summary_csf_mean": 424.6762727914233,
  "summary_csf_median": 427.05348482728004,
  "summary_csf_n": 211423.0,
  "summary_csf_p05": 257.9990440905094,
  "summary_csf_p95": 577.7220612466335,
  "summary_csf_stdv": 115.44281077844569,
  "summary_gm_k": 0.3741270490837101,
  "summary_gm_mad": 51.15473254776683,
  "summary_gm_mean": 768.8673647949196,
  "summary_gm_median": 765.2817550301552,
  "summary_gm_n": 224813.0,
  "summary_gm_p05": 685.1719176471233,
  "summary_gm_p95": 865.926453858614,
  "summary_gm_stdv": 54.463064000180786,
  "summary_wm_k": 0.7180893932222832,
  "summary_wm_mad": 48.85365461309219,
  "summary_wm_mean": 999.6751190686226,
  "summary_wm_median": 1000.0596912652254,
  "summary_wm_n": 1034546.0,
  "summary_wm_p05": 913.681945592165,
  "summary_wm_p95": 1083.452718704939,
  "summary_wm_stdv": 51.828540407757735,
  "tpm_overlap_csf": 0.16025179624557495,
  "tpm_overlap_gm": 0.4388209283351898,
  "tpm_overlap_wm": 0.4973560571670532,
  "wm2max": 0.42246879334257975
}