{
  "aor": 0.0002338855421686747,
  "aqi": 0.015288456927710845,
  "bids_meta": {
    "AcquisitionMatrixPE": 106,
    "AcquisitionNumber": 1,
    "AcquisitionTime": "15:11:46.697500",
    "BandwidthPerPixelPhaseEncode": 27.345,
    "BaseResolution": 106,
    "CoilString": "T:HEA;HEP",
    "ConversionSoftware": "dcm2niix",
    "ConversionSoftwareVersion": "v1.0.20190720  GCC7.4.0",
    "Dcm2bidsVersion": "2.1.4",
    "DerivedVendorReportedEchoSpacing": 0.000689995,
    "DeviceSerialNumber": "40296",
    "DwellTime": 2.8e-06,
    "EchoTime": 0.023,
    "EffectiveEchoSpacing": 0.000344998,
    "FlipAngle": 90,
    "ImageOrientationPatientDICOM": [
      0.999557,
      -0.0137809,
      0.0263902,
      0.0174474,
      0.989398,
      -0.144177
    ],
    "ImageType": [
      "ORIGINAL",
      "PRIMARY",
      "M",
      "ND",
      "MOSAIC"
    ],
    "ImagingFrequency": 123.197,
    "InPlanePhaseEncodingDirectionDICOM": "COL",
    "InstitutionAddress": "Henri_le_Guilloux_2_Rennes_2A6CA1_District_FR_35000",
    "InstitutionName": "CHU_PONTCHAILLOU",
    "InstitutionalDepartmentName": "Department",
    "Instructions": "Try to move up the ball by feeling the movement of your right arm and hand. When the symbol + is displayed, rest",
    "MRAcquisitionType": "2D",
    "MagneticFieldStrength": 3,
    "Manufacturer": "Siemens",
    "ManufacturersModelName": "Verio",
    "Modality": "MR",
    "ParallelReductionFactorInPlane": 2,
    "PartialFourier": 1,
    "PatientPosition": "HFS",
    "PercentPhaseFOV": 100,
    "PhaseEncodingDirection": "j-",
    "PhaseEncodingSteps": 106,
    "PhaseResolution": 1,
    "PixelBandwidth": 1685,
    "ProcedureStepDescription": "OSS-IRM",
    "ProtocolName": "NF3_bold_eeg_2X8x20s_TR1s_16_coupes",
    "PulseSequenceDetails": "%SiemensSeq%_ep2d_bold",
    "ReceiveCoilName": "HeadMatrix",
    "ReconMatrixPE": 106,
    "RefLinesPE": 24,
    "RepetitionTime": 1,
    "SAR": 0.0483911,
    "ScanOptions": "FS",
    "ScanningSequence": "EP",
    "SequenceName": "_epfid2d1_106",
    "SequenceVariant": "SK",
    "SeriesDescription": "NF3_bold_eeg_2X8x20s_TR1s_16_coupes",
    "SeriesNumber": 28,
    "ShimSetting": [
      1014,
      13432,
      -6539,
      197,
      -727,
      -704,
      856,
      137
    ],
    "SliceThickness": 4,
    "SliceTiming": [
      0.5025,
      0,
      0.565,
      0.0625,
      0.6275,
      0.125,
      0.69,
      0.19,
      0.7525,
      0.2525,
      0.815,
      0.315,
      0.88,
      0.3775,
      0.9425,
      0.44
    ],
    "SoftwareVersions": "syngo_MR_B17",
    "SpacingBetweenSlices": 4,
    "StationName": "MRC40296",
    "TaskName": "1dNF",
    "TotalReadoutTime": 0.0362248,
    "TxRefAmp": 495.653,
    "dataset": "ds002338",
    "modality": "bold",
    "run_id": 3,
    "subject_id": "xp206",
    "task_id": "1dNF"
  },
  "dummy_trs": 0,
  "dvars_nstd": 38.25580050643506,
  "dvars_std": 1.0063120550453175,
  "dvars_vstd": 1.0000977762839882,
  "efc": 0.5695707091490646,
  "fber": 413.84747314453125,
  "fd_mean": 0.07897554804719943,
  "fd_num": 1,
  "fd_perc": 0.30120481927710846,
  "fwhm_avg": 2.764512656340898,
  "fwhm_x": 2.6385268218165536,
  "fwhm_y": 3.3372586472061396,
  "fwhm_z": 2.3177525,
  "gcor": 0.039462,
  "gsr_x": 0.001810354646295309,
  "gsr_y": 0.03712504729628563,
  "provenance": {
    "md5sum": "3f50deadf348a2059f0b834cc1bb3905",
    "settings": {
      "fd_thres": 0.2,
      "testing": false
    },
    "software": "mriqc",
    "version": "21.0.0rc2",
    "webapi_port": null,
    "webapi_url": "https://mriqc.nimh.nih.gov/api/v1"
  },
  "size_t": 332,
  "size_x": 106,
  "size_y": 106,
  "size_z": 16,
  "snr": 5.244905747516724,
  "spacing_tr": 1.0,
  "spacing_x": 1.9811320304870605,
  "spacing_y": 1.9811320304870605,
  "spacing_z": 4.0,
  "summary_bg_k": 28.89786619206895,
  "summary_bg_mad": 6.126898460949142,
  "summary_bg_mean": 52.61332702636719,
  "summary_bg_median": 33.43975830078125,
  "summary_bg_n": 103522.0,
  "summary_bg_p05": 27.18975830078125,
  "summary_bg_p95": 168.31927490234375,
  "summary_bg_stdv": 59.48686981201172,
  "summary_fg_k": 2.093738335158302,
  "summary_fg_mad": 98.73149854345905,
  "summary_fg_mean": 706.4854736328125,
  "summary_fg_median": 684.9788818359375,
  "summary_fg_n": 33692.0,
  "summary_fg_p05": 543.2525482177734,
  "summary_fg_p95": 973.4785827636719,
  "summary_fg_stdv": 130.59695434570312,
  "tsnr": 34.897937295609154
}