{
  "bids_meta": {
    "AcquisitionMatrixPE": 256,
    "AcquisitionNumber": 1,
    "AcquisitionTime": "14:29:19.387500",
    "BaseResolution": 256,
    "CoilString": "T:HEA;HEP",
    "ConversionSoftware": "dcm2niix",
    "ConversionSoftwareVersion": "v1.0.20190720  GCC7.4.0",
    "Dcm2bidsVersion": "2.1.4",
    "DeviceSerialNumber": "40296",
    "DwellTime": 9.8e-06,
    "EchoTime": 0.00226,
    "FlipAngle": 9,
    "ImageOrientationPatientDICOM": [
      0.00547289,
      0.999985,
      5.31271e-09,
      0.0138981,
      -7.60587e-05,
      -0.999903
    ],
    "ImageType": [
      "ORIGINAL",
      "PRIMARY",
      "M",
      "ND",
      "NORM",
      "FM",
      "FIL"
    ],
    "ImagingFrequency": 123.196,
    "InPlanePhaseEncodingDirectionDICOM": "ROW",
    "InstitutionAddress": "Henri_le_Guilloux_2_Rennes_2A6CA1_District_FR_35000",
    "InstitutionName": "CHU_PONTCHAILLOU",
    "InstitutionalDepartmentName": "Department",
    "Interpolation2D": 1,
    "InversionTime": 0.9,
    "MRAcquisitionType": "3D",
    "MagneticFieldStrength": 3,
    "Manufacturer": "Siemens",
    "ManufacturersModelName": "Verio",
    "Modality": "MR",
    "ParallelReductionFactorInPlane": 2,
    "PartialFourier": 1,
    "PatientPosition": "HFS",
    "PercentPhaseFOV": 100,
    "PhaseEncodingSteps": 255,
    "PhaseResolution": 1,
    "PixelBandwidth": 199,
    "ProcedureStepDescription": "OSS-IRM",
    "ProtocolName": "T1_3D_MPRAGE",
    "PulseSequenceDetails": "%SiemensSeq%_tfl",
    "ReceiveCoilName": "HeadMatrix",
    "ReconMatrixPE": 512,
    "RefLinesPE": 24,
    "RepetitionTime": 1.9,
    "SAR": 0.0351597,
    "ScanOptions": "IR",
    "ScanningSequence": "GR_IR",
    "SequenceName": "_tfl3d1_ns",
    "SequenceVariant": "SP_MP",
    "SeriesDescription": "T1_3D_MPRAGE",
    "SeriesNumber": 16,
    "ShimSetting": [
      936,
      13482,
      -6965,
      33,
      -607,
      -326,
      728,
      -255
    ],
    "SliceThickness": 1,
    "SoftwareVersions": "syngo_MR_B17",
    "StationName": "MRC40296",
    "TxRefAmp": 495.653,
    "dataset": "ds002338",
    "modality": "T1w",
    "subject_id": "xp206"
  },
  "cjv": 0.4311033583806611,
  "cnr": 3.1162164482620605,
  "efc": 0.6191570455165752,
  "fber": 2166.836937115652,
  "fwhm_avg": 6.765043333333334,
  "fwhm_x": 4.14871,
  "fwhm_y": 8.3301,
  "fwhm_z": 7.81632,
  "icvs_csf": 0.21384271078530126,
  "icvs_gm": 0.39993172829317797,
  "icvs_wm": 0.38622556092152077,
  "inu_med": 1.271154761314392,
  "inu_range": 0.5385739564895629,
  "provenance": {
    "md5sum": "8990d92db31ece68bf56239cd8837e8b",
    "settings": {
      "testing": false
    },
    "software": "mriqc",
    "version": "21.0.0rc2",
    "warnings": {
      "large_rot_frame": true,
      "small_air_mask": false
    },
    "webapi_port": null,
    "webapi_url": "https://mriqc.nimh.nih.gov/api/v1"
  },
  "qi_1": 0.0,
  "qi_2": 0.0036515972614582248,
  "rpve_csf": 22.5601471503194,
  "rpve_gm": 12.660164033306607,
  "rpve_wm": 15.789370975983296,
  "size_x": 176,
  "size_y": 512,
  "size_z": 512,
  "snr_csf": 2.9827042951530554,
  "snr_gm": 13.262843874831855,
  "snr_total": 11.768376102369624,
  "snr_wm": 19.059580137123962,
  "snrd_csf": 36.05132155530493,
  "snrd_gm": 65.00095570915336,
  "snrd_total": 62.33072124620571,
  "snrd_wm": 85.93988647415887,
  "spacing_x": 1.0,
  "spacing_y": 0.5,
  "spacing_z": 0.5,
  "summary_bg_k": 53.05818357022207,
  "summary_bg_mad": 7.623193563450296,
  "summary_bg_mean": 15.112548417513645,
  "summary_bg_median": 13.001322403550148,
  "summary_bg_n": 10551587.0,
  "summary_bg_p05": 5.215219721198082,
  "summary_bg_p95": 33.641839891672134,
  "summary_bg_stdv": 10.40047239356552,
  "summary_csf_k": 64.65845745712811,
  "summary_csf_mad": 105.41787670599838,
  "summary_csf_mean": 416.8655876863907,
  "summary_csf_median": 419.4946454614401,
  "summary_csf_n": 184738.0,
  "summary_csf_p05": 246.73131047189236,
  "summary_csf_p95": 554.94345061481,
  "summary_csf_stdv": 140.6420042256069,
  "summary_gm_k": 0.1221257326544194,
  "summary_gm_mad": 56.13937545655182,
  "summary_gm_mean": 758.6183747184983,
  "summary_gm_median": 756.3537671715021,
  "summary_gm_n": 198534.0,
  "summary_gm_p05": 669.0906540900469,
  "summary_gm_p95": 856.5447488576174,
  "summary_gm_stdv": 57.02787950007036,
  "summary_wm_k": 0.5953501396663214,
  "summary_wm_mad": 48.89734157127404,
  "summary_wm_mean": 998.5973694537673,
  "summary_wm_median": 1000.0000180900097,
  "summary_wm_n": 1302659.0,
  "summary_wm_p05": 908.4031308740377,
  "summary_wm_p95": 1081.2399196624756,
  "summary_wm_stdv": 52.46703374707825,
  "tpm_overlap_csf": 0.15651337802410126,
  "tpm_overlap_gm": 0.42189016938209534,
  "tpm_overlap_wm": 0.4922774136066437,
  "wm2max": 0.4247340342557639
}