{
  "bids_meta": {
    "AcquisitionMatrixPE": 256,
    "AcquisitionNumber": 1,
    "AcquisitionTime": "09:22:53.370000",
    "BaseResolution": 256,
    "CoilString": "T:HEA;HEP",
    "ConversionSoftware": "dcm2niix",
    "ConversionSoftwareVersion": "v1.0.20190720  GCC7.4.0",
    "Dcm2bidsVersion": "2.1.4",
    "DeviceSerialNumber": "40296",
    "DwellTime": 9.8e-06,
    "EchoTime": 0.00226,
    "FlipAngle": 9,
    "ImageOrientationPatientDICOM": [
      0.0438466,
      0.999038,
      -1.38553e-08,
      -0.0244303,
      0.0010722,
      -0.999701
    ],
    "ImageType": [
      "ORIGINAL",
      "PRIMARY",
      "M",
      "ND",
      "NORM",
      "FM",
      "FIL"
    ],
    "ImagingFrequency": 123.196,
    "InPlanePhaseEncodingDirectionDICOM": "ROW",
    "InstitutionAddress": "Henri_le_Guilloux_2_Rennes_2A6CA1_District_FR_35000",
    "InstitutionName": "CHU_PONTCHAILLOU",
    "InstitutionalDepartmentName": "Department",
    "Interpolation2D": 1,
    "InversionTime": 0.9,
    "MRAcquisitionType": "3D",
    "MagneticFieldStrength": 3,
    "Manufacturer": "Siemens",
    "ManufacturersModelName": "Verio",
    "Modality": "MR",
    "ParallelReductionFactorInPlane": 2,
    "PartialFourier": 1,
    "PatientPosition": "HFS",
    "PercentPhaseFOV": 100,
    "PhaseEncodingSteps": 255,
    "PhaseResolution": 1,
    "PixelBandwidth": 199,
    "ProcedureStepDescription": "OSS-IRM",
    "ProtocolName": "T1_3D_MPRAGE",
    "PulseSequenceDetails": "%SiemensSeq%_tfl",
    "ReceiveCoilName": "HeadMatrix",
    "ReconMatrixPE": 512,
    "RefLinesPE": 24,
    "RepetitionTime": 1.9,
    "SAR": 0.0271404,
    "ScanOptions": "IR",
    "ScanningSequence": "GR_IR",
    "SequenceName": "_tfl3d1_ns",
    "SequenceVariant": "SP_MP",
    "SeriesDescription": "T1_3D_MPRAGE",
    "SeriesNumber": 12,
    "ShimSetting": [
      936,
      13482,
      -6965,
      33,
      -607,
      -326,
      728,
      -255
    ],
    "SliceThickness": 1,
    "SoftwareVersions": "syngo_MR_B17",
    "StationName": "MRC40296",
    "TxRefAmp": 519.077,
    "dataset": "ds002338",
    "modality": "T1w",
    "subject_id": "xp207"
  },
  "cjv": 0.40664285895717617,
  "cnr": 3.3463639116861117,
  "efc": 0.5979014129477114,
  "fber": 1992.0154240000002,
  "fwhm_avg": 6.756726666666666,
  "fwhm_x": 4.00776,
  "fwhm_y": 8.60798,
  "fwhm_z": 7.65444,
  "icvs_csf": 0.2228547114382234,
  "icvs_gm": 0.40907919302663637,
  "icvs_wm": 0.36806609553514025,
  "inu_med": 1.4942586421966553,
  "inu_range": 0.650314062833786,
  "provenance": {
    "md5sum": "1f3cf30ddbbada767bf0c5be901fc139",
    "settings": {
      "testing": false
    },
    "software": "mriqc",
    "version": "21.0.0rc2",
    "warnings": {
      "large_rot_frame": true,
      "small_air_mask": false
    },
    "webapi_port": null,
    "webapi_url": "https://mriqc.nimh.nih.gov/api/v1"
  },
  "qi_1": 0.00011560017477645472,
  "qi_2": 0.0031922714774657553,
  "rpve_csf": 22.02542305170958,
  "rpve_gm": 12.393940908099259,
  "rpve_wm": 15.807457451942259,
  "size_x": 176,
  "size_y": 512,
  "size_z": 512,
  "snr_csf": 3.619449375335068,
  "snr_gm": 15.005874748902533,
  "snr_total": 12.58840758833918,
  "snr_wm": 19.13989864077994,
  "snrd_csf": 32.027421161369155,
  "snrd_gm": 68.95187194276244,
  "snrd_total": 64.10326783195981,
  "snrd_wm": 91.33051039174784,
  "spacing_x": 1.0,
  "spacing_y": 0.5,
  "spacing_z": 0.5,
  "summary_bg_k": 58.03116260126194,
  "summary_bg_mad": 7.173248019502942,
  "summary_bg_mean": 14.698032779768598,
  "summary_bg_median": 11.930011063814163,
  "summary_bg_n": 9569022.0,
  "summary_bg_p05": 4.705726586282253,
  "summary_bg_p95": 32.94008610397577,
  "summary_bg_stdv": 10.0273905598602,
  "summary_csf_k": 39.90753300310401,
  "summary_csf_mad": 91.58174183803756,
  "summary_csf_mean": 364.43428224474405,
  "summary_csf_median": 350.676047436893,
  "summary_csf_n": 238002.0,
  "summary_csf_p05": 238.60022127628326,
  "summary_csf_p95": 518.6903699189425,
  "summary_csf_stdv": 96.8863698212276,
  "summary_gm_k": 0.14639336878451914,
  "summary_gm_mad": 49.32836309302023,
  "summary_gm_mean": 755.7181803976124,
  "summary_gm_median": 754.9708668217063,
  "summary_gm_n": 203353.0,
  "summary_gm_p05": 674.6421256586909,
  "summary_gm_p95": 840.1378902494907,
  "summary_gm_stdv": 50.31156284764044,
  "summary_wm_k": 0.33352478172061106,
  "summary_wm_mad": 50.31099980802063,
  "summary_wm_mean": 998.6998348458646,
  "summary_wm_median": 1000.0000385046005,
  "summary_wm_n": 1136398.0,
  "summary_wm_p05": 909.5970657765865,
  "summary_wm_p95": 1081.786892130971,
  "summary_wm_stdv": 52.24685967705012,
  "tpm_overlap_csf": 0.15623624622821808,
  "tpm_overlap_gm": 0.4137662947177887,
  "tpm_overlap_wm": 0.45307210087776184,
  "wm2max": 0.4052210345383252
}