{
  "aor": 0.0002284036144578313,
  "aqi": 0.022549542771084338,
  "bids_meta": {
    "AcquisitionMatrixPE": 106,
    "AcquisitionNumber": 1,
    "AcquisitionTime": "11:48:55.955000",
    "BandwidthPerPixelPhaseEncode": 27.345,
    "BaseResolution": 106,
    "CoilString": "T:HEA;HEP",
    "ConversionSoftware": "dcm2niix",
    "ConversionSoftwareVersion": "v1.0.20190720  GCC7.4.0",
    "Dcm2bidsVersion": "2.1.4",
    "DerivedVendorReportedEchoSpacing": 0.000689995,
    "DeviceSerialNumber": "40296",
    "DwellTime": 2.8e-06,
    "EchoTime": 0.023,
    "EffectiveEchoSpacing": 0.000344998,
    "FlipAngle": 90,
    "ImageOrientationPatientDICOM": [
      0.999634,
      0.0159222,
      0.021854,
      -0.0122135,
      0.986974,
      -0.160418
    ],
    "ImageType": [
      "ORIGINAL",
      "PRIMARY",
      "M",
      "ND",
      "MOSAIC"
    ],
    "ImagingFrequency": 123.197,
    "InPlanePhaseEncodingDirectionDICOM": "COL",
    "InstitutionAddress": "Henri_le_Guilloux_2_Rennes_2A6CA1_District_FR_35000",
    "InstitutionName": "CHU_PONTCHAILLOU",
    "InstitutionalDepartmentName": "Department",
    "Instructions": "Try to move up the ball by feeling the movement of your right arm and hand. When the symbol + is displayed, rest",
    "MRAcquisitionType": "2D",
    "MagneticFieldStrength": 3,
    "Manufacturer": "Siemens",
    "ManufacturersModelName": "Verio",
    "Modality": "MR",
    "ParallelReductionFactorInPlane": 2,
    "PartialFourier": 1,
    "PatientPosition": "HFS",
    "PercentPhaseFOV": 100,
    "PhaseEncodingDirection": "j-",
    "PhaseEncodingSteps": 106,
    "PhaseResolution": 1,
    "PixelBandwidth": 1685,
    "ProcedureStepDescription": "OSS-IRM",
    "ProtocolName": "NF1_bold_eeg_2X8x20s_TR1s_16_coupes",
    "PulseSequenceDetails": "%SiemensSeq%_ep2d_bold",
    "ReceiveCoilName": "HeadMatrix",
    "ReconMatrixPE": 106,
    "RefLinesPE": 24,
    "RepetitionTime": 1,
    "SAR": 0.0614913,
    "ScanOptions": "FS",
    "ScanningSequence": "EP",
    "SequenceName": "_epfid2d1_106",
    "SequenceVariant": "SK",
    "SeriesDescription": "NF1_bold_eeg_2X8x20s_TR1s_16_coupes",
    "SeriesNumber": 18,
    "ShimSetting": [
      996,
      13285,
      -6611,
      253,
      -687,
      -874,
      1061,
      535
    ],
    "SliceThickness": 4,
    "SliceTiming": [
      0.5025,
      0,
      0.565,
      0.065,
      0.6275,
      0.1275,
      0.69,
      0.19,
      0.7525,
      0.2525,
      0.8175,
      0.315,
      0.88,
      0.3775,
      0.9425,
      0.44
    ],
    "SoftwareVersions": "syngo_MR_B17",
    "SpacingBetweenSlices": 4,
    "StationName": "MRC40296",
    "TaskName": "1dNF",
    "TotalReadoutTime": 0.0362248,
    "TxRefAmp": 458.691,
    "dataset": "ds002338",
    "modality": "bold",
    "run_id": 1,
    "subject_id": "xp218",
    "task_id": "1dNF"
  },
  "dummy_trs": 0,
  "dvars_nstd": 37.48008079199395,
  "dvars_std": 1.0078480738670703,
  "dvars_vstd": 0.9863377871299087,
  "efc": 0.5437495019288147,
  "fber": 462.132568359375,
  "fd_mean": 0.09303145341330532,
  "fd_num": 17,
  "fd_perc": 5.120481927710843,
  "fwhm_avg": 2.227610850852738,
  "fwhm_x": 2.1811620495266246,
  "fwhm_y": 2.672825394023927,
  "fwhm_z": 1.8288451090076632,
  "gcor": 0.117923,
  "gsr_x": 0.006129431538283825,
  "gsr_y": 0.010674269869923592,
  "provenance": {
    "md5sum": "e4b36fbf260bc4c1d2663ad486ae4cb8",
    "settings": {
      "fd_thres": 0.2,
      "testing": false
    },
    "software": "mriqc",
    "version": "21.0.0rc2",
    "webapi_port": null,
    "webapi_url": "https://mriqc.nimh.nih.gov/api/v1"
  },
  "size_t": 332,
  "size_x": 106,
  "size_y": 106,
  "size_z": 16,
  "snr": 7.002506952693837,
  "spacing_tr": 1.0,
  "spacing_x": 1.9811320304870605,
  "spacing_y": 1.9811320304870605,
  "spacing_z": 3.999999761581421,
  "summary_bg_k": 53.097619984308245,
  "summary_bg_mad": 4.78719261868241,
  "summary_bg_mean": 44.052406311035156,
  "summary_bg_median": 33.7138557434082,
  "summary_bg_n": 107533.0,
  "summary_bg_p05": 27.849395751953125,
  "summary_bg_p95": 103.85361175537108,
  "summary_bg_stdv": 38.880767822265625,
  "summary_fg_k": 1.0327191976800867,
  "summary_fg_mad": 93.13377930910559,
  "summary_fg_mean": 736.6929931640625,
  "summary_fg_median": 725.1656494140625,
  "summary_fg_n": 31890.0,
  "summary_fg_p05": 586.7313018798828,
  "summary_fg_p95": 924.6481536865234,
  "summary_fg_stdv": 103.55638122558594,
  "tsnr": 33.85352347162552
}