{
  "aor": 0.00023033132530120485,
  "aqi": 0.01996818795180723,
  "bids_meta": {
    "AcquisitionMatrixPE": 106,
    "AcquisitionNumber": 1,
    "AcquisitionTime": "11:56:31.495000",
    "BandwidthPerPixelPhaseEncode": 27.345,
    "BaseResolution": 106,
    "CoilString": "T:HEA;HEP",
    "ConversionSoftware": "dcm2niix",
    "ConversionSoftwareVersion": "v1.0.20190720  GCC7.4.0",
    "Dcm2bidsVersion": "2.1.4",
    "DerivedVendorReportedEchoSpacing": 0.000689995,
    "DeviceSerialNumber": "40296",
    "DwellTime": 2.8e-06,
    "EchoTime": 0.023,
    "EffectiveEchoSpacing": 0.000344998,
    "FlipAngle": 90,
    "ImageOrientationPatientDICOM": [
      0.999634,
      0.0159222,
      0.021854,
      -0.0122135,
      0.986974,
      -0.160418
    ],
    "ImageType": [
      "ORIGINAL",
      "PRIMARY",
      "M",
      "ND",
      "MOSAIC"
    ],
    "ImagingFrequency": 123.197,
    "InPlanePhaseEncodingDirectionDICOM": "COL",
    "InstitutionAddress": "Henri_le_Guilloux_2_Rennes_2A6CA1_District_FR_35000",
    "InstitutionName": "CHU_PONTCHAILLOU",
    "InstitutionalDepartmentName": "Department",
    "Instructions": "Try to move up the ball by feeling the movement of your right arm and hand. When the symbol + is displayed, rest",
    "MRAcquisitionType": "2D",
    "MagneticFieldStrength": 3,
    "Manufacturer": "Siemens",
    "ManufacturersModelName": "Verio",
    "Modality": "MR",
    "ParallelReductionFactorInPlane": 2,
    "PartialFourier": 1,
    "PatientPosition": "HFS",
    "PercentPhaseFOV": 100,
    "PhaseEncodingDirection": "j-",
    "PhaseEncodingSteps": 106,
    "PhaseResolution": 1,
    "PixelBandwidth": 1685,
    "ProcedureStepDescription": "OSS-IRM",
    "ProtocolName": "NF2_bold_eeg_2X8x20s_TR1s_16_coupes",
    "PulseSequenceDetails": "%SiemensSeq%_ep2d_bold",
    "ReceiveCoilName": "HeadMatrix",
    "ReconMatrixPE": 106,
    "RefLinesPE": 24,
    "RepetitionTime": 1,
    "SAR": 0.0614913,
    "ScanOptions": "FS",
    "ScanningSequence": "EP",
    "SequenceName": "_epfid2d1_106",
    "SequenceVariant": "SK",
    "SeriesDescription": "NF2_bold_eeg_2X8x20s_TR1s_16_coupes",
    "SeriesNumber": 19,
    "ShimSetting": [
      996,
      13285,
      -6611,
      253,
      -687,
      -874,
      1061,
      535
    ],
    "SliceThickness": 4,
    "SliceTiming": [
      0.5025,
      0,
      0.565,
      0.0625,
      0.6275,
      0.1275,
      0.69,
      0.19,
      0.7525,
      0.2525,
      0.8175,
      0.315,
      0.88,
      0.3775,
      0.9425,
      0.44
    ],
    "SoftwareVersions": "syngo_MR_B17",
    "SpacingBetweenSlices": 4,
    "StationName": "MRC40296",
    "TaskName": "1dNF",
    "TotalReadoutTime": 0.0362248,
    "TxRefAmp": 458.691,
    "dataset": "ds002338",
    "modality": "bold",
    "run_id": 2,
    "subject_id": "xp218",
    "task_id": "1dNF"
  },
  "dummy_trs": 0,
  "dvars_nstd": 36.08552176719032,
  "dvars_std": 1.0121201699093665,
  "dvars_vstd": 0.9922037943806644,
  "efc": 0.5447095654661365,
  "fber": 479.98724365234375,
  "fd_mean": 0.09505169711641596,
  "fd_num": 8,
  "fd_perc": 2.4096385542168677,
  "fwhm_avg": 2.2195790333216934,
  "fwhm_x": 2.1646411920086357,
  "fwhm_y": 2.65617329840772,
  "fwhm_z": 1.8379226095487242,
  "gcor": 0.106356,
  "gsr_x": 0.006414375267922878,
  "gsr_y": 0.011759251356124878,
  "provenance": {
    "md5sum": "4fac53915d02725cde758fdc4a701809",
    "settings": {
      "fd_thres": 0.2,
      "testing": false
    },
    "software": "mriqc",
    "version": "21.0.0rc2",
    "webapi_port": null,
    "webapi_url": "https://mriqc.nimh.nih.gov/api/v1"
  },
  "size_t": 332,
  "size_x": 106,
  "size_y": 106,
  "size_z": 16,
  "snr": 7.1368143242314135,
  "spacing_tr": 1.0,
  "spacing_x": 1.9811320304870605,
  "spacing_y": 1.9811320304870605,
  "spacing_z": 3.999999761581421,
  "summary_bg_k": 52.447572071169944,
  "summary_bg_mad": 4.916702003606573,
  "summary_bg_mean": 44.45808410644531,
  "summary_bg_median": 33.70481872558594,
  "summary_bg_n": 107131.0,
  "summary_bg_p05": 27.909637451171875,
  "summary_bg_p95": 106.87348937988281,
  "summary_bg_stdv": 40.292869567871094,
  "summary_fg_k": 1.3163371244024393,
  "summary_fg_mad": 92.19376027554624,
  "summary_fg_mean": 749.09130859375,
  "summary_fg_median": 737.8885498046875,
  "summary_fg_n": 32320.0,
  "summary_fg_p05": 599.5293365478516,
  "summary_fg_p95": 936.199786376953,
  "summary_fg_stdv": 103.39026641845703,
  "tsnr": 36.742304122657515
}