{
  "aor": 0.0001808433734939759,
  "aqi": 0.015976260843373495,
  "bids_meta": {
    "AcquisitionMatrixPE": 106,
    "AcquisitionNumber": 1,
    "AcquisitionTime": "11:23:2.190000",
    "BandwidthPerPixelPhaseEncode": 27.345,
    "BaseResolution": 106,
    "CoilString": "T:HEA;HEP",
    "ConversionSoftware": "dcm2niix",
    "ConversionSoftwareVersion": "v1.0.20190720  GCC7.4.0",
    "Dcm2bidsVersion": "2.1.4",
    "DerivedVendorReportedEchoSpacing": 0.000689995,
    "DeviceSerialNumber": "40296",
    "DwellTime": 2.8e-06,
    "EchoTime": 0.023,
    "EffectiveEchoSpacing": 0.000344998,
    "FlipAngle": 90,
    "ImageOrientationPatientDICOM": [
      0.999634,
      0.0159222,
      0.021854,
      -0.0122135,
      0.986974,
      -0.160418
    ],
    "ImageType": [
      "ORIGINAL",
      "PRIMARY",
      "FMRI",
      "NONE",
      "ND",
      "MOSAIC"
    ],
    "ImagingFrequency": 123.197,
    "InPlanePhaseEncodingDirectionDICOM": "COL",
    "InstitutionAddress": "Henri_le_Guilloux_2_Rennes_2A6CA1_District_FR_35000",
    "InstitutionName": "CHU_PONTCHAILLOU",
    "InstitutionalDepartmentName": "Department",
    "Instructions": "When demanded, try to feel the movement of your right arm and hand. When the symbol + is displayed, rest",
    "MRAcquisitionType": "2D",
    "MagneticFieldStrength": 3,
    "Manufacturer": "Siemens",
    "ManufacturersModelName": "Verio",
    "Modality": "MR",
    "ParallelReductionFactorInPlane": 2,
    "PartialFourier": 1,
    "PatientPosition": "HFS",
    "PercentPhaseFOV": 100,
    "PhaseEncodingDirection": "j-",
    "PhaseEncodingSteps": 106,
    "PhaseResolution": 1,
    "PixelBandwidth": 1685,
    "ProcedureStepDescription": "OSS-IRM",
    "ProtocolName": "MI_pre_bold_eeg_2X8x20s_avec_GLM_TR1s_16_coupes",
    "PulseSequenceDetails": "%SiemensSeq%_ep2d_bold",
    "ReceiveCoilName": "HeadMatrix",
    "ReconMatrixPE": 106,
    "RefLinesPE": 24,
    "RepetitionTime": 1,
    "SAR": 0.0614913,
    "ScanOptions": "FS",
    "ScanningSequence": "EP",
    "SequenceName": "_epfid2d1_106",
    "SequenceVariant": "SK",
    "SeriesDescription": "MI_pre_bold_eeg_2X8x20s_avec_GLM_TR1s_16_coupes",
    "SeriesNumber": 3,
    "ShimSetting": [
      894,
      13206,
      -6586,
      349,
      -810,
      -951,
      1389,
      -330
    ],
    "SliceThickness": 4,
    "SliceTiming": [
      0.5,
      0,
      0.5625,
      0.0625,
      0.6275,
      0.125,
      0.69,
      0.1875,
      0.7525,
      0.25,
      0.815,
      0.3125,
      0.8775,
      0.375,
      0.94,
      0.4375
    ],
    "SoftwareVersions": "syngo_MR_B17",
    "SpacingBetweenSlices": 4,
    "StationName": "MRC40296",
    "TaskName": "MIpre",
    "TotalReadoutTime": 0.0362248,
    "TxRefAmp": 458.691,
    "dataset": "ds002338",
    "modality": "bold",
    "subject_id": "xp218",
    "task_id": "MIpre"
  },
  "dummy_trs": 0,
  "dvars_nstd": 37.33076873516614,
  "dvars_std": 1.0158113520543806,
  "dvars_vstd": 0.9942576731419942,
  "efc": 0.5424422279439712,
  "fber": 438.0262451171875,
  "fd_mean": 0.09151598314639063,
  "fd_num": 0,
  "fd_perc": 0.0,
  "fwhm_avg": 2.3685788400458776,
  "fwhm_x": 2.298014433132318,
  "fwhm_y": 2.827221968958309,
  "fwhm_z": 1.9805001180470059,
  "gcor": 0.115796,
  "gsr_x": 0.005244143307209015,
  "gsr_y": 0.012992577627301216,
  "provenance": {
    "md5sum": "89794ce1e1b7012c1851a51a47676738",
    "settings": {
      "fd_thres": 0.2,
      "testing": false
    },
    "software": "mriqc",
    "version": "21.0.0rc2",
    "webapi_port": null,
    "webapi_url": "https://mriqc.nimh.nih.gov/api/v1"
  },
  "size_t": 332,
  "size_x": 106,
  "size_y": 106,
  "size_z": 16,
  "snr": 6.429339550327956,
  "spacing_tr": 1.0,
  "spacing_x": 1.9811320304870605,
  "spacing_y": 1.9811320304870605,
  "spacing_z": 3.999999761581421,
  "summary_bg_k": 57.63082970569174,
  "summary_bg_mad": 4.313840595833036,
  "summary_bg_mean": 43.401248931884766,
  "summary_bg_median": 33.55421447753906,
  "summary_bg_n": 108000.0,
  "summary_bg_p05": 28.563251495361328,
  "summary_bg_p95": 99.60541534423828,
  "summary_bg_stdv": 36.88876724243164,
  "summary_fg_k": 0.7198545761206572,
  "summary_fg_mad": 99.45714473426693,
  "summary_fg_mean": 719.3946533203125,
  "summary_fg_median": 706.0330810546875,
  "summary_fg_n": 31294.0,
  "summary_fg_p05": 558.9566070556641,
  "summary_fg_p95": 920.0110870361328,
  "summary_fg_stdv": 109.81249237060547,
  "tsnr": 36.054119396721944
}