{
  "aor": 0.00020590361445783133,
  "aqi": 0.01998069518072289,
  "bids_meta": {
    "AcquisitionMatrixPE": 106,
    "AcquisitionNumber": 1,
    "AcquisitionTime": "12:03:40.642500",
    "BandwidthPerPixelPhaseEncode": 27.345,
    "BaseResolution": 106,
    "CoilString": "T:HEA;HEP",
    "ConversionSoftware": "dcm2niix",
    "ConversionSoftwareVersion": "v1.0.20190720  GCC7.4.0",
    "Dcm2bidsVersion": "2.1.4",
    "DerivedVendorReportedEchoSpacing": 0.000689995,
    "DeviceSerialNumber": "40296",
    "DwellTime": 2.8e-06,
    "EchoTime": 0.023,
    "EffectiveEchoSpacing": 0.000344998,
    "FlipAngle": 90,
    "ImageOrientationPatientDICOM": [
      0.999634,
      0.0159222,
      0.021854,
      -0.0122135,
      0.986974,
      -0.160418
    ],
    "ImageType": [
      "ORIGINAL",
      "PRIMARY",
      "M",
      "ND",
      "MOSAIC"
    ],
    "ImagingFrequency": 123.197,
    "InPlanePhaseEncodingDirectionDICOM": "COL",
    "InstitutionAddress": "Henri_le_Guilloux_2_Rennes_2A6CA1_District_FR_35000",
    "InstitutionName": "CHU_PONTCHAILLOU",
    "InstitutionalDepartmentName": "Department",
    "Instructions": "Try to move up the ball by feeling the movement of your right arm and hand. When the symbol + is displayed, rest",
    "MRAcquisitionType": "2D",
    "MagneticFieldStrength": 3,
    "Manufacturer": "Siemens",
    "ManufacturersModelName": "Verio",
    "Modality": "MR",
    "ParallelReductionFactorInPlane": 2,
    "PartialFourier": 1,
    "PatientPosition": "HFS",
    "PercentPhaseFOV": 100,
    "PhaseEncodingDirection": "j-",
    "PhaseEncodingSteps": 106,
    "PhaseResolution": 1,
    "PixelBandwidth": 1685,
    "ProcedureStepDescription": "OSS-IRM",
    "ProtocolName": "NF3_bold_eeg_2X8x20s_TR1s_16_coupes",
    "PulseSequenceDetails": "%SiemensSeq%_ep2d_bold",
    "ReceiveCoilName": "HeadMatrix",
    "ReconMatrixPE": 106,
    "RefLinesPE": 24,
    "RepetitionTime": 1,
    "SAR": 0.0614913,
    "ScanOptions": "FS",
    "ScanningSequence": "EP",
    "SequenceName": "_epfid2d1_106",
    "SequenceVariant": "SK",
    "SeriesDescription": "NF3_bold_eeg_2X8x20s_TR1s_16_coupes",
    "SeriesNumber": 20,
    "ShimSetting": [
      996,
      13285,
      -6611,
      253,
      -687,
      -874,
      1061,
      535
    ],
    "SliceThickness": 4,
    "SliceTiming": [
      0.5025,
      0,
      0.565,
      0.0625,
      0.6275,
      0.125,
      0.69,
      0.1875,
      0.7525,
      0.25,
      0.815,
      0.3125,
      0.8775,
      0.375,
      0.94,
      0.4375
    ],
    "SoftwareVersions": "syngo_MR_B17",
    "SpacingBetweenSlices": 4,
    "StationName": "MRC40296",
    "TaskName": "1dNF",
    "TotalReadoutTime": 0.0362248,
    "TxRefAmp": 458.691,
    "dataset": "ds002338",
    "modality": "bold",
    "run_id": 3,
    "subject_id": "xp218",
    "task_id": "1dNF"
  },
  "dummy_trs": 0,
  "dvars_nstd": 35.877521710785494,
  "dvars_std": 1.0121353058308156,
  "dvars_vstd": 0.9911925112990925,
  "efc": 0.5451343938193473,
  "fber": 489.59747314453125,
  "fd_mean": 0.09436713966686608,
  "fd_num": 7,
  "fd_perc": 2.108433734939759,
  "fwhm_avg": 2.213560032959022,
  "fwhm_x": 2.161784239562812,
  "fwhm_y": 2.6593482508607647,
  "fwhm_z": 1.819547608453489,
  "gcor": 0.0842481,
  "gsr_x": 0.006432491820305586,
  "gsr_y": 0.011192698031663895,
  "provenance": {
    "md5sum": "a157216ea9fdc2ea1feccd11e15a8aaf",
    "settings": {
      "fd_thres": 0.2,
      "testing": false
    },
    "software": "mriqc",
    "version": "21.0.0rc2",
    "webapi_port": null,
    "webapi_url": "https://mriqc.nimh.nih.gov/api/v1"
  },
  "size_t": 332,
  "size_x": 106,
  "size_y": 106,
  "size_z": 16,
  "snr": 7.136080832538781,
  "spacing_tr": 1.0,
  "spacing_x": 1.9811320304870605,
  "spacing_y": 1.9811320304870605,
  "spacing_z": 3.999999761581421,
  "summary_bg_k": 52.11724854912992,
  "summary_bg_mad": 4.680017508663942,
  "summary_bg_mean": 44.60578536987305,
  "summary_bg_median": 33.626502990722656,
  "summary_bg_n": 106919.0,
  "summary_bg_p05": 28.033130645751953,
  "summary_bg_p95": 107.76023788452137,
  "summary_bg_stdv": 40.829410552978516,
  "summary_fg_k": 1.274051902359548,
  "summary_fg_mad": 92.69390324806092,
  "summary_fg_mean": 755.9632568359375,
  "summary_fg_median": 745.3177490234375,
  "summary_fg_n": 32526.0,
  "summary_fg_p05": 604.9382171630859,
  "summary_fg_p95": 945.6046142578125,
  "summary_fg_stdv": 104.44196319580078,
  "tsnr": 37.162236912117805
}