{
  "aor": 0.00021737951807228916,
  "aqi": 0.022825023192771087,
  "bids_meta": {
    "AcquisitionMatrixPE": 106,
    "AcquisitionNumber": 1,
    "AcquisitionTime": "15:18:18.112500",
    "BandwidthPerPixelPhaseEncode": 27.345,
    "BaseResolution": 106,
    "CoilString": "T:HEA;HEP",
    "ConversionSoftware": "dcm2niix",
    "ConversionSoftwareVersion": "v1.0.20190720  GCC7.4.0",
    "Dcm2bidsVersion": "2.1.4",
    "DerivedVendorReportedEchoSpacing": 0.000689995,
    "DeviceSerialNumber": "40296",
    "DwellTime": 2.8e-06,
    "EchoTime": 0.023,
    "EffectiveEchoSpacing": 0.000344998,
    "FlipAngle": 90,
    "ImageOrientationPatientDICOM": [
      0.997518,
      0.06206,
      0.0332635,
      -0.0540236,
      0.977538,
      -0.203719
    ],
    "ImageType": [
      "ORIGINAL",
      "PRIMARY",
      "M",
      "ND",
      "MOSAIC"
    ],
    "ImagingFrequency": 123.197,
    "InPlanePhaseEncodingDirectionDICOM": "COL",
    "InstitutionAddress": "Henri_le_Guilloux_2_Rennes_2A6CA1_District_FR_35000",
    "InstitutionName": "CHU_PONTCHAILLOU",
    "InstitutionalDepartmentName": "Department",
    "Instructions": "Try to move up the ball by feeling the movement of your right arm and hand. When the symbol + is displayed, rest",
    "MRAcquisitionType": "2D",
    "MagneticFieldStrength": 3,
    "Manufacturer": "Siemens",
    "ManufacturersModelName": "Verio",
    "Modality": "MR",
    "ParallelReductionFactorInPlane": 2,
    "PartialFourier": 1,
    "PatientPosition": "HFS",
    "PercentPhaseFOV": 100,
    "PhaseEncodingDirection": "j-",
    "PhaseEncodingSteps": 106,
    "PhaseResolution": 1,
    "PixelBandwidth": 1685,
    "ProcedureStepDescription": "OSS-IRM",
    "ProtocolName": "NF3_bold_eeg_2X8x20s_TR1s_16_coupes",
    "PulseSequenceDetails": "%SiemensSeq%_ep2d_bold",
    "ReceiveCoilName": "HeadMatrix",
    "ReconMatrixPE": 106,
    "RefLinesPE": 24,
    "RepetitionTime": 1,
    "SAR": 0.0479283,
    "ScanOptions": "FS",
    "ScanningSequence": "EP",
    "SequenceName": "_epfid2d1_106",
    "SequenceVariant": "SK",
    "SeriesDescription": "NF3_bold_eeg_2X8x20s_TR1s_16_coupes",
    "SeriesNumber": 28,
    "ShimSetting": [
      923,
      13365,
      -6426,
      444,
      -766,
      -573,
      889,
      -345
    ],
    "SliceThickness": 4,
    "SliceTiming": [
      0.5025,
      0,
      0.565,
      0.0625,
      0.6275,
      0.125,
      0.69,
      0.1875,
      0.7525,
      0.2525,
      0.815,
      0.315,
      0.8775,
      0.3775,
      0.9425,
      0.44
    ],
    "SoftwareVersions": "syngo_MR_B17",
    "SpacingBetweenSlices": 4,
    "StationName": "MRC40296",
    "TaskName": "2dNF",
    "TotalReadoutTime": 0.0362248,
    "TxRefAmp": 451.234,
    "dataset": "ds002338",
    "modality": "bold",
    "run_id": 3,
    "subject_id": "xp217",
    "task_id": "2dNF"
  },
  "dummy_trs": 0,
  "dvars_nstd": 39.098180615196334,
  "dvars_std": 1.0056278932326288,
  "dvars_vstd": 0.9938895148338367,
  "efc": 0.5750720626227409,
  "fber": 431.5508117675781,
  "fd_mean": 0.1373461075961196,
  "fd_num": 50,
  "fd_perc": 15.060240963855422,
  "fwhm_avg": 2.256419720379278,
  "fwhm_x": 2.2613990037294798,
  "fwhm_y": 2.7379901574083543,
  "fwhm_z": 1.76987,
  "gcor": 0.028211,
  "gsr_x": -0.003655415028333664,
  "gsr_y": 0.027065038681030273,
  "provenance": {
    "md5sum": "849de8882ac7c4352106eaf575cc745f",
    "settings": {
      "fd_thres": 0.2,
      "testing": false
    },
    "software": "mriqc",
    "version": "21.0.0rc2",
    "webapi_port": null,
    "webapi_url": "https://mriqc.nimh.nih.gov/api/v1"
  },
  "size_t": 332,
  "size_x": 106,
  "size_y": 106,
  "size_z": 16,
  "snr": 6.703012325529616,
  "spacing_tr": 1.0,
  "spacing_x": 1.9811320304870605,
  "spacing_y": 1.9811320304870605,
  "spacing_z": 4.0,
  "summary_bg_k": 51.16929030846034,
  "summary_bg_mad": 6.006325048258708,
  "summary_bg_mean": 50.11765670776367,
  "summary_bg_median": 37.09638595581055,
  "summary_bg_n": 100626.0,
  "summary_bg_p05": 30.66867446899414,
  "summary_bg_p95": 122.48192024230957,
  "summary_bg_stdv": 42.10265350341797,
  "summary_fg_k": 1.127794292018443,
  "summary_fg_mad": 105.02807867463375,
  "summary_fg_mean": 785.3280639648438,
  "summary_fg_median": 774.384033203125,
  "summary_fg_n": 36714.0,
  "summary_fg_p05": 620.8091735839844,
  "summary_fg_p95": 995.2656372070312,
  "summary_fg_stdv": 115.52619171142578,
  "tsnr": 34.15606444096193
}