{
  "aor": 0.00016740181268882175,
  "aqi": 0.019693422054380665,
  "bids_meta": {
    "AcquisitionMatrixPE": 106,
    "AcquisitionNumber": 1,
    "AcquisitionTime": "14:41:52.807500",
    "BandwidthPerPixelPhaseEncode": 27.345,
    "BaseResolution": 106,
    "CoilString": "T:HEA;HEP",
    "ConversionSoftware": "dcm2niix",
    "ConversionSoftwareVersion": "v1.0.20190720  GCC7.4.0",
    "Dcm2bidsVersion": "2.1.4",
    "DerivedVendorReportedEchoSpacing": 0.000689995,
    "DeviceSerialNumber": "40296",
    "DwellTime": 2.8e-06,
    "EchoTime": 0.023,
    "EffectiveEchoSpacing": 0.000344998,
    "FlipAngle": 90,
    "ImageOrientationPatientDICOM": [
      0.997518,
      0.06206,
      0.0332635,
      -0.0540236,
      0.977538,
      -0.203719
    ],
    "ImageType": [
      "ORIGINAL",
      "PRIMARY",
      "FMRI",
      "NONE",
      "ND",
      "MOSAIC"
    ],
    "ImagingFrequency": 123.197,
    "InPlanePhaseEncodingDirectionDICOM": "COL",
    "InstitutionAddress": "Henri_le_Guilloux_2_Rennes_2A6CA1_District_FR_35000",
    "InstitutionName": "CHU_PONTCHAILLOU",
    "InstitutionalDepartmentName": "Department",
    "Instructions": "When demanded, try to feel the movement of your right arm and hand. When the symbol + is displayed, rest",
    "MRAcquisitionType": "2D",
    "MagneticFieldStrength": 3,
    "Manufacturer": "Siemens",
    "ManufacturersModelName": "Verio",
    "Modality": "MR",
    "ParallelReductionFactorInPlane": 2,
    "PartialFourier": 1,
    "PatientPosition": "HFS",
    "PercentPhaseFOV": 100,
    "PhaseEncodingDirection": "j-",
    "PhaseEncodingSteps": 106,
    "PhaseResolution": 1,
    "PixelBandwidth": 1685,
    "ProcedureStepDescription": "OSS-IRM",
    "ProtocolName": "MI_pre_bold_eeg_2X8x20s_avec_GLM_TR1s_16_coupes_2",
    "PulseSequenceDetails": "%SiemensSeq%_ep2d_bold",
    "ReceiveCoilName": "HeadMatrix",
    "ReconMatrixPE": 106,
    "RefLinesPE": 24,
    "RepetitionTime": 1,
    "SAR": 0.0479283,
    "ScanOptions": "FS",
    "ScanningSequence": "EP",
    "SequenceName": "_epfid2d1_106",
    "SequenceVariant": "SK",
    "SeriesDescription": "MI_pre_bold_eeg_2X8x20s_avec_GLM_TR1s_16_coupes_2",
    "SeriesNumber": 12,
    "ShimSetting": [
      923,
      13365,
      -6426,
      444,
      -766,
      -573,
      889,
      -345
    ],
    "SliceThickness": 4,
    "SliceTiming": [
      0.5025,
      0,
      0.565,
      0.0625,
      0.6275,
      0.125,
      0.69,
      0.1875,
      0.7525,
      0.2525,
      0.815,
      0.315,
      0.8775,
      0.3775,
      0.94,
      0.44
    ],
    "SoftwareVersions": "syngo_MR_B17",
    "SpacingBetweenSlices": 4,
    "StationName": "MRC40296",
    "TaskName": "MIpre",
    "TotalReadoutTime": 0.0362248,
    "TxRefAmp": 451.234,
    "dataset": "ds002338",
    "modality": "bold",
    "subject_id": "xp217",
    "task_id": "MIpre"
  },
  "dummy_trs": 1,
  "dvars_nstd": 39.6806806736667,
  "dvars_std": 1.0099987971515156,
  "dvars_vstd": 0.9978721187575772,
  "efc": 0.5773133212900211,
  "fber": 413.63116455078125,
  "fd_mean": 0.12868243420936362,
  "fd_num": 30,
  "fd_perc": 9.06344410876133,
  "fwhm_avg": 2.336352618216525,
  "fwhm_x": 2.3211678622294802,
  "fwhm_y": 2.811907492420094,
  "fwhm_z": 1.8759825,
  "gcor": 0.0882179,
  "gsr_x": -0.0038421519566327333,
  "gsr_y": 0.025212205946445465,
  "provenance": {
    "md5sum": "91c08954e9e12d149016d857a2ab5c88",
    "settings": {
      "fd_thres": 0.2,
      "testing": false
    },
    "software": "mriqc",
    "version": "21.0.0rc2",
    "webapi_port": null,
    "webapi_url": "https://mriqc.nimh.nih.gov/api/v1"
  },
  "size_t": 331,
  "size_x": 106,
  "size_y": 106,
  "size_z": 16,
  "snr": 6.518456023484052,
  "spacing_tr": 1.0,
  "spacing_x": 1.9811320304870605,
  "spacing_y": 1.9811320304870605,
  "spacing_z": 4.0,
  "summary_bg_k": 59.57577559059985,
  "summary_bg_mad": 5.762440874421433,
  "summary_bg_mean": 49.57018280029297,
  "summary_bg_median": 37.50453186035156,
  "summary_bg_n": 100098.0,
  "summary_bg_p05": 31.102718353271484,
  "summary_bg_p95": 118.14606933593734,
  "summary_bg_stdv": 40.49066162109375,
  "summary_fg_k": 1.1049938643346637,
  "summary_fg_mad": 107.54910873484228,
  "summary_fg_mean": 778.2850952148438,
  "summary_fg_median": 767.966796875,
  "summary_fg_n": 37275.0,
  "summary_fg_p05": 609.0447143554687,
  "summary_fg_p95": 990.747131347656,
  "summary_fg_stdv": 117.81263732910156,
  "tsnr": 33.618762833066285
}