{
  "bids_meta": {
    "AcquisitionMatrixPE": 256,
    "AcquisitionNumber": 1,
    "AcquisitionTime": "11:26:58.380000",
    "BaseResolution": 256,
    "CoilString": "T:HEA;HEP",
    "ConversionSoftware": "dcm2niix",
    "ConversionSoftwareVersion": "v1.0.20190720  GCC7.4.0",
    "Dcm2bidsVersion": "2.1.4",
    "DeviceSerialNumber": "40296",
    "DwellTime": 9.8e-06,
    "EchoTime": 0.00226,
    "FlipAngle": 9,
    "ImageOrientationPatientDICOM": [
      0.0246595,
      0.999696,
      -4.50132e-08,
      -0.0244464,
      0.000602974,
      -0.999701
    ],
    "ImageType": [
      "ORIGINAL",
      "PRIMARY",
      "M",
      "ND",
      "NORM",
      "FM",
      "FIL"
    ],
    "ImagingFrequency": 123.196,
    "InPlanePhaseEncodingDirectionDICOM": "ROW",
    "InstitutionAddress": "Henri_le_Guilloux_2_Rennes_2A6CA1_District_FR_35000",
    "InstitutionName": "CHU_PONTCHAILLOU",
    "InstitutionalDepartmentName": "Department",
    "Interpolation2D": 1,
    "InversionTime": 0.9,
    "MRAcquisitionType": "3D",
    "MagneticFieldStrength": 3,
    "Manufacturer": "Siemens",
    "ManufacturersModelName": "Verio",
    "Modality": "MR",
    "ParallelReductionFactorInPlane": 2,
    "PartialFourier": 1,
    "PatientPosition": "HFS",
    "PercentPhaseFOV": 100,
    "PhaseEncodingSteps": 255,
    "PhaseResolution": 1,
    "PixelBandwidth": 199,
    "ProcedureStepDescription": "OSS-IRM",
    "ProtocolName": "T1_3D_MPRAGE",
    "PulseSequenceDetails": "%SiemensSeq%_tfl",
    "ReceiveCoilName": "HeadMatrix",
    "ReconMatrixPE": 512,
    "RefLinesPE": 24,
    "RepetitionTime": 1.9,
    "SAR": 0.0271404,
    "ScanOptions": "IR",
    "ScanningSequence": "GR_IR",
    "SequenceName": "_tfl3d1_ns",
    "SequenceVariant": "SP_MP",
    "SeriesDescription": "T1_3D_MPRAGE",
    "SeriesNumber": 12,
    "ShimSetting": [
      936,
      13482,
      -6965,
      33,
      -607,
      -326,
      728,
      -255
    ],
    "SliceThickness": 1,
    "SoftwareVersions": "syngo_MR_B17",
    "StationName": "MRC40296",
    "TxRefAmp": 532.221,
    "dataset": "ds002338",
    "modality": "T1w",
    "subject_id": "xp203"
  },
  "cjv": 0.4526018303250021,
  "cnr": 2.969513936407381,
  "efc": 0.6034909007546877,
  "fber": 2065.7025,
  "fwhm_avg": 6.467986666666666,
  "fwhm_x": 3.8019,
  "fwhm_y": 8.15824,
  "fwhm_z": 7.44382,
  "icvs_csf": 0.2275302254776229,
  "icvs_gm": 0.40766886717556955,
  "icvs_wm": 0.36480090734680753,
  "inu_med": 1.442911982536316,
  "inu_range": 0.5547638416290284,
  "provenance": {
    "md5sum": "9d41225295e7e8837eaa2d6bb834823d",
    "settings": {
      "testing": false
    },
    "software": "mriqc",
    "version": "21.0.0rc2",
    "warnings": {
      "large_rot_frame": true,
      "small_air_mask": false
    },
    "webapi_port": null,
    "webapi_url": "https://mriqc.nimh.nih.gov/api/v1"
  },
  "qi_1": 0.0,
  "qi_2": 0.0023833107506757794,
  "rpve_csf": 25.679725158349022,
  "rpve_gm": 14.723044219585747,
  "rpve_wm": 19.103980230370542,
  "size_x": 176,
  "size_y": 512,
  "size_z": 512,
  "snr_csf": 4.226933687871052,
  "snr_gm": 13.051185421635001,
  "snr_total": 11.62995694327139,
  "snr_wm": 17.611751720308117,
  "snrd_csf": 36.83637250012809,
  "snrd_gm": 68.95932876936358,
  "snrd_total": 65.65694882860684,
  "snrd_wm": 91.17514521632886,
  "spacing_x": 1.0,
  "spacing_y": 0.5,
  "spacing_z": 0.5,
  "summary_bg_k": 201.84610026707634,
  "summary_bg_mad": 7.185470902043605,
  "summary_bg_mean": 16.87132569684283,
  "summary_bg_median": 14.258621364831924,
  "summary_bg_n": 8908629.0,
  "summary_bg_p05": 4.776286959648132,
  "summary_bg_p95": 37.0864634513855,
  "summary_bg_stdv": 12.26782522866119,
  "summary_csf_k": 5.609229171273135,
  "summary_csf_mad": 107.88620079010398,
  "summary_csf_mean": 401.95124290163676,
  "summary_csf_median": 404.017685174942,
  "summary_csf_n": 208799.0,
  "summary_csf_p05": 250.05267024040222,
  "summary_csf_p95": 548.9218027889729,
  "summary_csf_stdv": 95.58151310798974,
  "summary_gm_k": 0.14971938934275952,
  "summary_gm_mad": 55.92170832460023,
  "summary_gm_mean": 759.971681320201,
  "summary_gm_median": 756.3390879631042,
  "summary_gm_n": 160698.0,
  "summary_gm_p05": 670.1552041471004,
  "summary_gm_p95": 862.0495567023754,
  "summary_gm_stdv": 57.95157376373287,
  "summary_wm_k": 0.31322461942583857,
  "summary_wm_mad": 54.35964943285162,
  "summary_wm_mean": 1001.1477654750323,
  "summary_wm_median": 999.9999624192715,
  "summary_wm_n": 965272.0,
  "summary_wm_p05": 908.6885940730572,
  "summary_wm_p95": 1096.2983362674713,
  "summary_wm_stdv": 56.780237440966474,
  "tpm_overlap_csf": 0.1695140302181244,
  "tpm_overlap_gm": 0.4265981614589691,
  "tpm_overlap_wm": 0.49208134412765503,
  "wm2max": 0.40197074933649557
}