{
  "aor": 0.0005415060240963856,
  "aqi": 0.02026746927710843,
  "bids_meta": {
    "AcquisitionMatrixPE": 106,
    "AcquisitionNumber": 1,
    "AcquisitionTime": "19:04:30.175000",
    "BandwidthPerPixelPhaseEncode": 27.345,
    "BaseResolution": 106,
    "CoilString": "T:HEA;HEP",
    "ConversionSoftware": "dcm2niix",
    "ConversionSoftwareVersion": "v1.0.20190720  GCC7.4.0",
    "Dcm2bidsVersion": "2.1.4",
    "DerivedVendorReportedEchoSpacing": 0.000689995,
    "DeviceSerialNumber": "40296",
    "DwellTime": 2.8e-06,
    "EchoTime": 0.023,
    "EffectiveEchoSpacing": 0.000344998,
    "FlipAngle": 90,
    "ImageOrientationPatientDICOM": [
      0.997703,
      0.0298631,
      0.0608021,
      -0.0348406,
      0.99598,
      0.0825232
    ],
    "ImageType": [
      "ORIGINAL",
      "PRIMARY",
      "M",
      "ND",
      "MOSAIC"
    ],
    "ImagingFrequency": 123.197,
    "InPlanePhaseEncodingDirectionDICOM": "COL",
    "InstitutionAddress": "Henri_le_Guilloux_2_Rennes_2A6CA1_District_FR_35000",
    "InstitutionName": "CHU_PONTCHAILLOU",
    "InstitutionalDepartmentName": "Department",
    "Instructions": "Try to move up the ball by feeling the movement of your right arm and hand. When the symbol + is displayed, rest",
    "MRAcquisitionType": "2D",
    "MagneticFieldStrength": 3,
    "Manufacturer": "Siemens",
    "ManufacturersModelName": "Verio",
    "Modality": "MR",
    "ParallelReductionFactorInPlane": 2,
    "PartialFourier": 1,
    "PatientPosition": "HFS",
    "PercentPhaseFOV": 100,
    "PhaseEncodingDirection": "j-",
    "PhaseEncodingSteps": 106,
    "PhaseResolution": 1,
    "PixelBandwidth": 1685,
    "ProcedureStepDescription": "OSS-IRM",
    "ProtocolName": "NF1_bold_eeg_2X8x20s_TR1s_16_coupes",
    "PulseSequenceDetails": "%SiemensSeq%_ep2d_bold",
    "ReceiveCoilName": "HeadMatrix",
    "ReconMatrixPE": 106,
    "RefLinesPE": 24,
    "RepetitionTime": 1,
    "SAR": 0.0481234,
    "ScanOptions": "FS",
    "ScanningSequence": "EP",
    "SequenceName": "_epfid2d1_106",
    "SequenceVariant": "SK",
    "SeriesDescription": "NF1_bold_eeg_2X8x20s_TR1s_16_coupes",
    "SeriesNumber": 18,
    "ShimSetting": [
      964,
      13303,
      -6647,
      254,
      -396,
      -1116,
      1038,
      -3
    ],
    "SliceThickness": 4,
    "SliceTiming": [
      0.5,
      0,
      0.5625,
      0.0625,
      0.6275,
      0.125,
      0.69,
      0.1875,
      0.7525,
      0.25,
      0.815,
      0.3125,
      0.8775,
      0.375,
      0.94,
      0.4375
    ],
    "SoftwareVersions": "syngo_MR_B17",
    "SpacingBetweenSlices": 4,
    "StationName": "MRC40296",
    "TaskName": "1dNF",
    "TotalReadoutTime": 0.0362248,
    "TxRefAmp": 490.951,
    "dataset": "ds002338",
    "modality": "bold",
    "run_id": 1,
    "subject_id": "xp202",
    "task_id": "1dNF"
  },
  "dummy_trs": 0,
  "dvars_nstd": 36.1771438808761,
  "dvars_std": 1.0031847650151058,
  "dvars_vstd": 0.9965808127492449,
  "efc": 0.5837736913396917,
  "fber": 405.4815673828125,
  "fd_mean": 0.07026129626437178,
  "fd_num": 6,
  "fd_perc": 1.8072289156626506,
  "fwhm_avg": 2.2845406569616755,
  "fwhm_x": 2.224334336221203,
  "fwhm_y": 2.7848926346638234,
  "fwhm_z": 1.844395,
  "gcor": 0.0538396,
  "gsr_x": 0.01034189760684967,
  "gsr_y": 0.035965774208307266,
  "provenance": {
    "md5sum": "705a0a5aea52e087a134df34432a1344",
    "settings": {
      "fd_thres": 0.2,
      "testing": false
    },
    "software": "mriqc",
    "version": "21.0.0rc2",
    "webapi_port": null,
    "webapi_url": "https://mriqc.nimh.nih.gov/api/v1"
  },
  "size_t": 332,
  "size_x": 106,
  "size_y": 106,
  "size_z": 16,
  "snr": 6.1860199804748515,
  "spacing_tr": 1.0,
  "spacing_x": 1.9811320304870605,
  "spacing_y": 1.9811320304870605,
  "spacing_z": 4.0,
  "summary_bg_k": 23.680401687856165,
  "summary_bg_mad": 5.224834686668639,
  "summary_bg_mean": 52.81309127807617,
  "summary_bg_median": 32.557228088378906,
  "summary_bg_n": 101704.0,
  "summary_bg_p05": 26.77409553527832,
  "summary_bg_p95": 172.7314674377441,
  "summary_bg_stdv": 63.716800689697266,
  "summary_fg_k": 1.3170711023982884,
  "summary_fg_mad": 91.54172839777267,
  "summary_fg_mean": 672.0303344726562,
  "summary_fg_median": 658.5361328125,
  "summary_fg_n": 36095.0,
  "summary_fg_p05": 526.3330993652344,
  "summary_fg_p95": 873.7345886230465,
  "summary_fg_stdv": 106.45407104492188,
  "tsnr": 33.60130417684559
}