{
  "aor": 0.00022734939759036147,
  "aqi": 0.015058957530120482,
  "bids_meta": {
    "AcquisitionMatrixPE": 106,
    "AcquisitionNumber": 1,
    "AcquisitionTime": "14:23:24.917500",
    "BandwidthPerPixelPhaseEncode": 27.345,
    "BaseResolution": 106,
    "CoilString": "T:HEA;HEP",
    "ConversionSoftware": "dcm2niix",
    "ConversionSoftwareVersion": "v1.0.20190720  GCC7.4.0",
    "Dcm2bidsVersion": "2.1.4",
    "DerivedVendorReportedEchoSpacing": 0.000689995,
    "DeviceSerialNumber": "40296",
    "DwellTime": 2.8e-06,
    "EchoTime": 0.023,
    "EffectiveEchoSpacing": 0.000344998,
    "FlipAngle": 90,
    "ImageOrientationPatientDICOM": [
      0.999557,
      -0.0137809,
      0.0263902,
      0.0174474,
      0.989398,
      -0.144177
    ],
    "ImageType": [
      "ORIGINAL",
      "PRIMARY",
      "FMRI",
      "NONE",
      "ND",
      "MOSAIC"
    ],
    "ImagingFrequency": 123.196,
    "InPlanePhaseEncodingDirectionDICOM": "COL",
    "InstitutionAddress": "Henri_le_Guilloux_2_Rennes_2A6CA1_District_FR_35000",
    "InstitutionName": "CHU_PONTCHAILLOU",
    "InstitutionalDepartmentName": "Department",
    "Instructions": "When demanded, try to feel the movement of your right arm and hand. When the symbol + is displayed, rest",
    "MRAcquisitionType": "2D",
    "MagneticFieldStrength": 3,
    "Manufacturer": "Siemens",
    "ManufacturersModelName": "Verio",
    "Modality": "MR",
    "ParallelReductionFactorInPlane": 2,
    "PartialFourier": 1,
    "PatientPosition": "HFS",
    "PercentPhaseFOV": 100,
    "PhaseEncodingDirection": "j-",
    "PhaseEncodingSteps": 106,
    "PhaseResolution": 1,
    "PixelBandwidth": 1685,
    "ProcedureStepDescription": "OSS-IRM",
    "ProtocolName": "MI_pre_bold_eeg_2X8x20s_avec_GLM_TR1s_16_coupes1",
    "PulseSequenceDetails": "%SiemensSeq%_ep2d_bold",
    "ReceiveCoilName": "HeadMatrix",
    "ReconMatrixPE": 106,
    "RefLinesPE": 24,
    "RepetitionTime": 1,
    "SAR": 0.0483911,
    "ScanOptions": "FS",
    "ScanningSequence": "EP",
    "SequenceName": "_epfid2d1_106",
    "SequenceVariant": "SK",
    "SeriesDescription": "MI_pre_bold_eeg_2X8x20s_avec_GLM_TR1s_16_coupes1",
    "SeriesNumber": 10,
    "ShimSetting": [
      1014,
      13432,
      -6539,
      197,
      -727,
      -704,
      856,
      137
    ],
    "SliceThickness": 4,
    "SliceTiming": [
      0.5025,
      0,
      0.565,
      0.0625,
      0.6275,
      0.1275,
      0.69,
      0.19,
      0.7525,
      0.2525,
      0.815,
      0.315,
      0.88,
      0.3775,
      0.9425,
      0.44
    ],
    "SoftwareVersions": "syngo_MR_B17",
    "SpacingBetweenSlices": 4,
    "StationName": "MRC40296",
    "TaskName": "MIpre",
    "TotalReadoutTime": 0.0362248,
    "TxRefAmp": 495.653,
    "dataset": "ds002338",
    "modality": "bold",
    "subject_id": "xp206",
    "task_id": "MIpre"
  },
  "dummy_trs": 0,
  "dvars_nstd": 38.80333795030212,
  "dvars_std": 1.009062483534744,
  "dvars_vstd": 0.9986184693353474,
  "efc": 0.5774292484624666,
  "fber": 425.07794189453125,
  "fd_mean": 0.0884254968102484,
  "fd_num": 4,
  "fd_perc": 1.2048192771084338,
  "fwhm_avg": 2.8352784432665374,
  "fwhm_x": 2.697371966009866,
  "fwhm_y": 3.4384583637897483,
  "fwhm_z": 2.370005,
  "gcor": 0.0786608,
  "gsr_x": 0.0010479679331183434,
  "gsr_y": 0.03695482015609741,
  "provenance": {
    "md5sum": "dd8034d48cda0e6ba7a844c283f88910",
    "settings": {
      "fd_thres": 0.2,
      "testing": false
    },
    "software": "mriqc",
    "version": "21.0.0rc2",
    "webapi_port": null,
    "webapi_url": "https://mriqc.nimh.nih.gov/api/v1"
  },
  "size_t": 332,
  "size_x": 106,
  "size_y": 106,
  "size_z": 16,
  "snr": 5.141031311730598,
  "spacing_tr": 1.0,
  "spacing_x": 1.9811320304870605,
  "spacing_y": 1.9811320304870605,
  "spacing_z": 4.0,
  "summary_bg_k": 31.1148651323607,
  "summary_bg_mad": 5.595485241295039,
  "summary_bg_mean": 52.54005432128906,
  "summary_bg_median": 33.32529830932617,
  "summary_bg_n": 101213.0,
  "summary_bg_p05": 27.737951278686523,
  "summary_bg_p95": 164.92528991699214,
  "summary_bg_stdv": 58.77874755859375,
  "summary_fg_k": 2.0492086251442316,
  "summary_fg_mad": 102.14327536501159,
  "summary_fg_mean": 712.3223876953125,
  "summary_fg_median": 690.1204833984375,
  "summary_fg_n": 35973.0,
  "summary_fg_p05": 543.5746704101563,
  "summary_fg_p95": 985.672265625,
  "summary_fg_stdv": 134.2358856201172,
  "tsnr": 33.969890199950896
}