{
  "aor": 0.001973132530120482,
  "aqi": 0.017739541867469878,
  "bids_meta": {
    "AcquisitionMatrixPE": 106,
    "AcquisitionNumber": 1,
    "AcquisitionTime": "14:49:58.087500",
    "BandwidthPerPixelPhaseEncode": 27.345,
    "BaseResolution": 106,
    "CoilString": "T:HEA;HEP",
    "ConversionSoftware": "dcm2niix",
    "ConversionSoftwareVersion": "v1.0.20190720  GCC7.4.0",
    "Dcm2bidsVersion": "2.1.4",
    "DerivedVendorReportedEchoSpacing": 0.000689995,
    "DeviceSerialNumber": "40296",
    "DwellTime": 2.8e-06,
    "EchoTime": 0.023,
    "EffectiveEchoSpacing": 0.000344998,
    "FlipAngle": 90,
    "ImageOrientationPatientDICOM": [
      0.999557,
      -0.0137809,
      0.0263902,
      0.0174474,
      0.989398,
      -0.144177
    ],
    "ImageType": [
      "ORIGINAL",
      "PRIMARY",
      "M",
      "ND",
      "MOSAIC"
    ],
    "ImagingFrequency": 123.196,
    "InPlanePhaseEncodingDirectionDICOM": "COL",
    "InstitutionAddress": "Henri_le_Guilloux_2_Rennes_2A6CA1_District_FR_35000",
    "InstitutionName": "CHU_PONTCHAILLOU",
    "InstitutionalDepartmentName": "Department",
    "Instructions": "Try to move up the ball by feeling the movement of your right arm and hand. When the symbol + is displayed, rest",
    "MRAcquisitionType": "2D",
    "MagneticFieldStrength": 3,
    "Manufacturer": "Siemens",
    "ManufacturersModelName": "Verio",
    "Modality": "MR",
    "ParallelReductionFactorInPlane": 2,
    "PartialFourier": 1,
    "PatientPosition": "HFS",
    "PercentPhaseFOV": 100,
    "PhaseEncodingDirection": "j-",
    "PhaseEncodingSteps": 106,
    "PhaseResolution": 1,
    "PixelBandwidth": 1685,
    "ProcedureStepDescription": "OSS-IRM",
    "ProtocolName": "NF1_bold_eeg_2X8x20s_TR1s_16_coupes1",
    "PulseSequenceDetails": "%SiemensSeq%_ep2d_bold",
    "ReceiveCoilName": "HeadMatrix",
    "ReconMatrixPE": 106,
    "RefLinesPE": 24,
    "RepetitionTime": 1,
    "SAR": 0.0483911,
    "ScanOptions": "FS",
    "ScanningSequence": "EP",
    "SequenceName": "_epfid2d1_106",
    "SequenceVariant": "SK",
    "SeriesDescription": "NF1_bold_eeg_2X8x20s_TR1s_16_coupes1",
    "SeriesNumber": 26,
    "ShimSetting": [
      1014,
      13432,
      -6539,
      197,
      -727,
      -704,
      856,
      137
    ],
    "SliceThickness": 4,
    "SliceTiming": [
      0.5025,
      0,
      0.565,
      0.0625,
      0.6275,
      0.125,
      0.69,
      0.1875,
      0.7525,
      0.25,
      0.815,
      0.315,
      0.8775,
      0.3775,
      0.94,
      0.44
    ],
    "SoftwareVersions": "syngo_MR_B17",
    "SpacingBetweenSlices": 4,
    "StationName": "MRC40296",
    "TaskName": "1dNF",
    "TotalReadoutTime": 0.0362248,
    "TxRefAmp": 495.653,
    "dataset": "ds002338",
    "modality": "bold",
    "run_id": 1,
    "subject_id": "xp206",
    "task_id": "1dNF"
  },
  "dummy_trs": 0,
  "dvars_nstd": 40.43727728377642,
  "dvars_std": 1.0388155441691853,
  "dvars_vstd": 1.0294013661329307,
  "efc": 0.5847166703717147,
  "fber": 395.3809509277344,
  "fd_mean": 0.09314766471491234,
  "fd_num": 18,
  "fd_perc": 5.421686746987952,
  "fwhm_avg": 2.815592729035265,
  "fwhm_x": 2.7228321570641687,
  "fwhm_y": 3.4201910300416274,
  "fwhm_z": 2.303755,
  "gcor": 0.0384365,
  "gsr_x": 0.001674171071499586,
  "gsr_y": 0.036446113139390945,
  "provenance": {
    "md5sum": "428dd885802201045c54cd9e7d769bf7",
    "settings": {
      "fd_thres": 0.2,
      "testing": false
    },
    "software": "mriqc",
    "version": "21.0.0rc2",
    "webapi_port": null,
    "webapi_url": "https://mriqc.nimh.nih.gov/api/v1"
  },
  "size_t": 332,
  "size_x": 106,
  "size_y": 106,
  "size_z": 16,
  "snr": 5.106179957370903,
  "spacing_tr": 1.0,
  "spacing_x": 1.9811320304870605,
  "spacing_y": 1.9811320304870605,
  "spacing_z": 4.0,
  "summary_bg_k": 29.143609372203166,
  "summary_bg_mad": 6.354646983658042,
  "summary_bg_mean": 55.013404846191406,
  "summary_bg_median": 34.638553619384766,
  "summary_bg_n": 100149.0,
  "summary_bg_p05": 27.999998092651367,
  "summary_bg_p95": 174.81806945800764,
  "summary_bg_stdv": 61.68088912963867,
  "summary_fg_k": 2.1146783041651114,
  "summary_fg_mad": 102.64341833752626,
  "summary_fg_mean": 714.8289184570312,
  "summary_fg_median": 692.2288818359375,
  "summary_fg_n": 37019.0,
  "summary_fg_p05": 544.5842895507812,
  "summary_fg_p95": 990.7743713378904,
  "summary_fg_stdv": 135.56504821777344,
  "tsnr": 31.93671566818375
}