{
  "aor": 0.0005438670694864049,
  "aqi": 0.014262843806646526,
  "bids_meta": {
    "AcquisitionMatrixPE": 106,
    "AcquisitionNumber": 1,
    "AcquisitionTime": "15:00:32.405000",
    "BandwidthPerPixelPhaseEncode": 27.345,
    "BaseResolution": 106,
    "CoilString": "T:HEA;HEP",
    "ConversionSoftware": "dcm2niix",
    "ConversionSoftwareVersion": "v1.0.20190720  GCC7.4.0",
    "Dcm2bidsVersion": "2.1.4",
    "DerivedVendorReportedEchoSpacing": 0.000689995,
    "DeviceSerialNumber": "40296",
    "DwellTime": 2.8e-06,
    "EchoTime": 0.023,
    "EffectiveEchoSpacing": 0.000344998,
    "FlipAngle": 90,
    "ImageOrientationPatientDICOM": [
      0.999557,
      -0.0137809,
      0.0263902,
      0.0174474,
      0.989398,
      -0.144177
    ],
    "ImageType": [
      "ORIGINAL",
      "PRIMARY",
      "M",
      "ND",
      "MOSAIC"
    ],
    "ImagingFrequency": 123.196,
    "InPlanePhaseEncodingDirectionDICOM": "COL",
    "InstitutionAddress": "Henri_le_Guilloux_2_Rennes_2A6CA1_District_FR_35000",
    "InstitutionName": "CHU_PONTCHAILLOU",
    "InstitutionalDepartmentName": "Department",
    "Instructions": "Try to move up the ball by feeling the movement of your right arm and hand. When the symbol + is displayed, rest",
    "MRAcquisitionType": "2D",
    "MagneticFieldStrength": 3,
    "Manufacturer": "Siemens",
    "ManufacturersModelName": "Verio",
    "Modality": "MR",
    "ParallelReductionFactorInPlane": 2,
    "PartialFourier": 1,
    "PatientPosition": "HFS",
    "PercentPhaseFOV": 100,
    "PhaseEncodingDirection": "j-",
    "PhaseEncodingSteps": 106,
    "PhaseResolution": 1,
    "PixelBandwidth": 1685,
    "ProcedureStepDescription": "OSS-IRM",
    "ProtocolName": "NF2_bold_eeg_2X8x20s_TR1s_16_coupes",
    "PulseSequenceDetails": "%SiemensSeq%_ep2d_bold",
    "ReceiveCoilName": "HeadMatrix",
    "ReconMatrixPE": 106,
    "RefLinesPE": 24,
    "RepetitionTime": 1,
    "SAR": 0.0483911,
    "ScanOptions": "FS",
    "ScanningSequence": "EP",
    "SequenceName": "_epfid2d1_106",
    "SequenceVariant": "SK",
    "SeriesDescription": "NF2_bold_eeg_2X8x20s_TR1s_16_coupes",
    "SeriesNumber": 27,
    "ShimSetting": [
      1014,
      13432,
      -6539,
      197,
      -727,
      -704,
      856,
      137
    ],
    "SliceThickness": 4,
    "SliceTiming": [
      0.5025,
      0,
      0.565,
      0.0625,
      0.6275,
      0.125,
      0.69,
      0.19,
      0.7525,
      0.2525,
      0.815,
      0.315,
      0.8775,
      0.3775,
      0.9425,
      0.44
    ],
    "SoftwareVersions": "syngo_MR_B17",
    "SpacingBetweenSlices": 4,
    "StationName": "MRC40296",
    "TaskName": "1dNF",
    "TotalReadoutTime": 0.0362248,
    "TxRefAmp": 495.653,
    "dataset": "ds002338",
    "modality": "bold",
    "run_id": 2,
    "subject_id": "xp206",
    "task_id": "1dNF"
  },
  "dummy_trs": 1,
  "dvars_nstd": 38.85867856351516,
  "dvars_std": 1.0155442991515147,
  "dvars_vstd": 1.0080706950606069,
  "efc": 0.5781087263640172,
  "fber": 407.5607604980469,
  "fd_mean": 0.08076131148651937,
  "fd_num": 5,
  "fd_perc": 1.5105740181268883,
  "fwhm_avg": 2.8206396571119057,
  "fwhm_x": 2.7146802521171627,
  "fwhm_y": 3.3629712192185544,
  "fwhm_z": 2.3842675,
  "gcor": 0.048493,
  "gsr_x": 0.0016962619265541434,
  "gsr_y": 0.036537379026412964,
  "provenance": {
    "md5sum": "cded0c514cead176878b238a797a49e4",
    "settings": {
      "fd_thres": 0.2,
      "testing": false
    },
    "software": "mriqc",
    "version": "21.0.0rc2",
    "webapi_port": null,
    "webapi_url": "https://mriqc.nimh.nih.gov/api/v1"
  },
  "size_t": 331,
  "size_x": 106,
  "size_y": 106,
  "size_z": 16,
  "snr": 5.115338230712833,
  "spacing_tr": 1.0,
  "spacing_x": 1.9811320304870605,
  "spacing_y": 1.9811320304870605,
  "spacing_z": 4.0,
  "summary_bg_k": 29.681708609979204,
  "summary_bg_mad": 5.7422868636271955,
  "summary_bg_mean": 53.8204460144043,
  "summary_bg_median": 33.91238784790039,
  "summary_bg_n": 101615.0,
  "summary_bg_p05": 28.120845794677734,
  "summary_bg_p95": 171.47462158203066,
  "summary_bg_stdv": 61.07844543457031,
  "summary_fg_k": 2.085523597766362,
  "summary_fg_mad": 101.91433349411197,
  "summary_fg_mean": 711.0441284179688,
  "summary_fg_median": 688.0634155273438,
  "summary_fg_n": 35543.0,
  "summary_fg_p05": 543.2042053222656,
  "summary_fg_p95": 988.4513732910158,
  "summary_fg_stdv": 134.50796508789062,
  "tsnr": 34.859186347573996
}