{
  "aor": 0.00022448795180722895,
  "aqi": 0.01653482560240964,
  "bids_meta": {
    "AcquisitionMatrixPE": 106,
    "AcquisitionNumber": 1,
    "AcquisitionTime": "15:26:23.987500",
    "BandwidthPerPixelPhaseEncode": 27.345,
    "BaseResolution": 106,
    "CoilString": "T:HEA;HEP",
    "ConversionSoftware": "dcm2niix",
    "ConversionSoftwareVersion": "v1.0.20190720  GCC7.4.0",
    "Dcm2bidsVersion": "2.1.4",
    "DerivedVendorReportedEchoSpacing": 0.000689995,
    "DeviceSerialNumber": "40296",
    "DwellTime": 2.8e-06,
    "EchoTime": 0.023,
    "EffectiveEchoSpacing": 0.000344998,
    "FlipAngle": 90,
    "ImageOrientationPatientDICOM": [
      0.999557,
      -0.0137809,
      0.0263902,
      0.0174474,
      0.989398,
      -0.144177
    ],
    "ImageType": [
      "ORIGINAL",
      "PRIMARY",
      "M",
      "ND",
      "MOSAIC"
    ],
    "ImagingFrequency": 123.197,
    "InPlanePhaseEncodingDirectionDICOM": "COL",
    "InstitutionAddress": "Henri_le_Guilloux_2_Rennes_2A6CA1_District_FR_35000",
    "InstitutionName": "CHU_PONTCHAILLOU",
    "InstitutionalDepartmentName": "Department",
    "Instructions": "When demanded, try to feel the movement of your right arm and hand. When the symbol + is displayed, rest",
    "MRAcquisitionType": "2D",
    "MagneticFieldStrength": 3,
    "Manufacturer": "Siemens",
    "ManufacturersModelName": "Verio",
    "Modality": "MR",
    "ParallelReductionFactorInPlane": 2,
    "PartialFourier": 1,
    "PatientPosition": "HFS",
    "PercentPhaseFOV": 100,
    "PhaseEncodingDirection": "j-",
    "PhaseEncodingSteps": 106,
    "PhaseResolution": 1,
    "PixelBandwidth": 1685,
    "ProcedureStepDescription": "OSS-IRM",
    "ProtocolName": "MI_post_bold_eeg_2X8x20s_TR1s_16_coupes",
    "PulseSequenceDetails": "%SiemensSeq%_ep2d_bold",
    "ReceiveCoilName": "HeadMatrix",
    "ReconMatrixPE": 106,
    "RefLinesPE": 24,
    "RepetitionTime": 1,
    "SAR": 0.0483911,
    "ScanOptions": "FS",
    "ScanningSequence": "EP",
    "SequenceName": "_epfid2d1_106",
    "SequenceVariant": "SK",
    "SeriesDescription": "MI_post_bold_eeg_2X8x20s_TR1s_16_coupes",
    "SeriesNumber": 38,
    "ShimSetting": [
      1014,
      13432,
      -6539,
      197,
      -727,
      -704,
      856,
      137
    ],
    "SliceThickness": 4,
    "SliceTiming": [
      0.5025,
      0,
      0.565,
      0.0625,
      0.6275,
      0.125,
      0.69,
      0.1875,
      0.7525,
      0.25,
      0.815,
      0.3125,
      0.8775,
      0.375,
      0.94,
      0.44
    ],
    "SoftwareVersions": "syngo_MR_B17",
    "SpacingBetweenSlices": 4,
    "StationName": "MRC40296",
    "TaskName": "MIpost",
    "TotalReadoutTime": 0.0362248,
    "TxRefAmp": 495.653,
    "dataset": "ds002338",
    "modality": "bold",
    "subject_id": "xp206",
    "task_id": "MIpost"
  },
  "dummy_trs": 0,
  "dvars_nstd": 38.95548354302115,
  "dvars_std": 1.0054454286102732,
  "dvars_vstd": 0.9978661550453172,
  "efc": 0.5779650547163928,
  "fber": 404.6030578613281,
  "fd_mean": 0.07856559457014439,
  "fd_num": 3,
  "fd_perc": 0.9036144578313253,
  "fwhm_avg": 2.77405330728454,
  "fwhm_x": 2.6311320597438828,
  "fwhm_y": 3.3644703621097376,
  "fwhm_z": 2.3265575,
  "gcor": 0.020056,
  "gsr_x": 0.0006526975776068866,
  "gsr_y": 0.037006035447120667,
  "provenance": {
    "md5sum": "317a3b8b49502beaf433807c41550e18",
    "settings": {
      "fd_thres": 0.2,
      "testing": false
    },
    "software": "mriqc",
    "version": "21.0.0rc2",
    "webapi_port": null,
    "webapi_url": "https://mriqc.nimh.nih.gov/api/v1"
  },
  "size_t": 332,
  "size_x": 106,
  "size_y": 106,
  "size_z": 16,
  "snr": 5.229234419132544,
  "spacing_tr": 1.0,
  "spacing_x": 1.9811320304870605,
  "spacing_y": 1.9811320304870605,
  "spacing_z": 4.0,
  "summary_bg_k": 29.051185958525245,
  "summary_bg_mad": 5.885754463407589,
  "summary_bg_mean": 54.06697082519531,
  "summary_bg_median": 33.97891616821289,
  "summary_bg_n": 101950.0,
  "summary_bg_p05": 28.02409553527832,
  "summary_bg_p95": 173.98116836547834,
  "summary_bg_stdv": 61.38471221923828,
  "summary_fg_k": 1.9890496384667928,
  "summary_fg_mad": 99.98190122017478,
  "summary_fg_mean": 709.9859619140625,
  "summary_fg_median": 687.831298828125,
  "summary_fg_n": 35255.0,
  "summary_fg_p05": 544.7559875488281,
  "summary_fg_p95": 978.7876037597651,
  "summary_fg_stdv": 131.5338897705078,
  "tsnr": 34.08513674844289
}