{
  "bids_meta": {
    "AcquisitionMatrixPE": 256,
    "AcquisitionNumber": 1,
    "AcquisitionTime": "14:30:38.372500",
    "BaseResolution": 256,
    "CoilString": "T:HEA;HEP",
    "ConversionSoftware": "dcm2niix",
    "ConversionSoftwareVersion": "v1.0.20190720  GCC7.4.0",
    "Dcm2bidsVersion": "2.1.4",
    "DeviceSerialNumber": "40296",
    "DwellTime": 9.8e-06,
    "EchoTime": 0.00226,
    "FlipAngle": 9,
    "ImageOrientationPatientDICOM": [
      -0.00849717,
      0.999964,
      -3.30315e-09,
      -0.0227102,
      -0.000192982,
      -0.999742
    ],
    "ImageType": [
      "ORIGINAL",
      "PRIMARY",
      "M",
      "ND",
      "NORM",
      "FM",
      "FIL"
    ],
    "ImagingFrequency": 123.196,
    "InPlanePhaseEncodingDirectionDICOM": "ROW",
    "InstitutionAddress": "Henri_le_Guilloux_2_Rennes_2A6CA1_District_FR_35000",
    "InstitutionName": "CHU_PONTCHAILLOU",
    "InstitutionalDepartmentName": "Department",
    "Interpolation2D": 1,
    "InversionTime": 0.9,
    "MRAcquisitionType": "3D",
    "MagneticFieldStrength": 3,
    "Manufacturer": "Siemens",
    "ManufacturersModelName": "Verio",
    "Modality": "MR",
    "ParallelReductionFactorInPlane": 2,
    "PartialFourier": 1,
    "PatientPosition": "HFS",
    "PercentPhaseFOV": 100,
    "PhaseEncodingSteps": 255,
    "PhaseResolution": 1,
    "PixelBandwidth": 199,
    "ProcedureStepDescription": "OSS-IRM",
    "ProtocolName": "T1_3D_MPRAGE",
    "PulseSequenceDetails": "%SiemensSeq%_tfl",
    "ReceiveCoilName": "HeadMatrix",
    "ReconMatrixPE": 512,
    "RefLinesPE": 24,
    "RepetitionTime": 1.9,
    "SAR": 0.0401483,
    "ScanOptions": "IR",
    "ScanningSequence": "GR_IR",
    "SequenceName": "_tfl3d1_ns",
    "SequenceVariant": "SP_MP",
    "SeriesDescription": "T1_3D_MPRAGE",
    "SeriesNumber": 15,
    "ShimSetting": [
      936,
      13482,
      -6965,
      33,
      -607,
      -326,
      728,
      -255
    ],
    "SliceThickness": 1,
    "SoftwareVersions": "syngo_MR_B17",
    "StationName": "MRC40296",
    "TxRefAmp": 453.937,
    "dataset": "ds002338",
    "modality": "T1w",
    "subject_id": "xp204"
  },
  "cjv": 0.43468965568750634,
  "cnr": 3.034230860879088,
  "efc": 0.5589156186301318,
  "fber": 2200.8012723607962,
  "fwhm_avg": 6.808266666666667,
  "fwhm_x": 4.18222,
  "fwhm_y": 8.31326,
  "fwhm_z": 7.92932,
  "icvs_csf": 0.21947107320770842,
  "icvs_gm": 0.4131284998890601,
  "icvs_wm": 0.3674004269032315,
  "inu_med": 1.2120722532272339,
  "inu_range": 0.4481787383556366,
  "provenance": {
    "md5sum": "03b3b55aa4a27b4625cde54d12e9553c",
    "settings": {
      "testing": false
    },
    "software": "mriqc",
    "version": "21.0.0rc2",
    "warnings": {
      "large_rot_frame": true,
      "small_air_mask": false
    },
    "webapi_port": null,
    "webapi_url": "https://mriqc.nimh.nih.gov/api/v1"
  },
  "qi_1": 0.0,
  "qi_2": 0.0033096286514785246,
  "rpve_csf": 28.79713689038535,
  "rpve_gm": 16.127355081380777,
  "rpve_wm": 21.56104750902174,
  "size_x": 176,
  "size_y": 512,
  "size_z": 512,
  "snr_csf": 4.455262941488465,
  "snr_gm": 14.11177089452733,
  "snr_total": 12.491497175819783,
  "snr_wm": 18.907457691443554,
  "snrd_csf": 35.84510959520337,
  "snrd_gm": 63.05246310656115,
  "snrd_total": 60.346807881759325,
  "snrd_wm": 82.14285094351345,
  "spacing_x": 1.0,
  "spacing_y": 0.5,
  "spacing_z": 0.5,
  "summary_bg_k": 328.30816502133104,
  "summary_bg_mad": 7.9755741994107145,
  "summary_bg_mean": 15.424686023913386,
  "summary_bg_median": 13.576689600944519,
  "summary_bg_n": 10205469.0,
  "summary_bg_p05": 5.443484038114548,
  "summary_bg_p95": 32.660904228687286,
  "summary_bg_stdv": 10.523119473123076,
  "summary_csf_k": 1.9506196840927572,
  "summary_csf_mad": 110.80351298467028,
  "summary_csf_mean": 427.3947578870185,
  "summary_csf_median": 436.3752968907356,
  "summary_csf_n": 144199.0,
  "summary_csf_p05": 264.93116608560086,
  "summary_csf_p95": 573.807258605957,
  "summary_csf_stdv": 97.94568570207485,
  "summary_gm_k": 0.22446617152354253,
  "summary_gm_mad": 52.79070541514711,
  "summary_gm_mean": 770.1623098656856,
  "summary_gm_median": 767.5952903628349,
  "summary_gm_n": 159461.0,
  "summary_gm_p05": 685.5587838590145,
  "summary_gm_p95": 864.5533472299576,
  "summary_gm_stdv": 54.39380282267798,
  "summary_wm_k": 0.6267028544490287,
  "summary_wm_mad": 48.23323444405527,
  "summary_wm_mean": 996.4899970229219,
  "summary_wm_median": 1000.0000382959843,
  "summary_wm_n": 917074.0,
  "summary_wm_p05": 900.9286288022995,
  "summary_wm_p95": 1076.9773066937923,
  "summary_wm_stdv": 52.88915672338567,
  "tpm_overlap_csf": 0.16113364696502686,
  "tpm_overlap_gm": 0.43745484948158264,
  "tpm_overlap_wm": 0.497608482837677,
  "wm2max": 0.4053738317757009
}