{
  "bids_meta": {
    "AcquisitionMatrixPE": 256,
    "AcquisitionNumber": 1,
    "AcquisitionTime": "14:33:21.385000",
    "BaseResolution": 256,
    "CoilString": "T:HEA;HEP",
    "ConversionSoftware": "dcm2niix",
    "ConversionSoftwareVersion": "v1.0.20190720  GCC7.4.0",
    "Dcm2bidsVersion": "2.1.4",
    "DeviceSerialNumber": "40296",
    "DwellTime": 9.8e-06,
    "EchoTime": 0.00226,
    "FlipAngle": 9,
    "ImageOrientationPatientDICOM": [
      -0.0207215,
      0.999785,
      1.81854e-09,
      0.0295788,
      0.000613051,
      -0.999562
    ],
    "ImageType": [
      "ORIGINAL",
      "PRIMARY",
      "M",
      "ND",
      "NORM",
      "FM",
      "FIL"
    ],
    "ImagingFrequency": 123.197,
    "InPlanePhaseEncodingDirectionDICOM": "ROW",
    "InstitutionAddress": "Henri_le_Guilloux_2_Rennes_2A6CA1_District_FR_35000",
    "InstitutionName": "CHU_PONTCHAILLOU",
    "InstitutionalDepartmentName": "Department",
    "Interpolation2D": 1,
    "InversionTime": 0.9,
    "MRAcquisitionType": "3D",
    "MagneticFieldStrength": 3,
    "Manufacturer": "Siemens",
    "ManufacturersModelName": "Verio",
    "Modality": "MR",
    "ParallelReductionFactorInPlane": 2,
    "PartialFourier": 1,
    "PatientPosition": "HFS",
    "PercentPhaseFOV": 100,
    "PhaseEncodingSteps": 255,
    "PhaseResolution": 1,
    "PixelBandwidth": 199,
    "ProcedureStepDescription": "OSS-IRM",
    "ProtocolName": "T1_3D_MPRAGE",
    "PulseSequenceDetails": "%SiemensSeq%_tfl",
    "ReceiveCoilName": "HeadMatrix",
    "ReconMatrixPE": 512,
    "RefLinesPE": 24,
    "RepetitionTime": 1.9,
    "SAR": 0.0345921,
    "ScanOptions": "IR",
    "ScanningSequence": "GR_IR",
    "SequenceName": "_tfl3d1_ns",
    "SequenceVariant": "SP_MP",
    "SeriesDescription": "T1_3D_MPRAGE",
    "SeriesNumber": 9,
    "ShimSetting": [
      936,
      13482,
      -6965,
      33,
      -607,
      -326,
      728,
      -255
    ],
    "SliceThickness": 1,
    "SoftwareVersions": "syngo_MR_B17",
    "StationName": "MRC40296",
    "TxRefAmp": 477.114,
    "dataset": "ds002338",
    "modality": "T1w",
    "subject_id": "xp213"
  },
  "cjv": 0.5138856279382357,
  "cnr": 2.574697375691114,
  "efc": 0.6353585591149987,
  "fber": 1536.4493676148595,
  "fwhm_avg": 6.282823333333333,
  "fwhm_x": 3.83905,
  "fwhm_y": 7.8406,
  "fwhm_z": 7.16882,
  "icvs_csf": 0.2423377857771961,
  "icvs_gm": 0.40588364210847644,
  "icvs_wm": 0.35177857211432745,
  "inu_med": 1.471013069152832,
  "inu_range": 0.6295736134052277,
  "provenance": {
    "md5sum": "4493e90658b8a4d9db55d9ef4be0034e",
    "settings": {
      "testing": false
    },
    "software": "mriqc",
    "version": "21.0.0rc2",
    "warnings": {
      "large_rot_frame": true,
      "small_air_mask": false
    },
    "webapi_port": null,
    "webapi_url": "https://mriqc.nimh.nih.gov/api/v1"
  },
  "qi_1": 0.0,
  "qi_2": 0.0034349362177210196,
  "rpve_csf": 21.5222776028503,
  "rpve_gm": 12.95338357448229,
  "rpve_wm": 17.736861178219662,
  "size_x": 176,
  "size_y": 512,
  "size_z": 512,
  "snr_csf": 4.1537454191839815,
  "snr_gm": 11.08412127497997,
  "snr_total": 10.750173734967438,
  "snr_wm": 17.01265451073836,
  "snrd_csf": 33.658304733900664,
  "snrd_gm": 61.849485388817186,
  "snrd_total": 58.786078230773626,
  "snrd_wm": 80.85044456960301,
  "spacing_x": 1.0,
  "spacing_y": 0.5,
  "spacing_z": 0.5,
  "summary_bg_k": 85.20121966808625,
  "summary_bg_mad": 8.103064639619312,
  "summary_bg_mean": 16.586749010751895,
  "summary_bg_median": 13.663585111498833,
  "summary_bg_n": 7623952.0,
  "summary_bg_p05": 5.465434044599533,
  "summary_bg_p95": 35.525321289896965,
  "summary_bg_stdv": 10.649434839281705,
  "summary_csf_k": 8.679670406863382,
  "summary_csf_mad": 107.66731632855874,
  "summary_csf_mean": 415.98950823656946,
  "summary_csf_median": 416.3032740354538,
  "summary_csf_n": 249913.0,
  "summary_csf_p05": 256.29397094249725,
  "summary_csf_p95": 572.417001798749,
  "summary_csf_stdv": 100.22338856289578,
  "summary_gm_k": 0.027659091383029022,
  "summary_gm_mad": 66.54857342325649,
  "summary_gm_mean": 771.5777289528949,
  "summary_gm_median": 764.9863374978304,
  "summary_gm_n": 155575.0,
  "summary_gm_p05": 667.6550971716642,
  "summary_gm_p95": 896.6218978911638,
  "summary_gm_stdv": 69.01619532468784,
  "summary_wm_k": 1.3385009651445658,
  "summary_wm_mad": 54.22157083319732,
  "summary_wm_mean": 1000.2571784569701,
  "summary_wm_median": 1000.0000014156103,
  "summary_wm_n": 1031485.0,
  "summary_wm_p05": 903.7153335660696,
  "summary_wm_p95": 1094.772953465581,
  "summary_wm_stdv": 58.7797463380139,
  "tpm_overlap_csf": 0.16132962703704834,
  "tpm_overlap_gm": 0.42563924193382263,
  "tpm_overlap_wm": 0.4818810820579529,
  "wm2max": 0.42992125984251967
}