{
  "bids_meta": {
    "AcquisitionMatrixPE": 256,
    "AcquisitionNumber": 1,
    "AcquisitionTime": "14:15:48.405000",
    "BaseResolution": 256,
    "CoilString": "T:HEA;HEP",
    "ConversionSoftware": "dcm2niix",
    "ConversionSoftwareVersion": "v1.0.20190720  GCC7.4.0",
    "Dcm2bidsVersion": "2.1.4",
    "DeviceSerialNumber": "40296",
    "DwellTime": 9.8e-06,
    "EchoTime": 0.00226,
    "FlipAngle": 9,
    "ImageOrientationPatientDICOM": [
      0.0487548,
      0.998811,
      -1.60601e-08,
      0.00168516,
      -8.22735e-05,
      -0.999999
    ],
    "ImageType": [
      "ORIGINAL",
      "PRIMARY",
      "M",
      "ND",
      "NORM",
      "FM",
      "FIL"
    ],
    "ImagingFrequency": 123.197,
    "InPlanePhaseEncodingDirectionDICOM": "ROW",
    "InstitutionAddress": "Henri_le_Guilloux_2_Rennes_2A6CA1_District_FR_35000",
    "InstitutionName": "CHU_PONTCHAILLOU",
    "InstitutionalDepartmentName": "Department",
    "Interpolation2D": 1,
    "InversionTime": 0.9,
    "MRAcquisitionType": "3D",
    "MagneticFieldStrength": 3,
    "Manufacturer": "Siemens",
    "ManufacturersModelName": "Verio",
    "Modality": "MR",
    "ParallelReductionFactorInPlane": 2,
    "PartialFourier": 1,
    "PatientPosition": "HFS",
    "PercentPhaseFOV": 100,
    "PhaseEncodingSteps": 255,
    "PhaseResolution": 1,
    "PixelBandwidth": 199,
    "ProcedureStepDescription": "OSS-IRM",
    "ProtocolName": "T1_3D_MPRAGE",
    "PulseSequenceDetails": "%SiemensSeq%_tfl",
    "ReceiveCoilName": "HeadMatrix",
    "ReconMatrixPE": 512,
    "RefLinesPE": 24,
    "RepetitionTime": 1.9,
    "SAR": 0.039327,
    "ScanOptions": "IR",
    "ScanningSequence": "GR_IR",
    "SequenceName": "_tfl3d1_ns",
    "SequenceVariant": "SP_MP",
    "SeriesDescription": "T1_3D_MPRAGE",
    "SeriesNumber": 9,
    "ShimSetting": [
      936,
      13482,
      -6965,
      33,
      -607,
      -326,
      728,
      -255
    ],
    "SliceThickness": 1,
    "SoftwareVersions": "syngo_MR_B17",
    "StationName": "MRC40296",
    "TxRefAmp": 459.547,
    "dataset": "ds002338",
    "modality": "T1w",
    "subject_id": "xp201"
  },
  "cjv": 0.38586814042258644,
  "cnr": 3.3764841501876575,
  "efc": 0.5756619498844668,
  "fber": 2560.619493754109,
  "fwhm_avg": 6.84722,
  "fwhm_x": 4.22694,
  "fwhm_y": 8.36614,
  "fwhm_z": 7.94858,
  "icvs_csf": 0.2242664561571495,
  "icvs_gm": 0.4249729560432143,
  "icvs_wm": 0.35076058779963626,
  "inu_med": 1.2091634273529053,
  "inu_range": 0.466172233223915,
  "provenance": {
    "md5sum": "71176012e4a38eb7637ab7dade2bd347",
    "settings": {
      "testing": false
    },
    "software": "mriqc",
    "version": "21.0.0rc2",
    "warnings": {
      "large_rot_frame": true,
      "small_air_mask": false
    },
    "webapi_port": null,
    "webapi_url": "https://mriqc.nimh.nih.gov/api/v1"
  },
  "qi_1": 0.0,
  "qi_2": 0.0016946839174964978,
  "rpve_csf": 25.197731967612743,
  "rpve_gm": 14.119152903437248,
  "rpve_wm": 19.61204119265309,
  "size_x": 176,
  "size_y": 512,
  "size_z": 512,
  "snr_csf": 3.7637301907267973,
  "snr_gm": 14.221545233985001,
  "snr_total": 12.926392760060125,
  "snr_wm": 20.79390285546858,
  "snrd_csf": 40.3756219682351,
  "snrd_gm": 72.41212291258329,
  "snrd_total": 69.59842492218667,
  "snrd_wm": 96.00752988574159,
  "spacing_x": 1.0,
  "spacing_y": 0.5,
  "spacing_z": 0.5,
  "summary_bg_k": 109.7772137769636,
  "summary_bg_mad": 6.823802227854805,
  "summary_bg_mean": 14.385739215086689,
  "summary_bg_median": 11.447454154491425,
  "summary_bg_n": 9137304.0,
  "summary_bg_p05": 4.543577164411545,
  "summary_bg_p95": 31.98206263780594,
  "summary_bg_stdv": 13.139131725201937,
  "summary_csf_k": 61.43171700303044,
  "summary_csf_mad": 104.1067262967592,
  "summary_csf_mean": 414.37711623272213,
  "summary_csf_median": 420.5464214384556,
  "summary_csf_n": 211824.0,
  "summary_csf_p05": 256.3875685632229,
  "summary_csf_p95": 552.7232116758823,
  "summary_csf_stdv": 111.73633800705466,
  "summary_gm_k": 0.06117635267582511,
  "summary_gm_mad": 51.965878504432744,
  "summary_gm_mean": 757.5158380337866,
  "summary_gm_median": 754.2338092923164,
  "summary_gm_n": 235371.0,
  "summary_gm_p05": 675.4588026106358,
  "summary_gm_p95": 850.4455309361219,
  "summary_gm_stdv": 53.03447653950569,
  "summary_wm_k": 0.8464796748128793,
  "summary_wm_mad": 42.86747553395967,
  "summary_wm_mean": 997.1923838916836,
  "summary_wm_median": 1000.0000286400318,
  "summary_wm_n": 995956.0,
  "summary_wm_p05": 910.721687734127,
  "summary_wm_p95": 1070.4549784362316,
  "summary_wm_stdv": 48.09099732553053,
  "tpm_overlap_csf": 0.15216666460037231,
  "tpm_overlap_gm": 0.4362638294696808,
  "tpm_overlap_wm": 0.4881809949874878,
  "wm2max": 0.44876072449952337
}