{
  "bids_meta": {
    "AcquisitionMatrixPE": 256,
    "AcquisitionNumber": 1,
    "AcquisitionTime": "14:46:5.375000",
    "BaseResolution": 256,
    "CoilString": "T:HEA;HEP",
    "ConversionSoftware": "dcm2niix",
    "ConversionSoftwareVersion": "v1.0.20190720  GCC7.4.0",
    "Dcm2bidsVersion": "2.1.4",
    "DeviceSerialNumber": "40296",
    "DwellTime": 9.8e-06,
    "EchoTime": 0.00226,
    "FlipAngle": 9,
    "ImageOrientationPatientDICOM": [
      0.00197465,
      0.999998,
      -7.27398e-08,
      -0.0227109,
      4.47733e-05,
      -0.999742
    ],
    "ImageType": [
      "ORIGINAL",
      "PRIMARY",
      "M",
      "ND",
      "NORM",
      "FM",
      "FIL"
    ],
    "ImagingFrequency": 123.197,
    "InPlanePhaseEncodingDirectionDICOM": "ROW",
    "InstitutionAddress": "Henri_le_Guilloux_2_Rennes_2A6CA1_District_FR_35000",
    "InstitutionName": "CHU_PONTCHAILLOU",
    "InstitutionalDepartmentName": "Department",
    "Interpolation2D": 1,
    "InversionTime": 0.9,
    "MRAcquisitionType": "3D",
    "MagneticFieldStrength": 3,
    "Manufacturer": "Siemens",
    "ManufacturersModelName": "Verio",
    "Modality": "MR",
    "ParallelReductionFactorInPlane": 2,
    "PartialFourier": 1,
    "PatientPosition": "HFS",
    "PercentPhaseFOV": 100,
    "PhaseEncodingSteps": 255,
    "PhaseResolution": 1,
    "PixelBandwidth": 199,
    "ProcedureStepDescription": "OSS-IRM",
    "ProtocolName": "T1_3D_MPRAGE",
    "PulseSequenceDetails": "%SiemensSeq%_tfl",
    "ReceiveCoilName": "HeadMatrix",
    "ReconMatrixPE": 512,
    "RefLinesPE": 24,
    "RepetitionTime": 1.9,
    "SAR": 0.044521,
    "ScanOptions": "IR",
    "ScanningSequence": "GR_IR",
    "SequenceName": "_tfl3d1_ns",
    "SequenceVariant": "SP_MP",
    "SeriesDescription": "T1_3D_MPRAGE",
    "SeriesNumber": 9,
    "ShimSetting": [
      936,
      13482,
      -6965,
      33,
      -607,
      -326,
      728,
      -255
    ],
    "SliceThickness": 1,
    "SoftwareVersions": "syngo_MR_B17",
    "StationName": "MRC40296",
    "TxRefAmp": 448.133,
    "dataset": "ds002338",
    "modality": "T1w",
    "subject_id": "xp219"
  },
  "cjv": 0.37547128576632666,
  "cnr": 3.481393146167303,
  "efc": 0.576467992953212,
  "fber": 1665.5742724665283,
  "fwhm_avg": 6.534376666666667,
  "fwhm_x": 4.00973,
  "fwhm_y": 7.90932,
  "fwhm_z": 7.68408,
  "icvs_csf": 0.2298421144377263,
  "icvs_gm": 0.3928793734903879,
  "icvs_wm": 0.37727851207188584,
  "inu_med": 1.2929868698120117,
  "inu_range": 0.428900307416916,
  "provenance": {
    "md5sum": "3a7d44bb3e739ba0dab09e695574ac99",
    "settings": {
      "testing": false
    },
    "software": "mriqc",
    "version": "21.0.0rc2",
    "warnings": {
      "large_rot_frame": true,
      "small_air_mask": false
    },
    "webapi_port": null,
    "webapi_url": "https://mriqc.nimh.nih.gov/api/v1"
  },
  "qi_1": 0.0,
  "qi_2": 0.004927108939565823,
  "rpve_csf": 24.38663080831037,
  "rpve_gm": 14.548807235668528,
  "rpve_wm": 18.562853840657596,
  "size_x": 176,
  "size_y": 512,
  "size_z": 512,
  "snr_csf": 4.341752450666648,
  "snr_gm": 14.141145508366725,
  "snr_total": 13.91879649994633,
  "snr_wm": 23.273491540805615,
  "snrd_csf": 34.84115688909071,
  "snrd_gm": 66.55274403075788,
  "snrd_total": 63.04367496180291,
  "snrd_wm": 87.73712396556013,
  "spacing_x": 1.0,
  "spacing_y": 0.5,
  "spacing_z": 0.5,
  "summary_bg_k": 12.732960443109206,
  "summary_bg_mad": 7.467037211171552,
  "summary_bg_mean": 16.47854496387926,
  "summary_bg_median": 15.168572425842285,
  "summary_bg_n": 9847233.0,
  "summary_bg_p05": 5.095692299306393,
  "summary_bg_p95": 33.77377454191446,
  "summary_bg_stdv": 9.3062867793055,
  "summary_csf_k": 3.874950061594827,
  "summary_csf_mad": 99.53121365008668,
  "summary_csf_mean": 395.47244131977624,
  "summary_csf_median": 397.10848592966795,
  "summary_csf_n": 178964.0,
  "summary_csf_p05": 248.14836452901363,
  "summary_csf_p95": 539.1953479498625,
  "summary_csf_stdv": 91.46246382665863,
  "summary_gm_k": 0.3464293630307771,
  "summary_gm_mad": 50.863700532568565,
  "summary_gm_mean": 762.3215504042313,
  "summary_gm_median": 758.5471257641912,
  "summary_gm_n": 147187.0,
  "summary_gm_p05": 680.4112021002918,
  "summary_gm_p95": 857.2020987682045,
  "summary_gm_stdv": 53.64095493513867,
  "summary_wm_k": 0.7840492543891568,
  "summary_wm_mad": 39.79491596071427,
  "summary_wm_mean": 1000.5561013669015,
  "summary_wm_median": 999.9999876208603,
  "summary_wm_n": 1091954.0,
  "summary_wm_p05": 930.9118804000318,
  "summary_wm_p95": 1071.635940991342,
  "summary_wm_stdv": 42.967318761463304,
  "tpm_overlap_csf": 0.15021878480911255,
  "tpm_overlap_gm": 0.4081280827522278,
  "tpm_overlap_wm": 0.4864591062068939,
  "wm2max": 0.45490566037735847
}