{
  "aor": 0.00019807228915662655,
  "aqi": 0.01816190813253012,
  "bids_meta": {
    "AcquisitionMatrixPE": 106,
    "AcquisitionNumber": 1,
    "AcquisitionTime": "15:13:51.580000",
    "BandwidthPerPixelPhaseEncode": 27.345,
    "BaseResolution": 106,
    "CoilString": "T:HEA;HEP",
    "ConversionSoftware": "dcm2niix",
    "ConversionSoftwareVersion": "v1.0.20190720  GCC7.4.0",
    "Dcm2bidsVersion": "2.1.4",
    "DerivedVendorReportedEchoSpacing": 0.000689995,
    "DeviceSerialNumber": "40296",
    "DwellTime": 2.8e-06,
    "EchoTime": 0.023,
    "EffectiveEchoSpacing": 0.000344998,
    "FlipAngle": 90,
    "ImageOrientationPatientDICOM": [
      0.992346,
      0.102761,
      -0.0684809,
      -0.106051,
      0.993284,
      -0.0462716
    ],
    "ImageType": [
      "ORIGINAL",
      "PRIMARY",
      "M",
      "ND",
      "MOSAIC"
    ],
    "ImagingFrequency": 123.197,
    "InPlanePhaseEncodingDirectionDICOM": "COL",
    "InstitutionAddress": "Henri_le_Guilloux_2_Rennes_2A6CA1_District_FR_35000",
    "InstitutionName": "CHU_PONTCHAILLOU",
    "InstitutionalDepartmentName": "Department",
    "Instructions": "Try to move up the ball by feeling the movement of your right arm and hand. When the symbol + is displayed, rest",
    "MRAcquisitionType": "2D",
    "MagneticFieldStrength": 3,
    "Manufacturer": "Siemens",
    "ManufacturersModelName": "Verio",
    "Modality": "MR",
    "ParallelReductionFactorInPlane": 2,
    "PartialFourier": 1,
    "PatientPosition": "HFS",
    "PercentPhaseFOV": 100,
    "PhaseEncodingDirection": "j-",
    "PhaseEncodingSteps": 106,
    "PhaseResolution": 1,
    "PixelBandwidth": 1685,
    "ProcedureStepDescription": "OSS-IRM",
    "ProtocolName": "NF2_bold_eeg_2X8x20s_TR1s_16_coupes",
    "PulseSequenceDetails": "%SiemensSeq%_ep2d_bold",
    "ReceiveCoilName": "HeadMatrix",
    "ReconMatrixPE": 106,
    "RefLinesPE": 24,
    "RepetitionTime": 1,
    "SAR": 0.0572547,
    "ScanOptions": "FS",
    "ScanningSequence": "EP",
    "SequenceName": "_epfid2d1_106",
    "SequenceVariant": "SK",
    "SeriesDescription": "NF2_bold_eeg_2X8x20s_TR1s_16_coupes",
    "SeriesNumber": 20,
    "ShimSetting": [
      836,
      13294,
      -6419,
      479,
      -884,
      -823,
      949,
      -216
    ],
    "SliceThickness": 4,
    "SliceTiming": [
      0.5025,
      0,
      0.565,
      0.0625,
      0.6275,
      0.125,
      0.69,
      0.1875,
      0.7525,
      0.25,
      0.815,
      0.3125,
      0.8775,
      0.375,
      0.94,
      0.44
    ],
    "SoftwareVersions": "syngo_MR_B17",
    "SpacingBetweenSlices": 4,
    "StationName": "MRC40296",
    "TaskName": "2dNF",
    "TotalReadoutTime": 0.0362248,
    "TxRefAmp": 459.631,
    "dataset": "ds002338",
    "modality": "bold",
    "run_id": 2,
    "subject_id": "xp210",
    "task_id": "2dNF"
  },
  "dummy_trs": 0,
  "dvars_nstd": 38.734744714531736,
  "dvars_std": 1.0076085961631414,
  "dvars_vstd": 0.9992073825981871,
  "efc": 0.542657283318471,
  "fber": 452.6600036621094,
  "fd_mean": 0.09052283666260842,
  "fd_num": 1,
  "fd_perc": 0.30120481927710846,
  "fwhm_avg": 2.2448342512877875,
  "fwhm_x": 2.1179507147579812,
  "fwhm_y": 2.770784539105382,
  "fwhm_z": 1.8457675,
  "gcor": 0.0524638,
  "gsr_x": -0.0022768108174204826,
  "gsr_y": 0.020697738975286484,
  "provenance": {
    "md5sum": "bc5a0de6733020321c441bcee8bd706b",
    "settings": {
      "fd_thres": 0.2,
      "testing": false
    },
    "software": "mriqc",
    "version": "21.0.0rc2",
    "webapi_port": null,
    "webapi_url": "https://mriqc.nimh.nih.gov/api/v1"
  },
  "size_t": 332,
  "size_x": 106,
  "size_y": 106,
  "size_z": 16,
  "snr": 6.930673252828937,
  "spacing_tr": 1.0,
  "spacing_x": 1.9811320304870605,
  "spacing_y": 1.9811320304870605,
  "spacing_z": 4.0,
  "summary_bg_k": 49.50262756601936,
  "summary_bg_mad": 5.74285243149009,
  "summary_bg_mean": 46.342708587646484,
  "summary_bg_median": 35.48493957519531,
  "summary_bg_n": 108228.0,
  "summary_bg_p05": 29.746986389160156,
  "summary_bg_p95": 101.15948181152339,
  "summary_bg_stdv": 34.863216400146484,
  "summary_fg_k": 0.7704892575573323,
  "summary_fg_mad": 101.98247311023349,
  "summary_fg_mean": 760.129150390625,
  "summary_fg_median": 758.135498046875,
  "summary_fg_n": 30261.0,
  "summary_fg_p05": 587.6144409179688,
  "summary_fg_p95": 948.5933227539062,
  "summary_fg_stdv": 109.38662719726562,
  "tsnr": 35.152216395770665
}