{
  "aor": 0.00018852409638554218,
  "aqi": 0.02621587590361446,
  "bids_meta": {
    "AcquisitionMatrixPE": 106,
    "AcquisitionNumber": 1,
    "AcquisitionTime": "15:31:10.350000",
    "BandwidthPerPixelPhaseEncode": 27.345,
    "BaseResolution": 106,
    "CoilString": "T:HEA;HEP",
    "ConversionSoftware": "dcm2niix",
    "ConversionSoftwareVersion": "v1.0.20190720  GCC7.4.0",
    "Dcm2bidsVersion": "2.1.4",
    "DerivedVendorReportedEchoSpacing": 0.000689995,
    "DeviceSerialNumber": "40296",
    "DwellTime": 2.8e-06,
    "EchoTime": 0.023,
    "EffectiveEchoSpacing": 0.000344998,
    "FlipAngle": 90,
    "ImageOrientationPatientDICOM": [
      0.997518,
      0.06206,
      0.0332635,
      -0.0540236,
      0.977538,
      -0.203719
    ],
    "ImageType": [
      "ORIGINAL",
      "PRIMARY",
      "M",
      "ND",
      "MOSAIC"
    ],
    "ImagingFrequency": 123.197,
    "InPlanePhaseEncodingDirectionDICOM": "COL",
    "InstitutionAddress": "Henri_le_Guilloux_2_Rennes_2A6CA1_District_FR_35000",
    "InstitutionName": "CHU_PONTCHAILLOU",
    "InstitutionalDepartmentName": "Department",
    "Instructions": "When demanded, try to feel the movement of your right arm and hand. When the symbol + is displayed, rest",
    "MRAcquisitionType": "2D",
    "MagneticFieldStrength": 3,
    "Manufacturer": "Siemens",
    "ManufacturersModelName": "Verio",
    "Modality": "MR",
    "ParallelReductionFactorInPlane": 2,
    "PartialFourier": 1,
    "PatientPosition": "HFS",
    "PercentPhaseFOV": 100,
    "PhaseEncodingDirection": "j-",
    "PhaseEncodingSteps": 106,
    "PhaseResolution": 1,
    "PixelBandwidth": 1685,
    "ProcedureStepDescription": "OSS-IRM",
    "ProtocolName": "MI_post_bold_eeg_2X8x20s_TR1s_16_coupes",
    "PulseSequenceDetails": "%SiemensSeq%_ep2d_bold",
    "ReceiveCoilName": "HeadMatrix",
    "ReconMatrixPE": 106,
    "RefLinesPE": 24,
    "RepetitionTime": 1,
    "SAR": 0.0479283,
    "ScanOptions": "FS",
    "ScanningSequence": "EP",
    "SequenceName": "_epfid2d1_106",
    "SequenceVariant": "SK",
    "SeriesDescription": "MI_post_bold_eeg_2X8x20s_TR1s_16_coupes",
    "SeriesNumber": 36,
    "ShimSetting": [
      946,
      13351,
      -6583,
      -26,
      -519,
      -1339,
      1380,
      256
    ],
    "SliceThickness": 4,
    "SliceTiming": [
      0.5025,
      0,
      0.565,
      0.0625,
      0.6275,
      0.125,
      0.69,
      0.1875,
      0.7525,
      0.25,
      0.815,
      0.3125,
      0.8775,
      0.375,
      0.94,
      0.44
    ],
    "SoftwareVersions": "syngo_MR_B17",
    "SpacingBetweenSlices": 4,
    "StationName": "MRC40296",
    "TaskName": "MIpost",
    "TotalReadoutTime": 0.0362248,
    "TxRefAmp": 451.234,
    "dataset": "ds002338",
    "modality": "bold",
    "subject_id": "xp217",
    "task_id": "MIpost"
  },
  "dummy_trs": 0,
  "dvars_nstd": 43.06843856157103,
  "dvars_std": 1.0111709098187303,
  "dvars_vstd": 0.9892144751661629,
  "efc": 0.5766662040113206,
  "fber": 413.5737609863281,
  "fd_mean": 0.14272749032104107,
  "fd_num": 65,
  "fd_perc": 19.57831325301205,
  "fwhm_avg": 2.1997422826760715,
  "fwhm_x": 2.2125582407157136,
  "fwhm_y": 2.6289111073125,
  "fwhm_z": 1.7577575,
  "gcor": 0.0460294,
  "gsr_x": -0.002281307941302657,
  "gsr_y": 0.02485998161137104,
  "provenance": {
    "md5sum": "aed9c63c2a162791ada72449796f3630",
    "settings": {
      "fd_thres": 0.2,
      "testing": false
    },
    "software": "mriqc",
    "version": "21.0.0rc2",
    "webapi_port": null,
    "webapi_url": "https://mriqc.nimh.nih.gov/api/v1"
  },
  "size_t": 332,
  "size_x": 106,
  "size_y": 106,
  "size_z": 16,
  "snr": 6.979772508602903,
  "spacing_tr": 1.0,
  "spacing_x": 1.9811320304870605,
  "spacing_y": 1.9811320304870605,
  "spacing_z": 4.0,
  "summary_bg_k": 50.98020373241289,
  "summary_bg_mad": 6.452891777121409,
  "summary_bg_mean": 51.455101013183594,
  "summary_bg_median": 38.539154052734375,
  "summary_bg_n": 100848.0,
  "summary_bg_p05": 31.849395751953125,
  "summary_bg_p95": 122.40752792358396,
  "summary_bg_stdv": 42.47571563720703,
  "summary_fg_k": 1.1735334175640526,
  "summary_fg_mad": 103.69284081848387,
  "summary_fg_mean": 796.469482421875,
  "summary_fg_median": 789.8644409179688,
  "summary_fg_n": 36637.0,
  "summary_fg_p05": 629.044580078125,
  "summary_fg_p95": 995.3559692382812,
  "summary_fg_stdv": 113.16323852539062,
  "tsnr": 31.45363368355902
}