{
  "aor": 0.0001837951807228916,
  "aqi": 0.02435540120481928,
  "bids_meta": {
    "AcquisitionMatrixPE": 106,
    "AcquisitionNumber": 1,
    "AcquisitionTime": "15:00:18.290000",
    "BandwidthPerPixelPhaseEncode": 27.345,
    "BaseResolution": 106,
    "CoilString": "T:HEA;HEP",
    "ConversionSoftware": "dcm2niix",
    "ConversionSoftwareVersion": "v1.0.20190720  GCC7.4.0",
    "Dcm2bidsVersion": "2.1.4",
    "DerivedVendorReportedEchoSpacing": 0.000689995,
    "DeviceSerialNumber": "40296",
    "DwellTime": 2.8e-06,
    "EchoTime": 0.023,
    "EffectiveEchoSpacing": 0.000344998,
    "FlipAngle": 90,
    "ImageOrientationPatientDICOM": [
      0.997518,
      0.06206,
      0.0332635,
      -0.0540236,
      0.977538,
      -0.203719
    ],
    "ImageType": [
      "ORIGINAL",
      "PRIMARY",
      "M",
      "ND",
      "MOSAIC"
    ],
    "ImagingFrequency": 123.197,
    "InPlanePhaseEncodingDirectionDICOM": "COL",
    "InstitutionAddress": "Henri_le_Guilloux_2_Rennes_2A6CA1_District_FR_35000",
    "InstitutionName": "CHU_PONTCHAILLOU",
    "InstitutionalDepartmentName": "Department",
    "Instructions": "Try to move up the ball by feeling the movement of your right arm and hand. When the symbol + is displayed, rest",
    "MRAcquisitionType": "2D",
    "MagneticFieldStrength": 3,
    "Manufacturer": "Siemens",
    "ManufacturersModelName": "Verio",
    "Modality": "MR",
    "ParallelReductionFactorInPlane": 2,
    "PartialFourier": 1,
    "PatientPosition": "HFS",
    "PercentPhaseFOV": 100,
    "PhaseEncodingDirection": "j-",
    "PhaseEncodingSteps": 106,
    "PhaseResolution": 1,
    "PixelBandwidth": 1685,
    "ProcedureStepDescription": "OSS-IRM",
    "ProtocolName": "NF1_bold_eeg_2X8x20s_TR1s_16_coupes",
    "PulseSequenceDetails": "%SiemensSeq%_ep2d_bold",
    "ReceiveCoilName": "HeadMatrix",
    "ReconMatrixPE": 106,
    "RefLinesPE": 24,
    "RepetitionTime": 1,
    "SAR": 0.0479283,
    "ScanOptions": "FS",
    "ScanningSequence": "EP",
    "SequenceName": "_epfid2d1_106",
    "SequenceVariant": "SK",
    "SeriesDescription": "NF1_bold_eeg_2X8x20s_TR1s_16_coupes",
    "SeriesNumber": 25,
    "ShimSetting": [
      946,
      13351,
      -6583,
      -26,
      -519,
      -1339,
      1380,
      256
    ],
    "SliceThickness": 4,
    "SliceTiming": [
      0.5025,
      0,
      0.565,
      0.065,
      0.6275,
      0.1275,
      0.69,
      0.19,
      0.755,
      0.2525,
      0.8175,
      0.315,
      0.88,
      0.3775,
      0.9425,
      0.44
    ],
    "SoftwareVersions": "syngo_MR_B17",
    "SpacingBetweenSlices": 4,
    "StationName": "MRC40296",
    "TaskName": "2dNF",
    "TotalReadoutTime": 0.0362248,
    "TxRefAmp": 451.234,
    "dataset": "ds002338",
    "modality": "bold",
    "run_id": 1,
    "subject_id": "xp217",
    "task_id": "2dNF"
  },
  "dummy_trs": 0,
  "dvars_nstd": 42.87442114595166,
  "dvars_std": 1.0121301629607253,
  "dvars_vstd": 0.9924815349848943,
  "efc": 0.5773214114457336,
  "fber": 406.8201599121094,
  "fd_mean": 0.14972953748283538,
  "fd_num": 65,
  "fd_perc": 19.57831325301205,
  "fwhm_avg": 2.2591384979575513,
  "fwhm_x": 2.2585571941411424,
  "fwhm_y": 2.714473299731511,
  "fwhm_z": 1.804385,
  "gcor": 0.0501103,
  "gsr_x": -0.002543517155572772,
  "gsr_y": 0.024025125429034233,
  "provenance": {
    "md5sum": "039182826416ddc9cdbf96514d31acf0",
    "settings": {
      "fd_thres": 0.2,
      "testing": false
    },
    "software": "mriqc",
    "version": "21.0.0rc2",
    "webapi_port": null,
    "webapi_url": "https://mriqc.nimh.nih.gov/api/v1"
  },
  "size_t": 332,
  "size_x": 106,
  "size_y": 106,
  "size_z": 16,
  "snr": 6.75696640043221,
  "spacing_tr": 1.0,
  "spacing_x": 1.9811320304870605,
  "spacing_y": 1.9811320304870605,
  "spacing_z": 4.0,
  "summary_bg_k": 54.5381441390772,
  "summary_bg_mad": 6.738695840956408,
  "summary_bg_mean": 50.99985122680664,
  "summary_bg_median": 38.64759063720703,
  "summary_bg_n": 100560.0,
  "summary_bg_p05": 31.37635431289673,
  "summary_bg_p95": 120.07047958373995,
  "summary_bg_stdv": 41.327266693115234,
  "summary_fg_k": 0.9809671059232135,
  "summary_fg_mad": 108.20308616606421,
  "summary_fg_mean": 795.6729125976562,
  "summary_fg_median": 787.8704223632812,
  "summary_fg_n": 37077.0,
  "summary_fg_p05": 625.4861450195312,
  "summary_fg_p95": 1000.3463745117188,
  "summary_fg_stdv": 116.5996322631836,
  "tsnr": 31.39549847668968
}