{
  "aor": 0.00020620481927710846,
  "aqi": 0.025761444578313253,
  "bids_meta": {
    "AcquisitionMatrixPE": 106,
    "AcquisitionNumber": 1,
    "AcquisitionTime": "15:09:21.600000",
    "BandwidthPerPixelPhaseEncode": 27.345,
    "BaseResolution": 106,
    "CoilString": "T:HEA;HEP",
    "ConversionSoftware": "dcm2niix",
    "ConversionSoftwareVersion": "v1.0.20190720  GCC7.4.0",
    "Dcm2bidsVersion": "2.1.4",
    "DerivedVendorReportedEchoSpacing": 0.000689995,
    "DeviceSerialNumber": "40296",
    "DwellTime": 2.8e-06,
    "EchoTime": 0.023,
    "EffectiveEchoSpacing": 0.000344998,
    "FlipAngle": 90,
    "ImageOrientationPatientDICOM": [
      0.997518,
      0.06206,
      0.0332635,
      -0.0540236,
      0.977538,
      -0.203719
    ],
    "ImageType": [
      "ORIGINAL",
      "PRIMARY",
      "M",
      "ND",
      "MOSAIC"
    ],
    "ImagingFrequency": 123.197,
    "InPlanePhaseEncodingDirectionDICOM": "COL",
    "InstitutionAddress": "Henri_le_Guilloux_2_Rennes_2A6CA1_District_FR_35000",
    "InstitutionName": "CHU_PONTCHAILLOU",
    "InstitutionalDepartmentName": "Department",
    "Instructions": "Try to move up the ball by feeling the movement of your right arm and hand. When the symbol + is displayed, rest",
    "MRAcquisitionType": "2D",
    "MagneticFieldStrength": 3,
    "Manufacturer": "Siemens",
    "ManufacturersModelName": "Verio",
    "Modality": "MR",
    "ParallelReductionFactorInPlane": 2,
    "PartialFourier": 1,
    "PatientPosition": "HFS",
    "PercentPhaseFOV": 100,
    "PhaseEncodingDirection": "j-",
    "PhaseEncodingSteps": 106,
    "PhaseResolution": 1,
    "PixelBandwidth": 1685,
    "ProcedureStepDescription": "OSS-IRM",
    "ProtocolName": "NF2_bold_eeg_2X8x20s_TR1s_16_coupes",
    "PulseSequenceDetails": "%SiemensSeq%_ep2d_bold",
    "ReceiveCoilName": "HeadMatrix",
    "ReconMatrixPE": 106,
    "RefLinesPE": 24,
    "RepetitionTime": 1,
    "SAR": 0.0479283,
    "ScanOptions": "FS",
    "ScanningSequence": "EP",
    "SequenceName": "_epfid2d1_106",
    "SequenceVariant": "SK",
    "SeriesDescription": "NF2_bold_eeg_2X8x20s_TR1s_16_coupes",
    "SeriesNumber": 26,
    "ShimSetting": [
      946,
      13351,
      -6583,
      -26,
      -519,
      -1339,
      1380,
      256
    ],
    "SliceThickness": 4,
    "SliceTiming": [
      0.5025,
      0,
      0.565,
      0.0625,
      0.6275,
      0.125,
      0.69,
      0.1875,
      0.7525,
      0.2525,
      0.815,
      0.315,
      0.8775,
      0.3775,
      0.9425,
      0.44
    ],
    "SoftwareVersions": "syngo_MR_B17",
    "SpacingBetweenSlices": 4,
    "StationName": "MRC40296",
    "TaskName": "2dNF",
    "TotalReadoutTime": 0.0362248,
    "TxRefAmp": 451.234,
    "dataset": "ds002338",
    "modality": "bold",
    "run_id": 2,
    "subject_id": "xp217",
    "task_id": "2dNF"
  },
  "dummy_trs": 0,
  "dvars_nstd": 43.28069741042295,
  "dvars_std": 1.0150892285196376,
  "dvars_vstd": 0.9930511782175232,
  "efc": 0.5751136555409335,
  "fber": 421.775146484375,
  "fd_mean": 0.1475813712663687,
  "fd_num": 67,
  "fd_perc": 20.180722891566266,
  "fwhm_avg": 2.2138663226832356,
  "fwhm_x": 2.2267874791340483,
  "fwhm_y": 2.6575714889156585,
  "fwhm_z": 1.75724,
  "gcor": 0.050095,
  "gsr_x": -0.002277775900438428,
  "gsr_y": 0.024949103593826294,
  "provenance": {
    "md5sum": "e7dc8ddccc7fea2fa4177c1913b020f7",
    "settings": {
      "fd_thres": 0.2,
      "testing": false
    },
    "software": "mriqc",
    "version": "21.0.0rc2",
    "webapi_port": null,
    "webapi_url": "https://mriqc.nimh.nih.gov/api/v1"
  },
  "size_t": 332,
  "size_x": 106,
  "size_y": 106,
  "size_z": 16,
  "snr": 6.901062717760958,
  "spacing_tr": 1.0,
  "spacing_x": 1.9811320304870605,
  "spacing_y": 1.9811320304870605,
  "spacing_z": 4.0,
  "summary_bg_k": 52.767514481845595,
  "summary_bg_mad": 6.729762696561993,
  "summary_bg_mean": 51.22525405883789,
  "summary_bg_median": 38.2951774597168,
  "summary_bg_n": 100950.0,
  "summary_bg_p05": 31.23192596435547,
  "summary_bg_p95": 122.72408981323214,
  "summary_bg_stdv": 42.363887786865234,
  "summary_fg_k": 1.0630163610213739,
  "summary_fg_mad": 106.20255952143452,
  "summary_fg_mean": 800.457275390625,
  "summary_fg_median": 793.0496826171875,
  "summary_fg_n": 36572.0,
  "summary_fg_p05": 631.9206176757813,
  "summary_fg_p95": 1003.0010131835937,
  "summary_fg_stdv": 114.91546630859375,
  "tsnr": 31.263574299402535
}