{
  "bids_meta": {
    "AcquisitionMatrixPE": 256,
    "AcquisitionNumber": 1,
    "AcquisitionTime": "14:47:22.395000",
    "BaseResolution": 256,
    "CoilString": "T:HEA;HEP",
    "ConversionSoftware": "dcm2niix",
    "ConversionSoftwareVersion": "v1.0.20190720  GCC7.4.0",
    "Dcm2bidsVersion": "2.1.4",
    "DeviceSerialNumber": "40296",
    "DwellTime": 9.8e-06,
    "EchoTime": 0.00226,
    "FlipAngle": 9,
    "ImageOrientationPatientDICOM": [
      -0.10265,
      0.994718,
      3.64345e-08,
      -0.064169,
      -0.00662188,
      -0.997917
    ],
    "ImageType": [
      "ORIGINAL",
      "PRIMARY",
      "M",
      "ND",
      "NORM",
      "FM",
      "FIL"
    ],
    "ImagingFrequency": 123.197,
    "InPlanePhaseEncodingDirectionDICOM": "ROW",
    "InstitutionAddress": "Henri_le_Guilloux_2_Rennes_2A6CA1_District_FR_35000",
    "InstitutionName": "CHU_PONTCHAILLOU",
    "InstitutionalDepartmentName": "Department",
    "Interpolation2D": 1,
    "InversionTime": 0.9,
    "MRAcquisitionType": "3D",
    "MagneticFieldStrength": 3,
    "Manufacturer": "Siemens",
    "ManufacturersModelName": "Verio",
    "Modality": "MR",
    "ParallelReductionFactorInPlane": 2,
    "PartialFourier": 1,
    "PatientPosition": "HFS",
    "PercentPhaseFOV": 100,
    "PhaseEncodingSteps": 255,
    "PhaseResolution": 1,
    "PixelBandwidth": 199,
    "ProcedureStepDescription": "OSS-IRM",
    "ProtocolName": "T1_3D_MPRAGE",
    "PulseSequenceDetails": "%SiemensSeq%_tfl",
    "ReceiveCoilName": "HeadMatrix",
    "ReconMatrixPE": 512,
    "RefLinesPE": 24,
    "RepetitionTime": 1.9,
    "SAR": 0.0415998,
    "ScanOptions": "IR",
    "ScanningSequence": "GR_IR",
    "SequenceName": "_tfl3d1_ns",
    "SequenceVariant": "SP_MP",
    "SeriesDescription": "T1_3D_MPRAGE",
    "SeriesNumber": 9,
    "ShimSetting": [
      936,
      13482,
      -6965,
      33,
      -607,
      -326,
      728,
      -255
    ],
    "SliceThickness": 1,
    "SoftwareVersions": "syngo_MR_B17",
    "StationName": "MRC40296",
    "TxRefAmp": 459.631,
    "dataset": "ds002338",
    "modality": "T1w",
    "subject_id": "xp210"
  },
  "cjv": 0.3966828678275858,
  "cnr": 3.343104498370295,
  "efc": 0.5791846707977798,
  "fber": 2381.4400000000005,
  "fwhm_avg": 6.539903333333332,
  "fwhm_x": 4.00393,
  "fwhm_y": 8.17926,
  "fwhm_z": 7.43652,
  "icvs_csf": 0.21454245682884338,
  "icvs_gm": 0.41217208903339597,
  "icvs_wm": 0.37328545413776065,
  "inu_med": 1.3587501049041748,
  "inu_range": 0.4867604970932007,
  "provenance": {
    "md5sum": "80b356e6d43e9b3a9d8b6e1ac103e150",
    "settings": {
      "testing": false
    },
    "software": "mriqc",
    "version": "21.0.0rc2",
    "warnings": {
      "large_rot_frame": true,
      "small_air_mask": false
    },
    "webapi_port": null,
    "webapi_url": "https://mriqc.nimh.nih.gov/api/v1"
  },
  "qi_1": 0.0,
  "qi_2": 0.005138195050269618,
  "rpve_csf": 22.93941472416833,
  "rpve_gm": 12.622138807968534,
  "rpve_wm": 16.650648791207193,
  "size_x": 176,
  "size_y": 512,
  "size_z": 512,
  "snr_csf": 4.7098921369149105,
  "snr_gm": 14.245765246870553,
  "snr_total": 12.93999469351037,
  "snr_wm": 19.864326696745646,
  "snrd_csf": 39.245914425227745,
  "snrd_gm": 66.06147436110419,
  "snrd_total": 64.30354942172916,
  "snrd_wm": 87.60325947885556,
  "spacing_x": 1.0,
  "spacing_y": 0.5,
  "spacing_z": 0.5,
  "summary_bg_k": 305.9542007751431,
  "summary_bg_mad": 7.478857551890424,
  "summary_bg_mean": 13.69422580074676,
  "summary_bg_median": 12.775523625314236,
  "summary_bg_n": 11684391.0,
  "summary_bg_p05": 5.099243335425854,
  "summary_bg_p95": 29.005373381078243,
  "summary_bg_stdv": 8.600694195957674,
  "summary_csf_k": 8.297025420907598,
  "summary_csf_mad": 95.43672571651476,
  "summary_csf_mean": 438.44447727258836,
  "summary_csf_median": 448.0206160619855,
  "summary_csf_n": 216593.0,
  "summary_csf_p05": 271.1920165270567,
  "summary_csf_p95": 575.830682888627,
  "summary_csf_stdv": 95.1231087234372,
  "summary_gm_k": 0.20405843735040818,
  "summary_gm_mad": 51.29520777437888,
  "summary_gm_mean": 756.2150303119372,
  "summary_gm_median": 754.1397079080343,
  "summary_gm_n": 207054.0,
  "summary_gm_p05": 672.6614756882191,
  "summary_gm_p95": 847.077529989183,
  "summary_gm_stdv": 52.93768876003893,
  "summary_wm_k": 1.0242157698821117,
  "summary_wm_mad": 46.25510811984403,
  "summary_wm_mean": 998.4411196075787,
  "summary_wm_median": 1000.0548300519586,
  "summary_wm_n": 1178240.0,
  "summary_wm_p05": 912.4904041737318,
  "summary_wm_p95": 1077.3111081123352,
  "summary_wm_stdv": 50.3442387418386,
  "tpm_overlap_csf": 0.14275021851062775,
  "tpm_overlap_gm": 0.4234921634197235,
  "tpm_overlap_wm": 0.47429704666137695,
  "wm2max": 0.4295673473233001
}