{
  "aor": 0.00018903614457831328,
  "aqi": 0.027060519879518075,
  "bids_meta": {
    "AcquisitionMatrixPE": 106,
    "AcquisitionNumber": 1,
    "AcquisitionTime": "15:35:8.147500",
    "BandwidthPerPixelPhaseEncode": 27.345,
    "BaseResolution": 106,
    "CoilString": "T:HEA;HEP",
    "ConversionSoftware": "dcm2niix",
    "ConversionSoftwareVersion": "v1.0.20190720  GCC7.4.0",
    "Dcm2bidsVersion": "2.1.4",
    "DerivedVendorReportedEchoSpacing": 0.000689995,
    "DeviceSerialNumber": "40296",
    "DwellTime": 2.8e-06,
    "EchoTime": 0.023,
    "EffectiveEchoSpacing": 0.000344998,
    "FlipAngle": 90,
    "ImageOrientationPatientDICOM": [
      0.992346,
      0.102761,
      -0.0684809,
      -0.106051,
      0.993284,
      -0.0462716
    ],
    "ImageType": [
      "ORIGINAL",
      "PRIMARY",
      "M",
      "ND",
      "MOSAIC"
    ],
    "ImagingFrequency": 123.197,
    "InPlanePhaseEncodingDirectionDICOM": "COL",
    "InstitutionAddress": "Henri_le_Guilloux_2_Rennes_2A6CA1_District_FR_35000",
    "InstitutionName": "CHU_PONTCHAILLOU",
    "InstitutionalDepartmentName": "Department",
    "Instructions": "When demanded, try to feel the movement of your right arm and hand. When the symbol + is displayed, rest",
    "MRAcquisitionType": "2D",
    "MagneticFieldStrength": 3,
    "Manufacturer": "Siemens",
    "ManufacturersModelName": "Verio",
    "Modality": "MR",
    "ParallelReductionFactorInPlane": 2,
    "PartialFourier": 1,
    "PatientPosition": "HFS",
    "PercentPhaseFOV": 100,
    "PhaseEncodingDirection": "j-",
    "PhaseEncodingSteps": 106,
    "PhaseResolution": 1,
    "PixelBandwidth": 1685,
    "ProcedureStepDescription": "OSS-IRM",
    "ProtocolName": "MI_post_bold_eeg_2X8x20s_TR1s_16_coupes",
    "PulseSequenceDetails": "%SiemensSeq%_ep2d_bold",
    "ReceiveCoilName": "HeadMatrix",
    "ReconMatrixPE": 106,
    "RefLinesPE": 24,
    "RepetitionTime": 1,
    "SAR": 0.0572547,
    "ScanOptions": "FS",
    "ScanningSequence": "EP",
    "SequenceName": "_epfid2d1_106",
    "SequenceVariant": "SK",
    "SeriesDescription": "MI_post_bold_eeg_2X8x20s_TR1s_16_coupes",
    "SeriesNumber": 29,
    "ShimSetting": [
      888,
      13274,
      -6597,
      30,
      -504,
      -1203,
      831,
      278
    ],
    "SliceThickness": 4,
    "SliceTiming": [
      0.5,
      0,
      0.5625,
      0.0625,
      0.625,
      0.125,
      0.69,
      0.1875,
      0.7525,
      0.25,
      0.815,
      0.3125,
      0.8775,
      0.375,
      0.94,
      0.4375
    ],
    "SoftwareVersions": "syngo_MR_B17",
    "SpacingBetweenSlices": 4,
    "StationName": "MRC40296",
    "TaskName": "MIpost",
    "TotalReadoutTime": 0.0362248,
    "TxRefAmp": 459.631,
    "dataset": "ds002338",
    "modality": "bold",
    "subject_id": "xp210",
    "task_id": "MIpost"
  },
  "dummy_trs": 0,
  "dvars_nstd": 43.906754288882226,
  "dvars_std": 1.0184116768277942,
  "dvars_vstd": 0.9988041409969779,
  "efc": 0.5458180119770566,
  "fber": 443.0754699707031,
  "fd_mean": 0.09137018259029815,
  "fd_num": 0,
  "fd_perc": 0.0,
  "fwhm_avg": 2.1605835594721046,
  "fwhm_x": 2.0476474750664,
  "fwhm_y": 2.664113203349913,
  "fwhm_z": 1.76999,
  "gcor": 0.0574042,
  "gsr_x": -0.0018931298982352018,
  "gsr_y": 0.021852802485227585,
  "provenance": {
    "md5sum": "5c95192f58e2300771e2e27c6e601c23",
    "settings": {
      "fd_thres": 0.2,
      "testing": false
    },
    "software": "mriqc",
    "version": "21.0.0rc2",
    "webapi_port": null,
    "webapi_url": "https://mriqc.nimh.nih.gov/api/v1"
  },
  "size_t": 332,
  "size_x": 106,
  "size_y": 106,
  "size_z": 16,
  "snr": 7.473648218459577,
  "spacing_tr": 1.0,
  "spacing_x": 1.9811320304870605,
  "spacing_y": 1.9811320304870605,
  "spacing_z": 4.0,
  "summary_bg_k": 43.1888883225602,
  "summary_bg_mad": 7.229919808273242,
  "summary_bg_mean": 48.36897277832031,
  "summary_bg_median": 37.00602340698242,
  "summary_bg_n": 108096.0,
  "summary_bg_p05": 30.204818725585938,
  "summary_bg_p95": 106.20857810974121,
  "summary_bg_stdv": 36.18112564086914,
  "summary_fg_k": 1.1526027516468282,
  "summary_fg_mad": 95.53409456465796,
  "summary_fg_mean": 780.5846557617188,
  "summary_fg_median": 781.66259765625,
  "summary_fg_n": 30393.0,
  "summary_fg_p05": 612.7909423828125,
  "summary_fg_p95": 953.2596069335935,
  "summary_fg_stdv": 104.58744049072266,
  "tsnr": 31.48726894968422
}