{
  "aor": 0.00019487951807228919,
  "aqi": 0.017723874698795182,
  "bids_meta": {
    "AcquisitionMatrixPE": 106,
    "AcquisitionNumber": 1,
    "AcquisitionTime": "15:21:38.102500",
    "BandwidthPerPixelPhaseEncode": 27.345,
    "BaseResolution": 106,
    "CoilString": "T:HEA;HEP",
    "ConversionSoftware": "dcm2niix",
    "ConversionSoftwareVersion": "v1.0.20190720  GCC7.4.0",
    "Dcm2bidsVersion": "2.1.4",
    "DerivedVendorReportedEchoSpacing": 0.000689995,
    "DeviceSerialNumber": "40296",
    "DwellTime": 2.8e-06,
    "EchoTime": 0.023,
    "EffectiveEchoSpacing": 0.000344998,
    "FlipAngle": 90,
    "ImageOrientationPatientDICOM": [
      0.992346,
      0.102761,
      -0.0684809,
      -0.106051,
      0.993284,
      -0.0462716
    ],
    "ImageType": [
      "ORIGINAL",
      "PRIMARY",
      "M",
      "ND",
      "MOSAIC"
    ],
    "ImagingFrequency": 123.197,
    "InPlanePhaseEncodingDirectionDICOM": "COL",
    "InstitutionAddress": "Henri_le_Guilloux_2_Rennes_2A6CA1_District_FR_35000",
    "InstitutionName": "CHU_PONTCHAILLOU",
    "InstitutionalDepartmentName": "Department",
    "Instructions": "Try to move up the ball by feeling the movement of your right arm and hand. When the symbol + is displayed, rest",
    "MRAcquisitionType": "2D",
    "MagneticFieldStrength": 3,
    "Manufacturer": "Siemens",
    "ManufacturersModelName": "Verio",
    "Modality": "MR",
    "ParallelReductionFactorInPlane": 2,
    "PartialFourier": 1,
    "PatientPosition": "HFS",
    "PercentPhaseFOV": 100,
    "PhaseEncodingDirection": "j-",
    "PhaseEncodingSteps": 106,
    "PhaseResolution": 1,
    "PixelBandwidth": 1685,
    "ProcedureStepDescription": "OSS-IRM",
    "ProtocolName": "NF3_bold_eeg_2X8x20s_TR1s_16_coupes",
    "PulseSequenceDetails": "%SiemensSeq%_ep2d_bold",
    "ReceiveCoilName": "HeadMatrix",
    "ReconMatrixPE": 106,
    "RefLinesPE": 24,
    "RepetitionTime": 1,
    "SAR": 0.0572547,
    "ScanOptions": "FS",
    "ScanningSequence": "EP",
    "SequenceName": "_epfid2d1_106",
    "SequenceVariant": "SK",
    "SeriesDescription": "NF3_bold_eeg_2X8x20s_TR1s_16_coupes",
    "SeriesNumber": 21,
    "ShimSetting": [
      836,
      13294,
      -6419,
      479,
      -884,
      -823,
      949,
      -216
    ],
    "SliceThickness": 4,
    "SliceTiming": [
      0.5025,
      0,
      0.565,
      0.065,
      0.6275,
      0.1275,
      0.69,
      0.19,
      0.755,
      0.2525,
      0.8175,
      0.315,
      0.88,
      0.3775,
      0.9425,
      0.44
    ],
    "SoftwareVersions": "syngo_MR_B17",
    "SpacingBetweenSlices": 4,
    "StationName": "MRC40296",
    "TaskName": "2dNF",
    "TotalReadoutTime": 0.0362248,
    "TxRefAmp": 459.631,
    "dataset": "ds002338",
    "modality": "bold",
    "run_id": 3,
    "subject_id": "xp210",
    "task_id": "2dNF"
  },
  "dummy_trs": 0,
  "dvars_nstd": 38.65680635800606,
  "dvars_std": 1.0091141915105735,
  "dvars_vstd": 0.9993251960725082,
  "efc": 0.5430228631783751,
  "fber": 459.9336853027344,
  "fd_mean": 0.0919352993390501,
  "fd_num": 2,
  "fd_perc": 0.6024096385542169,
  "fwhm_avg": 2.218072496872043,
  "fwhm_x": 2.091001476050819,
  "fwhm_y": 2.7386110145653095,
  "fwhm_z": 1.824605,
  "gcor": 0.0521554,
  "gsr_x": -0.002139456570148468,
  "gsr_y": 0.02009919099509716,
  "provenance": {
    "md5sum": "08e15eeb8b9771d3dcdb484256c04bf3",
    "settings": {
      "fd_thres": 0.2,
      "testing": false
    },
    "software": "mriqc",
    "version": "21.0.0rc2",
    "webapi_port": null,
    "webapi_url": "https://mriqc.nimh.nih.gov/api/v1"
  },
  "size_t": 332,
  "size_x": 106,
  "size_y": 106,
  "size_z": 16,
  "snr": 6.946395184689688,
  "spacing_tr": 1.0,
  "spacing_x": 1.9811320304870605,
  "spacing_y": 1.9811320304870605,
  "spacing_z": 4.0,
  "summary_bg_k": 50.47484416459208,
  "summary_bg_mad": 5.890216793845825,
  "summary_bg_mean": 46.61731719970703,
  "summary_bg_median": 35.56325149536133,
  "summary_bg_n": 108062.0,
  "summary_bg_p05": 29.96084213256836,
  "summary_bg_p95": 102.39713134765623,
  "summary_bg_stdv": 35.31524658203125,
  "summary_fg_k": 0.6996726613884747,
  "summary_fg_mad": 103.8714697723004,
  "summary_fg_mean": 766.4940185546875,
  "summary_fg_median": 765.563232421875,
  "summary_fg_n": 30431.0,
  "summary_fg_p05": 591.3313293457031,
  "summary_fg_p95": 954.8298034667969,
  "summary_fg_stdv": 110.20833587646484,
  "tsnr": 35.542196918977425
}