{
  "aor": 0.00022807228915662655,
  "aqi": 0.01945370361445783,
  "bids_meta": {
    "AcquisitionMatrixPE": 106,
    "AcquisitionNumber": 1,
    "AcquisitionTime": "15:05:33.287500",
    "BandwidthPerPixelPhaseEncode": 27.345,
    "BaseResolution": 106,
    "CoilString": "T:HEA;HEP",
    "ConversionSoftware": "dcm2niix",
    "ConversionSoftwareVersion": "v1.0.20190720  GCC7.4.0",
    "Dcm2bidsVersion": "2.1.4",
    "DerivedVendorReportedEchoSpacing": 0.000689995,
    "DeviceSerialNumber": "40296",
    "DwellTime": 2.8e-06,
    "EchoTime": 0.023,
    "EffectiveEchoSpacing": 0.000344998,
    "FlipAngle": 90,
    "ImageOrientationPatientDICOM": [
      0.992346,
      0.102761,
      -0.0684809,
      -0.106051,
      0.993284,
      -0.0462716
    ],
    "ImageType": [
      "ORIGINAL",
      "PRIMARY",
      "M",
      "ND",
      "MOSAIC"
    ],
    "ImagingFrequency": 123.197,
    "InPlanePhaseEncodingDirectionDICOM": "COL",
    "InstitutionAddress": "Henri_le_Guilloux_2_Rennes_2A6CA1_District_FR_35000",
    "InstitutionName": "CHU_PONTCHAILLOU",
    "InstitutionalDepartmentName": "Department",
    "Instructions": "Try to move up the ball by feeling the movement of your right arm and hand. When the symbol + is displayed, rest",
    "MRAcquisitionType": "2D",
    "MagneticFieldStrength": 3,
    "Manufacturer": "Siemens",
    "ManufacturersModelName": "Verio",
    "Modality": "MR",
    "ParallelReductionFactorInPlane": 2,
    "PartialFourier": 1,
    "PatientPosition": "HFS",
    "PercentPhaseFOV": 100,
    "PhaseEncodingDirection": "j-",
    "PhaseEncodingSteps": 106,
    "PhaseResolution": 1,
    "PixelBandwidth": 1685,
    "ProcedureStepDescription": "OSS-IRM",
    "ProtocolName": "NF1_bold_eeg_2X8x20s_TR1s_16_coupes",
    "PulseSequenceDetails": "%SiemensSeq%_ep2d_bold",
    "ReceiveCoilName": "HeadMatrix",
    "ReconMatrixPE": 106,
    "RefLinesPE": 24,
    "RepetitionTime": 1,
    "SAR": 0.0572547,
    "ScanOptions": "FS",
    "ScanningSequence": "EP",
    "SequenceName": "_epfid2d1_106",
    "SequenceVariant": "SK",
    "SeriesDescription": "NF1_bold_eeg_2X8x20s_TR1s_16_coupes",
    "SeriesNumber": 19,
    "ShimSetting": [
      836,
      13294,
      -6419,
      479,
      -884,
      -823,
      949,
      -216
    ],
    "SliceThickness": 4,
    "SliceTiming": [
      0.5,
      0,
      0.5625,
      0.0625,
      0.625,
      0.125,
      0.6875,
      0.1875,
      0.7525,
      0.25,
      0.815,
      0.3125,
      0.8775,
      0.375,
      0.94,
      0.4375
    ],
    "SoftwareVersions": "syngo_MR_B17",
    "SpacingBetweenSlices": 4,
    "StationName": "MRC40296",
    "TaskName": "2dNF",
    "TotalReadoutTime": 0.0362248,
    "TxRefAmp": 459.631,
    "dataset": "ds002338",
    "modality": "bold",
    "run_id": 1,
    "subject_id": "xp210",
    "task_id": "2dNF"
  },
  "dummy_trs": 0,
  "dvars_nstd": 39.81228561646527,
  "dvars_std": 1.0058271284290028,
  "dvars_vstd": 0.997843077039275,
  "efc": 0.5440409854802222,
  "fber": 423.1839294433594,
  "fd_mean": 0.090166974065177,
  "fd_num": 0,
  "fd_perc": 0.0,
  "fwhm_avg": 2.260751973839487,
  "fwhm_x": 2.132114334127207,
  "fwhm_y": 2.8001515873912535,
  "fwhm_z": 1.84999,
  "gcor": 0.0642912,
  "gsr_x": -0.0018584635108709335,
  "gsr_y": 0.019919781014323235,
  "provenance": {
    "md5sum": "6c77068aaf9c24d4d03999079063a53b",
    "settings": {
      "fd_thres": 0.2,
      "testing": false
    },
    "software": "mriqc",
    "version": "21.0.0rc2",
    "webapi_port": null,
    "webapi_url": "https://mriqc.nimh.nih.gov/api/v1"
  },
  "size_t": 332,
  "size_x": 106,
  "size_y": 106,
  "size_z": 16,
  "snr": 6.819216096504671,
  "spacing_tr": 1.0,
  "spacing_x": 1.9811320304870605,
  "spacing_y": 1.9811320304870605,
  "spacing_z": 4.0,
  "summary_bg_k": 51.53833311250243,
  "summary_bg_mad": 5.832164080559041,
  "summary_bg_mean": 46.635623931884766,
  "summary_bg_median": 36.240962982177734,
  "summary_bg_n": 108321.0,
  "summary_bg_p05": 30.1475887298584,
  "summary_bg_p95": 100.4518051147461,
  "summary_bg_stdv": 34.27006149291992,
  "summary_fg_k": 0.7910709567640248,
  "summary_fg_mad": 101.91329284924424,
  "summary_fg_mean": 751.0248413085938,
  "summary_fg_median": 749.0797729492188,
  "summary_fg_n": 30178.0,
  "summary_fg_p05": 577.9386840820313,
  "summary_fg_p95": 940.6710693359374,
  "summary_fg_stdv": 109.84654998779297,
  "tsnr": 33.45032949571032
}