{
  "aor": 0.0001570180722891566,
  "aqi": 0.019972053012048192,
  "bids_meta": {
    "AcquisitionMatrixPE": 106,
    "AcquisitionNumber": 1,
    "AcquisitionTime": "14:41:4.862500",
    "BandwidthPerPixelPhaseEncode": 27.345,
    "BaseResolution": 106,
    "CoilString": "T:HEA;HEP",
    "ConversionSoftware": "dcm2niix",
    "ConversionSoftwareVersion": "v1.0.20190720  GCC7.4.0",
    "Dcm2bidsVersion": "2.1.4",
    "DerivedVendorReportedEchoSpacing": 0.000689995,
    "DeviceSerialNumber": "40296",
    "DwellTime": 2.8e-06,
    "EchoTime": 0.023,
    "EffectiveEchoSpacing": 0.000344998,
    "FlipAngle": 90,
    "ImageOrientationPatientDICOM": [
      0.992346,
      0.102761,
      -0.0684809,
      -0.106051,
      0.993284,
      -0.0462716
    ],
    "ImageType": [
      "ORIGINAL",
      "PRIMARY",
      "FMRI",
      "NONE",
      "ND",
      "MOSAIC"
    ],
    "ImagingFrequency": 123.197,
    "InPlanePhaseEncodingDirectionDICOM": "COL",
    "InstitutionAddress": "Henri_le_Guilloux_2_Rennes_2A6CA1_District_FR_35000",
    "InstitutionName": "CHU_PONTCHAILLOU",
    "InstitutionalDepartmentName": "Department",
    "Instructions": "When demanded, try to feel the movement of your right arm and hand. When the symbol + is displayed, rest",
    "MRAcquisitionType": "2D",
    "MagneticFieldStrength": 3,
    "Manufacturer": "Siemens",
    "ManufacturersModelName": "Verio",
    "Modality": "MR",
    "ParallelReductionFactorInPlane": 2,
    "PartialFourier": 1,
    "PatientPosition": "HFS",
    "PercentPhaseFOV": 100,
    "PhaseEncodingDirection": "j-",
    "PhaseEncodingSteps": 106,
    "PhaseResolution": 1,
    "PixelBandwidth": 1685,
    "ProcedureStepDescription": "OSS-IRM",
    "ProtocolName": "MI_pre_bold_eeg_2X8x20s_avec_GLM_TR1s_16_coupes",
    "PulseSequenceDetails": "%SiemensSeq%_ep2d_bold",
    "ReceiveCoilName": "HeadMatrix",
    "ReconMatrixPE": 106,
    "RefLinesPE": 24,
    "RepetitionTime": 1,
    "SAR": 0.0572547,
    "ScanOptions": "FS",
    "ScanningSequence": "EP",
    "SequenceName": "_epfid2d1_106",
    "SequenceVariant": "SK",
    "SeriesDescription": "MI_pre_bold_eeg_2X8x20s_avec_GLM_TR1s_16_coupes",
    "SeriesNumber": 3,
    "ShimSetting": [
      836,
      13294,
      -6419,
      479,
      -884,
      -823,
      949,
      -216
    ],
    "SliceThickness": 4,
    "SliceTiming": [
      0.5,
      0,
      0.565,
      0.0625,
      0.6275,
      0.125,
      0.69,
      0.1875,
      0.7525,
      0.25,
      0.815,
      0.3125,
      0.8775,
      0.375,
      0.94,
      0.4375
    ],
    "SoftwareVersions": "syngo_MR_B17",
    "SpacingBetweenSlices": 4,
    "StationName": "MRC40296",
    "TaskName": "MIpre",
    "TotalReadoutTime": 0.0362248,
    "TxRefAmp": 459.631,
    "dataset": "ds002338",
    "modality": "bold",
    "subject_id": "xp210",
    "task_id": "MIpre"
  },
  "dummy_trs": 0,
  "dvars_nstd": 39.7893232021148,
  "dvars_std": 1.0027819176132933,
  "dvars_vstd": 0.9938241356495472,
  "efc": 0.5394596730676664,
  "fber": 429.65521240234375,
  "fd_mean": 0.08926443968024045,
  "fd_num": 0,
  "fd_perc": 0.0,
  "fwhm_avg": 2.2576477119224614,
  "fwhm_x": 2.13521861991198,
  "fwhm_y": 2.7954270158554033,
  "fwhm_z": 1.8422975,
  "gcor": 0.0901355,
  "gsr_x": -0.0016397711588069797,
  "gsr_y": 0.020037900656461716,
  "provenance": {
    "md5sum": "7f9043bd2e0d8e5d89e61c4ee4422d60",
    "settings": {
      "fd_thres": 0.2,
      "testing": false
    },
    "software": "mriqc",
    "version": "21.0.0rc2",
    "webapi_port": null,
    "webapi_url": "https://mriqc.nimh.nih.gov/api/v1"
  },
  "size_t": 332,
  "size_x": 106,
  "size_y": 106,
  "size_z": 16,
  "snr": 6.8183215888298925,
  "spacing_tr": 1.0,
  "spacing_x": 1.9811320304870605,
  "spacing_y": 1.9811320304870605,
  "spacing_z": 4.0,
  "summary_bg_k": 49.89001398614989,
  "summary_bg_mad": 5.349870429797308,
  "summary_bg_mean": 45.60877990722656,
  "summary_bg_median": 35.64457702636719,
  "summary_bg_n": 109123.0,
  "summary_bg_p05": 30.177709579467773,
  "summary_bg_p95": 96.70391464233393,
  "summary_bg_stdv": 32.26286315917969,
  "summary_fg_k": 0.8499682057457987,
  "summary_fg_mad": 101.03797477920003,
  "summary_fg_mean": 742.9541015625,
  "summary_fg_median": 740.21533203125,
  "summary_fg_n": 29414.0,
  "summary_fg_p05": 573.9192352294922,
  "summary_fg_p95": 930.8805236816406,
  "summary_fg_stdv": 108.56084442138672,
  "tsnr": 32.66344270808622
}