{
  "bids_meta": {
    "AcquisitionMatrixPE": 256,
    "AcquisitionNumber": 1,
    "AcquisitionTime": "14:20:3.382500",
    "BaseResolution": 256,
    "CoilString": "T:HEA;HEP",
    "ConversionSoftware": "dcm2niix",
    "ConversionSoftwareVersion": "v1.0.20190720  GCC7.4.0",
    "Dcm2bidsVersion": "2.1.4",
    "DeviceSerialNumber": "40296",
    "DwellTime": 9.8e-06,
    "EchoTime": 0.00226,
    "FlipAngle": 9,
    "ImageOrientationPatientDICOM": [
      -0.0468739,
      0.998901,
      4.51567e-08,
      -0.0192037,
      -0.000901097,
      -0.999815
    ],
    "ImageType": [
      "ORIGINAL",
      "PRIMARY",
      "M",
      "ND",
      "NORM",
      "FM",
      "FIL"
    ],
    "ImagingFrequency": 123.197,
    "InPlanePhaseEncodingDirectionDICOM": "ROW",
    "InstitutionAddress": "Henri_le_Guilloux_2_Rennes_2A6CA1_District_FR_35000",
    "InstitutionName": "CHU_PONTCHAILLOU",
    "InstitutionalDepartmentName": "Department",
    "Interpolation2D": 1,
    "InversionTime": 0.9,
    "MRAcquisitionType": "3D",
    "MagneticFieldStrength": 3,
    "Manufacturer": "Siemens",
    "ManufacturersModelName": "Verio",
    "Modality": "MR",
    "ParallelReductionFactorInPlane": 2,
    "PartialFourier": 1,
    "PatientPosition": "HFS",
    "PercentPhaseFOV": 100,
    "PhaseEncodingSteps": 255,
    "PhaseResolution": 1,
    "PixelBandwidth": 199,
    "ProcedureStepDescription": "OSS-IRM",
    "ProtocolName": "T1_3D_MPRAGE",
    "PulseSequenceDetails": "%SiemensSeq%_tfl",
    "ReceiveCoilName": "HeadMatrix",
    "ReconMatrixPE": 512,
    "RefLinesPE": 24,
    "RepetitionTime": 1.9,
    "SAR": 0.0349652,
    "ScanOptions": "IR",
    "ScanningSequence": "GR_IR",
    "SequenceName": "_tfl3d1_ns",
    "SequenceVariant": "SP_MP",
    "SeriesDescription": "T1_3D_MPRAGE",
    "SeriesNumber": 9,
    "ShimSetting": [
      936,
      13482,
      -6965,
      33,
      -607,
      -326,
      728,
      -255
    ],
    "SliceThickness": 1,
    "SoftwareVersions": "syngo_MR_B17",
    "StationName": "MRC40296",
    "TxRefAmp": 495.119,
    "dataset": "ds002338",
    "modality": "T1w",
    "subject_id": "xp216"
  },
  "cjv": 0.5010393106204356,
  "cnr": 2.7168866527571325,
  "efc": 0.6021200023116587,
  "fber": 2370.1523545706373,
  "fwhm_avg": 7.117636666666666,
  "fwhm_x": 4.42383,
  "fwhm_y": 8.7884,
  "fwhm_z": 8.14068,
  "icvs_csf": 0.23376666869810278,
  "icvs_gm": 0.415186743415811,
  "icvs_wm": 0.3510465878860862,
  "inu_med": 1.2567254304885864,
  "inu_range": 0.5504111647605896,
  "provenance": {
    "md5sum": "0cd02370c0684874c01c78547dff84ce",
    "settings": {
      "testing": false
    },
    "software": "mriqc",
    "version": "21.0.0rc2",
    "warnings": {
      "large_rot_frame": true,
      "small_air_mask": false
    },
    "webapi_port": null,
    "webapi_url": "https://mriqc.nimh.nih.gov/api/v1"
  },
  "qi_1": 0.0,
  "qi_2": 0.005172931784624986,
  "rpve_csf": 22.570573609871897,
  "rpve_gm": 13.075666781049854,
  "rpve_wm": 17.71192069757053,
  "size_x": 176,
  "size_y": 512,
  "size_z": 512,
  "snr_csf": 4.684556321208935,
  "snr_gm": 13.447804325094166,
  "snr_total": 11.748297053010488,
  "snr_wm": 17.112530512728362,
  "snrd_csf": 38.73249787736,
  "snrd_gm": 66.16458034115497,
  "snrd_total": 63.4072318460828,
  "snrd_wm": 85.32461731973342,
  "spacing_x": 1.0,
  "spacing_y": 0.5,
  "spacing_z": 0.5,
  "summary_bg_k": 430.8805833737176,
  "summary_bg_mad": 7.6781636667743705,
  "summary_bg_mean": 14.523071341840133,
  "summary_bg_median": 13.119734823703766,
  "summary_bg_n": 9937881.0,
  "summary_bg_p05": 5.247893929481506,
  "summary_bg_p95": 31.487363576889038,
  "summary_bg_stdv": 9.55872635057746,
  "summary_csf_k": 32.54431862043028,
  "summary_csf_mad": 93.67359673464732,
  "summary_csf_mean": 449.3237295858842,
  "summary_csf_median": 453.9428249001503,
  "summary_csf_n": 315768.0,
  "summary_csf_p05": 291.4652667939663,
  "summary_csf_p95": 586.427978686986,
  "summary_csf_stdv": 96.90183551699712,
  "summary_gm_k": -0.09591583360101552,
  "summary_gm_mad": 57.94454180525725,
  "summary_gm_mean": 779.2849723693759,
  "summary_gm_median": 775.4453793168068,
  "summary_gm_n": 228810.0,
  "summary_gm_p05": 690.7195128500462,
  "summary_gm_p95": 880.6794628500938,
  "summary_gm_stdv": 57.663218920417435,
  "summary_wm_k": 0.4213585514054996,
  "summary_wm_mad": 54.566149791876526,
  "summary_wm_mean": 997.6856165123093,
  "summary_wm_median": 999.9999985098839,
  "summary_wm_n": 1070163.0,
  "summary_wm_p05": 895.3873760998249,
  "summary_wm_p95": 1089.5594514906406,
  "summary_wm_stdv": 58.43668360722144,
  "tpm_overlap_csf": 0.1478305608034134,
  "tpm_overlap_gm": 0.43828728795051575,
  "tpm_overlap_wm": 0.48998382687568665,
  "wm2max": 0.3952367611343285
}