{
  "bids_meta": {
    "AcquisitionMatrixPE": 256,
    "AcquisitionNumber": 1,
    "AcquisitionTime": "09:30:47.380000",
    "BaseResolution": 256,
    "CoilString": "T:HEA;HEP",
    "ConversionSoftware": "dcm2niix",
    "ConversionSoftwareVersion": "v1.0.20190720  GCC7.4.0",
    "Dcm2bidsVersion": "2.1.4",
    "DeviceSerialNumber": "40296",
    "DwellTime": 9.8e-06,
    "EchoTime": 0.00226,
    "FlipAngle": 9,
    "ImageOrientationPatientDICOM": [
      0.0769313,
      0.997036,
      4.44129e-09,
      -0.0348061,
      0.00268564,
      -0.99939
    ],
    "ImageType": [
      "ORIGINAL",
      "PRIMARY",
      "M",
      "ND",
      "NORM",
      "FM",
      "FIL"
    ],
    "ImagingFrequency": 123.197,
    "InPlanePhaseEncodingDirectionDICOM": "ROW",
    "InstitutionAddress": "Henri_le_Guilloux_2_Rennes_2A6CA1_District_FR_35000",
    "InstitutionName": "CHU_PONTCHAILLOU",
    "InstitutionalDepartmentName": "Department",
    "Interpolation2D": 1,
    "InversionTime": 0.9,
    "MRAcquisitionType": "3D",
    "MagneticFieldStrength": 3,
    "Manufacturer": "Siemens",
    "ManufacturersModelName": "Verio",
    "Modality": "MR",
    "ParallelReductionFactorInPlane": 2,
    "PartialFourier": 1,
    "PatientPosition": "HFS",
    "PercentPhaseFOV": 100,
    "PhaseEncodingSteps": 255,
    "PhaseResolution": 1,
    "PixelBandwidth": 199,
    "ProcedureStepDescription": "OSS-IRM",
    "ProtocolName": "T1_3D_MPRAGE",
    "PulseSequenceDetails": "%SiemensSeq%_tfl",
    "ReceiveCoilName": "HeadMatrix",
    "ReconMatrixPE": 512,
    "RefLinesPE": 24,
    "RepetitionTime": 1.9,
    "SAR": 0.0340416,
    "ScanOptions": "IR",
    "ScanningSequence": "GR_IR",
    "SequenceName": "_tfl3d1_ns",
    "SequenceVariant": "SP_MP",
    "SeriesDescription": "T1_3D_MPRAGE",
    "SeriesNumber": 9,
    "ShimSetting": [
      936,
      13482,
      -6965,
      33,
      -607,
      -326,
      728,
      -255
    ],
    "SliceThickness": 1,
    "SoftwareVersions": "syngo_MR_B17",
    "StationName": "MRC40296",
    "TxRefAmp": 497.469,
    "dataset": "ds002338",
    "modality": "T1w",
    "subject_id": "xp211"
  },
  "cjv": 0.46027601341361296,
  "cnr": 2.9550989117754978,
  "efc": 0.6087968086298476,
  "fber": 2127.711074403907,
  "fwhm_avg": 6.68897,
  "fwhm_x": 4.12979,
  "fwhm_y": 8.28938,
  "fwhm_z": 7.64774,
  "icvs_csf": 0.22760436142107457,
  "icvs_gm": 0.3927479533059119,
  "icvs_wm": 0.3796476852730135,
  "inu_med": 1.1745221614837646,
  "inu_range": 0.49508284330368035,
  "provenance": {
    "md5sum": "63d582a90d6446cc6d1946ac87bcd529",
    "settings": {
      "testing": false
    },
    "software": "mriqc",
    "version": "21.0.0rc2",
    "warnings": {
      "large_rot_frame": true,
      "small_air_mask": false
    },
    "webapi_port": null,
    "webapi_url": "https://mriqc.nimh.nih.gov/api/v1"
  },
  "qi_1": 1.3247903452144052e-05,
  "qi_2": 0.006240480260157771,
  "rpve_csf": 21.508831003363902,
  "rpve_gm": 12.585833594694357,
  "rpve_wm": 15.414772558897614,
  "size_x": 176,
  "size_y": 512,
  "size_z": 512,
  "snr_csf": 4.106935387510442,
  "snr_gm": 14.158843032982277,
  "snr_total": 12.28379355663352,
  "snr_wm": 18.585602249407845,
  "snrd_csf": 33.06189558111689,
  "snrd_gm": 61.99955196020276,
  "snrd_total": 58.46071301120727,
  "snrd_wm": 80.32069149230215,
  "spacing_x": 1.0,
  "spacing_y": 0.5,
  "spacing_z": 0.5,
  "summary_bg_k": 78.30513147750864,
  "summary_bg_mad": 8.156507952731014,
  "summary_bg_mean": 15.77918851244478,
  "summary_bg_median": 13.89476614445448,
  "summary_bg_n": 10574512.0,
  "summary_bg_p05": 5.572012819349766,
  "summary_bg_p95": 33.22048149257898,
  "summary_bg_stdv": 9.538503738403524,
  "summary_csf_k": 35.10863606721557,
  "summary_csf_mad": 105.30260908205297,
  "summary_csf_mean": 407.6436786464028,
  "summary_csf_median": 411.62363055348396,
  "summary_csf_n": 231969.0,
  "summary_csf_p05": 249.54153613746166,
  "summary_csf_p95": 551.3471418842673,
  "summary_csf_stdv": 100.22625253999914,
  "summary_gm_k": 0.0013706465970515502,
  "summary_gm_mad": 54.37671968487343,
  "summary_gm_mean": 773.7423754323213,
  "summary_gm_median": 771.9001049995422,
  "summary_gm_n": 199681.0,
  "summary_gm_p05": 687.1914037838578,
  "summary_gm_p95": 866.5537911206484,
  "summary_gm_stdv": 54.51703718770629,
  "summary_wm_k": 0.6450007095214114,
  "summary_wm_mad": 50.612177552843725,
  "summary_wm_mean": 999.6932509697936,
  "summary_wm_median": 999.9999715536833,
  "summary_wm_n": 1309906.0,
  "summary_wm_p05": 909.6487257108092,
  "summary_wm_p95": 1086.5424997732043,
  "summary_wm_stdv": 53.805067838396425,
  "tpm_overlap_csf": 0.15698428452014923,
  "tpm_overlap_gm": 0.40725064277648926,
  "tpm_overlap_wm": 0.4865064322948456,
  "wm2max": 0.4001128827430507
}