{
  "aor": 0.00032039156626506024,
  "aqi": 0.02065285843373494,
  "bids_meta": {
    "AcquisitionMatrixPE": 106,
    "AcquisitionNumber": 1,
    "AcquisitionTime": "12:16:36.122500",
    "BandwidthPerPixelPhaseEncode": 27.345,
    "BaseResolution": 106,
    "CoilString": "T:HEA;HEP",
    "ConversionSoftware": "dcm2niix",
    "ConversionSoftwareVersion": "v1.0.20190720  GCC7.4.0",
    "Dcm2bidsVersion": "2.1.4",
    "DerivedVendorReportedEchoSpacing": 0.000689995,
    "DeviceSerialNumber": "40296",
    "DwellTime": 2.8e-06,
    "EchoTime": 0.023,
    "EffectiveEchoSpacing": 0.000344998,
    "FlipAngle": 90,
    "ImageOrientationPatientDICOM": [
      0.999634,
      0.0159222,
      0.021854,
      -0.0122135,
      0.986974,
      -0.160418
    ],
    "ImageType": [
      "ORIGINAL",
      "PRIMARY",
      "M",
      "ND",
      "MOSAIC"
    ],
    "ImagingFrequency": 123.197,
    "InPlanePhaseEncodingDirectionDICOM": "COL",
    "InstitutionAddress": "Henri_le_Guilloux_2_Rennes_2A6CA1_District_FR_35000",
    "InstitutionName": "CHU_PONTCHAILLOU",
    "InstitutionalDepartmentName": "Department",
    "Instructions": "When demanded, try to feel the movement of your right arm and hand. When the symbol + is displayed, rest",
    "MRAcquisitionType": "2D",
    "MagneticFieldStrength": 3,
    "Manufacturer": "Siemens",
    "ManufacturersModelName": "Verio",
    "Modality": "MR",
    "ParallelReductionFactorInPlane": 2,
    "PartialFourier": 1,
    "PatientPosition": "HFS",
    "PercentPhaseFOV": 100,
    "PhaseEncodingDirection": "j-",
    "PhaseEncodingSteps": 106,
    "PhaseResolution": 1,
    "PixelBandwidth": 1685,
    "ProcedureStepDescription": "OSS-IRM",
    "ProtocolName": "MI_post_bold_eeg_2X8x20s_TR1s_16_coupes",
    "PulseSequenceDetails": "%SiemensSeq%_ep2d_bold",
    "ReceiveCoilName": "HeadMatrix",
    "ReconMatrixPE": 106,
    "RefLinesPE": 24,
    "RepetitionTime": 1,
    "SAR": 0.0614913,
    "ScanOptions": "FS",
    "ScanningSequence": "EP",
    "SequenceName": "_epfid2d1_106",
    "SequenceVariant": "SK",
    "SeriesDescription": "MI_post_bold_eeg_2X8x20s_TR1s_16_coupes",
    "SeriesNumber": 28,
    "ShimSetting": [
      996,
      13285,
      -6611,
      253,
      -687,
      -874,
      1061,
      535
    ],
    "SliceThickness": 4,
    "SliceTiming": [
      0.5025,
      0,
      0.565,
      0.0625,
      0.6275,
      0.125,
      0.69,
      0.1875,
      0.7525,
      0.25,
      0.815,
      0.3125,
      0.8775,
      0.375,
      0.94,
      0.4375
    ],
    "SoftwareVersions": "syngo_MR_B17",
    "SpacingBetweenSlices": 4,
    "StationName": "MRC40296",
    "TaskName": "MIpost",
    "TotalReadoutTime": 0.0362248,
    "TxRefAmp": 458.691,
    "dataset": "ds002338",
    "modality": "bold",
    "subject_id": "xp218",
    "task_id": "MIpost"
  },
  "dummy_trs": 0,
  "dvars_nstd": 36.095411606102736,
  "dvars_std": 1.010404924833837,
  "dvars_vstd": 0.9963410114803626,
  "efc": 0.5467894969106785,
  "fber": 483.3649597167969,
  "fd_mean": 0.0869510577627671,
  "fd_num": 7,
  "fd_perc": 2.108433734939759,
  "fwhm_avg": 2.2244272793070476,
  "fwhm_x": 2.172141954083714,
  "fwhm_y": 2.6759397750470244,
  "fwhm_z": 1.825200108790404,
  "gcor": 0.0649129,
  "gsr_x": 0.006161788012832403,
  "gsr_y": 0.011013536714017391,
  "provenance": {
    "md5sum": "2ab5691502f650df91901a90115e4558",
    "settings": {
      "fd_thres": 0.2,
      "testing": false
    },
    "software": "mriqc",
    "version": "21.0.0rc2",
    "webapi_port": null,
    "webapi_url": "https://mriqc.nimh.nih.gov/api/v1"
  },
  "size_t": 332,
  "size_x": 106,
  "size_y": 106,
  "size_z": 16,
  "snr": 7.05672160088189,
  "spacing_tr": 1.0,
  "spacing_x": 1.9811320304870605,
  "spacing_y": 1.9811320304870605,
  "spacing_z": 3.999999761581421,
  "summary_bg_k": 50.265497081587725,
  "summary_bg_mad": 4.827387526698307,
  "summary_bg_mean": 44.52284240722656,
  "summary_bg_median": 33.53313064575195,
  "summary_bg_n": 106614.0,
  "summary_bg_p05": 27.95783042907715,
  "summary_bg_p95": 107.16867065429688,
  "summary_bg_stdv": 40.50123596191406,
  "summary_fg_k": 1.354405679448874,
  "summary_fg_mad": 92.33216604295373,
  "summary_fg_mean": 750.8968505859375,
  "summary_fg_median": 740.7017822265625,
  "summary_fg_n": 32843.0,
  "summary_fg_p05": 598.7379150390625,
  "summary_fg_p95": 941.216552734375,
  "summary_fg_stdv": 104.96240997314453,
  "tsnr": 36.1223848646041
}