{
  "aor": 0.0001852710843373494,
  "aqi": 0.013178371084337349,
  "bids_meta": {
    "AcquisitionMatrixPE": 106,
    "AcquisitionNumber": 1,
    "AcquisitionTime": "14:40:10.810000",
    "BandwidthPerPixelPhaseEncode": 27.345,
    "BaseResolution": 106,
    "CoilString": "T:HEA;HEP",
    "ConversionSoftware": "dcm2niix",
    "ConversionSoftwareVersion": "v1.0.20190720  GCC7.4.0",
    "Dcm2bidsVersion": "2.1.4",
    "DerivedVendorReportedEchoSpacing": 0.000689995,
    "DeviceSerialNumber": "40296",
    "DwellTime": 2.8e-06,
    "EchoTime": 0.023,
    "EffectiveEchoSpacing": 0.000344998,
    "FlipAngle": 90,
    "ImageOrientationPatientDICOM": [
      0.999925,
      0.0120185,
      -0.00219985,
      -0.0122171,
      0.985899,
      -0.166897
    ],
    "ImageType": [
      "ORIGINAL",
      "PRIMARY",
      "FMRI",
      "NONE",
      "ND",
      "MOSAIC"
    ],
    "ImagingFrequency": 123.196,
    "InPlanePhaseEncodingDirectionDICOM": "COL",
    "InstitutionAddress": "Henri_le_Guilloux_2_Rennes_2A6CA1_District_FR_35000",
    "InstitutionName": "CHU_PONTCHAILLOU",
    "InstitutionalDepartmentName": "Department",
    "Instructions": "When demanded, try to feel the movement of your right arm and hand. When the symbol + is displayed, rest",
    "MRAcquisitionType": "2D",
    "MagneticFieldStrength": 3,
    "Manufacturer": "Siemens",
    "ManufacturersModelName": "Verio",
    "Modality": "MR",
    "ParallelReductionFactorInPlane": 2,
    "PartialFourier": 1,
    "PatientPosition": "HFS",
    "PercentPhaseFOV": 100,
    "PhaseEncodingDirection": "j-",
    "PhaseEncodingSteps": 106,
    "PhaseResolution": 1,
    "PixelBandwidth": 1685,
    "ProcedureStepDescription": "OSS-IRM",
    "ProtocolName": "MI_pre_bold_eeg_2X8x20s_avec_GLM_TR1s_16_coupes",
    "PulseSequenceDetails": "%SiemensSeq%_ep2d_bold",
    "ReceiveCoilName": "HeadMatrix",
    "ReconMatrixPE": 106,
    "RefLinesPE": 24,
    "RepetitionTime": 1,
    "SAR": 0.0612752,
    "ScanOptions": "FS",
    "ScanningSequence": "EP",
    "SequenceName": "_epfid2d1_106",
    "SequenceVariant": "SK",
    "SeriesDescription": "MI_pre_bold_eeg_2X8x20s_avec_GLM_TR1s_16_coupes",
    "SeriesNumber": 3,
    "ShimSetting": [
      919,
      13384,
      -6508,
      445,
      -733,
      -111,
      957,
      -252
    ],
    "SliceThickness": 4,
    "SliceTiming": [
      0.5,
      0,
      0.5625,
      0.0625,
      0.625,
      0.125,
      0.69,
      0.1875,
      0.7525,
      0.25,
      0.815,
      0.3125,
      0.8775,
      0.375,
      0.94,
      0.4375
    ],
    "SoftwareVersions": "syngo_MR_B17",
    "SpacingBetweenSlices": 4,
    "StationName": "MRC40296",
    "TaskName": "MIpre",
    "TotalReadoutTime": 0.0362248,
    "TxRefAmp": 448.133,
    "dataset": "ds002338",
    "modality": "bold",
    "subject_id": "xp219",
    "task_id": "MIpre"
  },
  "dummy_trs": 0,
  "dvars_nstd": 39.00285679308156,
  "dvars_std": 1.0088564734138978,
  "dvars_vstd": 0.9936737637160132,
  "efc": 0.5576665684987304,
  "fber": 430.6239929199219,
  "fd_mean": 0.08516902250498491,
  "fd_num": 2,
  "fd_perc": 0.6024096385542169,
  "fwhm_avg": 2.635613844850313,
  "fwhm_x": 2.6315661549918343,
  "fwhm_y": 3.0843678795591054,
  "fwhm_z": 2.1909075,
  "gcor": 0.131397,
  "gsr_x": -0.002866738010197878,
  "gsr_y": 0.02663177065551281,
  "provenance": {
    "md5sum": "ec3008963c0d869710ee44cc96536da7",
    "settings": {
      "fd_thres": 0.2,
      "testing": false
    },
    "software": "mriqc",
    "version": "21.0.0rc2",
    "webapi_port": null,
    "webapi_url": "https://mriqc.nimh.nih.gov/api/v1"
  },
  "size_t": 332,
  "size_x": 106,
  "size_y": 106,
  "size_z": 16,
  "snr": 5.526997248760776,
  "spacing_tr": 1.0,
  "spacing_x": 1.9811320304870605,
  "spacing_y": 1.9811320304870605,
  "spacing_z": 4.0,
  "summary_bg_k": 36.464589546127854,
  "summary_bg_mad": 4.4567397999112215,
  "summary_bg_mean": 45.973976135253906,
  "summary_bg_median": 33.04518127441406,
  "summary_bg_n": 104553.0,
  "summary_bg_p05": 28.04216766357422,
  "summary_bg_p95": 119.70361022949211,
  "summary_bg_stdv": 45.32342529296875,
  "summary_fg_k": 0.3006732641628935,
  "summary_fg_mad": 115.3214590247388,
  "summary_fg_mean": 718.8291625976562,
  "summary_fg_median": 691.9005737304688,
  "summary_fg_n": 33693.0,
  "summary_fg_p05": 553.0403442382812,
  "summary_fg_p95": 952.5294921875,
  "summary_fg_stdv": 125.18376159667969,
  "tsnr": 33.8293962321477
}