{
  "aor": 0.000935632530120482,
  "aqi": 0.02686019608433735,
  "bids_meta": {
    "AcquisitionMatrixPE": 106,
    "AcquisitionNumber": 1,
    "AcquisitionTime": "15:03:18.460000",
    "BandwidthPerPixelPhaseEncode": 27.345,
    "BaseResolution": 106,
    "CoilString": "T:HEA;HEP",
    "ConversionSoftware": "dcm2niix",
    "ConversionSoftwareVersion": "v1.0.20190720  GCC7.4.0",
    "Dcm2bidsVersion": "2.1.4",
    "DerivedVendorReportedEchoSpacing": 0.000689995,
    "DeviceSerialNumber": "40296",
    "DwellTime": 2.8e-06,
    "EchoTime": 0.023,
    "EffectiveEchoSpacing": 0.000344998,
    "FlipAngle": 90,
    "ImageOrientationPatientDICOM": [
      0.999925,
      0.0120185,
      -0.00219985,
      -0.0122171,
      0.985899,
      -0.166897
    ],
    "ImageType": [
      "ORIGINAL",
      "PRIMARY",
      "M",
      "ND",
      "MOSAIC"
    ],
    "ImagingFrequency": 123.197,
    "InPlanePhaseEncodingDirectionDICOM": "COL",
    "InstitutionAddress": "Henri_le_Guilloux_2_Rennes_2A6CA1_District_FR_35000",
    "InstitutionName": "CHU_PONTCHAILLOU",
    "InstitutionalDepartmentName": "Department",
    "Instructions": "Try to move up the ball by feeling the movement of your right arm and hand. When the symbol + is displayed, rest",
    "MRAcquisitionType": "2D",
    "MagneticFieldStrength": 3,
    "Manufacturer": "Siemens",
    "ManufacturersModelName": "Verio",
    "Modality": "MR",
    "ParallelReductionFactorInPlane": 2,
    "PartialFourier": 1,
    "PatientPosition": "HFS",
    "PercentPhaseFOV": 100,
    "PhaseEncodingDirection": "j-",
    "PhaseEncodingSteps": 106,
    "PhaseResolution": 1,
    "PixelBandwidth": 1685,
    "ProcedureStepDescription": "OSS-IRM",
    "ProtocolName": "NF1_bold_eeg_2X8x20s_TR1s_16_coupes",
    "PulseSequenceDetails": "%SiemensSeq%_ep2d_bold",
    "ReceiveCoilName": "HeadMatrix",
    "ReconMatrixPE": 106,
    "RefLinesPE": 24,
    "RepetitionTime": 1,
    "SAR": 0.0612752,
    "ScanOptions": "FS",
    "ScanningSequence": "EP",
    "SequenceName": "_epfid2d1_106",
    "SequenceVariant": "SK",
    "SeriesDescription": "NF1_bold_eeg_2X8x20s_TR1s_16_coupes",
    "SeriesNumber": 18,
    "ShimSetting": [
      919,
      13384,
      -6508,
      445,
      -733,
      -111,
      957,
      -252
    ],
    "SliceThickness": 4,
    "SliceTiming": [
      0.5025,
      0,
      0.565,
      0.0625,
      0.6275,
      0.125,
      0.69,
      0.1875,
      0.7525,
      0.25,
      0.815,
      0.3125,
      0.8775,
      0.3775,
      0.94,
      0.44
    ],
    "SoftwareVersions": "syngo_MR_B17",
    "SpacingBetweenSlices": 4,
    "StationName": "MRC40296",
    "TaskName": "1dNF",
    "TotalReadoutTime": 0.0362248,
    "TxRefAmp": 448.133,
    "dataset": "ds002338",
    "modality": "bold",
    "run_id": 1,
    "subject_id": "xp219",
    "task_id": "1dNF"
  },
  "dummy_trs": 0,
  "dvars_nstd": 38.258233626555906,
  "dvars_std": 0.9928388306948642,
  "dvars_vstd": 0.9822739003927484,
  "efc": 0.5602942034850111,
  "fber": 450.0219421386719,
  "fd_mean": 0.09995877076758972,
  "fd_num": 5,
  "fd_perc": 1.5060240963855422,
  "fwhm_avg": 2.608462416676595,
  "fwhm_x": 2.6646886319344074,
  "fwhm_y": 3.103791118095378,
  "fwhm_z": 2.0569075,
  "gcor": 0.0487105,
  "gsr_x": -0.0033217044547200203,
  "gsr_y": 0.027501722797751427,
  "provenance": {
    "md5sum": "42ffc9f08e84057e9de05d7f2617c901",
    "settings": {
      "fd_thres": 0.2,
      "testing": false
    },
    "software": "mriqc",
    "version": "21.0.0rc2",
    "webapi_port": null,
    "webapi_url": "https://mriqc.nimh.nih.gov/api/v1"
  },
  "size_t": 332,
  "size_x": 106,
  "size_y": 106,
  "size_z": 16,
  "snr": 5.44071031484272,
  "spacing_tr": 1.0,
  "spacing_x": 1.9811320304870605,
  "spacing_y": 1.9811320304870605,
  "spacing_z": 4.0,
  "summary_bg_k": 31.751270163987705,
  "summary_bg_mad": 4.827387526698307,
  "summary_bg_mean": 46.960262298583984,
  "summary_bg_median": 32.67469787597656,
  "summary_bg_n": 103817.0,
  "summary_bg_p05": 27.18674659729004,
  "summary_bg_p95": 130.03794555664055,
  "summary_bg_stdv": 47.60118103027344,
  "summary_fg_k": 0.24642351738549362,
  "summary_fg_mad": 119.60181234740988,
  "summary_fg_mean": 728.497314453125,
  "summary_fg_median": 700.331298828125,
  "summary_fg_n": 34330.0,
  "summary_fg_p05": 557.5617248535157,
  "summary_fg_p95": 968.2984558105469,
  "summary_fg_stdv": 128.71868896484375,
  "tsnr": 31.312115981709212
}