{
  "aor": 0.0001399698795180723,
  "aqi": 0.019522464156626503,
  "bids_meta": {
    "AcquisitionMatrixPE": 106,
    "AcquisitionNumber": 1,
    "AcquisitionTime": "15:18:47.077500",
    "BandwidthPerPixelPhaseEncode": 27.345,
    "BaseResolution": 106,
    "CoilString": "T:HEA;HEP",
    "ConversionSoftware": "dcm2niix",
    "ConversionSoftwareVersion": "v1.0.20190720  GCC7.4.0",
    "Dcm2bidsVersion": "2.1.4",
    "DerivedVendorReportedEchoSpacing": 0.000689995,
    "DeviceSerialNumber": "40296",
    "DwellTime": 2.8e-06,
    "EchoTime": 0.023,
    "EffectiveEchoSpacing": 0.000344998,
    "FlipAngle": 90,
    "ImageOrientationPatientDICOM": [
      0.999925,
      0.0120185,
      -0.00219985,
      -0.0122171,
      0.985899,
      -0.166897
    ],
    "ImageType": [
      "ORIGINAL",
      "PRIMARY",
      "M",
      "ND",
      "MOSAIC"
    ],
    "ImagingFrequency": 123.197,
    "InPlanePhaseEncodingDirectionDICOM": "COL",
    "InstitutionAddress": "Henri_le_Guilloux_2_Rennes_2A6CA1_District_FR_35000",
    "InstitutionName": "CHU_PONTCHAILLOU",
    "InstitutionalDepartmentName": "Department",
    "Instructions": "Try to move up the ball by feeling the movement of your right arm and hand. When the symbol + is displayed, rest",
    "MRAcquisitionType": "2D",
    "MagneticFieldStrength": 3,
    "Manufacturer": "Siemens",
    "ManufacturersModelName": "Verio",
    "Modality": "MR",
    "ParallelReductionFactorInPlane": 2,
    "PartialFourier": 1,
    "PatientPosition": "HFS",
    "PercentPhaseFOV": 100,
    "PhaseEncodingDirection": "j-",
    "PhaseEncodingSteps": 106,
    "PhaseResolution": 1,
    "PixelBandwidth": 1685,
    "ProcedureStepDescription": "OSS-IRM",
    "ProtocolName": "NF2_bold_eeg_2X8x20s_TR1s_16_coupes",
    "PulseSequenceDetails": "%SiemensSeq%_ep2d_bold",
    "ReceiveCoilName": "HeadMatrix",
    "ReconMatrixPE": 106,
    "RefLinesPE": 24,
    "RepetitionTime": 1,
    "SAR": 0.0612752,
    "ScanOptions": "FS",
    "ScanningSequence": "EP",
    "SequenceName": "_epfid2d1_106",
    "SequenceVariant": "SK",
    "SeriesDescription": "NF2_bold_eeg_2X8x20s_TR1s_16_coupes",
    "SeriesNumber": 19,
    "ShimSetting": [
      999,
      13396,
      -6601,
      206,
      -491,
      -619,
      1033,
      479
    ],
    "SliceThickness": 4,
    "SliceTiming": [
      0.5025,
      0,
      0.565,
      0.0625,
      0.6275,
      0.125,
      0.69,
      0.1875,
      0.7525,
      0.25,
      0.815,
      0.3125,
      0.8775,
      0.375,
      0.94,
      0.44
    ],
    "SoftwareVersions": "syngo_MR_B17",
    "SpacingBetweenSlices": 4,
    "StationName": "MRC40296",
    "TaskName": "1dNF",
    "TotalReadoutTime": 0.0362248,
    "TxRefAmp": 448.133,
    "dataset": "ds002338",
    "modality": "bold",
    "run_id": 2,
    "subject_id": "xp219",
    "task_id": "1dNF"
  },
  "dummy_trs": 0,
  "dvars_nstd": 38.26942561383683,
  "dvars_std": 0.9805469437764353,
  "dvars_vstd": 0.9708233632326283,
  "efc": 0.5613406413318521,
  "fber": 453.94525146484375,
  "fd_mean": 0.07990103587519698,
  "fd_num": 1,
  "fd_perc": 0.30120481927710846,
  "fwhm_avg": 2.5444460502139923,
  "fwhm_x": 2.5883888206780936,
  "fwhm_y": 2.9973368299638845,
  "fwhm_z": 2.0476125,
  "gcor": 0.0652322,
  "gsr_x": -0.0029451176524162292,
  "gsr_y": 0.028026405721902847,
  "provenance": {
    "md5sum": "df19a7ef0f2877c83412c7ef4b6990b1",
    "settings": {
      "fd_thres": 0.2,
      "testing": false
    },
    "software": "mriqc",
    "version": "21.0.0rc2",
    "webapi_port": null,
    "webapi_url": "https://mriqc.nimh.nih.gov/api/v1"
  },
  "size_t": 332,
  "size_x": 106,
  "size_y": 106,
  "size_z": 16,
  "snr": 5.771913538148177,
  "spacing_tr": 1.0,
  "spacing_x": 1.9811320304870605,
  "spacing_y": 1.9811320304870605,
  "spacing_z": 4.0,
  "summary_bg_k": 33.065340435629885,
  "summary_bg_mad": 4.5907058595949914,
  "summary_bg_mean": 47.838623046875,
  "summary_bg_median": 33.310237884521484,
  "summary_bg_n": 103807.0,
  "summary_bg_p05": 27.91867446899414,
  "summary_bg_p95": 131.30029144287107,
  "summary_bg_stdv": 49.235923767089844,
  "summary_fg_k": 0.14142202366039003,
  "summary_fg_mad": 119.85405561426073,
  "summary_fg_mean": 739.1395874023438,
  "summary_fg_median": 713.7469482421875,
  "summary_fg_n": 34401.0,
  "summary_fg_p05": 576.48193359375,
  "summary_fg_p95": 967.5300903320312,
  "summary_fg_stdv": 123.6568374633789,
  "tsnr": 32.79253986035474
}