{
  "aor": 0.0008346686746987951,
  "aqi": 0.01436725963855422,
  "bids_meta": {
    "AcquisitionMatrixPE": 106,
    "AcquisitionNumber": 1,
    "AcquisitionTime": "14:45:4.032500",
    "BandwidthPerPixelPhaseEncode": 27.345,
    "BaseResolution": 106,
    "CoilString": "T:HEA;HEP",
    "ConversionSoftware": "dcm2niix",
    "ConversionSoftwareVersion": "v1.0.20190720  GCC7.4.0",
    "Dcm2bidsVersion": "2.1.4",
    "DerivedVendorReportedEchoSpacing": 0.000689995,
    "DeviceSerialNumber": "40296",
    "DwellTime": 2.8e-06,
    "EchoTime": 0.023,
    "EffectiveEchoSpacing": 0.000344998,
    "FlipAngle": 90,
    "ImageOrientationPatientDICOM": [
      0.999282,
      -0.0378741,
      -0.00063999,
      0.0348957,
      0.927009,
      -0.373412
    ],
    "ImageType": [
      "ORIGINAL",
      "PRIMARY",
      "M",
      "ND",
      "MOSAIC"
    ],
    "ImagingFrequency": 123.197,
    "InPlanePhaseEncodingDirectionDICOM": "COL",
    "InstitutionAddress": "Henri_le_Guilloux_2_Rennes_2A6CA1_District_FR_35000",
    "InstitutionName": "CHU_PONTCHAILLOU",
    "InstitutionalDepartmentName": "Department",
    "Instructions": "Try to move up the ball by feeling the movement of your right arm and hand. When the symbol + is displayed, rest",
    "MRAcquisitionType": "2D",
    "MagneticFieldStrength": 3,
    "Manufacturer": "Siemens",
    "ManufacturersModelName": "Verio",
    "Modality": "MR",
    "ParallelReductionFactorInPlane": 2,
    "PartialFourier": 1,
    "PatientPosition": "HFS",
    "PercentPhaseFOV": 100,
    "PhaseEncodingDirection": "j-",
    "PhaseEncodingSteps": 106,
    "PhaseResolution": 1,
    "PixelBandwidth": 1685,
    "ProcedureStepDescription": "OSS-IRM",
    "ProtocolName": "NF2_bold_eeg_2X8x20s_TR1s_16_coupes",
    "PulseSequenceDetails": "%SiemensSeq%_ep2d_bold",
    "ReceiveCoilName": "HeadMatrix",
    "ReconMatrixPE": 106,
    "RefLinesPE": 24,
    "RepetitionTime": 1,
    "SAR": 0.0541266,
    "ScanOptions": "FS",
    "ScanningSequence": "EP",
    "SequenceName": "_epfid2d1_106",
    "SequenceVariant": "SK",
    "SeriesDescription": "NF2_bold_eeg_2X8x20s_TR1s_16_coupes",
    "SeriesNumber": 19,
    "ShimSetting": [
      1055,
      13475,
      -6560,
      345,
      -1160,
      -574,
      897,
      571
    ],
    "SliceThickness": 4,
    "SliceTiming": [
      0.5025,
      0,
      0.565,
      0.0625,
      0.6275,
      0.125,
      0.69,
      0.1875,
      0.7525,
      0.25,
      0.815,
      0.315,
      0.8775,
      0.3775,
      0.94,
      0.44
    ],
    "SoftwareVersions": "syngo_MR_B17",
    "SpacingBetweenSlices": 4,
    "StationName": "MRC40296",
    "TaskName": "1dNF",
    "TotalReadoutTime": 0.0362248,
    "TxRefAmp": 459.547,
    "dataset": "ds002338",
    "modality": "bold",
    "run_id": 2,
    "subject_id": "xp201",
    "task_id": "1dNF"
  },
  "dummy_trs": 0,
  "dvars_nstd": 37.27541355936558,
  "dvars_std": 1.0021274204833843,
  "dvars_vstd": 0.9980096508459209,
  "efc": 0.5491576282551918,
  "fber": 474.67779541015625,
  "fd_mean": 0.08870594683868883,
  "fd_num": 9,
  "fd_perc": 2.710843373493976,
  "fwhm_avg": 2.5419063596242197,
  "fwhm_x": 2.542440343444287,
  "fwhm_y": 3.0282787354283727,
  "fwhm_z": 2.055,
  "gcor": 0.0831933,
  "gsr_x": -0.008963334374129772,
  "gsr_y": 0.032812368124723434,
  "provenance": {
    "md5sum": "b7d473ad0ce862cdc3c88b36c3d7ba93",
    "settings": {
      "fd_thres": 0.2,
      "testing": false
    },
    "software": "mriqc",
    "version": "21.0.0rc2",
    "webapi_port": null,
    "webapi_url": "https://mriqc.nimh.nih.gov/api/v1"
  },
  "size_t": 332,
  "size_x": 106,
  "size_y": 106,
  "size_z": 16,
  "snr": 5.901822097703289,
  "spacing_tr": 1.0,
  "spacing_x": 1.9811320304870605,
  "spacing_y": 1.9811320304870605,
  "spacing_z": 4.0,
  "summary_bg_k": 26.36545814170346,
  "summary_bg_mad": 5.858955030224344,
  "summary_bg_mean": 47.625450134277344,
  "summary_bg_median": 33.99397277832031,
  "summary_bg_n": 106312.0,
  "summary_bg_p05": 28.015058517456055,
  "summary_bg_p95": 128.1804161071777,
  "summary_bg_stdv": 42.90851593017578,
  "summary_fg_k": 0.40322808340379934,
  "summary_fg_mad": 119.31816875281113,
  "summary_fg_mean": 764.0167846679688,
  "summary_fg_median": 745.6325073242188,
  "summary_fg_n": 31921.0,
  "summary_fg_p05": 595.0120239257812,
  "summary_fg_p95": 1001.3554077148438,
  "summary_fg_stdv": 126.33739471435547,
  "tsnr": 35.053272779565305
}