{
  "aor": 0.0002808132530120482,
  "aqi": 0.014905710542168677,
  "bids_meta": {
    "AcquisitionMatrixPE": 106,
    "AcquisitionNumber": 1,
    "AcquisitionTime": "15:05:43.220000",
    "BandwidthPerPixelPhaseEncode": 27.345,
    "BaseResolution": 106,
    "CoilString": "T:HEA;HEP",
    "ConversionSoftware": "dcm2niix",
    "ConversionSoftwareVersion": "v1.0.20190720  GCC7.4.0",
    "Dcm2bidsVersion": "2.1.4",
    "DerivedVendorReportedEchoSpacing": 0.000689995,
    "DeviceSerialNumber": "40296",
    "DwellTime": 2.8e-06,
    "EchoTime": 0.023,
    "EffectiveEchoSpacing": 0.000344998,
    "FlipAngle": 90,
    "ImageOrientationPatientDICOM": [
      0.999282,
      -0.0378741,
      -0.00063999,
      0.0348957,
      0.927009,
      -0.373412
    ],
    "ImageType": [
      "ORIGINAL",
      "PRIMARY",
      "M",
      "ND",
      "MOSAIC"
    ],
    "ImagingFrequency": 123.197,
    "InPlanePhaseEncodingDirectionDICOM": "COL",
    "InstitutionAddress": "Henri_le_Guilloux_2_Rennes_2A6CA1_District_FR_35000",
    "InstitutionName": "CHU_PONTCHAILLOU",
    "InstitutionalDepartmentName": "Department",
    "Instructions": "When demanded, try to feel the movement of your right arm and hand. When the symbol + is displayed, rest",
    "MRAcquisitionType": "2D",
    "MagneticFieldStrength": 3,
    "Manufacturer": "Siemens",
    "ManufacturersModelName": "Verio",
    "Modality": "MR",
    "ParallelReductionFactorInPlane": 2,
    "PartialFourier": 1,
    "PatientPosition": "HFS",
    "PercentPhaseFOV": 100,
    "PhaseEncodingDirection": "j-",
    "PhaseEncodingSteps": 106,
    "PhaseResolution": 1,
    "PixelBandwidth": 1685,
    "ProcedureStepDescription": "OSS-IRM",
    "ProtocolName": "MI_post_bold_eeg_2X8x20s_TR1s_16_coupes",
    "PulseSequenceDetails": "%SiemensSeq%_ep2d_bold",
    "ReceiveCoilName": "HeadMatrix",
    "ReconMatrixPE": 106,
    "RefLinesPE": 24,
    "RepetitionTime": 1,
    "SAR": 0.0541266,
    "ScanOptions": "FS",
    "ScanningSequence": "EP",
    "SequenceName": "_epfid2d1_106",
    "SequenceVariant": "SK",
    "SeriesDescription": "MI_post_bold_eeg_2X8x20s_TR1s_16_coupes",
    "SeriesNumber": 28,
    "ShimSetting": [
      1055,
      13475,
      -6560,
      345,
      -1160,
      -574,
      897,
      571
    ],
    "SliceThickness": 4,
    "SliceTiming": [
      0.5025,
      0,
      0.565,
      0.065,
      0.6275,
      0.1275,
      0.69,
      0.19,
      0.755,
      0.2525,
      0.8175,
      0.315,
      0.88,
      0.3775,
      0.9425,
      0.44
    ],
    "SoftwareVersions": "syngo_MR_B17",
    "SpacingBetweenSlices": 4,
    "StationName": "MRC40296",
    "TaskName": "MIpost",
    "TotalReadoutTime": 0.0362248,
    "TxRefAmp": 459.547,
    "dataset": "ds002338",
    "modality": "bold",
    "subject_id": "xp201",
    "task_id": "MIpost"
  },
  "dummy_trs": 0,
  "dvars_nstd": 36.367433830090604,
  "dvars_std": 0.9975728643806646,
  "dvars_vstd": 0.9936142538066459,
  "efc": 0.5498470522893536,
  "fber": 485.7908935546875,
  "fd_mean": 0.09280214532724207,
  "fd_num": 13,
  "fd_perc": 3.9156626506024095,
  "fwhm_avg": 2.526275906526128,
  "fwhm_x": 2.4845391040343126,
  "fwhm_y": 2.991431115544072,
  "fwhm_z": 2.1028575,
  "gcor": 0.072533,
  "gsr_x": -0.008135458454489708,
  "gsr_y": 0.03153863549232483,
  "provenance": {
    "md5sum": "e7fd42dd54626f3bf7ac1f77ab29a1c9",
    "settings": {
      "fd_thres": 0.2,
      "testing": false
    },
    "software": "mriqc",
    "version": "21.0.0rc2",
    "webapi_port": null,
    "webapi_url": "https://mriqc.nimh.nih.gov/api/v1"
  },
  "size_t": 332,
  "size_x": 106,
  "size_y": 106,
  "size_z": 16,
  "snr": 6.002906055089591,
  "spacing_tr": 1.0,
  "spacing_x": 1.9811320304870605,
  "spacing_y": 1.9811320304870605,
  "spacing_z": 4.0,
  "summary_bg_k": 26.097982529575663,
  "summary_bg_mad": 5.443652892822439,
  "summary_bg_mean": 47.88666915893555,
  "summary_bg_median": 33.969879150390625,
  "summary_bg_n": 106069.0,
  "summary_bg_p05": 28.427709579467773,
  "summary_bg_p95": 130.81986999511713,
  "summary_bg_stdv": 43.37370681762695,
  "summary_fg_k": 0.4006779479241893,
  "summary_fg_mad": 116.84423918422442,
  "summary_fg_mean": 767.7514038085938,
  "summary_fg_median": 750.0421142578125,
  "summary_fg_n": 32121.0,
  "summary_fg_p05": 597.3734741210938,
  "summary_fg_p95": 1000.2740478515625,
  "summary_fg_stdv": 124.9445571899414,
  "tsnr": 35.538424905680586
}