{
  "aor": 0.0007689156626506023,
  "aqi": 0.012068574518072289,
  "bids_meta": {
    "AcquisitionMatrixPE": 106,
    "AcquisitionNumber": 1,
    "AcquisitionTime": "14:09:50.412500",
    "BandwidthPerPixelPhaseEncode": 27.345,
    "BaseResolution": 106,
    "CoilString": "T:HEA;HEP",
    "ConversionSoftware": "dcm2niix",
    "ConversionSoftwareVersion": "v1.0.20190720  GCC7.4.0",
    "Dcm2bidsVersion": "2.1.4",
    "DerivedVendorReportedEchoSpacing": 0.000689995,
    "DeviceSerialNumber": "40296",
    "DwellTime": 2.8e-06,
    "EchoTime": 0.023,
    "EffectiveEchoSpacing": 0.000344998,
    "FlipAngle": 90,
    "ImageOrientationPatientDICOM": [
      0.999282,
      -0.0378741,
      -0.00063999,
      0.0348957,
      0.927009,
      -0.373412
    ],
    "ImageType": [
      "ORIGINAL",
      "PRIMARY",
      "FMRI",
      "NONE",
      "ND",
      "MOSAIC"
    ],
    "ImagingFrequency": 123.197,
    "InPlanePhaseEncodingDirectionDICOM": "COL",
    "InstitutionAddress": "Henri_le_Guilloux_2_Rennes_2A6CA1_District_FR_35000",
    "InstitutionName": "CHU_PONTCHAILLOU",
    "InstitutionalDepartmentName": "Department",
    "Instructions": "When demanded, try to feel the movement of your right arm and hand. When the symbol + is displayed, rest",
    "MRAcquisitionType": "2D",
    "MagneticFieldStrength": 3,
    "Manufacturer": "Siemens",
    "ManufacturersModelName": "Verio",
    "Modality": "MR",
    "ParallelReductionFactorInPlane": 2,
    "PartialFourier": 1,
    "PatientPosition": "HFS",
    "PercentPhaseFOV": 100,
    "PhaseEncodingDirection": "j-",
    "PhaseEncodingSteps": 106,
    "PhaseResolution": 1,
    "PixelBandwidth": 1685,
    "ProcedureStepDescription": "OSS-IRM",
    "ProtocolName": "MI_pre_bold_eeg_2X8x20s_avec_GLM_TR1s_16_coupes",
    "PulseSequenceDetails": "%SiemensSeq%_ep2d_bold",
    "ReceiveCoilName": "HeadMatrix",
    "ReconMatrixPE": 106,
    "RefLinesPE": 24,
    "RepetitionTime": 1,
    "SAR": 0.0541266,
    "ScanOptions": "FS",
    "ScanningSequence": "EP",
    "SequenceName": "_epfid2d1_106",
    "SequenceVariant": "SK",
    "SeriesDescription": "MI_pre_bold_eeg_2X8x20s_avec_GLM_TR1s_16_coupes",
    "SeriesNumber": 3,
    "ShimSetting": [
      924,
      13495,
      -6673,
      -58,
      -898,
      -421,
      1130,
      -285
    ],
    "SliceThickness": 4,
    "SliceTiming": [
      0.5025,
      0,
      0.565,
      0.0625,
      0.6275,
      0.125,
      0.69,
      0.1875,
      0.7525,
      0.25,
      0.815,
      0.3125,
      0.8775,
      0.375,
      0.94,
      0.44
    ],
    "SoftwareVersions": "syngo_MR_B17",
    "SpacingBetweenSlices": 4,
    "StationName": "MRC40296",
    "TaskName": "MIpre",
    "TotalReadoutTime": 0.0362248,
    "TxRefAmp": 459.547,
    "dataset": "ds002338",
    "modality": "bold",
    "subject_id": "xp201",
    "task_id": "MIpre"
  },
  "dummy_trs": 0,
  "dvars_nstd": 36.14564962468276,
  "dvars_std": 1.002806604561933,
  "dvars_vstd": 0.9979369777945619,
  "efc": 0.5406787643552432,
  "fber": 494.3441162109375,
  "fd_mean": 0.09862188492889981,
  "fd_num": 7,
  "fd_perc": 2.108433734939759,
  "fwhm_avg": 2.628657297221524,
  "fwhm_x": 2.587076439695913,
  "fwhm_y": 3.1275704519686576,
  "fwhm_z": 2.171325,
  "gcor": 0.149854,
  "gsr_x": -0.008106567896902561,
  "gsr_y": 0.030779030174016953,
  "provenance": {
    "md5sum": "9c7033f244c8a3a02517e2d3bead02d0",
    "settings": {
      "fd_thres": 0.2,
      "testing": false
    },
    "software": "mriqc",
    "version": "21.0.0rc2",
    "webapi_port": null,
    "webapi_url": "https://mriqc.nimh.nih.gov/api/v1"
  },
  "size_t": 332,
  "size_x": 106,
  "size_y": 106,
  "size_z": 16,
  "snr": 5.478385356367446,
  "spacing_tr": 1.0,
  "spacing_x": 1.9811320304870605,
  "spacing_y": 1.9811320304870605,
  "spacing_z": 4.0,
  "summary_bg_k": 27.88547921172372,
  "summary_bg_mad": 4.720209588840525,
  "summary_bg_mean": 45.098426818847656,
  "summary_bg_median": 32.52409362792969,
  "summary_bg_n": 107335.0,
  "summary_bg_p05": 27.870481491088867,
  "summary_bg_p95": 117.41746520996087,
  "summary_bg_stdv": 39.57609939575195,
  "summary_fg_k": 0.23690360710598357,
  "summary_fg_mad": 124.8199224321887,
  "summary_fg_mean": 741.8431396484375,
  "summary_fg_median": 725.7318725585938,
  "summary_fg_n": 30893.0,
  "summary_fg_p05": 557.7228515625,
  "summary_fg_p95": 989.6897338867184,
  "summary_fg_stdv": 132.46971130371094,
  "tsnr": 33.71648677997291
}