{
  "aor": 0.0005857831325301205,
  "aqi": 0.019817254216867468,
  "bids_meta": {
    "AcquisitionMatrixPE": 106,
    "AcquisitionNumber": 1,
    "AcquisitionTime": "14:35:46.597500",
    "BandwidthPerPixelPhaseEncode": 27.345,
    "BaseResolution": 106,
    "CoilString": "T:HEA;HEP",
    "ConversionSoftware": "dcm2niix",
    "ConversionSoftwareVersion": "v1.0.20190720  GCC7.4.0",
    "Dcm2bidsVersion": "2.1.4",
    "DerivedVendorReportedEchoSpacing": 0.000689995,
    "DeviceSerialNumber": "40296",
    "DwellTime": 2.8e-06,
    "EchoTime": 0.023,
    "EffectiveEchoSpacing": 0.000344998,
    "FlipAngle": 90,
    "ImageOrientationPatientDICOM": [
      0.999282,
      -0.0378741,
      -0.00063999,
      0.0348957,
      0.927009,
      -0.373412
    ],
    "ImageType": [
      "ORIGINAL",
      "PRIMARY",
      "M",
      "ND",
      "MOSAIC"
    ],
    "ImagingFrequency": 123.197,
    "InPlanePhaseEncodingDirectionDICOM": "COL",
    "InstitutionAddress": "Henri_le_Guilloux_2_Rennes_2A6CA1_District_FR_35000",
    "InstitutionName": "CHU_PONTCHAILLOU",
    "InstitutionalDepartmentName": "Department",
    "Instructions": "Try to move up the ball by feeling the movement of your right arm and hand. When the symbol + is displayed, rest",
    "MRAcquisitionType": "2D",
    "MagneticFieldStrength": 3,
    "Manufacturer": "Siemens",
    "ManufacturersModelName": "Verio",
    "Modality": "MR",
    "ParallelReductionFactorInPlane": 2,
    "PartialFourier": 1,
    "PatientPosition": "HFS",
    "PercentPhaseFOV": 100,
    "PhaseEncodingDirection": "j-",
    "PhaseEncodingSteps": 106,
    "PhaseResolution": 1,
    "PixelBandwidth": 1685,
    "ProcedureStepDescription": "OSS-IRM",
    "ProtocolName": "NF1_bold_eeg_2X8x20s_TR1s_16_coupes",
    "PulseSequenceDetails": "%SiemensSeq%_ep2d_bold",
    "ReceiveCoilName": "HeadMatrix",
    "ReconMatrixPE": 106,
    "RefLinesPE": 24,
    "RepetitionTime": 1,
    "SAR": 0.0541266,
    "ScanOptions": "FS",
    "ScanningSequence": "EP",
    "SequenceName": "_epfid2d1_106",
    "SequenceVariant": "SK",
    "SeriesDescription": "NF1_bold_eeg_2X8x20s_TR1s_16_coupes",
    "SeriesNumber": 18,
    "ShimSetting": [
      1055,
      13475,
      -6560,
      345,
      -1160,
      -574,
      897,
      571
    ],
    "SliceThickness": 4,
    "SliceTiming": [
      0.5025,
      0,
      0.565,
      0.0625,
      0.6275,
      0.125,
      0.69,
      0.1875,
      0.7525,
      0.25,
      0.815,
      0.3125,
      0.8775,
      0.375,
      0.94,
      0.4375
    ],
    "SoftwareVersions": "syngo_MR_B17",
    "SpacingBetweenSlices": 4,
    "StationName": "MRC40296",
    "TaskName": "1dNF",
    "TotalReadoutTime": 0.0362248,
    "TxRefAmp": 459.547,
    "dataset": "ds002338",
    "modality": "bold",
    "run_id": 1,
    "subject_id": "xp201",
    "task_id": "1dNF"
  },
  "dummy_trs": 0,
  "dvars_nstd": 42.92046334320243,
  "dvars_std": 1.0036636925679758,
  "dvars_vstd": 0.9935504943806645,
  "efc": 0.5524013048044065,
  "fber": 385.666748046875,
  "fd_mean": 0.09376368699713868,
  "fd_num": 14,
  "fd_perc": 4.216867469879518,
  "fwhm_avg": 2.5908526774206617,
  "fwhm_x": 2.542632152972452,
  "fwhm_y": 3.0724958792895336,
  "fwhm_z": 2.15743,
  "gcor": 0.0873505,
  "gsr_x": -0.00828444492071867,
  "gsr_y": 0.031596846878528595,
  "provenance": {
    "md5sum": "e8d707d2661f4dc258a06694a1adb37f",
    "settings": {
      "fd_thres": 0.2,
      "testing": false
    },
    "software": "mriqc",
    "version": "21.0.0rc2",
    "webapi_port": null,
    "webapi_url": "https://mriqc.nimh.nih.gov/api/v1"
  },
  "size_t": 332,
  "size_x": 106,
  "size_y": 106,
  "size_z": 16,
  "snr": 5.746154076262137,
  "spacing_tr": 1.0,
  "spacing_x": 1.9811320304870605,
  "spacing_y": 1.9811320304870605,
  "spacing_z": 4.0,
  "summary_bg_k": 27.558228741698922,
  "summary_bg_mad": 5.796442814338638,
  "summary_bg_mean": 49.744449615478516,
  "summary_bg_median": 36.98794937133789,
  "summary_bg_n": 106984.0,
  "summary_bg_p05": 30.96385383605957,
  "summary_bg_p95": 125.73176994323713,
  "summary_bg_stdv": 41.12339401245117,
  "summary_fg_k": 0.3613796905584925,
  "summary_fg_mad": 120.32741329278873,
  "summary_fg_mean": 752.4826049804688,
  "summary_fg_median": 732.8283081054688,
  "summary_fg_n": 31241.0,
  "summary_fg_p05": 585.617431640625,
  "summary_fg_p95": 992.5782470703125,
  "summary_fg_stdv": 127.53166198730469,
  "tsnr": 29.451929277856834
}