{
  "aor": 0.0005546686746987951,
  "aqi": 0.013978744578313254,
  "bids_meta": {
    "AcquisitionMatrixPE": 106,
    "AcquisitionNumber": 1,
    "AcquisitionTime": "14:52:36.512500",
    "BandwidthPerPixelPhaseEncode": 27.345,
    "BaseResolution": 106,
    "CoilString": "T:HEA;HEP",
    "ConversionSoftware": "dcm2niix",
    "ConversionSoftwareVersion": "v1.0.20190720  GCC7.4.0",
    "Dcm2bidsVersion": "2.1.4",
    "DerivedVendorReportedEchoSpacing": 0.000689995,
    "DeviceSerialNumber": "40296",
    "DwellTime": 2.8e-06,
    "EchoTime": 0.023,
    "EffectiveEchoSpacing": 0.000344998,
    "FlipAngle": 90,
    "ImageOrientationPatientDICOM": [
      0.999282,
      -0.0378741,
      -0.00063999,
      0.0348957,
      0.927009,
      -0.373412
    ],
    "ImageType": [
      "ORIGINAL",
      "PRIMARY",
      "M",
      "ND",
      "MOSAIC"
    ],
    "ImagingFrequency": 123.197,
    "InPlanePhaseEncodingDirectionDICOM": "COL",
    "InstitutionAddress": "Henri_le_Guilloux_2_Rennes_2A6CA1_District_FR_35000",
    "InstitutionName": "CHU_PONTCHAILLOU",
    "InstitutionalDepartmentName": "Department",
    "Instructions": "Try to move up the ball by feeling the movement of your right arm and hand. When the symbol + is displayed, rest",
    "MRAcquisitionType": "2D",
    "MagneticFieldStrength": 3,
    "Manufacturer": "Siemens",
    "ManufacturersModelName": "Verio",
    "Modality": "MR",
    "ParallelReductionFactorInPlane": 2,
    "PartialFourier": 1,
    "PatientPosition": "HFS",
    "PercentPhaseFOV": 100,
    "PhaseEncodingDirection": "j-",
    "PhaseEncodingSteps": 106,
    "PhaseResolution": 1,
    "PixelBandwidth": 1685,
    "ProcedureStepDescription": "OSS-IRM",
    "ProtocolName": "NF3_bold_eeg_2X8x20s_TR1s_16_coupes",
    "PulseSequenceDetails": "%SiemensSeq%_ep2d_bold",
    "ReceiveCoilName": "HeadMatrix",
    "ReconMatrixPE": 106,
    "RefLinesPE": 24,
    "RepetitionTime": 1,
    "SAR": 0.0541266,
    "ScanOptions": "FS",
    "ScanningSequence": "EP",
    "SequenceName": "_epfid2d1_106",
    "SequenceVariant": "SK",
    "SeriesDescription": "NF3_bold_eeg_2X8x20s_TR1s_16_coupes",
    "SeriesNumber": 20,
    "ShimSetting": [
      1055,
      13475,
      -6560,
      345,
      -1160,
      -574,
      897,
      571
    ],
    "SliceThickness": 4,
    "SliceTiming": [
      0.5025,
      0,
      0.565,
      0.0625,
      0.6275,
      0.125,
      0.69,
      0.1875,
      0.7525,
      0.25,
      0.815,
      0.3125,
      0.8775,
      0.375,
      0.94,
      0.4375
    ],
    "SoftwareVersions": "syngo_MR_B17",
    "SpacingBetweenSlices": 4,
    "StationName": "MRC40296",
    "TaskName": "1dNF",
    "TotalReadoutTime": 0.0362248,
    "TxRefAmp": 459.547,
    "dataset": "ds002338",
    "modality": "bold",
    "run_id": 3,
    "subject_id": "xp201",
    "task_id": "1dNF"
  },
  "dummy_trs": 0,
  "dvars_nstd": 36.543989337160106,
  "dvars_std": 1.0032678715709975,
  "dvars_vstd": 0.9991313662235657,
  "efc": 0.5475715294331733,
  "fber": 489.60382080078125,
  "fd_mean": 0.08624336717854973,
  "fd_num": 7,
  "fd_perc": 2.108433734939759,
  "fwhm_avg": 2.533422866934554,
  "fwhm_x": 2.4914997708590323,
  "fwhm_y": 2.9964888299446297,
  "fwhm_z": 2.11228,
  "gcor": 0.087849,
  "gsr_x": -0.008513838984072208,
  "gsr_y": 0.03247460722923279,
  "provenance": {
    "md5sum": "96e3b0e7be49c5bcdd8d35eede589045",
    "settings": {
      "fd_thres": 0.2,
      "testing": false
    },
    "software": "mriqc",
    "version": "21.0.0rc2",
    "webapi_port": null,
    "webapi_url": "https://mriqc.nimh.nih.gov/api/v1"
  },
  "size_t": 332,
  "size_x": 106,
  "size_y": 106,
  "size_z": 16,
  "snr": 5.976846906744563,
  "spacing_tr": 1.0,
  "spacing_x": 1.9811320304870605,
  "spacing_y": 1.9811320304870605,
  "spacing_z": 4.0,
  "summary_bg_k": 26.83417887152856,
  "summary_bg_mad": 5.376664207301925,
  "summary_bg_mean": 47.76381301879883,
  "summary_bg_median": 33.94578170776367,
  "summary_bg_n": 106451.0,
  "summary_bg_p05": 28.60843276977539,
  "summary_bg_p95": 129.69728088378906,
  "summary_bg_stdv": 43.31938171386719,
  "summary_fg_k": 0.3642008786410771,
  "summary_fg_mad": 119.14849839394284,
  "summary_fg_mean": 770.8021240234375,
  "summary_fg_median": 753.5571899414062,
  "summary_fg_n": 31741.0,
  "summary_fg_p05": 600.4728393554688,
  "summary_fg_p95": 1006.617431640625,
  "summary_fg_stdv": 126.07740020751953,
  "tsnr": 35.43168243707623
}