{
  "aor": 0.00020737951807228914,
  "aqi": 0.020533438253012046,
  "bids_meta": {
    "AcquisitionMatrixPE": 106,
    "AcquisitionNumber": 1,
    "AcquisitionTime": "09:46:16.442500",
    "BandwidthPerPixelPhaseEncode": 27.345,
    "BaseResolution": 106,
    "CoilString": "T:HEA;HEP",
    "ConversionSoftware": "dcm2niix",
    "ConversionSoftwareVersion": "v1.0.20190720  GCC7.4.0",
    "Dcm2bidsVersion": "2.1.4",
    "DerivedVendorReportedEchoSpacing": 0.000689995,
    "DeviceSerialNumber": "40296",
    "DwellTime": 2.8e-06,
    "EchoTime": 0.023,
    "EffectiveEchoSpacing": 0.000344998,
    "FlipAngle": 90,
    "ImageOrientationPatientDICOM": [
      0.999297,
      -0.0255424,
      0.0274573,
      0.0331501,
      0.943978,
      -0.328339
    ],
    "ImageType": [
      "ORIGINAL",
      "PRIMARY",
      "M",
      "ND",
      "MOSAIC"
    ],
    "ImagingFrequency": 123.196,
    "InPlanePhaseEncodingDirectionDICOM": "COL",
    "InstitutionAddress": "Henri_le_Guilloux_2_Rennes_2A6CA1_District_FR_35000",
    "InstitutionName": "CHU_PONTCHAILLOU",
    "InstitutionalDepartmentName": "Department",
    "Instructions": "Try to move up the ball by feeling the movement of your right arm and hand. When the symbol + is displayed, rest",
    "MRAcquisitionType": "2D",
    "MagneticFieldStrength": 3,
    "Manufacturer": "Siemens",
    "ManufacturersModelName": "Verio",
    "Modality": "MR",
    "ParallelReductionFactorInPlane": 2,
    "PartialFourier": 1,
    "PatientPosition": "HFS",
    "PercentPhaseFOV": 100,
    "PhaseEncodingDirection": "j-",
    "PhaseEncodingSteps": 106,
    "PhaseResolution": 1,
    "PixelBandwidth": 1685,
    "ProcedureStepDescription": "OSS-IRM",
    "ProtocolName": "NF1_bold_eeg_2X8x20s_TR1s_16_coupes",
    "PulseSequenceDetails": "%SiemensSeq%_ep2d_bold",
    "ReceiveCoilName": "HeadMatrix",
    "ReconMatrixPE": 106,
    "RefLinesPE": 24,
    "RepetitionTime": 1,
    "SAR": 0.037354,
    "ScanOptions": "FS",
    "ScanningSequence": "EP",
    "SequenceName": "_epfid2d1_106",
    "SequenceVariant": "SK",
    "SeriesDescription": "NF1_bold_eeg_2X8x20s_TR1s_16_coupes",
    "SeriesNumber": 21,
    "ShimSetting": [
      964,
      13536,
      -6677,
      433,
      -258,
      -532,
      697,
      173
    ],
    "SliceThickness": 4,
    "SliceTiming": [
      0.5025,
      0,
      0.565,
      0.0625,
      0.6275,
      0.125,
      0.69,
      0.1875,
      0.7525,
      0.2525,
      0.815,
      0.315,
      0.8775,
      0.3775,
      0.94,
      0.44
    ],
    "SoftwareVersions": "syngo_MR_B17",
    "SpacingBetweenSlices": 4,
    "StationName": "MRC40296",
    "TaskName": "2dNF",
    "TotalReadoutTime": 0.0362248,
    "TxRefAmp": 519.077,
    "dataset": "ds002338",
    "modality": "bold",
    "run_id": 1,
    "subject_id": "xp207",
    "task_id": "2dNF"
  },
  "dummy_trs": 0,
  "dvars_nstd": 38.05825518694867,
  "dvars_std": 0.9691784444108752,
  "dvars_vstd": 0.9698122330815716,
  "efc": 0.5650966626834267,
  "fber": 393.45904541015625,
  "fd_mean": 0.07748114125555126,
  "fd_num": 8,
  "fd_perc": 2.4096385542168677,
  "fwhm_avg": 2.7052843384594127,
  "fwhm_x": 2.692198156368577,
  "fwhm_y": 3.2279423590096603,
  "fwhm_z": 2.1957125,
  "gcor": 0.00637214,
  "gsr_x": -0.011359011754393578,
  "gsr_y": 0.041895247995853424,
  "provenance": {
    "md5sum": "dcc1c8a0ea269f19621607fbe36481d9",
    "settings": {
      "fd_thres": 0.2,
      "testing": false
    },
    "software": "mriqc",
    "version": "21.0.0rc2",
    "webapi_port": null,
    "webapi_url": "https://mriqc.nimh.nih.gov/api/v1"
  },
  "size_t": 332,
  "size_x": 106,
  "size_y": 106,
  "size_z": 16,
  "snr": 4.909023985178823,
  "spacing_tr": 1.0,
  "spacing_x": 1.9811320304870605,
  "spacing_y": 1.9811320304870605,
  "spacing_z": 4.0,
  "summary_bg_k": 23.067162008914618,
  "summary_bg_mad": 5.774108539432943,
  "summary_bg_mean": 53.10134506225586,
  "summary_bg_median": 35.35843276977539,
  "summary_bg_n": 104057.0,
  "summary_bg_p05": 29.313251495361328,
  "summary_bg_p95": 164.14216308593745,
  "summary_bg_stdv": 53.38298797607422,
  "summary_fg_k": 0.7588391216235917,
  "summary_fg_mad": 119.51693192254669,
  "summary_fg_mean": 736.405517578125,
  "summary_fg_median": 708.3599243164062,
  "summary_fg_n": 33196.0,
  "summary_fg_p05": 549.86669921875,
  "summary_fg_p95": 1024.72509765625,
  "summary_fg_stdv": 144.2953338623047,
  "tsnr": 31.725355493836105
}