{
  "aor": 0.0006159939759036143,
  "aqi": 0.02088381210843374,
  "bids_meta": {
    "AcquisitionMatrixPE": 106,
    "AcquisitionNumber": 1,
    "AcquisitionTime": "09:55:40.092500",
    "BandwidthPerPixelPhaseEncode": 27.345,
    "BaseResolution": 106,
    "CoilString": "T:HEA;HEP",
    "ConversionSoftware": "dcm2niix",
    "ConversionSoftwareVersion": "v1.0.20190720  GCC7.4.0",
    "Dcm2bidsVersion": "2.1.4",
    "DerivedVendorReportedEchoSpacing": 0.000689995,
    "DeviceSerialNumber": "40296",
    "DwellTime": 2.8e-06,
    "EchoTime": 0.023,
    "EffectiveEchoSpacing": 0.000344998,
    "FlipAngle": 90,
    "ImageOrientationPatientDICOM": [
      0.999297,
      -0.0255424,
      0.0274573,
      0.0331501,
      0.943978,
      -0.328339
    ],
    "ImageType": [
      "ORIGINAL",
      "PRIMARY",
      "M",
      "ND",
      "MOSAIC"
    ],
    "ImagingFrequency": 123.196,
    "InPlanePhaseEncodingDirectionDICOM": "COL",
    "InstitutionAddress": "Henri_le_Guilloux_2_Rennes_2A6CA1_District_FR_35000",
    "InstitutionName": "CHU_PONTCHAILLOU",
    "InstitutionalDepartmentName": "Department",
    "Instructions": "Try to move up the ball by feeling the movement of your right arm and hand. When the symbol + is displayed, rest",
    "MRAcquisitionType": "2D",
    "MagneticFieldStrength": 3,
    "Manufacturer": "Siemens",
    "ManufacturersModelName": "Verio",
    "Modality": "MR",
    "ParallelReductionFactorInPlane": 2,
    "PartialFourier": 1,
    "PatientPosition": "HFS",
    "PercentPhaseFOV": 100,
    "PhaseEncodingDirection": "j-",
    "PhaseEncodingSteps": 106,
    "PhaseResolution": 1,
    "PixelBandwidth": 1685,
    "ProcedureStepDescription": "OSS-IRM",
    "ProtocolName": "NF2_bold_eeg_2X8x20s_TR1s_16_coupes",
    "PulseSequenceDetails": "%SiemensSeq%_ep2d_bold",
    "ReceiveCoilName": "HeadMatrix",
    "ReconMatrixPE": 106,
    "RefLinesPE": 24,
    "RepetitionTime": 1,
    "SAR": 0.037354,
    "ScanOptions": "FS",
    "ScanningSequence": "EP",
    "SequenceName": "_epfid2d1_106",
    "SequenceVariant": "SK",
    "SeriesDescription": "NF2_bold_eeg_2X8x20s_TR1s_16_coupes",
    "SeriesNumber": 22,
    "ShimSetting": [
      964,
      13536,
      -6677,
      433,
      -258,
      -532,
      697,
      173
    ],
    "SliceThickness": 4,
    "SliceTiming": [
      0.5025,
      0,
      0.565,
      0.0625,
      0.6275,
      0.125,
      0.69,
      0.19,
      0.7525,
      0.2525,
      0.815,
      0.315,
      0.8775,
      0.3775,
      0.9425,
      0.44
    ],
    "SoftwareVersions": "syngo_MR_B17",
    "SpacingBetweenSlices": 4,
    "StationName": "MRC40296",
    "TaskName": "2dNF",
    "TotalReadoutTime": 0.0362248,
    "TxRefAmp": 519.077,
    "dataset": "ds002338",
    "modality": "bold",
    "run_id": 2,
    "subject_id": "xp207",
    "task_id": "2dNF"
  },
  "dummy_trs": 0,
  "dvars_nstd": 37.53513577024171,
  "dvars_std": 0.9757212903021151,
  "dvars_vstd": 0.9764724487613292,
  "efc": 0.5600606359306751,
  "fber": 401.9367980957031,
  "fd_mean": 0.07661979320848608,
  "fd_num": 0,
  "fd_perc": 0.0,
  "fwhm_avg": 2.726091817299418,
  "fwhm_x": 2.845660921757946,
  "fwhm_y": 3.4245370301403097,
  "fwhm_z": 1.9080775,
  "gcor": 0.0187151,
  "gsr_x": -0.011680172756314278,
  "gsr_y": 0.041910089552402496,
  "provenance": {
    "md5sum": "89e018b3b878706287cb9cc1945e95e7",
    "settings": {
      "fd_thres": 0.2,
      "testing": false
    },
    "software": "mriqc",
    "version": "21.0.0rc2",
    "webapi_port": null,
    "webapi_url": "https://mriqc.nimh.nih.gov/api/v1"
  },
  "size_t": 332,
  "size_x": 106,
  "size_y": 106,
  "size_z": 16,
  "snr": 4.953271959908226,
  "spacing_tr": 1.0,
  "spacing_x": 1.9811320304870605,
  "spacing_y": 1.9811320304870605,
  "spacing_z": 4.0,
  "summary_bg_k": 21.352398551467807,
  "summary_bg_mad": 6.649381364048142,
  "summary_bg_mean": 53.604644775390625,
  "summary_bg_median": 35.322288513183594,
  "summary_bg_n": 105100.0,
  "summary_bg_p05": 28.0180721282959,
  "summary_bg_p95": 167.96308975219674,
  "summary_bg_stdv": 54.34239959716797,
  "summary_fg_k": 0.6898868064654016,
  "summary_fg_mad": 126.06584581143031,
  "summary_fg_mean": 743.5733642578125,
  "summary_fg_median": 717.206298828125,
  "summary_fg_n": 32232.0,
  "summary_fg_p05": 558.880419921875,
  "summary_fg_p95": 1030.5205993652341,
  "summary_fg_stdv": 144.79220581054688,
  "tsnr": 30.671611292287707
}