{
  "bids_meta": {
    "AcquisitionMatrixPE": 256,
    "AcquisitionNumber": 1,
    "AcquisitionTime": "11:30:2.392500",
    "BaseResolution": 256,
    "CoilString": "T:HEA;HEP",
    "ConversionSoftware": "dcm2niix",
    "ConversionSoftwareVersion": "v1.0.20190720  GCC7.4.0",
    "Dcm2bidsVersion": "2.1.4",
    "DeviceSerialNumber": "40296",
    "DwellTime": 9.8e-06,
    "EchoTime": 0.00226,
    "FlipAngle": 9,
    "ImageOrientationPatientDICOM": [
      -0.00150563,
      0.999999,
      3.07115e-08,
      0.00866845,
      1.30822e-05,
      -0.999962
    ],
    "ImageType": [
      "ORIGINAL",
      "PRIMARY",
      "M",
      "ND",
      "NORM",
      "FM",
      "FIL"
    ],
    "ImagingFrequency": 123.197,
    "InPlanePhaseEncodingDirectionDICOM": "ROW",
    "InstitutionAddress": "Henri_le_Guilloux_2_Rennes_2A6CA1_District_FR_35000",
    "InstitutionName": "CHU_PONTCHAILLOU",
    "InstitutionalDepartmentName": "Department",
    "Interpolation2D": 1,
    "InversionTime": 0.9,
    "MRAcquisitionType": "3D",
    "MagneticFieldStrength": 3,
    "Manufacturer": "Siemens",
    "ManufacturersModelName": "Verio",
    "Modality": "MR",
    "ParallelReductionFactorInPlane": 2,
    "PartialFourier": 1,
    "PatientPosition": "HFS",
    "PercentPhaseFOV": 100,
    "PhaseEncodingSteps": 255,
    "PhaseResolution": 1,
    "PixelBandwidth": 199,
    "ProcedureStepDescription": "OSS-IRM",
    "ProtocolName": "T1_3D_MPRAGE",
    "PulseSequenceDetails": "%SiemensSeq%_tfl",
    "ReceiveCoilName": "HeadMatrix",
    "ReconMatrixPE": 512,
    "RefLinesPE": 24,
    "RepetitionTime": 1.9,
    "SAR": 0.044678,
    "ScanOptions": "IR",
    "ScanningSequence": "GR_IR",
    "SequenceName": "_tfl3d1_ns",
    "SequenceVariant": "SP_MP",
    "SeriesDescription": "T1_3D_MPRAGE",
    "SeriesNumber": 9,
    "ShimSetting": [
      936,
      13482,
      -6965,
      33,
      -607,
      -326,
      728,
      -255
    ],
    "SliceThickness": 1,
    "SoftwareVersions": "syngo_MR_B17",
    "StationName": "MRC40296",
    "TxRefAmp": 458.691,
    "dataset": "ds002338",
    "modality": "T1w",
    "subject_id": "xp218"
  },
  "cjv": 0.4033865435444608,
  "cnr": 3.351312335849935,
  "efc": 0.5636794961890225,
  "fber": 2463.2187279197337,
  "fwhm_avg": 6.413810000000001,
  "fwhm_x": 3.95167,
  "fwhm_y": 7.68754,
  "fwhm_z": 7.60222,
  "icvs_csf": 0.22354190794164844,
  "icvs_gm": 0.40578911769145587,
  "icvs_wm": 0.3706689743668957,
  "inu_med": 1.4066274166107178,
  "inu_range": 0.3820131063461303,
  "provenance": {
    "md5sum": "d6e8287691a198eb462b44c6f0cde1f0",
    "settings": {
      "testing": false
    },
    "software": "mriqc",
    "version": "21.0.0rc2",
    "warnings": {
      "large_rot_frame": true,
      "small_air_mask": false
    },
    "webapi_port": null,
    "webapi_url": "https://mriqc.nimh.nih.gov/api/v1"
  },
  "qi_1": 0.0,
  "qi_2": 0.004157091037999183,
  "rpve_csf": 27.997266948039012,
  "rpve_gm": 16.032581321291,
  "rpve_wm": 20.92705107961884,
  "size_x": 176,
  "size_y": 512,
  "size_z": 512,
  "snr_csf": 4.754837112292549,
  "snr_gm": 15.855857010775324,
  "snr_total": 13.769668644465947,
  "snr_wm": 20.69831181032997,
  "snrd_csf": 40.067240011657056,
  "snrd_gm": 71.85398112855306,
  "snrd_total": 68.45500604085434,
  "snrd_wm": 93.44379698235292,
  "spacing_x": 1.0,
  "spacing_y": 0.5,
  "spacing_z": 0.5,
  "summary_bg_k": 78.18995258536846,
  "summary_bg_mad": 7.011020611034076,
  "summary_bg_mean": 13.731549945462511,
  "summary_bg_median": 11.873554520308971,
  "summary_bg_n": 9353295.0,
  "summary_bg_p05": 4.78026220947504,
  "summary_bg_p95": 28.630172587931156,
  "summary_bg_stdv": 8.181618634951993,
  "summary_csf_k": 8.665529580411619,
  "summary_csf_mad": 95.79187943554167,
  "summary_csf_mean": 421.63175739874424,
  "summary_csf_median": 428.7843801230192,
  "summary_csf_n": 150415.0,
  "summary_csf_p05": 272.0483203880489,
  "summary_csf_p95": 555.3842276707292,
  "summary_csf_stdv": 90.1782636621341,
  "summary_gm_k": 0.23487557942098203,
  "summary_gm_mad": 47.095768887163686,
  "summary_gm_mean": 770.003955956013,
  "summary_gm_median": 768.9540070295334,
  "summary_gm_n": 160300.0,
  "summary_gm_p05": 692.3670103400946,
  "summary_gm_p95": 851.9146866649389,
  "summary_gm_stdv": 48.496376324478355,
  "summary_wm_k": 0.31827988514757255,
  "summary_wm_mad": 46.10508119212626,
  "summary_wm_mean": 998.6752983502575,
  "summary_wm_median": 1000.000013820827,
  "summary_wm_n": 939775.0,
  "summary_wm_p05": 916.3711254894733,
  "summary_wm_p95": 1075.8674011453986,
  "summary_wm_stdv": 48.313093886205785,
  "tpm_overlap_csf": 0.14561344683170319,
  "tpm_overlap_gm": 0.4199244976043701,
  "tpm_overlap_wm": 0.4991767108440399,
  "wm2max": 0.4564758329422806
}