{
  "aor": 0.00040114457831325306,
  "aqi": 0.0156117421686747,
  "bids_meta": {
    "AcquisitionMatrixPE": 106,
    "AcquisitionNumber": 1,
    "AcquisitionTime": "09:50:56.505000",
    "BandwidthPerPixelPhaseEncode": 27.345,
    "BaseResolution": 106,
    "CoilString": "T:HEA;HEP",
    "ConversionSoftware": "dcm2niix",
    "ConversionSoftwareVersion": "v1.0.20190720  GCC7.4.0",
    "Dcm2bidsVersion": "2.1.4",
    "DerivedVendorReportedEchoSpacing": 0.000689995,
    "DeviceSerialNumber": "40296",
    "DwellTime": 2.8e-06,
    "EchoTime": 0.023,
    "EffectiveEchoSpacing": 0.000344998,
    "FlipAngle": 90,
    "ImageOrientationPatientDICOM": [
      0.996738,
      -0.0701588,
      -0.0398937,
      0.0609631,
      0.978403,
      -0.197511
    ],
    "ImageType": [
      "ORIGINAL",
      "PRIMARY",
      "M",
      "ND",
      "MOSAIC"
    ],
    "ImagingFrequency": 123.197,
    "InPlanePhaseEncodingDirectionDICOM": "COL",
    "InstitutionAddress": "Henri_le_Guilloux_2_Rennes_2A6CA1_District_FR_35000",
    "InstitutionName": "CHU_PONTCHAILLOU",
    "InstitutionalDepartmentName": "Department",
    "Instructions": "Try to move up the ball by feeling the movement of your right arm and hand. When the symbol + is displayed, rest",
    "MRAcquisitionType": "2D",
    "MagneticFieldStrength": 3,
    "Manufacturer": "Siemens",
    "ManufacturersModelName": "Verio",
    "Modality": "MR",
    "ParallelReductionFactorInPlane": 2,
    "PartialFourier": 1,
    "PatientPosition": "HFS",
    "PercentPhaseFOV": 100,
    "PhaseEncodingDirection": "j-",
    "PhaseEncodingSteps": 106,
    "PhaseResolution": 1,
    "PixelBandwidth": 1685,
    "ProcedureStepDescription": "OSS-IRM",
    "ProtocolName": "NF1_bold_eeg_2X8x20s_TR1s_16_coupes",
    "PulseSequenceDetails": "%SiemensSeq%_ep2d_bold",
    "ReceiveCoilName": "HeadMatrix",
    "ReconMatrixPE": 106,
    "RefLinesPE": 24,
    "RepetitionTime": 1,
    "SAR": 0.0468521,
    "ScanOptions": "FS",
    "ScanningSequence": "EP",
    "SequenceName": "_epfid2d1_106",
    "SequenceVariant": "SK",
    "SeriesDescription": "NF1_bold_eeg_2X8x20s_TR1s_16_coupes",
    "SeriesNumber": 18,
    "ShimSetting": [
      971,
      13400,
      -6567,
      150,
      -583,
      -763,
      728,
      73
    ],
    "SliceThickness": 4,
    "SliceTiming": [
      0.5,
      0,
      0.565,
      0.0625,
      0.6275,
      0.125,
      0.69,
      0.1875,
      0.7525,
      0.25,
      0.815,
      0.3125,
      0.8775,
      0.375,
      0.94,
      0.4375
    ],
    "SoftwareVersions": "syngo_MR_B17",
    "SpacingBetweenSlices": 4,
    "StationName": "MRC40296",
    "TaskName": "1dNF",
    "TotalReadoutTime": 0.0362248,
    "TxRefAmp": 497.469,
    "dataset": "ds002338",
    "modality": "bold",
    "run_id": 1,
    "subject_id": "xp211",
    "task_id": "1dNF"
  },
  "dummy_trs": 0,
  "dvars_nstd": 40.84114110444103,
  "dvars_std": 1.014783585468278,
  "dvars_vstd": 1.0041495406344412,
  "efc": 0.6106928754575867,
  "fber": 346.1841125488281,
  "fd_mean": 0.16917205899251186,
  "fd_num": 110,
  "fd_perc": 33.13253012048193,
  "fwhm_avg": 2.3999958008300135,
  "fwhm_x": 2.3570665297112816,
  "fwhm_y": 2.882478255927273,
  "fwhm_z": 1.960442616851486,
  "gcor": 0.0762552,
  "gsr_x": -0.0025410628877580166,
  "gsr_y": 0.0398377999663353,
  "provenance": {
    "md5sum": "7243abc20a81e5880a00e8c92394e0d1",
    "settings": {
      "fd_thres": 0.2,
      "testing": false
    },
    "software": "mriqc",
    "version": "21.0.0rc2",
    "webapi_port": null,
    "webapi_url": "https://mriqc.nimh.nih.gov/api/v1"
  },
  "size_t": 332,
  "size_x": 106,
  "size_y": 106,
  "size_z": 16,
  "snr": 5.977837452018408,
  "spacing_tr": 1.0,
  "spacing_x": 1.9811320304870605,
  "spacing_y": 1.9811320304870605,
  "spacing_z": 3.999999761581421,
  "summary_bg_k": 16.870192109635113,
  "summary_bg_mad": 6.32785603399274,
  "summary_bg_mean": 59.96630859375,
  "summary_bg_median": 36.35843276977539,
  "summary_bg_n": 97128.0,
  "summary_bg_p05": 29.71686553955078,
  "summary_bg_p95": 206.80993041992178,
  "summary_bg_stdv": 67.26876068115234,
  "summary_fg_k": 0.8253944075693873,
  "summary_fg_mad": 105.16652968747026,
  "summary_fg_mean": 684.5741577148438,
  "summary_fg_median": 674.4171142578125,
  "summary_fg_n": 40388.0,
  "summary_fg_p05": 521.674853515625,
  "summary_fg_p95": 881.8571807861329,
  "summary_fg_stdv": 112.81818389892578,
  "tsnr": 32.54160532320384
}