{
  "aor": 0.00039560240963855425,
  "aqi": 0.016432755120481927,
  "bids_meta": {
    "AcquisitionMatrixPE": 106,
    "AcquisitionNumber": 1,
    "AcquisitionTime": "09:24:32.995000",
    "BandwidthPerPixelPhaseEncode": 27.345,
    "BaseResolution": 106,
    "CoilString": "T:HEA;HEP",
    "ConversionSoftware": "dcm2niix",
    "ConversionSoftwareVersion": "v1.0.20190720  GCC7.4.0",
    "Dcm2bidsVersion": "2.1.4",
    "DerivedVendorReportedEchoSpacing": 0.000689995,
    "DeviceSerialNumber": "40296",
    "DwellTime": 2.8e-06,
    "EchoTime": 0.023,
    "EffectiveEchoSpacing": 0.000344998,
    "FlipAngle": 90,
    "ImageOrientationPatientDICOM": [
      0.996738,
      -0.0701588,
      -0.0398937,
      0.0609631,
      0.978403,
      -0.197511
    ],
    "ImageType": [
      "ORIGINAL",
      "PRIMARY",
      "FMRI",
      "NONE",
      "ND",
      "MOSAIC"
    ],
    "ImagingFrequency": 123.196,
    "InPlanePhaseEncodingDirectionDICOM": "COL",
    "InstitutionAddress": "Henri_le_Guilloux_2_Rennes_2A6CA1_District_FR_35000",
    "InstitutionName": "CHU_PONTCHAILLOU",
    "InstitutionalDepartmentName": "Department",
    "Instructions": "When demanded, try to feel the movement of your right arm and hand. When the symbol + is displayed, rest",
    "MRAcquisitionType": "2D",
    "MagneticFieldStrength": 3,
    "Manufacturer": "Siemens",
    "ManufacturersModelName": "Verio",
    "Modality": "MR",
    "ParallelReductionFactorInPlane": 2,
    "PartialFourier": 1,
    "PatientPosition": "HFS",
    "PercentPhaseFOV": 100,
    "PhaseEncodingDirection": "j-",
    "PhaseEncodingSteps": 106,
    "PhaseResolution": 1,
    "PixelBandwidth": 1685,
    "ProcedureStepDescription": "OSS-IRM",
    "ProtocolName": "MI_pre_bold_eeg_2X8x20s_avec_GLM_TR1s_16_coupes",
    "PulseSequenceDetails": "%SiemensSeq%_ep2d_bold",
    "ReceiveCoilName": "HeadMatrix",
    "ReconMatrixPE": 106,
    "RefLinesPE": 24,
    "RepetitionTime": 1,
    "SAR": 0.0468521,
    "ScanOptions": "FS",
    "ScanningSequence": "EP",
    "SequenceName": "_epfid2d1_106",
    "SequenceVariant": "SK",
    "SeriesDescription": "MI_pre_bold_eeg_2X8x20s_avec_GLM_TR1s_16_coupes",
    "SeriesNumber": 3,
    "ShimSetting": [
      925,
      13320,
      -6561,
      381,
      -711,
      -671,
      762,
      -287
    ],
    "SliceThickness": 4,
    "SliceTiming": [
      0.5025,
      0,
      0.565,
      0.0625,
      0.6275,
      0.125,
      0.69,
      0.1875,
      0.7525,
      0.25,
      0.815,
      0.3125,
      0.8775,
      0.375,
      0.94,
      0.44
    ],
    "SoftwareVersions": "syngo_MR_B17",
    "SpacingBetweenSlices": 4,
    "StationName": "MRC40296",
    "TaskName": "MIpre",
    "TotalReadoutTime": 0.0362248,
    "TxRefAmp": 497.469,
    "dataset": "ds002338",
    "modality": "bold",
    "subject_id": "xp211",
    "task_id": "MIpre"
  },
  "dummy_trs": 0,
  "dvars_nstd": 41.00610217854986,
  "dvars_std": 1.0103419295166156,
  "dvars_vstd": 0.9983323947734135,
  "efc": 0.612638795852208,
  "fber": 329.3039855957031,
  "fd_mean": 0.1729684423068126,
  "fd_num": 118,
  "fd_perc": 35.54216867469879,
  "fwhm_avg": 2.3951188488895805,
  "fwhm_x": 2.3222985289218205,
  "fwhm_y": 2.857795398223954,
  "fwhm_z": 2.0052626195229664,
  "gcor": 0.064054,
  "gsr_x": -0.005507229827344418,
  "gsr_y": 0.04267625883221626,
  "provenance": {
    "md5sum": "c2a9b44fc505ecff749696e042b4506d",
    "settings": {
      "fd_thres": 0.2,
      "testing": false
    },
    "software": "mriqc",
    "version": "21.0.0rc2",
    "webapi_port": null,
    "webapi_url": "https://mriqc.nimh.nih.gov/api/v1"
  },
  "size_t": 332,
  "size_x": 106,
  "size_y": 106,
  "size_z": 16,
  "snr": 6.057013048366954,
  "spacing_tr": 1.0,
  "spacing_x": 1.9811320304870605,
  "spacing_y": 1.9811320304870605,
  "spacing_z": 3.999999761581421,
  "summary_bg_k": 17.364661696314993,
  "summary_bg_mad": 6.091171539050109,
  "summary_bg_mean": 59.28841781616211,
  "summary_bg_median": 36.60240936279297,
  "summary_bg_n": 97008.0,
  "summary_bg_p05": 30.445781707763672,
  "summary_bg_p95": 200.32830810546875,
  "summary_bg_stdv": 64.97147369384766,
  "summary_fg_k": 1.0391067055092158,
  "summary_fg_mad": 97.63746406947634,
  "summary_fg_mean": 676.0516357421875,
  "summary_fg_median": 664.6023559570312,
  "summary_fg_n": 40261.0,
  "summary_fg_p05": 518.8795166015625,
  "summary_fg_p95": 870.7439575195312,
  "summary_fg_stdv": 109.72307586669922,
  "tsnr": 33.009814274148084
}