{
  "aor": 0.0002521385542168675,
  "aqi": 0.015432195180722892,
  "bids_meta": {
    "AcquisitionMatrixPE": 106,
    "AcquisitionNumber": 1,
    "AcquisitionTime": "10:15:35.440000",
    "BandwidthPerPixelPhaseEncode": 27.345,
    "BaseResolution": 106,
    "CoilString": "T:HEA;HEP",
    "ConversionSoftware": "dcm2niix",
    "ConversionSoftwareVersion": "v1.0.20190720  GCC7.4.0",
    "Dcm2bidsVersion": "2.1.4",
    "DerivedVendorReportedEchoSpacing": 0.000689995,
    "DeviceSerialNumber": "40296",
    "DwellTime": 2.8e-06,
    "EchoTime": 0.023,
    "EffectiveEchoSpacing": 0.000344998,
    "FlipAngle": 90,
    "ImageOrientationPatientDICOM": [
      0.996738,
      -0.0701588,
      -0.0398937,
      0.0609631,
      0.978403,
      -0.197511
    ],
    "ImageType": [
      "ORIGINAL",
      "PRIMARY",
      "M",
      "ND",
      "MOSAIC"
    ],
    "ImagingFrequency": 123.197,
    "InPlanePhaseEncodingDirectionDICOM": "COL",
    "InstitutionAddress": "Henri_le_Guilloux_2_Rennes_2A6CA1_District_FR_35000",
    "InstitutionName": "CHU_PONTCHAILLOU",
    "InstitutionalDepartmentName": "Department",
    "Instructions": "Try to move up the ball by feeling the movement of your right arm and hand. When the symbol + is displayed, rest",
    "MRAcquisitionType": "2D",
    "MagneticFieldStrength": 3,
    "Manufacturer": "Siemens",
    "ManufacturersModelName": "Verio",
    "Modality": "MR",
    "ParallelReductionFactorInPlane": 2,
    "PartialFourier": 1,
    "PatientPosition": "HFS",
    "PercentPhaseFOV": 100,
    "PhaseEncodingDirection": "j-",
    "PhaseEncodingSteps": 106,
    "PhaseResolution": 1,
    "PixelBandwidth": 1685,
    "ProcedureStepDescription": "OSS-IRM",
    "ProtocolName": "NF3_bold_eeg_2X8x20s_TR1s_16_coupes",
    "PulseSequenceDetails": "%SiemensSeq%_ep2d_bold",
    "ReceiveCoilName": "HeadMatrix",
    "ReconMatrixPE": 106,
    "RefLinesPE": 24,
    "RepetitionTime": 1,
    "SAR": 0.0468521,
    "ScanOptions": "FS",
    "ScanningSequence": "EP",
    "SequenceName": "_epfid2d1_106",
    "SequenceVariant": "SK",
    "SeriesDescription": "NF3_bold_eeg_2X8x20s_TR1s_16_coupes",
    "SeriesNumber": 20,
    "ShimSetting": [
      971,
      13400,
      -6567,
      150,
      -583,
      -763,
      728,
      73
    ],
    "SliceThickness": 4,
    "SliceTiming": [
      0.5025,
      0,
      0.565,
      0.0625,
      0.6275,
      0.125,
      0.69,
      0.1875,
      0.7525,
      0.2525,
      0.815,
      0.315,
      0.8775,
      0.3775,
      0.94,
      0.44
    ],
    "SoftwareVersions": "syngo_MR_B17",
    "SpacingBetweenSlices": 4,
    "StationName": "MRC40296",
    "TaskName": "1dNF",
    "TotalReadoutTime": 0.0362248,
    "TxRefAmp": 497.469,
    "dataset": "ds002338",
    "modality": "bold",
    "run_id": 3,
    "subject_id": "xp211",
    "task_id": "1dNF"
  },
  "dummy_trs": 0,
  "dvars_nstd": 41.02517678302115,
  "dvars_std": 1.015366774048339,
  "dvars_vstd": 1.0010636535347435,
  "efc": 0.6164237514077427,
  "fber": 350.753173828125,
  "fd_mean": 0.14424728711108092,
  "fd_num": 79,
  "fd_perc": 23.795180722891565,
  "fwhm_avg": 2.3240451162887106,
  "fwhm_x": 2.2827554804048873,
  "fwhm_y": 2.7514622529523542,
  "fwhm_z": 1.937917615508891,
  "gcor": 0.0494243,
  "gsr_x": -0.0044271196238696575,
  "gsr_y": 0.04076175391674042,
  "provenance": {
    "md5sum": "e1be5c442c7fb5d02d62ee2fd456855c",
    "settings": {
      "fd_thres": 0.2,
      "testing": false
    },
    "software": "mriqc",
    "version": "21.0.0rc2",
    "webapi_port": null,
    "webapi_url": "https://mriqc.nimh.nih.gov/api/v1"
  },
  "size_t": 332,
  "size_x": 106,
  "size_y": 106,
  "size_z": 16,
  "snr": 6.055092890380457,
  "spacing_tr": 1.0,
  "spacing_x": 1.9811320304870605,
  "spacing_y": 1.9811320304870605,
  "spacing_z": 3.999999761581421,
  "summary_bg_k": 15.431518563325586,
  "summary_bg_mad": 6.122430474832276,
  "summary_bg_mean": 61.1186408996582,
  "summary_bg_median": 36.39457702636719,
  "summary_bg_n": 95975.0,
  "summary_bg_p05": 30.262046813964844,
  "summary_bg_p95": 214.68432922363294,
  "summary_bg_stdv": 69.00541687011719,
  "summary_fg_k": 0.9754477214903452,
  "summary_fg_mad": 104.54802467260907,
  "summary_fg_mean": 692.7276000976562,
  "summary_fg_median": 682.7846069335938,
  "summary_fg_n": 41592.0,
  "summary_fg_p05": 531.3395904541015,
  "summary_fg_p95": 889.6654876708983,
  "summary_fg_stdv": 112.76068115234375,
  "tsnr": 33.88348666206002
}