{
  "aor": 0.00023834337349397592,
  "aqi": 0.020389690662650603,
  "bids_meta": {
    "AcquisitionMatrixPE": 106,
    "AcquisitionNumber": 1,
    "AcquisitionTime": "10:07:1.322500",
    "BandwidthPerPixelPhaseEncode": 27.345,
    "BaseResolution": 106,
    "CoilString": "T:HEA;HEP",
    "ConversionSoftware": "dcm2niix",
    "ConversionSoftwareVersion": "v1.0.20190720  GCC7.4.0",
    "Dcm2bidsVersion": "2.1.4",
    "DerivedVendorReportedEchoSpacing": 0.000689995,
    "DeviceSerialNumber": "40296",
    "DwellTime": 2.8e-06,
    "EchoTime": 0.023,
    "EffectiveEchoSpacing": 0.000344998,
    "FlipAngle": 90,
    "ImageOrientationPatientDICOM": [
      0.996738,
      -0.0701588,
      -0.0398937,
      0.0609631,
      0.978403,
      -0.197511
    ],
    "ImageType": [
      "ORIGINAL",
      "PRIMARY",
      "M",
      "ND",
      "MOSAIC"
    ],
    "ImagingFrequency": 123.197,
    "InPlanePhaseEncodingDirectionDICOM": "COL",
    "InstitutionAddress": "Henri_le_Guilloux_2_Rennes_2A6CA1_District_FR_35000",
    "InstitutionName": "CHU_PONTCHAILLOU",
    "InstitutionalDepartmentName": "Department",
    "Instructions": "Try to move up the ball by feeling the movement of your right arm and hand. When the symbol + is displayed, rest",
    "MRAcquisitionType": "2D",
    "MagneticFieldStrength": 3,
    "Manufacturer": "Siemens",
    "ManufacturersModelName": "Verio",
    "Modality": "MR",
    "ParallelReductionFactorInPlane": 2,
    "PartialFourier": 1,
    "PatientPosition": "HFS",
    "PercentPhaseFOV": 100,
    "PhaseEncodingDirection": "j-",
    "PhaseEncodingSteps": 106,
    "PhaseResolution": 1,
    "PixelBandwidth": 1685,
    "ProcedureStepDescription": "OSS-IRM",
    "ProtocolName": "NF2_bold_eeg_2X8x20s_TR1s_16_coupes",
    "PulseSequenceDetails": "%SiemensSeq%_ep2d_bold",
    "ReceiveCoilName": "HeadMatrix",
    "ReconMatrixPE": 106,
    "RefLinesPE": 24,
    "RepetitionTime": 1,
    "SAR": 0.0468521,
    "ScanOptions": "FS",
    "ScanningSequence": "EP",
    "SequenceName": "_epfid2d1_106",
    "SequenceVariant": "SK",
    "SeriesDescription": "NF2_bold_eeg_2X8x20s_TR1s_16_coupes",
    "SeriesNumber": 19,
    "ShimSetting": [
      971,
      13400,
      -6567,
      150,
      -583,
      -763,
      728,
      73
    ],
    "SliceThickness": 4,
    "SliceTiming": [
      0.5025,
      0,
      0.565,
      0.0625,
      0.6275,
      0.125,
      0.69,
      0.1875,
      0.7525,
      0.25,
      0.815,
      0.3125,
      0.8775,
      0.375,
      0.94,
      0.44
    ],
    "SoftwareVersions": "syngo_MR_B17",
    "SpacingBetweenSlices": 4,
    "StationName": "MRC40296",
    "TaskName": "1dNF",
    "TotalReadoutTime": 0.0362248,
    "TxRefAmp": 497.469,
    "dataset": "ds002338",
    "modality": "bold",
    "run_id": 2,
    "subject_id": "xp211",
    "task_id": "1dNF"
  },
  "dummy_trs": 0,
  "dvars_nstd": 41.618110668277936,
  "dvars_std": 0.9962313733232631,
  "dvars_vstd": 0.9841224865861029,
  "efc": 0.6126716799557219,
  "fber": 344.08642578125,
  "fd_mean": 0.19111410396652503,
  "fd_num": 136,
  "fd_perc": 40.963855421686745,
  "fwhm_avg": 2.346133426043821,
  "fwhm_x": 2.332323100578015,
  "fwhm_y": 2.790132063354221,
  "fwhm_z": 1.9159451141992279,
  "gcor": 0.0430061,
  "gsr_x": -0.0028492258861660957,
  "gsr_y": 0.039997562766075134,
  "provenance": {
    "md5sum": "9ebfb51a78657f2bc8a90ddd14248f71",
    "settings": {
      "fd_thres": 0.2,
      "testing": false
    },
    "software": "mriqc",
    "version": "21.0.0rc2",
    "webapi_port": null,
    "webapi_url": "https://mriqc.nimh.nih.gov/api/v1"
  },
  "size_t": 332,
  "size_x": 106,
  "size_y": 106,
  "size_z": 16,
  "snr": 5.9758604781355515,
  "spacing_tr": 1.0,
  "spacing_x": 1.9811320304870605,
  "spacing_y": 1.9811320304870605,
  "spacing_z": 3.999999761581421,
  "summary_bg_k": 15.286337357526008,
  "summary_bg_mad": 7.243315283105893,
  "summary_bg_mean": 60.50172424316406,
  "summary_bg_median": 36.451805114746094,
  "summary_bg_n": 96830.0,
  "summary_bg_p05": 28.704818725585938,
  "summary_bg_p95": 209.26535415649417,
  "summary_bg_stdv": 67.5064926147461,
  "summary_fg_k": 0.9344519719916908,
  "summary_fg_mad": 104.38057133976332,
  "summary_fg_mean": 687.8404541015625,
  "summary_fg_median": 676.9427490234375,
  "summary_fg_n": 40708.0,
  "summary_fg_p05": 524.4529998779296,
  "summary_fg_p95": 886.8971099853516,
  "summary_fg_stdv": 113.27815246582031,
  "tsnr": 30.648374510696158
}