{
  "aor": 0.0002183433734939759,
  "aqi": 0.01830946355421687,
  "bids_meta": {
    "AcquisitionMatrixPE": 106,
    "AcquisitionNumber": 1,
    "AcquisitionTime": "10:29:3.280000",
    "BandwidthPerPixelPhaseEncode": 27.345,
    "BaseResolution": 106,
    "CoilString": "T:HEA;HEP",
    "ConversionSoftware": "dcm2niix",
    "ConversionSoftwareVersion": "v1.0.20190720  GCC7.4.0",
    "Dcm2bidsVersion": "2.1.4",
    "DerivedVendorReportedEchoSpacing": 0.000689995,
    "DeviceSerialNumber": "40296",
    "DwellTime": 2.8e-06,
    "EchoTime": 0.023,
    "EffectiveEchoSpacing": 0.000344998,
    "FlipAngle": 90,
    "ImageOrientationPatientDICOM": [
      0.996738,
      -0.0701588,
      -0.0398937,
      0.0609631,
      0.978403,
      -0.197511
    ],
    "ImageType": [
      "ORIGINAL",
      "PRIMARY",
      "M",
      "ND",
      "MOSAIC"
    ],
    "ImagingFrequency": 123.197,
    "InPlanePhaseEncodingDirectionDICOM": "COL",
    "InstitutionAddress": "Henri_le_Guilloux_2_Rennes_2A6CA1_District_FR_35000",
    "InstitutionName": "CHU_PONTCHAILLOU",
    "InstitutionalDepartmentName": "Department",
    "Instructions": "When demanded, try to feel the movement of your right arm and hand. When the symbol + is displayed, rest",
    "MRAcquisitionType": "2D",
    "MagneticFieldStrength": 3,
    "Manufacturer": "Siemens",
    "ManufacturersModelName": "Verio",
    "Modality": "MR",
    "ParallelReductionFactorInPlane": 2,
    "PartialFourier": 1,
    "PatientPosition": "HFS",
    "PercentPhaseFOV": 100,
    "PhaseEncodingDirection": "j-",
    "PhaseEncodingSteps": 106,
    "PhaseResolution": 1,
    "PixelBandwidth": 1685,
    "ProcedureStepDescription": "OSS-IRM",
    "ProtocolName": "MI_post_bold_eeg_2X8x20s_TR1s_16_coupes",
    "PulseSequenceDetails": "%SiemensSeq%_ep2d_bold",
    "ReceiveCoilName": "HeadMatrix",
    "ReconMatrixPE": 106,
    "RefLinesPE": 24,
    "RepetitionTime": 1,
    "SAR": 0.0468521,
    "ScanOptions": "FS",
    "ScanningSequence": "EP",
    "SequenceName": "_epfid2d1_106",
    "SequenceVariant": "SK",
    "SeriesDescription": "MI_post_bold_eeg_2X8x20s_TR1s_16_coupes",
    "SeriesNumber": 28,
    "ShimSetting": [
      971,
      13400,
      -6567,
      150,
      -583,
      -763,
      728,
      73
    ],
    "SliceThickness": 4,
    "SliceTiming": [
      0.5025,
      0,
      0.565,
      0.0625,
      0.6275,
      0.125,
      0.69,
      0.19,
      0.7525,
      0.2525,
      0.815,
      0.315,
      0.88,
      0.3775,
      0.9425,
      0.44
    ],
    "SoftwareVersions": "syngo_MR_B17",
    "SpacingBetweenSlices": 4,
    "StationName": "MRC40296",
    "TaskName": "MIpost",
    "TotalReadoutTime": 0.0362248,
    "TxRefAmp": 497.469,
    "dataset": "ds002338",
    "modality": "bold",
    "subject_id": "xp211",
    "task_id": "MIpost"
  },
  "dummy_trs": 0,
  "dvars_nstd": 42.165782790120865,
  "dvars_std": 1.009301432749244,
  "dvars_vstd": 0.9951049788519638,
  "efc": 0.6196949820755313,
  "fber": 336.9129943847656,
  "fd_mean": 0.1687191779522302,
  "fd_num": 113,
  "fd_perc": 34.036144578313255,
  "fwhm_avg": 2.3085371631318523,
  "fwhm_x": 2.2724785277905815,
  "fwhm_y": 2.749670348149762,
  "fwhm_z": 1.903462613455213,
  "gcor": 0.0248209,
  "gsr_x": -0.003575859824195504,
  "gsr_y": 0.04087735339999199,
  "provenance": {
    "md5sum": "62c9fa67b2b060468f09327999370240",
    "settings": {
      "fd_thres": 0.2,
      "testing": false
    },
    "software": "mriqc",
    "version": "21.0.0rc2",
    "webapi_port": null,
    "webapi_url": "https://mriqc.nimh.nih.gov/api/v1"
  },
  "size_t": 332,
  "size_x": 106,
  "size_y": 106,
  "size_z": 16,
  "snr": 6.080118938848648,
  "spacing_tr": 1.0,
  "spacing_x": 1.9811320304870605,
  "spacing_y": 1.9811320304870605,
  "spacing_z": 3.999999761581421,
  "summary_bg_k": 15.638778333374649,
  "summary_bg_mad": 6.828010317864674,
  "summary_bg_mean": 62.36973571777344,
  "summary_bg_median": 37.117469787597656,
  "summary_bg_n": 95676.0,
  "summary_bg_p05": 29.92168617248535,
  "summary_bg_p95": 218.3094825744629,
  "summary_bg_stdv": 70.72228240966797,
  "summary_fg_k": 1.0260003096447674,
  "summary_fg_mad": 103.68840676643877,
  "summary_fg_mean": 692.6823120117188,
  "summary_fg_median": 683.1054077148438,
  "summary_fg_n": 41979.0,
  "summary_fg_p05": 532.2213928222657,
  "summary_fg_p95": 888.9842834472656,
  "summary_fg_stdv": 112.34932708740234,
  "tsnr": 32.46856854297221
}