{
  "aor": 0.00019096385542168674,
  "aqi": 0.01671247530120482,
  "bids_meta": {
    "AcquisitionMatrixPE": 106,
    "AcquisitionNumber": 1,
    "AcquisitionTime": "14:52:58.990000",
    "BandwidthPerPixelPhaseEncode": 27.345,
    "BaseResolution": 106,
    "CoilString": "T:HEA;HEP",
    "ConversionSoftware": "dcm2niix",
    "ConversionSoftwareVersion": "v1.0.20190720  GCC7.4.0",
    "Dcm2bidsVersion": "2.1.4",
    "DerivedVendorReportedEchoSpacing": 0.000689995,
    "DeviceSerialNumber": "40296",
    "DwellTime": 2.8e-06,
    "EchoTime": 0.023,
    "EffectiveEchoSpacing": 0.000344998,
    "FlipAngle": 90,
    "ImageOrientationPatientDICOM": [
      0.997542,
      0.0476915,
      -0.0513453,
      -0.0592649,
      0.965137,
      -0.254948
    ],
    "ImageType": [
      "ORIGINAL",
      "PRIMARY",
      "M",
      "ND",
      "MOSAIC"
    ],
    "ImagingFrequency": 123.197,
    "InPlanePhaseEncodingDirectionDICOM": "COL",
    "InstitutionAddress": "Henri_le_Guilloux_2_Rennes_2A6CA1_District_FR_35000",
    "InstitutionName": "CHU_PONTCHAILLOU",
    "InstitutionalDepartmentName": "Department",
    "Instructions": "Try to move up the ball by feeling the movement of your right arm and hand. When the symbol + is displayed, rest",
    "MRAcquisitionType": "2D",
    "MagneticFieldStrength": 3,
    "Manufacturer": "Siemens",
    "ManufacturersModelName": "Verio",
    "Modality": "MR",
    "ParallelReductionFactorInPlane": 2,
    "PartialFourier": 1,
    "PatientPosition": "HFS",
    "PercentPhaseFOV": 100,
    "PhaseEncodingDirection": "j-",
    "PhaseEncodingSteps": 106,
    "PhaseResolution": 1,
    "PixelBandwidth": 1685,
    "ProcedureStepDescription": "OSS-IRM",
    "ProtocolName": "NF3_bold_eeg_2X8x20s_TR1s_16_coupes",
    "PulseSequenceDetails": "%SiemensSeq%_ep2d_bold",
    "ReceiveCoilName": "HeadMatrix",
    "ReconMatrixPE": 106,
    "RefLinesPE": 24,
    "RepetitionTime": 1,
    "SAR": 0.0481234,
    "ScanOptions": "FS",
    "ScanningSequence": "EP",
    "SequenceName": "_epfid2d1_106",
    "SequenceVariant": "SK",
    "SeriesDescription": "NF3_bold_eeg_2X8x20s_TR1s_16_coupes",
    "SeriesNumber": 20,
    "ShimSetting": [
      979,
      13429,
      -6599,
      108,
      -408,
      -1092,
      990,
      102
    ],
    "SliceThickness": 4,
    "SliceTiming": [
      0.5025,
      0,
      0.565,
      0.0625,
      0.6275,
      0.125,
      0.69,
      0.1875,
      0.7525,
      0.25,
      0.815,
      0.315,
      0.8775,
      0.3775,
      0.94,
      0.44
    ],
    "SoftwareVersions": "syngo_MR_B17",
    "SpacingBetweenSlices": 4,
    "StationName": "MRC40296",
    "TaskName": "2dNF",
    "TotalReadoutTime": 0.0362248,
    "TxRefAmp": 495.119,
    "dataset": "ds002338",
    "modality": "bold",
    "run_id": 3,
    "subject_id": "xp216",
    "task_id": "2dNF"
  },
  "dummy_trs": 0,
  "dvars_nstd": 38.565205899818736,
  "dvars_std": 1.0102399981873118,
  "dvars_vstd": 0.9994224840785495,
  "efc": 0.5855560002323148,
  "fber": 377.9147644042969,
  "fd_mean": 0.10166084803244191,
  "fd_num": 3,
  "fd_perc": 0.9036144578313253,
  "fwhm_avg": 2.3044776714110884,
  "fwhm_x": 2.1944877641149194,
  "fwhm_y": 2.780122634555513,
  "fwhm_z": 1.9388226155628332,
  "gcor": 0.0366913,
  "gsr_x": 0.009041384793817997,
  "gsr_y": 0.025892173871397972,
  "provenance": {
    "md5sum": "008a07984e47ea27dfccbf269c9a3a2f",
    "settings": {
      "fd_thres": 0.2,
      "testing": false
    },
    "software": "mriqc",
    "version": "21.0.0rc2",
    "webapi_port": null,
    "webapi_url": "https://mriqc.nimh.nih.gov/api/v1"
  },
  "size_t": 332,
  "size_x": 106,
  "size_y": 106,
  "size_z": 16,
  "snr": 6.445076952768699,
  "spacing_tr": 1.0,
  "spacing_x": 1.9811320304870605,
  "spacing_y": 1.9811320304870605,
  "spacing_z": 3.999999761581421,
  "summary_bg_k": 28.629867072043304,
  "summary_bg_mad": 6.819074345630944,
  "summary_bg_mean": 56.70086669921875,
  "summary_bg_median": 36.88554000854492,
  "summary_bg_n": 102242.0,
  "summary_bg_p05": 29.719879150390625,
  "summary_bg_p95": 168.83328094482417,
  "summary_bg_stdv": 61.221717834472656,
  "summary_fg_k": 1.5457707312891822,
  "summary_fg_mad": 102.29955307688654,
  "summary_fg_mean": 730.1571044921875,
  "summary_fg_median": 723.5391235351562,
  "summary_fg_n": 36351.0,
  "summary_fg_p05": 569.8659362792969,
  "summary_fg_p95": 925.8448486328125,
  "summary_fg_stdv": 112.26074981689453,
  "tsnr": 35.66237631870899
}