{
  "aor": 0.00026855421686746984,
  "aqi": 0.0180750171686747,
  "bids_meta": {
    "AcquisitionMatrixPE": 106,
    "AcquisitionNumber": 1,
    "AcquisitionTime": "14:13:44.390000",
    "BandwidthPerPixelPhaseEncode": 27.345,
    "BaseResolution": 106,
    "CoilString": "T:HEA;HEP",
    "ConversionSoftware": "dcm2niix",
    "ConversionSoftwareVersion": "v1.0.20190720  GCC7.4.0",
    "Dcm2bidsVersion": "2.1.4",
    "DerivedVendorReportedEchoSpacing": 0.000689995,
    "DeviceSerialNumber": "40296",
    "DwellTime": 2.8e-06,
    "EchoTime": 0.023,
    "EffectiveEchoSpacing": 0.000344998,
    "FlipAngle": 90,
    "ImageOrientationPatientDICOM": [
      0.997542,
      0.0476915,
      -0.0513453,
      -0.0592649,
      0.965137,
      -0.254948
    ],
    "ImageType": [
      "ORIGINAL",
      "PRIMARY",
      "FMRI",
      "NONE",
      "ND",
      "MOSAIC"
    ],
    "ImagingFrequency": 123.196,
    "InPlanePhaseEncodingDirectionDICOM": "COL",
    "InstitutionAddress": "Henri_le_Guilloux_2_Rennes_2A6CA1_District_FR_35000",
    "InstitutionName": "CHU_PONTCHAILLOU",
    "InstitutionalDepartmentName": "Department",
    "Instructions": "When demanded, try to feel the movement of your right arm and hand. When the symbol + is displayed, rest",
    "MRAcquisitionType": "2D",
    "MagneticFieldStrength": 3,
    "Manufacturer": "Siemens",
    "ManufacturersModelName": "Verio",
    "Modality": "MR",
    "ParallelReductionFactorInPlane": 2,
    "PartialFourier": 1,
    "PatientPosition": "HFS",
    "PercentPhaseFOV": 100,
    "PhaseEncodingDirection": "j-",
    "PhaseEncodingSteps": 106,
    "PhaseResolution": 1,
    "PixelBandwidth": 1685,
    "ProcedureStepDescription": "OSS-IRM",
    "ProtocolName": "MI_pre_bold_eeg_2X8x20s_avec_GLM_TR1s_16_coupes",
    "PulseSequenceDetails": "%SiemensSeq%_ep2d_bold",
    "ReceiveCoilName": "HeadMatrix",
    "ReconMatrixPE": 106,
    "RefLinesPE": 24,
    "RepetitionTime": 1,
    "SAR": 0.0481234,
    "ScanOptions": "FS",
    "ScanningSequence": "EP",
    "SequenceName": "_epfid2d1_106",
    "SequenceVariant": "SK",
    "SeriesDescription": "MI_pre_bold_eeg_2X8x20s_avec_GLM_TR1s_16_coupes",
    "SeriesNumber": 3,
    "ShimSetting": [
      924,
      13331,
      -6510,
      355,
      -682,
      -1025,
      791,
      -231
    ],
    "SliceThickness": 4,
    "SliceTiming": [
      0.5025,
      0,
      0.565,
      0.0625,
      0.6275,
      0.125,
      0.69,
      0.19,
      0.7525,
      0.2525,
      0.815,
      0.315,
      0.8775,
      0.3775,
      0.9425,
      0.44
    ],
    "SoftwareVersions": "syngo_MR_B17",
    "SpacingBetweenSlices": 4,
    "StationName": "MRC40296",
    "TaskName": "MIpre",
    "TotalReadoutTime": 0.0362248,
    "TxRefAmp": 495.119,
    "dataset": "ds002338",
    "modality": "bold",
    "subject_id": "xp216",
    "task_id": "MIpre"
  },
  "dummy_trs": 0,
  "dvars_nstd": 38.177902106495424,
  "dvars_std": 1.0016368477945614,
  "dvars_vstd": 0.992380928821753,
  "efc": 0.5881385207032103,
  "fber": 354.8400573730469,
  "fd_mean": 0.07613710150211131,
  "fd_num": 1,
  "fd_perc": 0.30120481927710846,
  "fwhm_avg": 2.3817400706094434,
  "fwhm_x": 2.2682688134092786,
  "fwhm_y": 2.887833779858403,
  "fwhm_z": 1.9891176185606492,
  "gcor": 0.0548185,
  "gsr_x": 0.007897757925093174,
  "gsr_y": 0.027777371928095818,
  "provenance": {
    "md5sum": "ea8726e1c983688ddfb16ef5ad80e457",
    "settings": {
      "fd_thres": 0.2,
      "testing": false
    },
    "software": "mriqc",
    "version": "21.0.0rc2",
    "webapi_port": null,
    "webapi_url": "https://mriqc.nimh.nih.gov/api/v1"
  },
  "size_t": 332,
  "size_x": 106,
  "size_y": 106,
  "size_z": 16,
  "snr": 6.192121955327265,
  "spacing_tr": 1.0,
  "spacing_x": 1.9811320304870605,
  "spacing_y": 1.9811320304870605,
  "spacing_z": 3.999999761581421,
  "summary_bg_k": 30.086082534040607,
  "summary_bg_mad": 6.292129112093708,
  "summary_bg_mean": 56.006343841552734,
  "summary_bg_median": 36.849395751953125,
  "summary_bg_n": 101978.0,
  "summary_bg_p05": 30.23192596435547,
  "summary_bg_p95": 163.46430282592772,
  "summary_bg_stdv": 59.101097106933594,
  "summary_fg_k": 1.6138440867255497,
  "summary_fg_mad": 99.341044963372,
  "summary_fg_mean": 705.1896362304688,
  "summary_fg_median": 698.635498046875,
  "summary_fg_n": 36412.0,
  "summary_fg_p05": 541.7478515625,
  "summary_fg_p95": 905.0946960449219,
  "summary_fg_stdv": 112.82495880126953,
  "tsnr": 34.1477780820569
}