{
  "bids_meta": {
    "AcquisitionMatrixPE": 256,
    "AcquisitionNumber": 1,
    "AcquisitionTime": "18:39:52.377500",
    "BaseResolution": 256,
    "CoilString": "T:HEA;HEP",
    "ConversionSoftware": "dcm2niix",
    "ConversionSoftwareVersion": "v1.0.20190720  GCC7.4.0",
    "Dcm2bidsVersion": "2.1.4",
    "DeviceSerialNumber": "40296",
    "DwellTime": 9.8e-06,
    "EchoTime": 0.00226,
    "FlipAngle": 9,
    "ImageOrientationPatientDICOM": [
      -0.0470229,
      0.998894,
      -4.42802e-09,
      0.0817096,
      0.00384647,
      -0.996649
    ],
    "ImageType": [
      "ORIGINAL",
      "PRIMARY",
      "M",
      "ND",
      "NORM",
      "FM",
      "FIL"
    ],
    "ImagingFrequency": 123.197,
    "InPlanePhaseEncodingDirectionDICOM": "ROW",
    "InstitutionAddress": "Henri_le_Guilloux_2_Rennes_2A6CA1_District_FR_35000",
    "InstitutionName": "CHU_PONTCHAILLOU",
    "InstitutionalDepartmentName": "Department",
    "Interpolation2D": 1,
    "InversionTime": 0.9,
    "MRAcquisitionType": "3D",
    "MagneticFieldStrength": 3,
    "Manufacturer": "Siemens",
    "ManufacturersModelName": "Verio",
    "Modality": "MR",
    "ParallelReductionFactorInPlane": 2,
    "PartialFourier": 1,
    "PatientPosition": "HFS",
    "PercentPhaseFOV": 100,
    "PhaseEncodingSteps": 255,
    "PhaseResolution": 1,
    "PixelBandwidth": 199,
    "ProcedureStepDescription": "OSS-IRM",
    "ProtocolName": "T1_3D_MPRAGE",
    "PulseSequenceDetails": "%SiemensSeq%_tfl",
    "ReceiveCoilName": "HeadMatrix",
    "ReconMatrixPE": 512,
    "RefLinesPE": 24,
    "RepetitionTime": 1.9,
    "SAR": 0.0349652,
    "ScanOptions": "IR",
    "ScanningSequence": "GR_IR",
    "SequenceName": "_tfl3d1_ns",
    "SequenceVariant": "SP_MP",
    "SeriesDescription": "T1_3D_MPRAGE",
    "SeriesNumber": 9,
    "ShimSetting": [
      936,
      13482,
      -6965,
      33,
      -607,
      -326,
      728,
      -255
    ],
    "SliceThickness": 1,
    "SoftwareVersions": "syngo_MR_B17",
    "StationName": "MRC40296",
    "TxRefAmp": 490.951,
    "dataset": "ds002338",
    "modality": "T1w",
    "subject_id": "xp202"
  },
  "cjv": 0.47397298830365137,
  "cnr": 2.846389285870486,
  "efc": 0.6069368861461968,
  "fber": 2528.1159926631144,
  "fwhm_avg": 7.299790000000001,
  "fwhm_x": 4.48875,
  "fwhm_y": 8.98534,
  "fwhm_z": 8.42528,
  "icvs_csf": 0.23059741798641514,
  "icvs_gm": 0.40110137536132645,
  "icvs_wm": 0.3683012066522584,
  "inu_med": 1.5487624406814575,
  "inu_range": 0.7022833824157715,
  "provenance": {
    "md5sum": "0acc3507df115e1ac19c026bb1badee5",
    "settings": {
      "testing": false
    },
    "software": "mriqc",
    "version": "21.0.0rc2",
    "warnings": {
      "large_rot_frame": true,
      "small_air_mask": false
    },
    "webapi_port": null,
    "webapi_url": "https://mriqc.nimh.nih.gov/api/v1"
  },
  "qi_1": 0.0,
  "qi_2": 0.0064285473674017555,
  "rpve_csf": 23.580159377452116,
  "rpve_gm": 13.78727484236007,
  "rpve_wm": 17.69422761244472,
  "size_x": 176,
  "size_y": 512,
  "size_z": 512,
  "snr_csf": 4.345475594905594,
  "snr_gm": 13.304204821709648,
  "snr_total": 11.948829619472379,
  "snr_wm": 18.1968084418019,
  "snrd_csf": 49.92408882794706,
  "snrd_gm": 94.12103036063675,
  "snrd_total": 88.70291219326265,
  "snrd_wm": 122.06361739120413,
  "spacing_x": 1.0,
  "spacing_y": 0.5,
  "spacing_z": 0.5,
  "summary_bg_k": 182.658145258482,
  "summary_bg_mad": 5.367171592573137,
  "summary_bg_mean": 14.080210485695396,
  "summary_bg_median": 12.137989819049835,
  "summary_bg_n": 9852003.0,
  "summary_bg_p05": 3.0522430539131165,
  "summary_bg_p95": 30.451448142528534,
  "summary_bg_stdv": 9.430315626724086,
  "summary_csf_k": 23.313681384782384,
  "summary_csf_mad": 98.92433915723038,
  "summary_csf_mean": 405.3631041041814,
  "summary_csf_median": 409.0005692243576,
  "summary_csf_n": 240654.0,
  "summary_csf_p05": 252.41340231895447,
  "summary_csf_p95": 547.9131193757057,
  "summary_csf_stdv": 94.12081842872747,
  "summary_gm_k": 0.04329167788412347,
  "summary_gm_mad": 56.72363702739061,
  "summary_gm_mean": 775.42804128348,
  "summary_gm_median": 771.0817742943764,
  "summary_gm_n": 222628.0,
  "summary_gm_p05": 687.180581510067,
  "summary_gm_p95": 878.9750171303749,
  "summary_gm_stdv": 57.95761962882707,
  "summary_wm_k": 0.46818614361375754,
  "summary_wm_mad": 51.777420069529086,
  "summary_wm_mean": 998.6484701292057,
  "summary_wm_median": 1000.0000033378601,
  "summary_wm_n": 1138026.0,
  "summary_wm_p05": 904.1027855277061,
  "summary_wm_p95": 1086.3855800032616,
  "summary_wm_stdv": 54.954667857209486,
  "tpm_overlap_csf": 0.1583217829465866,
  "tpm_overlap_gm": 0.4072307050228119,
  "tpm_overlap_wm": 0.48032477498054504,
  "wm2max": 0.4041655908425854
}